{
  "aor": 0.00037981481481481487,
  "aqi": 0.03632398518518518,
  "bids_meta": {
    "AccelFactPE": 2,
    "AcquisitionNumber": 1,
    "AcquisitionTime": "13:26:48.807500",
    "BandwidthPerPixelPhaseEncode": 26.35,
    "ConversionSoftware": "dcm2niix",
    "ConversionSoftwareVersion": "v1.0.20170624 (OpenJPEG build) MSC1900",
    "DeviceSerialNumber": "35071",
    "EchoTime": 0.03,
    "EffectiveEchoSpacing": 0.000345006,
    "FlipAngle": 60,
    "ImageType": [
      "ORIGINAL",
      "PRIMARY",
      "M",
      "MB",
      "ND",
      "NORM",
      "MOSAIC"
    ],
    "InstitutionAddress": "Gilbert_1_New_Haven-1763f8-_CT_US_06520",
    "InstitutionName": "Yale_University_School_of_Medicine",
    "MagneticFieldStrength": 3,
    "Manufacturer": "Siemens",
    "ManufacturersModelName": "TrioTim",
    "PhaseEncodingDirection": "j-",
    "PhaseEncodingLines": 110,
    "ProcedureStepDescription": "MRRC_Research_SiteProtocols",
    "ProtocolName": "mbep2d_bold_taste1(MB4iPAT2)",
    "RepetitionTime": 1,
    "ScanningSequence": "EP",
    "SequenceName": "epfid2d1_110",
    "SequenceVariant": "SK_SS",
    "SeriesDescription": "mbep2d_bold_taste1(MB4iPAT2)",
    "SliceTiming": [
      0,
      0.535,
      0.0675,
      0.6025,
      0.135,
      0.67,
      0.2025,
      0.7375,
      0.2675,
      0.805,
      0.335,
      0.87,
      0.4025,
      0.9375,
      0.47,
      0,
      0.535,
      0.0675,
      0.6025,
      0.135,
      0.67,
      0.2025,
      0.7375,
      0.2675,
      0.805,
      0.335,
      0.87,
      0.4025,
      0.9375,
      0.47,
      0,
      0.535,
      0.0675,
      0.6025,
      0.135,
      0.67,
      0.2025,
      0.7375,
      0.2675,
      0.805,
      0.335,
      0.87,
      0.4025,
      0.9375,
      0.47,
      0,
      0.535,
      0.0675,
      0.6025,
      0.135,
      0.67,
      0.2025,
      0.7375,
      0.2675,
      0.805,
      0.335,
      0.87,
      0.4025,
      0.9375,
      0.47
    ],
    "SoftwareVersions": "syngo_MR_B17",
    "TaskName": "taste",
    "TotalReadoutTime": 0.0372607,
    "TrueEchoSpacing": 0.000690012,
    "dataset": "ds003424",
    "modality": "bold",
    "run_id": 1,
    "subject_id": "19",
    "task_id": "taste"
  },
  "dummy_trs": 0,
  "dvars_nstd": 42.99990523072511,
  "dvars_std": 1.0851224304215839,
  "dvars_vstd": 1.004164500151772,
  "efc": 0.4467253785938835,
  "fber": 4997.46728515625,
  "fd_mean": 0.16195801780878813,
  "fd_num": 181,
  "fd_perc": 30.47138047138047,
  "fwhm_avg": 1.8939940554056858,
  "fwhm_x": 1.831515,
  "fwhm_y": 2.107555,
  "fwhm_z": 1.742912166217057,
  "gcor": 0.0078602,
  "gsr_x": -0.011109895072877407,
  "gsr_y": 0.019618410617113113,
  "provenance": {
    "md5sum": "02d43a16b56a77904cb8087602ca5a5b",
    "settings": {
      "fd_thres": 0.2,
      "testing": false
    },
    "software": "mriqc",
    "version": "22.0.6",
    "webapi_port": null,
    "webapi_url": "https://mriqc.nimh.nih.gov/api/v1"
  },
  "size_t": 594,
  "size_x": 110,
  "size_y": 110,
  "size_z": 60,
  "snr": 7.27111031421448,
  "spacing_tr": 1.0,
  "spacing_x": 2.0,
  "spacing_y": 2.0,
  "spacing_z": 2.499999761581421,
  "summary_bg_k": 45.720798234726566,
  "summary_bg_mad": 4.605051841917219,
  "summary_bg_mean": 18.922229766845703,
  "summary_bg_median": 7.0774407386779785,
  "summary_bg_n": 533033.0,
  "summary_bg_p05": 2.979797840118408,
  "summary_bg_p95": 75.08248901367188,
  "summary_bg_stdv": 37.72433853149414,
  "summary_fg_k": 4.872319812790604,
  "summary_fg_mad": 57.40217450816865,
  "summary_fg_mean": 501.510986328125,
  "summary_fg_median": 501.41162109375,
  "summary_fg_n": 106640.0,
  "summary_fg_p05": 402.69863433837895,
  "summary_fg_p95": 604.1904144287109,
  "summary_fg_stdv": 68.9591064453125,
  "tsnr": 32.041500356281176
}