{
  "aor": 0.00032976430976430977,
  "aqi": 0.04486105622895623,
  "bids_meta": {
    "AccelFactPE": 2,
    "AcquisitionNumber": 1,
    "AcquisitionTime": "14:34:59.200000",
    "BandwidthPerPixelPhaseEncode": 26.35,
    "ConversionSoftware": "dcm2niix",
    "ConversionSoftwareVersion": "v1.0.20170624 (OpenJPEG build) MSC1900",
    "DeviceSerialNumber": "35071",
    "EchoTime": 0.03,
    "EffectiveEchoSpacing": 0.000345006,
    "FlipAngle": 60,
    "ImageType": [
      "ORIGINAL",
      "PRIMARY",
      "M",
      "MB",
      "ND",
      "NORM",
      "MOSAIC"
    ],
    "InstitutionAddress": "Gilbert_1_New_Haven-1763f8-_CT_US_06520",
    "InstitutionName": "Yale_University_School_of_Medicine",
    "MagneticFieldStrength": 3,
    "Manufacturer": "Siemens",
    "ManufacturersModelName": "TrioTim",
    "PhaseEncodingDirection": "j-",
    "PhaseEncodingLines": 110,
    "ProcedureStepDescription": "MRRC_Research_SiteProtocols",
    "ProtocolName": "mbep2d_bold_taste3(MB4iPAT2)",
    "RepetitionTime": 1,
    "ScanningSequence": "EP",
    "SequenceName": "epfid2d1_110",
    "SequenceVariant": "SK_SS",
    "SeriesDescription": "mbep2d_bold_taste3(MB4iPAT2)",
    "SliceTiming": [
      0,
      0.535,
      0.0675,
      0.6025,
      0.135,
      0.67,
      0.2,
      0.7375,
      0.2675,
      0.8025,
      0.335,
      0.87,
      0.4025,
      0.9375,
      0.4675,
      0,
      0.535,
      0.0675,
      0.6025,
      0.135,
      0.67,
      0.2,
      0.7375,
      0.2675,
      0.8025,
      0.335,
      0.87,
      0.4025,
      0.9375,
      0.4675,
      0,
      0.535,
      0.0675,
      0.6025,
      0.135,
      0.67,
      0.2,
      0.7375,
      0.2675,
      0.8025,
      0.335,
      0.87,
      0.4025,
      0.9375,
      0.4675,
      0,
      0.535,
      0.0675,
      0.6025,
      0.135,
      0.67,
      0.2,
      0.7375,
      0.2675,
      0.8025,
      0.335,
      0.87,
      0.4025,
      0.9375,
      0.4675
    ],
    "SoftwareVersions": "syngo_MR_B17",
    "TaskName": "taste",
    "TotalReadoutTime": 0.0372607,
    "TrueEchoSpacing": 0.000690012,
    "dataset": "ds003424",
    "modality": "bold",
    "run_id": 4,
    "subject_id": "19",
    "task_id": "taste"
  },
  "dummy_trs": 0,
  "dvars_nstd": 44.262519598650925,
  "dvars_std": 1.0557685463912312,
  "dvars_vstd": 0.9838322831534567,
  "efc": 0.45161890879805366,
  "fber": 4643.53076171875,
  "fd_mean": 0.2005271106808889,
  "fd_num": 261,
  "fd_perc": 43.93939393939394,
  "fwhm_avg": 1.9080387219936423,
  "fwhm_x": 1.848635,
  "fwhm_y": 2.135045,
  "fwhm_z": 1.740436165980927,
  "gcor": 0.00393688,
  "gsr_x": -0.01167416200041771,
  "gsr_y": 0.02285940758883953,
  "provenance": {
    "md5sum": "7bf4f7510d12530ce6028f35e3a43708",
    "settings": {
      "fd_thres": 0.2,
      "testing": false
    },
    "software": "mriqc",
    "version": "22.0.6",
    "webapi_port": null,
    "webapi_url": "https://mriqc.nimh.nih.gov/api/v1"
  },
  "size_t": 594,
  "size_x": 110,
  "size_y": 110,
  "size_z": 60,
  "snr": 7.305407285047911,
  "spacing_tr": 1.0,
  "spacing_x": 2.0,
  "spacing_y": 2.0,
  "spacing_z": 2.499999761581421,
  "summary_bg_k": 38.36636839101437,
  "summary_bg_mad": 5.081781011867901,
  "summary_bg_mean": 20.251834869384766,
  "summary_bg_median": 7.3215484619140625,
  "summary_bg_n": 533319.0,
  "summary_bg_p05": 2.998316526412964,
  "summary_bg_p95": 82.79814910888668,
  "summary_bg_stdv": 39.347904205322266,
  "summary_fg_k": 4.500530777062588,
  "summary_fg_mad": 58.08359329209821,
  "summary_fg_mean": 498.08123779296875,
  "summary_fg_median": 498.0858459472656,
  "summary_fg_n": 106475.0,
  "summary_fg_p05": 399.87440185546876,
  "summary_fg_p95": 600.3892211914061,
  "summary_fg_stdv": 68.18011474609375,
  "tsnr": 28.336975909769535
}