{
  "aor": 0.000275,
  "aqi": 0.031898278611111115,
  "bids_meta": {
    "AccelFactPE": 2,
    "AcquisitionNumber": 1,
    "AcquisitionTime": "14:10:40.162500",
    "BandwidthPerPixelPhaseEncode": 26.35,
    "ConversionSoftware": "dcm2niix",
    "ConversionSoftwareVersion": "v1.0.20170624 (OpenJPEG build) MSC1900",
    "DeviceSerialNumber": "35071",
    "EchoTime": 0.03,
    "EffectiveEchoSpacing": 0.000345006,
    "FlipAngle": 60,
    "ImageType": [
      "ORIGINAL",
      "PRIMARY",
      "M",
      "MB",
      "ND",
      "NORM",
      "MOSAIC"
    ],
    "InstitutionAddress": "Gilbert_1_New_Haven-1763f8-_CT_US_06520",
    "InstitutionName": "Yale_University_School_of_Medicine",
    "MagneticFieldStrength": 3,
    "Manufacturer": "Siemens",
    "ManufacturersModelName": "TrioTim",
    "PhaseEncodingDirection": "j-",
    "PhaseEncodingLines": 110,
    "ProcedureStepDescription": "MRRC_Research_SiteProtocols",
    "ProtocolName": "mbep2d_bold_resting(MB4iPAT2)",
    "RepetitionTime": 1,
    "ScanningSequence": "EP",
    "SequenceName": "epfid2d1_110",
    "SequenceVariant": "SK_SS",
    "SeriesDescription": "mbep2d_bold_resting(MB4iPAT2)",
    "SliceTiming": [
      0,
      0.535,
      0.0675,
      0.6025,
      0.1325,
      0.67,
      0.2,
      0.735,
      0.2675,
      0.8025,
      0.335,
      0.87,
      0.4025,
      0.9375,
      0.4675,
      0,
      0.535,
      0.0675,
      0.6025,
      0.1325,
      0.67,
      0.2,
      0.735,
      0.2675,
      0.8025,
      0.335,
      0.87,
      0.4025,
      0.9375,
      0.4675,
      0,
      0.535,
      0.0675,
      0.6025,
      0.1325,
      0.67,
      0.2,
      0.735,
      0.2675,
      0.8025,
      0.335,
      0.87,
      0.4025,
      0.9375,
      0.4675,
      0,
      0.535,
      0.0675,
      0.6025,
      0.1325,
      0.67,
      0.2,
      0.735,
      0.2675,
      0.8025,
      0.335,
      0.87,
      0.4025,
      0.9375,
      0.4675
    ],
    "SoftwareVersions": "syngo_MR_B17",
    "TaskName": "rest",
    "TotalReadoutTime": 0.0372607,
    "TrueEchoSpacing": 0.000690012,
    "dataset": "ds003424",
    "modality": "bold",
    "subject_id": "19",
    "task_id": "resting"
  },
  "dummy_trs": 0,
  "dvars_nstd": 42.65561305144845,
  "dvars_std": 1.0894095404178274,
  "dvars_vstd": 0.9972633564623953,
  "efc": 0.4480699953408034,
  "fber": 4927.70361328125,
  "fd_mean": 0.13726080008724545,
  "fd_num": 96,
  "fd_perc": 26.666666666666668,
  "fwhm_avg": 1.8467467212785138,
  "fwhm_x": 1.78947,
  "fwhm_y": 2.03283,
  "fwhm_z": 1.7179401638355412,
  "gcor": 0.012701,
  "gsr_x": -0.01283432636409998,
  "gsr_y": 0.013296940363943577,
  "provenance": {
    "md5sum": "4d7818bbfff7e624e5881ecaa945e3bf",
    "settings": {
      "fd_thres": 0.2,
      "testing": false
    },
    "software": "mriqc",
    "version": "22.0.6",
    "webapi_port": null,
    "webapi_url": "https://mriqc.nimh.nih.gov/api/v1"
  },
  "size_t": 360,
  "size_x": 110,
  "size_y": 110,
  "size_z": 60,
  "snr": 7.362126213713865,
  "spacing_tr": 1.0,
  "spacing_x": 2.0,
  "spacing_y": 2.0,
  "spacing_z": 2.499999761581421,
  "summary_bg_k": 39.68650283836446,
  "summary_bg_mad": 4.678433918647839,
  "summary_bg_mean": 19.94940948486328,
  "summary_bg_median": 7.233333587646484,
  "summary_bg_n": 534223.0,
  "summary_bg_p05": 3.0916666984558105,
  "summary_bg_p95": 83.11666870117188,
  "summary_bg_stdv": 39.38576126098633,
  "summary_fg_k": 4.964095319451262,
  "summary_fg_mad": 57.296368072378385,
  "summary_fg_mean": 508.538818359375,
  "summary_fg_median": 508.38751220703125,
  "summary_fg_n": 105922.0,
  "summary_fg_p05": 409.95181732177736,
  "summary_fg_p95": 611.5163848876953,
  "summary_fg_stdv": 69.05411529541016,
  "tsnr": 35.39231262111571
}