{
  "aor": 0.0010112984822934232,
  "aqi": 0.03044952495784149,
  "bids_meta": {
    "AccelFactPE": 2,
    "AcquisitionNumber": 1,
    "AcquisitionTime": "16:11:52.557500",
    "BandwidthPerPixelPhaseEncode": 26.35,
    "ConversionSoftware": "dcm2niix",
    "ConversionSoftwareVersion": "v1.0.20170624 (OpenJPEG build) MSC1900",
    "DeviceSerialNumber": "35071",
    "EchoTime": 0.03,
    "EffectiveEchoSpacing": 0.000345006,
    "FlipAngle": 60,
    "ImageType": [
      "ORIGINAL",
      "PRIMARY",
      "M",
      "MB",
      "ND",
      "NORM",
      "MOSAIC"
    ],
    "InstitutionAddress": "Gilbert_1_New_Haven-1763f8-_CT_US_06520",
    "InstitutionName": "Yale_University_School_of_Medicine",
    "MagneticFieldStrength": 3,
    "Manufacturer": "Siemens",
    "ManufacturersModelName": "TrioTim",
    "PhaseEncodingDirection": "j-",
    "PhaseEncodingLines": 110,
    "ProcedureStepDescription": "MRRC_Research_SiteProtocols",
    "ProtocolName": "mbep2d_bold_taste4(MB4iPAT2)",
    "RepetitionTime": 1,
    "ScanningSequence": "EP",
    "SequenceName": "epfid2d1_110",
    "SequenceVariant": "SK_SS",
    "SeriesDescription": "mbep2d_bold_taste4(MB4iPAT2)",
    "SliceTiming": [
      0,
      0.535,
      0.065,
      0.6,
      0.1325,
      0.6675,
      0.2,
      0.735,
      0.2675,
      0.8025,
      0.3325,
      0.87,
      0.4,
      0.935,
      0.4675,
      0,
      0.535,
      0.065,
      0.6,
      0.1325,
      0.6675,
      0.2,
      0.735,
      0.2675,
      0.8025,
      0.3325,
      0.87,
      0.4,
      0.935,
      0.4675,
      0,
      0.535,
      0.065,
      0.6,
      0.1325,
      0.6675,
      0.2,
      0.735,
      0.2675,
      0.8025,
      0.3325,
      0.87,
      0.4,
      0.935,
      0.4675,
      0,
      0.535,
      0.065,
      0.6,
      0.1325,
      0.6675,
      0.2,
      0.735,
      0.2675,
      0.8025,
      0.3325,
      0.87,
      0.4,
      0.935,
      0.4675
    ],
    "SoftwareVersions": "syngo_MR_B17",
    "TaskName": "taste",
    "TotalReadoutTime": 0.0372607,
    "TrueEchoSpacing": 0.000690012,
    "dataset": "ds003424",
    "modality": "bold",
    "run_id": 4,
    "subject_id": "15",
    "task_id": "taste"
  },
  "dummy_trs": 1,
  "dvars_nstd": 53.00205086993243,
  "dvars_std": 1.1669903521621612,
  "dvars_vstd": 1.0149333799831088,
  "efc": 0.4800591772363874,
  "fber": 4350.8662109375,
  "fd_mean": 0.14314541383185958,
  "fd_num": 115,
  "fd_perc": 19.392917369308602,
  "fwhm_avg": 1.8894413333333333,
  "fwhm_x": 1.854745,
  "fwhm_y": 2.103315,
  "fwhm_z": 1.710264,
  "gcor": 0.00129915,
  "gsr_x": -0.0176860224455595,
  "gsr_y": 0.02369905635714531,
  "provenance": {
    "md5sum": "19d3df48f4474347df71aa28faaf43cc",
    "settings": {
      "fd_thres": 0.2,
      "testing": false
    },
    "software": "mriqc",
    "version": "22.0.6",
    "webapi_port": null,
    "webapi_url": "https://mriqc.nimh.nih.gov/api/v1"
  },
  "size_t": 593,
  "size_x": 110,
  "size_y": 110,
  "size_z": 60,
  "snr": 6.522530210672322,
  "spacing_tr": 1.0,
  "spacing_x": 2.0,
  "spacing_y": 2.0,
  "spacing_z": 2.5,
  "summary_bg_k": 28.26837785208719,
  "summary_bg_mad": 4.462807636120248,
  "summary_bg_mean": 20.0922794342041,
  "summary_bg_median": 6.362563133239746,
  "summary_bg_n": 515083.0,
  "summary_bg_p05": 2.634064197540283,
  "summary_bg_p95": 86.7470474243164,
  "summary_bg_stdv": 40.3544921875,
  "summary_fg_k": 3.1091408474833067,
  "summary_fg_mad": 59.184052617003395,
  "summary_fg_mean": 422.89654541015625,
  "summary_fg_median": 422.2613830566406,
  "summary_fg_n": 120751.0,
  "summary_fg_p05": 328.5337371826172,
  "summary_fg_p95": 521.9713134765625,
  "summary_fg_stdv": 64.7386245727539,
  "tsnr": 29.877896854653955
}