{
  "aor": 0.00019400673400673401,
  "aqi": 0.03099513872053872,
  "bids_meta": {
    "AccelFactPE": 2,
    "AcquisitionNumber": 1,
    "AcquisitionTime": "15:54:15.107500",
    "BandwidthPerPixelPhaseEncode": 26.35,
    "ConversionSoftware": "dcm2niix",
    "ConversionSoftwareVersion": "v1.0.20170624 (OpenJPEG build) MSC1900",
    "DeviceSerialNumber": "35071",
    "EchoTime": 0.03,
    "EffectiveEchoSpacing": 0.000345006,
    "FlipAngle": 60,
    "ImageType": [
      "ORIGINAL",
      "PRIMARY",
      "M",
      "MB",
      "ND",
      "NORM",
      "MOSAIC"
    ],
    "InstitutionAddress": "Gilbert_1_New_Haven-1763f8-_CT_US_06520",
    "InstitutionName": "Yale_University_School_of_Medicine",
    "MagneticFieldStrength": 3,
    "Manufacturer": "Siemens",
    "ManufacturersModelName": "TrioTim",
    "PhaseEncodingDirection": "j-",
    "PhaseEncodingLines": 110,
    "ProcedureStepDescription": "MRRC_Research_SiteProtocols",
    "ProtocolName": "mbep2d_bold_taste3(MB4iPAT2)",
    "RepetitionTime": 1,
    "ScanningSequence": "EP",
    "SequenceName": "epfid2d1_110",
    "SequenceVariant": "SK_SS",
    "SeriesDescription": "mbep2d_bold_taste3(MB4iPAT2)",
    "SliceTiming": [
      0,
      0.535,
      0.0675,
      0.6025,
      0.135,
      0.67,
      0.2,
      0.7375,
      0.2675,
      0.8025,
      0.335,
      0.87,
      0.4025,
      0.9375,
      0.4675,
      0,
      0.535,
      0.0675,
      0.6025,
      0.135,
      0.67,
      0.2,
      0.7375,
      0.2675,
      0.8025,
      0.335,
      0.87,
      0.4025,
      0.9375,
      0.4675,
      0,
      0.535,
      0.0675,
      0.6025,
      0.135,
      0.67,
      0.2,
      0.7375,
      0.2675,
      0.8025,
      0.335,
      0.87,
      0.4025,
      0.9375,
      0.4675,
      0,
      0.535,
      0.0675,
      0.6025,
      0.135,
      0.67,
      0.2,
      0.7375,
      0.2675,
      0.8025,
      0.335,
      0.87,
      0.4025,
      0.9375,
      0.4675
    ],
    "SoftwareVersions": "syngo_MR_B17",
    "TaskName": "taste",
    "TotalReadoutTime": 0.0372607,
    "TrueEchoSpacing": 0.000690012,
    "dataset": "ds003424",
    "modality": "bold",
    "run_id": 3,
    "subject_id": "15",
    "task_id": "taste"
  },
  "dummy_trs": 0,
  "dvars_nstd": 54.573242341770666,
  "dvars_std": 1.173687635244519,
  "dvars_vstd": 0.9907783747048908,
  "efc": 0.4786928614792772,
  "fber": 4323.8125,
  "fd_mean": 0.1250852194550661,
  "fd_num": 53,
  "fd_perc": 8.922558922558922,
  "fwhm_avg": 1.8840943333333333,
  "fwhm_x": 1.83804,
  "fwhm_y": 2.099115,
  "fwhm_z": 1.715128,
  "gcor": 0.00251301,
  "gsr_x": -0.017155570909380913,
  "gsr_y": 0.023961463943123817,
  "provenance": {
    "md5sum": "f103a0fa490d0a52daa77989294d5cc1",
    "settings": {
      "fd_thres": 0.2,
      "testing": false
    },
    "software": "mriqc",
    "version": "22.0.6",
    "webapi_port": null,
    "webapi_url": "https://mriqc.nimh.nih.gov/api/v1"
  },
  "size_t": 594,
  "size_x": 110,
  "size_y": 110,
  "size_z": 60,
  "snr": 6.573657908199748,
  "spacing_tr": 1.0,
  "spacing_x": 2.0,
  "spacing_y": 2.0,
  "spacing_z": 2.5,
  "summary_bg_k": 29.487084005599897,
  "summary_bg_mad": 4.415358613302903,
  "summary_bg_mean": 19.626995086669922,
  "summary_bg_median": 6.378787517547607,
  "summary_bg_n": 514913.0,
  "summary_bg_p05": 2.663299560546875,
  "summary_bg_p95": 83.55589141845685,
  "summary_bg_stdv": 39.44038391113281,
  "summary_fg_k": 3.19578088142792,
  "summary_fg_mad": 58.577763867980714,
  "summary_fg_mean": 422.15875244140625,
  "summary_fg_median": 421.951171875,
  "summary_fg_n": 120801.0,
  "summary_fg_p05": 329.4764099121094,
  "summary_fg_p95": 519.5774536132812,
  "summary_fg_stdv": 64.18791961669922,
  "tsnr": 30.281831538304687
}