{
  "aor": 0.0005958333333333333,
  "aqi": 0.028404279722222227,
  "bids_meta": {
    "AccelFactPE": 2,
    "AcquisitionNumber": 1,
    "AcquisitionTime": "18:00:22.512500",
    "BandwidthPerPixelPhaseEncode": 26.35,
    "ConversionSoftware": "dcm2niix",
    "ConversionSoftwareVersion": "v1.0.20170624 (OpenJPEG build) MSC1900",
    "DeviceSerialNumber": "35071",
    "EchoTime": 0.03,
    "EffectiveEchoSpacing": 0.000345006,
    "FlipAngle": 60,
    "ImageType": [
      "ORIGINAL",
      "PRIMARY",
      "M",
      "MB",
      "ND",
      "NORM",
      "MOSAIC"
    ],
    "InstitutionAddress": "Gilbert_1_New_Haven-1763f8-_CT_US_06520",
    "InstitutionName": "Yale_University_School_of_Medicine",
    "MagneticFieldStrength": 3,
    "Manufacturer": "Siemens",
    "ManufacturersModelName": "TrioTim",
    "PhaseEncodingDirection": "j-",
    "PhaseEncodingLines": 110,
    "ProcedureStepDescription": "MRRC_Research_SiteProtocols",
    "ProtocolName": "mbep2d_bold_resting(MB4iPAT2)",
    "RepetitionTime": 1,
    "ScanningSequence": "EP",
    "SequenceName": "epfid2d1_110",
    "SequenceVariant": "SK_SS",
    "SeriesDescription": "mbep2d_bold_resting(MB4iPAT2)",
    "SliceTiming": [
      0,
      0.535,
      0.0675,
      0.6025,
      0.1325,
      0.6675,
      0.2,
      0.735,
      0.2675,
      0.8025,
      0.335,
      0.87,
      0.4,
      0.935,
      0.4675,
      0,
      0.535,
      0.0675,
      0.6025,
      0.1325,
      0.6675,
      0.2,
      0.735,
      0.2675,
      0.8025,
      0.335,
      0.87,
      0.4,
      0.935,
      0.4675,
      0,
      0.535,
      0.0675,
      0.6025,
      0.1325,
      0.6675,
      0.2,
      0.735,
      0.2675,
      0.8025,
      0.335,
      0.87,
      0.4,
      0.935,
      0.4675,
      0,
      0.535,
      0.0675,
      0.6025,
      0.1325,
      0.6675,
      0.2,
      0.735,
      0.2675,
      0.8025,
      0.335,
      0.87,
      0.4,
      0.935,
      0.4675
    ],
    "SoftwareVersions": "syngo_MR_B17",
    "TaskName": "rest",
    "TotalReadoutTime": 0.0372607,
    "TrueEchoSpacing": 0.000690012,
    "dataset": "ds003424",
    "modality": "bold",
    "subject_id": "04",
    "task_id": "resting"
  },
  "dummy_trs": 0,
  "dvars_nstd": 43.166012522172714,
  "dvars_std": 1.0868727164623952,
  "dvars_vstd": 1.0024863417548762,
  "efc": 0.4540778610154511,
  "fber": 5056.3974609375,
  "fd_mean": 0.07631843214909154,
  "fd_num": 2,
  "fd_perc": 0.5555555555555556,
  "fwhm_avg": 1.9134229999999999,
  "fwhm_x": 1.851875,
  "fwhm_y": 2.08141,
  "fwhm_z": 1.806984,
  "gcor": 0.00958179,
  "gsr_x": -0.007511363830417395,
  "gsr_y": 0.017558107152581215,
  "provenance": {
    "md5sum": "70c9b8194daa29ee2d067604d63abd91",
    "settings": {
      "fd_thres": 0.2,
      "testing": false
    },
    "software": "mriqc",
    "version": "22.0.6",
    "webapi_port": null,
    "webapi_url": "https://mriqc.nimh.nih.gov/api/v1"
  },
  "size_t": 360,
  "size_x": 110,
  "size_y": 110,
  "size_z": 60,
  "snr": 6.845599543218123,
  "spacing_tr": 1.0,
  "spacing_x": 2.0,
  "spacing_y": 2.0,
  "spacing_z": 2.5,
  "summary_bg_k": 37.42888642094275,
  "summary_bg_mad": 3.7147419817473173,
  "summary_bg_mean": 16.878864288330078,
  "summary_bg_median": 5.9666666984558105,
  "summary_bg_n": 528055.0,
  "summary_bg_p05": 2.702777862548828,
  "summary_bg_p95": 71.0850021362304,
  "summary_bg_stdv": 34.49428176879883,
  "summary_fg_k": 2.4810194000955867,
  "summary_fg_mad": 55.074546034355436,
  "summary_fg_mean": 427.25665283203125,
  "summary_fg_median": 424.81390380859375,
  "summary_fg_n": 110753.0,
  "summary_fg_p05": 335.9127990722656,
  "summary_fg_p95": 528.8138916015624,
  "summary_fg_stdv": 62.05621337890625,
  "tsnr": 32.6786037547281
}