{
  "aor": 0.0006864814814814814,
  "aqi": 0.029113925252525256,
  "bids_meta": {
    "AccelFactPE": 2,
    "AcquisitionNumber": 1,
    "AcquisitionTime": "17:33:44.815000",
    "BandwidthPerPixelPhaseEncode": 26.35,
    "ConversionSoftware": "dcm2niix",
    "ConversionSoftwareVersion": "v1.0.20170624 (OpenJPEG build) MSC1900",
    "DeviceSerialNumber": "35071",
    "EchoTime": 0.03,
    "EffectiveEchoSpacing": 0.000345006,
    "FlipAngle": 60,
    "ImageType": [
      "ORIGINAL",
      "PRIMARY",
      "M",
      "MB",
      "ND",
      "NORM",
      "MOSAIC"
    ],
    "InstitutionAddress": "Gilbert_1_New_Haven-1763f8-_CT_US_06520",
    "InstitutionName": "Yale_University_School_of_Medicine",
    "MagneticFieldStrength": 3,
    "Manufacturer": "Siemens",
    "ManufacturersModelName": "TrioTim",
    "PhaseEncodingDirection": "j-",
    "PhaseEncodingLines": 110,
    "ProcedureStepDescription": "MRRC_Research_SiteProtocols",
    "ProtocolName": "mbep2d_bold_taste1(MB4iPAT2)",
    "RepetitionTime": 1,
    "ScanningSequence": "EP",
    "SequenceName": "epfid2d1_110",
    "SequenceVariant": "SK_SS",
    "SeriesDescription": "mbep2d_bold_taste1(MB4iPAT2)",
    "SliceTiming": [
      0,
      0.5375,
      0.0675,
      0.6025,
      0.135,
      0.67,
      0.2025,
      0.7375,
      0.2675,
      0.805,
      0.335,
      0.87,
      0.4025,
      0.9375,
      0.47,
      0,
      0.5375,
      0.0675,
      0.6025,
      0.135,
      0.67,
      0.2025,
      0.7375,
      0.2675,
      0.805,
      0.335,
      0.87,
      0.4025,
      0.9375,
      0.47,
      0,
      0.5375,
      0.0675,
      0.6025,
      0.135,
      0.67,
      0.2025,
      0.7375,
      0.2675,
      0.805,
      0.335,
      0.87,
      0.4025,
      0.9375,
      0.47,
      0,
      0.5375,
      0.0675,
      0.6025,
      0.135,
      0.67,
      0.2025,
      0.7375,
      0.2675,
      0.805,
      0.335,
      0.87,
      0.4025,
      0.9375,
      0.47
    ],
    "SoftwareVersions": "syngo_MR_B17",
    "TaskName": "taste",
    "TotalReadoutTime": 0.0372607,
    "TrueEchoSpacing": 0.000690012,
    "dataset": "ds003424",
    "modality": "bold",
    "run_id": 1,
    "subject_id": "04",
    "task_id": "taste"
  },
  "dummy_trs": 0,
  "dvars_nstd": 45.208150944047134,
  "dvars_std": 1.1234220547386176,
  "dvars_vstd": 1.009597352107925,
  "efc": 0.45203840884046076,
  "fber": 5498.61865234375,
  "fd_mean": 0.08280707450997313,
  "fd_num": 4,
  "fd_perc": 0.6734006734006734,
  "fwhm_avg": 1.9192989999999999,
  "fwhm_x": 1.85024,
  "fwhm_y": 2.085285,
  "fwhm_z": 1.822372,
  "gcor": 0.00802498,
  "gsr_x": -0.006326141767203808,
  "gsr_y": 0.016917023807764053,
  "provenance": {
    "md5sum": "c719276aee549c3609fc9f1d6409c431",
    "settings": {
      "fd_thres": 0.2,
      "testing": false
    },
    "software": "mriqc",
    "version": "22.0.6",
    "webapi_port": null,
    "webapi_url": "https://mriqc.nimh.nih.gov/api/v1"
  },
  "size_t": 594,
  "size_x": 110,
  "size_y": 110,
  "size_z": 60,
  "snr": 6.905559191299099,
  "spacing_tr": 1.0,
  "spacing_x": 2.0,
  "spacing_y": 2.0,
  "spacing_z": 2.5,
  "summary_bg_k": 42.38592078838495,
  "summary_bg_mad": 3.5342837693742366,
  "summary_bg_mean": 16.622713088989258,
  "summary_bg_median": 5.769360065460205,
  "summary_bg_n": 527800.0,
  "summary_bg_p05": 2.6363635063171387,
  "summary_bg_p95": 69.34342956542969,
  "summary_bg_stdv": 35.329322814941406,
  "summary_fg_k": 2.6129518153677616,
  "summary_fg_mad": 55.30303545096473,
  "summary_fg_mean": 431.5132751464844,
  "summary_fg_median": 428.9410705566406,
  "summary_fg_n": 110913.0,
  "summary_fg_p05": 341.2552185058594,
  "summary_fg_p95": 533.0302734375,
  "summary_fg_stdv": 62.115047454833984,
  "tsnr": 32.20573337585665
}