{
  "aor": 0.00025772222222222223,
  "aqi": 0.024845951944444444,
  "bids_meta": {
    "AccelFactPE": 2,
    "AcquisitionNumber": 1,
    "AcquisitionTime": "08:49:55.195000",
    "BandwidthPerPixelPhaseEncode": 26.35,
    "ConversionSoftware": "dcm2niix",
    "ConversionSoftwareVersion": "v1.0.20170624 (OpenJPEG build) MSC1900",
    "DeviceSerialNumber": "35071",
    "EchoTime": 0.03,
    "EffectiveEchoSpacing": 0.000345006,
    "FlipAngle": 60,
    "ImageType": [
      "ORIGINAL",
      "PRIMARY",
      "M",
      "MB",
      "ND",
      "NORM",
      "MOSAIC"
    ],
    "InstitutionAddress": "Gilbert_1_New_Haven-1763f8-_CT_US_06520",
    "InstitutionName": "Yale_University_School_of_Medicine",
    "MagneticFieldStrength": 3,
    "Manufacturer": "Siemens",
    "ManufacturersModelName": "TrioTim",
    "PhaseEncodingDirection": "j-",
    "PhaseEncodingLines": 110,
    "ProcedureStepDescription": "MRRC_Research_SiteProtocols",
    "ProtocolName": "mbep2d_bold_resting(MB4iPAT2)",
    "RepetitionTime": 1,
    "ScanningSequence": "EP",
    "SequenceName": "epfid2d1_110",
    "SequenceVariant": "SK_SS",
    "SeriesDescription": "mbep2d_bold_resting(MB4iPAT2)",
    "SliceTiming": [
      0,
      0.5375,
      0.0675,
      0.6025,
      0.135,
      0.67,
      0.2025,
      0.7375,
      0.27,
      0.805,
      0.335,
      0.87,
      0.4025,
      0.9375,
      0.47,
      0,
      0.5375,
      0.0675,
      0.6025,
      0.135,
      0.67,
      0.2025,
      0.7375,
      0.27,
      0.805,
      0.335,
      0.87,
      0.4025,
      0.9375,
      0.47,
      0,
      0.5375,
      0.0675,
      0.6025,
      0.135,
      0.67,
      0.2025,
      0.7375,
      0.27,
      0.805,
      0.335,
      0.87,
      0.4025,
      0.9375,
      0.47,
      0,
      0.5375,
      0.0675,
      0.6025,
      0.135,
      0.67,
      0.2025,
      0.7375,
      0.27,
      0.805,
      0.335,
      0.87,
      0.4025,
      0.9375,
      0.47
    ],
    "SoftwareVersions": "syngo_MR_B17",
    "TaskName": "rest",
    "TotalReadoutTime": 0.0372607,
    "TrueEchoSpacing": 0.000690012,
    "dataset": "ds003424",
    "modality": "bold",
    "subject_id": "16",
    "task_id": "resting"
  },
  "dummy_trs": 0,
  "dvars_nstd": 49.432990825961,
  "dvars_std": 1.1021812387465189,
  "dvars_vstd": 1.0012039283286902,
  "efc": 0.5259314792721258,
  "fber": 2946.9599609375,
  "fd_mean": 0.07816742912055837,
  "fd_num": 5,
  "fd_perc": 1.3888888888888888,
  "fwhm_avg": 1.9183186666666667,
  "fwhm_x": 1.86426,
  "fwhm_y": 2.1275,
  "fwhm_z": 1.763196,
  "gcor": 0.0054082,
  "gsr_x": -0.007353220600634813,
  "gsr_y": 0.03546317666769028,
  "provenance": {
    "md5sum": "7a15ec1a4eb0e62f37fd67dc09089805",
    "settings": {
      "fd_thres": 0.2,
      "testing": false
    },
    "software": "mriqc",
    "version": "22.0.6",
    "webapi_port": null,
    "webapi_url": "https://mriqc.nimh.nih.gov/api/v1"
  },
  "size_t": 360,
  "size_x": 110,
  "size_y": 110,
  "size_z": 60,
  "snr": 6.2895851478985385,
  "spacing_tr": 1.0,
  "spacing_x": 2.0,
  "spacing_y": 2.0,
  "spacing_z": 2.5,
  "summary_bg_k": 16.921996150779442,
  "summary_bg_mad": 6.428727890179251,
  "summary_bg_mean": 27.308528900146484,
  "summary_bg_median": 8.26388931274414,
  "summary_bg_n": 485543.0,
  "summary_bg_p05": 3.1027779579162598,
  "summary_bg_p95": 131.77750854492177,
  "summary_bg_stdv": 49.6852912902832,
  "summary_fg_k": 2.2367401158140066,
  "summary_fg_mad": 65.3333588766804,
  "summary_fg_mean": 457.1334228515625,
  "summary_fg_median": 456.33056640625,
  "summary_fg_n": 145648.0,
  "summary_fg_p05": 349.4177978515625,
  "summary_fg_p95": 573.1712585449219,
  "summary_fg_stdv": 72.55311584472656,
  "tsnr": 32.428463143645786
}