{
  "aor": 0.0002138720538720539,
  "aqi": 0.026709430808080806,
  "bids_meta": {
    "AccelFactPE": 2,
    "AcquisitionNumber": 1,
    "AcquisitionTime": "08:56:54.127500",
    "BandwidthPerPixelPhaseEncode": 26.35,
    "ConversionSoftware": "dcm2niix",
    "ConversionSoftwareVersion": "v1.0.20170624 (OpenJPEG build) MSC1900",
    "DeviceSerialNumber": "35071",
    "EchoTime": 0.03,
    "EffectiveEchoSpacing": 0.000345006,
    "FlipAngle": 60,
    "ImageType": [
      "ORIGINAL",
      "PRIMARY",
      "M",
      "MB",
      "ND",
      "NORM",
      "MOSAIC"
    ],
    "InstitutionAddress": "Gilbert_1_New_Haven-1763f8-_CT_US_06520",
    "InstitutionName": "Yale_University_School_of_Medicine",
    "MagneticFieldStrength": 3,
    "Manufacturer": "Siemens",
    "ManufacturersModelName": "TrioTim",
    "PhaseEncodingDirection": "j-",
    "PhaseEncodingLines": 110,
    "ProcedureStepDescription": "MRRC_Research_SiteProtocols",
    "ProtocolName": "mbep2d_bold_taste3(MB4iPAT2)",
    "RepetitionTime": 1,
    "ScanningSequence": "EP",
    "SequenceName": "epfid2d1_110",
    "SequenceVariant": "SK_SS",
    "SeriesDescription": "mbep2d_bold_taste3(MB4iPAT2)",
    "SliceTiming": [
      0,
      0.535,
      0.0675,
      0.6025,
      0.1325,
      0.67,
      0.2,
      0.735,
      0.2675,
      0.8025,
      0.335,
      0.87,
      0.4025,
      0.9375,
      0.4675,
      0,
      0.535,
      0.0675,
      0.6025,
      0.1325,
      0.67,
      0.2,
      0.735,
      0.2675,
      0.8025,
      0.335,
      0.87,
      0.4025,
      0.9375,
      0.4675,
      0,
      0.535,
      0.0675,
      0.6025,
      0.1325,
      0.67,
      0.2,
      0.735,
      0.2675,
      0.8025,
      0.335,
      0.87,
      0.4025,
      0.9375,
      0.4675,
      0,
      0.535,
      0.0675,
      0.6025,
      0.1325,
      0.67,
      0.2,
      0.735,
      0.2675,
      0.8025,
      0.335,
      0.87,
      0.4025,
      0.9375,
      0.4675
    ],
    "SoftwareVersions": "syngo_MR_B17",
    "TaskName": "taste",
    "TotalReadoutTime": 0.0372607,
    "TrueEchoSpacing": 0.000690012,
    "dataset": "ds003424",
    "modality": "bold",
    "run_id": 3,
    "subject_id": "16",
    "task_id": "taste"
  },
  "dummy_trs": 0,
  "dvars_nstd": 52.62195267435077,
  "dvars_std": 1.1165599850758854,
  "dvars_vstd": 1.0019554636762233,
  "efc": 0.5278288899811933,
  "fber": 2771.364501953125,
  "fd_mean": 0.11952608932416782,
  "fd_num": 74,
  "fd_perc": 12.457912457912458,
  "fwhm_avg": 1.9370793333333334,
  "fwhm_x": 1.886125,
  "fwhm_y": 2.148565,
  "fwhm_z": 1.776548,
  "gcor": 0.00483731,
  "gsr_x": -0.008180700242519379,
  "gsr_y": 0.03875293582677841,
  "provenance": {
    "md5sum": "34b17617db3cf1a0571b0c3b640e4384",
    "settings": {
      "fd_thres": 0.2,
      "testing": false
    },
    "software": "mriqc",
    "version": "22.0.6",
    "webapi_port": null,
    "webapi_url": "https://mriqc.nimh.nih.gov/api/v1"
  },
  "size_t": 594,
  "size_x": 110,
  "size_y": 110,
  "size_z": 60,
  "snr": 6.242979035804642,
  "spacing_tr": 1.0,
  "spacing_x": 2.0,
  "spacing_y": 2.0,
  "spacing_z": 2.5,
  "summary_bg_k": 17.876301744111228,
  "summary_bg_mad": 6.786523794241893,
  "summary_bg_mean": 28.190473556518555,
  "summary_bg_median": 8.520201683044434,
  "summary_bg_n": 485636.0,
  "summary_bg_p05": 3.0622894763946533,
  "summary_bg_p95": 134.70201110839844,
  "summary_bg_stdv": 51.70687484741211,
  "summary_fg_k": 2.1191991895551663,
  "summary_fg_mad": 66.17800054584126,
  "summary_fg_mean": 457.1240539550781,
  "summary_fg_median": 456.3434143066406,
  "summary_fg_n": 145730.0,
  "summary_fg_p05": 349.0,
  "summary_fg_p95": 574.1765228271483,
  "summary_fg_stdv": 73.09680938720703,
  "tsnr": 30.2567885608878
}