{
  "bids_meta": {
    "AccelFactPE": 2,
    "AcquisitionNumber": 1,
    "AcquisitionTime": "14:35:50.342500",
    "ConversionSoftware": "dcm2niix",
    "ConversionSoftwareVersion": "v1.0.20170624 (OpenJPEG build) MSC1900",
    "DeviceSerialNumber": "35071",
    "EchoTime": 0.00252,
    "FlipAngle": 9,
    "ImageType": [
      "ORIGINAL",
      "PRIMARY",
      "M",
      "ND",
      "NORM"
    ],
    "InstitutionAddress": "Gilbert_1_New_Haven-1763f8-_CT_US_06520",
    "InstitutionName": "Yale_University_School_of_Medicine",
    "InversionTime": 0.9,
    "MagneticFieldStrength": 3,
    "Manufacturer": "Siemens",
    "ManufacturersModelName": "TrioTim",
    "PhaseEncodingDirection": "i-",
    "PhaseEncodingLines": 246,
    "ProcedureStepDescription": "MRRC_Research_SiteProtocols",
    "ProtocolName": "t1_Sag_3D_MPRAGE",
    "RepetitionTime": 1.9,
    "ScanningSequence": "GR_IR",
    "SequenceName": "_tfl3d1_ns",
    "SequenceVariant": "SP_MP_OSP",
    "SeriesDescription": "t1_Sag_3D_MPRAGE",
    "SoftwareVersions": "syngo_MR_B17",
    "dataset": "ds003424",
    "modality": "T1w",
    "subject_id": "11"
  },
  "cjv": 0.3172206458457195,
  "cnr": 4.244761320858336,
  "efc": 0.5340850244254899,
  "fber": -1.0,
  "fwhm_avg": 4.544723546666667,
  "fwhm_x": 4.37249,
  "fwhm_y": 4.7520768,
  "fwhm_z": 4.50960384,
  "icvs_csf": 0.19093815751079452,
  "icvs_gm": 0.4654185520670851,
  "icvs_wm": 0.3436432904221204,
  "inu_med": 0.39331650733947754,
  "inu_range": 0.13198106884956362,
  "provenance": {
    "md5sum": "34799043d455f1e34c6df769d8674824",
    "settings": {
      "testing": false
    },
    "software": "mriqc",
    "version": "22.0.6",
    "warnings": {
      "large_rot_frame": true,
      "small_air_mask": false
    },
    "webapi_port": null,
    "webapi_url": "https://mriqc.nimh.nih.gov/api/v1"
  },
  "qi_1": 0.0,
  "qi_2": 0.009718852230133766,
  "rpve_csf": 25.721499043908395,
  "rpve_gm": 11.45181460340471,
  "rpve_wm": 17.082925519216996,
  "size_x": 176,
  "size_y": 256,
  "size_z": 256,
  "snr_csf": 2.77953127107322,
  "snr_gm": 15.917066935745092,
  "snr_total": 16.230070239337262,
  "snr_wm": 29.993612511193483,
  "snrd_csf": 47.700577360483145,
  "snrd_gm": 117.85761636104729,
  "snrd_total": 107.31929219661605,
  "snrd_wm": 156.39968286831768,
  "spacing_x": 1.0,
  "spacing_y": 0.9765625,
  "spacing_z": 0.9765625,
  "summary_bg_k": 19.61462795826594,
  "summary_bg_mad": 0.0,
  "summary_bg_mean": 2.089012393412864,
  "summary_bg_median": 0.0,
  "summary_bg_n": 2460259.0,
  "summary_bg_p05": 0.0,
  "summary_bg_p95": 8.643149621784687,
  "summary_bg_stdv": 4.188860176269912,
  "summary_csf_k": 1.0379380256625543,
  "summary_csf_mad": 70.50959676915744,
  "summary_csf_mean": 302.54189331337653,
  "summary_csf_median": 304.9915237352252,
  "summary_csf_n": 40437.0,
  "summary_csf_p05": 80.01323391497137,
  "summary_csf_p95": 492.4527545273304,
  "summary_csf_stdv": 109.72632533124705,
  "summary_gm_k": 0.0697641492569514,
  "summary_gm_mad": 47.33339887459961,
  "summary_gm_mean": 752.8211132865302,
  "summary_gm_median": 753.5668536275625,
  "summary_gm_n": 61807.0,
  "summary_gm_p05": 675.2408948540688,
  "summary_gm_p95": 829.3701706454158,
  "summary_gm_stdv": 47.34294078904213,
  "summary_wm_k": 0.7975115867740037,
  "summary_wm_mad": 30.84028449990104,
  "summary_wm_mean": 1001.9402250690343,
  "summary_wm_median": 1000.0000048056245,
  "summary_wm_n": 207604.0,
  "summary_wm_p05": 950.8705227449536,
  "summary_wm_p95": 1059.757666066289,
  "summary_wm_stdv": 33.3403519165316,
  "tpm_overlap_csf": 0.14076787637012975,
  "tpm_overlap_gm": 0.46857752726104845,
  "tpm_overlap_wm": 0.49043504661273374,
  "wm2max": 0.4467827819660041
}