{
  "aor": 0.00034089376053962904,
  "aqi": 0.029466573693086008,
  "bids_meta": {
    "AccelFactPE": 2,
    "AcquisitionNumber": 1,
    "AcquisitionTime": "08:21:33.645000",
    "BandwidthPerPixelPhaseEncode": 26.35,
    "ConversionSoftware": "dcm2niix",
    "ConversionSoftwareVersion": "v1.0.20170624 (OpenJPEG build) MSC1900",
    "DeviceSerialNumber": "35071",
    "EchoTime": 0.03,
    "EffectiveEchoSpacing": 0.000345006,
    "FlipAngle": 60,
    "ImageType": [
      "ORIGINAL",
      "PRIMARY",
      "M",
      "MB",
      "ND",
      "NORM",
      "MOSAIC"
    ],
    "InstitutionAddress": "Gilbert_1_New_Haven-1763f8-_CT_US_06520",
    "InstitutionName": "Yale_University_School_of_Medicine",
    "MagneticFieldStrength": 3,
    "Manufacturer": "Siemens",
    "ManufacturersModelName": "TrioTim",
    "PhaseEncodingDirection": "j-",
    "PhaseEncodingLines": 110,
    "ProcedureStepDescription": "MRRC_Research_SiteProtocols",
    "ProtocolName": "mbep2d_bold_taste1(MB4iPAT2)",
    "RepetitionTime": 1,
    "ScanningSequence": "EP",
    "SequenceName": "epfid2d1_110",
    "SequenceVariant": "SK_SS",
    "SeriesDescription": "mbep2d_bold_taste1(MB4iPAT2)",
    "SliceTiming": [
      0,
      0.535,
      0.0675,
      0.6025,
      0.1325,
      0.67,
      0.2,
      0.735,
      0.2675,
      0.8025,
      0.335,
      0.87,
      0.4,
      0.9375,
      0.4675,
      0,
      0.535,
      0.0675,
      0.6025,
      0.1325,
      0.67,
      0.2,
      0.735,
      0.2675,
      0.8025,
      0.335,
      0.87,
      0.4,
      0.9375,
      0.4675,
      0,
      0.535,
      0.0675,
      0.6025,
      0.1325,
      0.67,
      0.2,
      0.735,
      0.2675,
      0.8025,
      0.335,
      0.87,
      0.4,
      0.9375,
      0.4675,
      0,
      0.535,
      0.0675,
      0.6025,
      0.1325,
      0.67,
      0.2,
      0.735,
      0.2675,
      0.8025,
      0.335,
      0.87,
      0.4,
      0.9375,
      0.4675
    ],
    "SoftwareVersions": "syngo_MR_B17",
    "TaskName": "taste",
    "TotalReadoutTime": 0.0372607,
    "TrueEchoSpacing": 0.000690012,
    "dataset": "ds003424",
    "modality": "bold",
    "run_id": 1,
    "subject_id": "16",
    "task_id": "taste"
  },
  "dummy_trs": 1,
  "dvars_nstd": 50.28301055373314,
  "dvars_std": 1.1013225684628372,
  "dvars_vstd": 0.9983601467905387,
  "efc": 0.5239005623242358,
  "fber": 3246.138916015625,
  "fd_mean": 0.1241848888737755,
  "fd_num": 62,
  "fd_perc": 10.45531197301855,
  "fwhm_avg": 1.945098,
  "fwhm_x": 1.883275,
  "fwhm_y": 2.157115,
  "fwhm_z": 1.794904,
  "gcor": 0.00274048,
  "gsr_x": -0.009053093381226063,
  "gsr_y": 0.037872523069381714,
  "provenance": {
    "md5sum": "5143d59ea5869f34d945a3a9106fef42",
    "settings": {
      "fd_thres": 0.2,
      "testing": false
    },
    "software": "mriqc",
    "version": "22.0.6",
    "webapi_port": null,
    "webapi_url": "https://mriqc.nimh.nih.gov/api/v1"
  },
  "size_t": 593,
  "size_x": 110,
  "size_y": 110,
  "size_z": 60,
  "snr": 6.371014383490976,
  "spacing_tr": 1.0,
  "spacing_x": 2.0,
  "spacing_y": 2.0,
  "spacing_z": 2.5,
  "summary_bg_k": 19.83716957818512,
  "summary_bg_mad": 6.317935266717745,
  "summary_bg_mean": 26.735891342163086,
  "summary_bg_median": 7.951096057891846,
  "summary_bg_n": 485070.0,
  "summary_bg_p05": 2.84822940826416,
  "summary_bg_p95": 126.44013977050781,
  "summary_bg_stdv": 50.07598114013672,
  "summary_fg_k": 2.3267761454335965,
  "summary_fg_mad": 64.62447611732871,
  "summary_fg_mean": 460.5287780761719,
  "summary_fg_median": 459.3802795410156,
  "summary_fg_n": 146178.0,
  "summary_fg_p05": 353.4783416748047,
  "summary_fg_p95": 576.2978210449219,
  "summary_fg_stdv": 72.10448455810547,
  "tsnr": 29.72486639453564
}