{
  "aor": 0.00035865319865319866,
  "aqi": 0.027104353535353537,
  "bids_meta": {
    "AccelFactPE": 2,
    "AcquisitionNumber": 1,
    "AcquisitionTime": "09:13:48.877500",
    "BandwidthPerPixelPhaseEncode": 26.35,
    "ConversionSoftware": "dcm2niix",
    "ConversionSoftwareVersion": "v1.0.20170624 (OpenJPEG build) MSC1900",
    "DeviceSerialNumber": "35071",
    "EchoTime": 0.03,
    "EffectiveEchoSpacing": 0.000345006,
    "FlipAngle": 60,
    "ImageType": [
      "ORIGINAL",
      "PRIMARY",
      "M",
      "MB",
      "ND",
      "NORM",
      "MOSAIC"
    ],
    "InstitutionAddress": "Gilbert_1_New_Haven-1763f8-_CT_US_06520",
    "InstitutionName": "Yale_University_School_of_Medicine",
    "MagneticFieldStrength": 3,
    "Manufacturer": "Siemens",
    "ManufacturersModelName": "TrioTim",
    "PhaseEncodingDirection": "j-",
    "PhaseEncodingLines": 110,
    "ProcedureStepDescription": "MRRC_Research_SiteProtocols",
    "ProtocolName": "mbep2d_bold_taste4(MB4iPAT2)",
    "RepetitionTime": 1,
    "ScanningSequence": "EP",
    "SequenceName": "epfid2d1_110",
    "SequenceVariant": "SK_SS",
    "SeriesDescription": "mbep2d_bold_taste4(MB4iPAT2)",
    "SliceTiming": [
      0,
      0.535,
      0.0675,
      0.6025,
      0.135,
      0.67,
      0.2,
      0.735,
      0.2675,
      0.8025,
      0.335,
      0.87,
      0.4025,
      0.9375,
      0.4675,
      0,
      0.535,
      0.0675,
      0.6025,
      0.135,
      0.67,
      0.2,
      0.735,
      0.2675,
      0.8025,
      0.335,
      0.87,
      0.4025,
      0.9375,
      0.4675,
      0,
      0.535,
      0.0675,
      0.6025,
      0.135,
      0.67,
      0.2,
      0.735,
      0.2675,
      0.8025,
      0.335,
      0.87,
      0.4025,
      0.9375,
      0.4675,
      0,
      0.535,
      0.0675,
      0.6025,
      0.135,
      0.67,
      0.2,
      0.735,
      0.2675,
      0.8025,
      0.335,
      0.87,
      0.4025,
      0.9375,
      0.4675
    ],
    "SoftwareVersions": "syngo_MR_B17",
    "TaskName": "taste",
    "TotalReadoutTime": 0.0372607,
    "TrueEchoSpacing": 0.000690012,
    "dataset": "ds003424",
    "modality": "bold",
    "run_id": 4,
    "subject_id": "16",
    "task_id": "taste"
  },
  "dummy_trs": 0,
  "dvars_nstd": 53.48486526897132,
  "dvars_std": 1.117460219999999,
  "dvars_vstd": 1.0067292901011793,
  "efc": 0.5289830565114723,
  "fber": 2702.670654296875,
  "fd_mean": 0.14370714492615402,
  "fd_num": 115,
  "fd_perc": 19.36026936026936,
  "fwhm_avg": 1.936818,
  "fwhm_x": 1.891155,
  "fwhm_y": 2.144355,
  "fwhm_z": 1.774944,
  "gcor": 0.00619273,
  "gsr_x": -0.007990220561623573,
  "gsr_y": 0.039030302315950394,
  "provenance": {
    "md5sum": "eab6ad2173343efacec7964bbe8217f3",
    "settings": {
      "fd_thres": 0.2,
      "testing": false
    },
    "software": "mriqc",
    "version": "22.0.6",
    "webapi_port": null,
    "webapi_url": "https://mriqc.nimh.nih.gov/api/v1"
  },
  "size_t": 594,
  "size_x": 110,
  "size_y": 110,
  "size_z": 60,
  "snr": 6.2206523113412855,
  "spacing_tr": 1.0,
  "spacing_x": 2.0,
  "spacing_y": 2.0,
  "spacing_z": 2.5,
  "summary_bg_k": 17.39790148151572,
  "summary_bg_mad": 6.784028226046871,
  "summary_bg_mean": 28.62533187866211,
  "summary_bg_median": 8.616161346435547,
  "summary_bg_n": 485760.0,
  "summary_bg_p05": 3.1902356147766113,
  "summary_bg_p95": 137.52196502685544,
  "summary_bg_stdv": 52.32392883300781,
  "summary_fg_k": 2.0895061380971676,
  "summary_fg_mad": 66.09560861957482,
  "summary_fg_mean": 456.3392028808594,
  "summary_fg_median": 455.6464538574219,
  "summary_fg_n": 145630.0,
  "summary_fg_p05": 347.51161193847656,
  "summary_fg_p95": 573.7950897216796,
  "summary_fg_stdv": 73.24712371826172,
  "tsnr": 29.959124974440783
}