{
  "aor": 0.0004241077441077442,
  "aqi": 0.027475687205387206,
  "bids_meta": {
    "AccelFactPE": 2,
    "AcquisitionNumber": 1,
    "AcquisitionTime": "08:37:23.767500",
    "BandwidthPerPixelPhaseEncode": 26.35,
    "ConversionSoftware": "dcm2niix",
    "ConversionSoftwareVersion": "v1.0.20170624 (OpenJPEG build) MSC1900",
    "DeviceSerialNumber": "35071",
    "EchoTime": 0.03,
    "EffectiveEchoSpacing": 0.000345006,
    "FlipAngle": 60,
    "ImageType": [
      "ORIGINAL",
      "PRIMARY",
      "M",
      "MB",
      "ND",
      "NORM",
      "MOSAIC"
    ],
    "InstitutionAddress": "Gilbert_1_New_Haven-1763f8-_CT_US_06520",
    "InstitutionName": "Yale_University_School_of_Medicine",
    "MagneticFieldStrength": 3,
    "Manufacturer": "Siemens",
    "ManufacturersModelName": "TrioTim",
    "PhaseEncodingDirection": "j-",
    "PhaseEncodingLines": 110,
    "ProcedureStepDescription": "MRRC_Research_SiteProtocols",
    "ProtocolName": "mbep2d_bold_taste2(MB4iPAT2)",
    "RepetitionTime": 1,
    "ScanningSequence": "EP",
    "SequenceName": "epfid2d1_110",
    "SequenceVariant": "SK_SS",
    "SeriesDescription": "mbep2d_bold_taste2(MB4iPAT2)",
    "SliceTiming": [
      0,
      0.535,
      0.0675,
      0.6025,
      0.135,
      0.67,
      0.2,
      0.7375,
      0.2675,
      0.8025,
      0.335,
      0.87,
      0.4025,
      0.9375,
      0.47,
      0,
      0.535,
      0.0675,
      0.6025,
      0.135,
      0.67,
      0.2,
      0.7375,
      0.2675,
      0.8025,
      0.335,
      0.87,
      0.4025,
      0.9375,
      0.47,
      0,
      0.535,
      0.0675,
      0.6025,
      0.135,
      0.67,
      0.2,
      0.7375,
      0.2675,
      0.8025,
      0.335,
      0.87,
      0.4025,
      0.9375,
      0.47,
      0,
      0.535,
      0.0675,
      0.6025,
      0.135,
      0.67,
      0.2,
      0.7375,
      0.2675,
      0.8025,
      0.335,
      0.87,
      0.4025,
      0.9375,
      0.47
    ],
    "SoftwareVersions": "syngo_MR_B17",
    "TaskName": "taste",
    "TotalReadoutTime": 0.0372607,
    "TrueEchoSpacing": 0.000690012,
    "dataset": "ds003424",
    "modality": "bold",
    "run_id": 2,
    "subject_id": "16",
    "task_id": "taste"
  },
  "dummy_trs": 0,
  "dvars_nstd": 51.39676280946032,
  "dvars_std": 1.1115205465092748,
  "dvars_vstd": 1.005032343288365,
  "efc": 0.5254107030275584,
  "fber": 3090.572265625,
  "fd_mean": 0.12538071968677678,
  "fd_num": 75,
  "fd_perc": 12.626262626262626,
  "fwhm_avg": 1.9461026666666665,
  "fwhm_x": 1.89407,
  "fwhm_y": 2.15407,
  "fwhm_z": 1.790168,
  "gcor": 0.00475922,
  "gsr_x": -0.00849179271608591,
  "gsr_y": 0.03804562985897064,
  "provenance": {
    "md5sum": "1b3f931991d0b59b3ff2e2160f5bcbff",
    "settings": {
      "fd_thres": 0.2,
      "testing": false
    },
    "software": "mriqc",
    "version": "22.0.6",
    "webapi_port": null,
    "webapi_url": "https://mriqc.nimh.nih.gov/api/v1"
  },
  "size_t": 594,
  "size_x": 110,
  "size_y": 110,
  "size_z": 60,
  "snr": 6.290764334746198,
  "spacing_tr": 1.0,
  "spacing_x": 2.0,
  "spacing_y": 2.0,
  "spacing_z": 2.5,
  "summary_bg_k": 18.669031774159976,
  "summary_bg_mad": 6.4108821032254495,
  "summary_bg_mean": 27.400541305541992,
  "summary_bg_median": 8.113636016845703,
  "summary_bg_n": 485338.0,
  "summary_bg_p05": 2.9562289714813232,
  "summary_bg_p95": 131.18063583374013,
  "summary_bg_stdv": 50.88761901855469,
  "summary_fg_k": 2.159019546613208,
  "summary_fg_mad": 65.6550764998092,
  "summary_fg_mean": 458.8839111328125,
  "summary_fg_median": 458.199462890625,
  "summary_fg_n": 145976.0,
  "summary_fg_p05": 350.8758316040039,
  "summary_fg_p95": 575.6519165039062,
  "summary_fg_stdv": 72.83660125732422,
  "tsnr": 30.358856947277673
}