{
  "aor": 0.0009886003372681282,
  "aqi": 0.029948929510961217,
  "bids_meta": {
    "AccelFactPE": 2,
    "AcquisitionNumber": 1,
    "AcquisitionTime": "08:44:27.880000",
    "BandwidthPerPixelPhaseEncode": 26.35,
    "ConversionSoftware": "dcm2niix",
    "ConversionSoftwareVersion": "v1.0.20170624 (OpenJPEG build) MSC1900",
    "DeviceSerialNumber": "35071",
    "EchoTime": 0.03,
    "EffectiveEchoSpacing": 0.000345006,
    "FlipAngle": 60,
    "ImageType": [
      "ORIGINAL",
      "PRIMARY",
      "M",
      "MB",
      "ND",
      "NORM",
      "MOSAIC"
    ],
    "InstitutionAddress": "Gilbert_1_New_Haven-1763f8-_CT_US_06520",
    "InstitutionName": "Yale_University_School_of_Medicine",
    "MagneticFieldStrength": 3,
    "Manufacturer": "Siemens",
    "ManufacturersModelName": "TrioTim",
    "PhaseEncodingDirection": "j-",
    "PhaseEncodingLines": 110,
    "ProcedureStepDescription": "MRRC_Research_SiteProtocols",
    "ProtocolName": "mbep2d_bold_taste1(MB4iPAT2)",
    "RepetitionTime": 1,
    "ScanningSequence": "EP",
    "SequenceName": "epfid2d1_110",
    "SequenceVariant": "SK_SS",
    "SeriesDescription": "mbep2d_bold_taste1(MB4iPAT2)",
    "SliceTiming": [
      0,
      0.535,
      0.065,
      0.6,
      0.1325,
      0.6675,
      0.2,
      0.735,
      0.2675,
      0.8025,
      0.3325,
      0.87,
      0.4,
      0.935,
      0.4675,
      0,
      0.535,
      0.065,
      0.6,
      0.1325,
      0.6675,
      0.2,
      0.735,
      0.2675,
      0.8025,
      0.3325,
      0.87,
      0.4,
      0.935,
      0.4675,
      0,
      0.535,
      0.065,
      0.6,
      0.1325,
      0.6675,
      0.2,
      0.735,
      0.2675,
      0.8025,
      0.3325,
      0.87,
      0.4,
      0.935,
      0.4675,
      0,
      0.535,
      0.065,
      0.6,
      0.1325,
      0.6675,
      0.2,
      0.735,
      0.2675,
      0.8025,
      0.3325,
      0.87,
      0.4,
      0.935,
      0.4675
    ],
    "SoftwareVersions": "syngo_MR_B17",
    "TaskName": "taste",
    "TotalReadoutTime": 0.0372607,
    "TrueEchoSpacing": 0.000690012,
    "dataset": "ds003424",
    "modality": "bold",
    "run_id": 1,
    "subject_id": "28",
    "task_id": "taste"
  },
  "dummy_trs": 1,
  "dvars_nstd": 54.88533338972972,
  "dvars_std": 1.1296345801858108,
  "dvars_vstd": 1.0136207658108103,
  "efc": 0.5248542147133823,
  "fber": 2599.916259765625,
  "fd_mean": 0.1858793137618905,
  "fd_num": 166,
  "fd_perc": 27.993254637436763,
  "fwhm_avg": 1.9496559999999998,
  "fwhm_x": 1.901735,
  "fwhm_y": 2.178185,
  "fwhm_z": 1.7690480000000002,
  "gcor": 0.00558194,
  "gsr_x": -0.012947600334882736,
  "gsr_y": 0.022661413997411728,
  "provenance": {
    "md5sum": "0b6f2e8f015762bbf3b7b8e36adb780b",
    "settings": {
      "fd_thres": 0.2,
      "testing": false
    },
    "software": "mriqc",
    "version": "22.0.6",
    "webapi_port": null,
    "webapi_url": "https://mriqc.nimh.nih.gov/api/v1"
  },
  "size_t": 593,
  "size_x": 110,
  "size_y": 110,
  "size_z": 60,
  "snr": 6.499047704435075,
  "spacing_tr": 1.0,
  "spacing_x": 2.0,
  "spacing_y": 2.0,
  "spacing_z": 2.5,
  "summary_bg_k": 18.55355684189544,
  "summary_bg_mad": 7.247999598930315,
  "summary_bg_mean": 26.062406539916992,
  "summary_bg_median": 8.349072456359863,
  "summary_bg_n": 489067.0,
  "summary_bg_p05": 2.472175359725952,
  "summary_bg_p95": 117.78195724487297,
  "summary_bg_stdv": 46.578346252441406,
  "summary_fg_k": 2.035530701661198,
  "summary_fg_mad": 60.00039327030501,
  "summary_fg_mean": 433.66497802734375,
  "summary_fg_median": 432.63995361328125,
  "summary_fg_n": 142010.0,
  "summary_fg_p05": 333.1390441894531,
  "summary_fg_p95": 541.1071685791015,
  "summary_fg_stdv": 66.56951141357422,
  "tsnr": 29.455541920964606
}