{
  "aor": 0.0004639722222222223,
  "aqi": 0.02538155555555556,
  "bids_meta": {
    "AccelFactPE": 2,
    "AcquisitionNumber": 1,
    "AcquisitionTime": "09:12:22.127500",
    "BandwidthPerPixelPhaseEncode": 26.35,
    "ConversionSoftware": "dcm2niix",
    "ConversionSoftwareVersion": "v1.0.20170624 (OpenJPEG build) MSC1900",
    "DeviceSerialNumber": "35071",
    "EchoTime": 0.03,
    "EffectiveEchoSpacing": 0.000345006,
    "FlipAngle": 60,
    "ImageType": [
      "ORIGINAL",
      "PRIMARY",
      "M",
      "MB",
      "ND",
      "NORM",
      "MOSAIC"
    ],
    "InstitutionAddress": "Gilbert_1_New_Haven-1763f8-_CT_US_06520",
    "InstitutionName": "Yale_University_School_of_Medicine",
    "MagneticFieldStrength": 3,
    "Manufacturer": "Siemens",
    "ManufacturersModelName": "TrioTim",
    "PhaseEncodingDirection": "j-",
    "PhaseEncodingLines": 110,
    "ProcedureStepDescription": "MRRC_Research_SiteProtocols",
    "ProtocolName": "mbep2d_bold_resting(MB4iPAT2)",
    "RepetitionTime": 1,
    "ScanningSequence": "EP",
    "SequenceName": "epfid2d1_110",
    "SequenceVariant": "SK_SS",
    "SeriesDescription": "mbep2d_bold_resting(MB4iPAT2)",
    "SliceTiming": [
      0,
      0.535,
      0.0675,
      0.6025,
      0.135,
      0.67,
      0.2,
      0.735,
      0.2675,
      0.8025,
      0.335,
      0.87,
      0.4025,
      0.9375,
      0.4675,
      0,
      0.535,
      0.0675,
      0.6025,
      0.135,
      0.67,
      0.2,
      0.735,
      0.2675,
      0.8025,
      0.335,
      0.87,
      0.4025,
      0.9375,
      0.4675,
      0,
      0.535,
      0.0675,
      0.6025,
      0.135,
      0.67,
      0.2,
      0.735,
      0.2675,
      0.8025,
      0.335,
      0.87,
      0.4025,
      0.9375,
      0.4675,
      0,
      0.535,
      0.0675,
      0.6025,
      0.135,
      0.67,
      0.2,
      0.735,
      0.2675,
      0.8025,
      0.335,
      0.87,
      0.4025,
      0.9375,
      0.4675
    ],
    "SoftwareVersions": "syngo_MR_B17",
    "TaskName": "rest",
    "TotalReadoutTime": 0.0372607,
    "TrueEchoSpacing": 0.000690012,
    "dataset": "ds003424",
    "modality": "bold",
    "subject_id": "28",
    "task_id": "resting"
  },
  "dummy_trs": 0,
  "dvars_nstd": 51.34700681668524,
  "dvars_std": 1.1270367967688018,
  "dvars_vstd": 1.0030387723676883,
  "efc": 0.52718662475785,
  "fber": 2369.368408203125,
  "fd_mean": 0.06966973219937167,
  "fd_num": 4,
  "fd_perc": 1.1111111111111112,
  "fwhm_avg": 1.9432186666666666,
  "fwhm_x": 1.899145,
  "fwhm_y": 2.168135,
  "fwhm_z": 1.7623760000000002,
  "gcor": 0.00570539,
  "gsr_x": -0.012246165424585342,
  "gsr_y": 0.021822942420840263,
  "provenance": {
    "md5sum": "85db49d989f8697ab81d3c7e91285dc5",
    "settings": {
      "fd_thres": 0.2,
      "testing": false
    },
    "software": "mriqc",
    "version": "22.0.6",
    "webapi_port": null,
    "webapi_url": "https://mriqc.nimh.nih.gov/api/v1"
  },
  "size_t": 360,
  "size_x": 110,
  "size_y": 110,
  "size_z": 60,
  "snr": 6.48499386452492,
  "spacing_tr": 1.0,
  "spacing_x": 2.0,
  "spacing_y": 2.0,
  "spacing_z": 2.5,
  "summary_bg_k": 16.902781084841113,
  "summary_bg_mad": 7.433602711456162,
  "summary_bg_mean": 26.73150062561035,
  "summary_bg_median": 8.683333396911621,
  "summary_bg_n": 489555.0,
  "summary_bg_p05": 2.7361111640930176,
  "summary_bg_p95": 120.53833389282207,
  "summary_bg_stdv": 46.68574142456055,
  "summary_fg_k": 2.007378518549708,
  "summary_fg_mad": 60.61165901652116,
  "summary_fg_mean": 431.6504821777344,
  "summary_fg_median": 431.0278015136719,
  "summary_fg_n": 141728.0,
  "summary_fg_p05": 331.0408538818359,
  "summary_fg_p95": 538.477783203125,
  "summary_fg_stdv": 66.46517944335938,
  "tsnr": 32.08310520462692
}