{
  "aor": 0.0009377908937605398,
  "aqi": 0.028873107588532884,
  "bids_meta": {
    "AccelFactPE": 2,
    "AcquisitionNumber": 1,
    "AcquisitionTime": "09:19:27.547500",
    "BandwidthPerPixelPhaseEncode": 26.35,
    "ConversionSoftware": "dcm2niix",
    "ConversionSoftwareVersion": "v1.0.20170624 (OpenJPEG build) MSC1900",
    "DeviceSerialNumber": "35071",
    "EchoTime": 0.03,
    "EffectiveEchoSpacing": 0.000345006,
    "FlipAngle": 60,
    "ImageType": [
      "ORIGINAL",
      "PRIMARY",
      "M",
      "MB",
      "ND",
      "NORM",
      "MOSAIC"
    ],
    "InstitutionAddress": "Gilbert_1_New_Haven-1763f8-_CT_US_06520",
    "InstitutionName": "Yale_University_School_of_Medicine",
    "MagneticFieldStrength": 3,
    "Manufacturer": "Siemens",
    "ManufacturersModelName": "TrioTim",
    "PhaseEncodingDirection": "j-",
    "PhaseEncodingLines": 110,
    "ProcedureStepDescription": "MRRC_Research_SiteProtocols",
    "ProtocolName": "mbep2d_bold_taste3(MB4iPAT2)",
    "RepetitionTime": 1,
    "ScanningSequence": "EP",
    "SequenceName": "epfid2d1_110",
    "SequenceVariant": "SK_SS",
    "SeriesDescription": "mbep2d_bold_taste3(MB4iPAT2)",
    "SliceTiming": [
      0,
      0.535,
      0.065,
      0.6,
      0.1325,
      0.6675,
      0.2,
      0.735,
      0.2675,
      0.8025,
      0.3325,
      0.8675,
      0.4,
      0.935,
      0.4675,
      0,
      0.535,
      0.065,
      0.6,
      0.1325,
      0.6675,
      0.2,
      0.735,
      0.2675,
      0.8025,
      0.3325,
      0.8675,
      0.4,
      0.935,
      0.4675,
      0,
      0.535,
      0.065,
      0.6,
      0.1325,
      0.6675,
      0.2,
      0.735,
      0.2675,
      0.8025,
      0.3325,
      0.8675,
      0.4,
      0.935,
      0.4675,
      0,
      0.535,
      0.065,
      0.6,
      0.1325,
      0.6675,
      0.2,
      0.735,
      0.2675,
      0.8025,
      0.3325,
      0.8675,
      0.4,
      0.935,
      0.4675
    ],
    "SoftwareVersions": "syngo_MR_B17",
    "TaskName": "taste",
    "TotalReadoutTime": 0.0372607,
    "TrueEchoSpacing": 0.000690012,
    "dataset": "ds003424",
    "modality": "bold",
    "run_id": 3,
    "subject_id": "28",
    "task_id": "taste"
  },
  "dummy_trs": 1,
  "dvars_nstd": 54.774646816891895,
  "dvars_std": 1.122224711418918,
  "dvars_vstd": 1.0124550240709453,
  "efc": 0.5285205406230322,
  "fber": 2288.85205078125,
  "fd_mean": 0.18083728321360082,
  "fd_num": 154,
  "fd_perc": 25.96964586846543,
  "fwhm_avg": 1.9531566666666667,
  "fwhm_x": 1.9063,
  "fwhm_y": 2.18211,
  "fwhm_z": 1.7710599999999999,
  "gcor": 0.0103749,
  "gsr_x": -0.013329112902283669,
  "gsr_y": 0.02345770224928856,
  "provenance": {
    "md5sum": "f19d77d7855898b8091a81fd8ae5d8ec",
    "settings": {
      "fd_thres": 0.2,
      "testing": false
    },
    "software": "mriqc",
    "version": "22.0.6",
    "webapi_port": null,
    "webapi_url": "https://mriqc.nimh.nih.gov/api/v1"
  },
  "size_t": 593,
  "size_x": 110,
  "size_y": 110,
  "size_z": 60,
  "snr": 6.477135480081888,
  "spacing_tr": 1.0,
  "spacing_x": 2.0,
  "spacing_y": 2.0,
  "spacing_z": 2.5,
  "summary_bg_k": 17.809576221827765,
  "summary_bg_mad": 7.59552337668314,
  "summary_bg_mean": 27.10114860534668,
  "summary_bg_median": 8.829679489135742,
  "summary_bg_n": 489625.0,
  "summary_bg_p05": 2.7403035163879395,
  "summary_bg_p95": 121.3446914672851,
  "summary_bg_stdv": 47.22028350830078,
  "summary_fg_k": 1.8670546205859058,
  "summary_fg_mad": 60.75293786867215,
  "summary_fg_mean": 431.0498046875,
  "summary_fg_median": 430.1382751464844,
  "summary_fg_n": 141670.0,
  "summary_fg_p05": 330.5615539550781,
  "summary_fg_p95": 538.498403930664,
  "summary_fg_stdv": 66.40848541259766,
  "tsnr": 29.218829591642134
}