{
  "aor": 0.0008977441077441078,
  "aqi": 0.0285517734006734,
  "bids_meta": {
    "AccelFactPE": 2,
    "AcquisitionNumber": 1,
    "AcquisitionTime": "09:00:28.740000",
    "BandwidthPerPixelPhaseEncode": 26.35,
    "ConversionSoftware": "dcm2niix",
    "ConversionSoftwareVersion": "v1.0.20170624 (OpenJPEG build) MSC1900",
    "DeviceSerialNumber": "35071",
    "EchoTime": 0.03,
    "EffectiveEchoSpacing": 0.000345006,
    "FlipAngle": 60,
    "ImageType": [
      "ORIGINAL",
      "PRIMARY",
      "M",
      "MB",
      "ND",
      "NORM",
      "MOSAIC"
    ],
    "InstitutionAddress": "Gilbert_1_New_Haven-1763f8-_CT_US_06520",
    "InstitutionName": "Yale_University_School_of_Medicine",
    "MagneticFieldStrength": 3,
    "Manufacturer": "Siemens",
    "ManufacturersModelName": "TrioTim",
    "PhaseEncodingDirection": "j-",
    "PhaseEncodingLines": 110,
    "ProcedureStepDescription": "MRRC_Research_SiteProtocols",
    "ProtocolName": "mbep2d_bold_taste2(MB4iPAT2)",
    "RepetitionTime": 1,
    "ScanningSequence": "EP",
    "SequenceName": "epfid2d1_110",
    "SequenceVariant": "SK_SS",
    "SeriesDescription": "mbep2d_bold_taste2(MB4iPAT2)",
    "SliceTiming": [
      0,
      0.535,
      0.0675,
      0.6025,
      0.1325,
      0.6675,
      0.2,
      0.735,
      0.2675,
      0.8025,
      0.335,
      0.87,
      0.4,
      0.935,
      0.4675,
      0,
      0.535,
      0.0675,
      0.6025,
      0.1325,
      0.6675,
      0.2,
      0.735,
      0.2675,
      0.8025,
      0.335,
      0.87,
      0.4,
      0.935,
      0.4675,
      0,
      0.535,
      0.0675,
      0.6025,
      0.1325,
      0.6675,
      0.2,
      0.735,
      0.2675,
      0.8025,
      0.335,
      0.87,
      0.4,
      0.935,
      0.4675,
      0,
      0.535,
      0.0675,
      0.6025,
      0.1325,
      0.6675,
      0.2,
      0.735,
      0.2675,
      0.8025,
      0.335,
      0.87,
      0.4,
      0.935,
      0.4675
    ],
    "SoftwareVersions": "syngo_MR_B17",
    "TaskName": "taste",
    "TotalReadoutTime": 0.0372607,
    "TrueEchoSpacing": 0.000690012,
    "dataset": "ds003424",
    "modality": "bold",
    "run_id": 2,
    "subject_id": "28",
    "task_id": "taste"
  },
  "dummy_trs": 0,
  "dvars_nstd": 54.77435935099492,
  "dvars_std": 1.1299386247048908,
  "dvars_vstd": 1.0152069315851604,
  "efc": 0.5263570941040974,
  "fber": 2494.44677734375,
  "fd_mean": 0.17935985207291613,
  "fd_num": 157,
  "fd_perc": 26.430976430976433,
  "fwhm_avg": 1.9535953333333331,
  "fwhm_x": 1.905645,
  "fwhm_y": 2.181425,
  "fwhm_z": 1.7737159999999998,
  "gcor": 0.00969648,
  "gsr_x": -0.013049159198999405,
  "gsr_y": 0.023193234577775,
  "provenance": {
    "md5sum": "9b038d697253de497b483b31e919647c",
    "settings": {
      "fd_thres": 0.2,
      "testing": false
    },
    "software": "mriqc",
    "version": "22.0.6",
    "webapi_port": null,
    "webapi_url": "https://mriqc.nimh.nih.gov/api/v1"
  },
  "size_t": 594,
  "size_x": 110,
  "size_y": 110,
  "size_z": 60,
  "snr": 6.439900422755092,
  "spacing_tr": 1.0,
  "spacing_x": 2.0,
  "spacing_y": 2.0,
  "spacing_z": 2.5,
  "summary_bg_k": 18.27210515510589,
  "summary_bg_mad": 7.255765199167768,
  "summary_bg_mean": 26.437063217163086,
  "summary_bg_median": 8.464646339416504,
  "summary_bg_n": 489444.0,
  "summary_bg_p05": 2.6818180084228516,
  "summary_bg_p95": 119.0805511474609,
  "summary_bg_stdv": 46.72026824951172,
  "summary_fg_k": 1.9592333975460843,
  "summary_fg_mad": 60.69429979264727,
  "summary_fg_mean": 431.63873291015625,
  "summary_fg_median": 430.5707092285156,
  "summary_fg_n": 141829.0,
  "summary_fg_p05": 330.9171569824219,
  "summary_fg_p95": 539.4777709960938,
  "summary_fg_stdv": 66.85960388183594,
  "tsnr": 29.73186048399657
}