{
  "aor": 0.0009561616161616162,
  "aqi": 0.028570782996632998,
  "bids_meta": {
    "AccelFactPE": 2,
    "AcquisitionNumber": 1,
    "AcquisitionTime": "09:36:34.747500",
    "BandwidthPerPixelPhaseEncode": 26.35,
    "ConversionSoftware": "dcm2niix",
    "ConversionSoftwareVersion": "v1.0.20170624 (OpenJPEG build) MSC1900",
    "DeviceSerialNumber": "35071",
    "EchoTime": 0.03,
    "EffectiveEchoSpacing": 0.000345006,
    "FlipAngle": 60,
    "ImageType": [
      "ORIGINAL",
      "PRIMARY",
      "M",
      "MB",
      "ND",
      "NORM",
      "MOSAIC"
    ],
    "InstitutionAddress": "Gilbert_1_New_Haven-1763f8-_CT_US_06520",
    "InstitutionName": "Yale_University_School_of_Medicine",
    "MagneticFieldStrength": 3,
    "Manufacturer": "Siemens",
    "ManufacturersModelName": "TrioTim",
    "PhaseEncodingDirection": "j-",
    "PhaseEncodingLines": 110,
    "ProcedureStepDescription": "MRRC_Research_SiteProtocols",
    "ProtocolName": "mbep2d_bold_taste4(MB4iPAT2)",
    "RepetitionTime": 1,
    "ScanningSequence": "EP",
    "SequenceName": "epfid2d1_110",
    "SequenceVariant": "SK_SS",
    "SeriesDescription": "mbep2d_bold_taste4(MB4iPAT2)",
    "SliceTiming": [
      0,
      0.535,
      0.0675,
      0.6025,
      0.1325,
      0.67,
      0.2,
      0.735,
      0.2675,
      0.8025,
      0.335,
      0.87,
      0.4025,
      0.9375,
      0.4675,
      0,
      0.535,
      0.0675,
      0.6025,
      0.1325,
      0.67,
      0.2,
      0.735,
      0.2675,
      0.8025,
      0.335,
      0.87,
      0.4025,
      0.9375,
      0.4675,
      0,
      0.535,
      0.0675,
      0.6025,
      0.1325,
      0.67,
      0.2,
      0.735,
      0.2675,
      0.8025,
      0.335,
      0.87,
      0.4025,
      0.9375,
      0.4675,
      0,
      0.535,
      0.0675,
      0.6025,
      0.1325,
      0.67,
      0.2,
      0.735,
      0.2675,
      0.8025,
      0.335,
      0.87,
      0.4025,
      0.9375,
      0.4675
    ],
    "SoftwareVersions": "syngo_MR_B17",
    "TaskName": "taste",
    "TotalReadoutTime": 0.0372607,
    "TrueEchoSpacing": 0.000690012,
    "dataset": "ds003424",
    "modality": "bold",
    "run_id": 4,
    "subject_id": "28",
    "task_id": "taste"
  },
  "dummy_trs": 0,
  "dvars_nstd": 55.6081975256324,
  "dvars_std": 1.1302571019392915,
  "dvars_vstd": 1.0172559756661046,
  "efc": 0.5294713054726623,
  "fber": 2214.4619140625,
  "fd_mean": 0.18618497938797957,
  "fd_num": 159,
  "fd_perc": 26.767676767676768,
  "fwhm_avg": 1.9534883333333335,
  "fwhm_x": 1.909845,
  "fwhm_y": 2.177,
  "fwhm_z": 1.77362,
  "gcor": 0.00739745,
  "gsr_x": -0.01323111541569233,
  "gsr_y": 0.023294338956475258,
  "provenance": {
    "md5sum": "2f9233f426b5e07d8300663275f6c908",
    "settings": {
      "fd_thres": 0.2,
      "testing": false
    },
    "software": "mriqc",
    "version": "22.0.6",
    "webapi_port": null,
    "webapi_url": "https://mriqc.nimh.nih.gov/api/v1"
  },
  "size_t": 594,
  "size_x": 110,
  "size_y": 110,
  "size_z": 60,
  "snr": 6.50584684465687,
  "spacing_tr": 1.0,
  "spacing_x": 2.0,
  "spacing_y": 2.0,
  "spacing_z": 2.5,
  "summary_bg_k": 17.121988978094453,
  "summary_bg_mad": 7.79489329469162,
  "summary_bg_mean": 27.556196212768555,
  "summary_bg_median": 8.984848022460938,
  "summary_bg_n": 489786.0,
  "summary_bg_p05": 2.7845118045806885,
  "summary_bg_p95": 123.9747428894043,
  "summary_bg_stdv": 47.92234420776367,
  "summary_fg_k": 2.0060140235363164,
  "summary_fg_mad": 60.46219074171545,
  "summary_fg_mean": 431.7420654296875,
  "summary_fg_median": 430.90234375,
  "summary_fg_n": 141591.0,
  "summary_fg_p05": 331.0176696777344,
  "summary_fg_p95": 538.3257446289062,
  "summary_fg_stdv": 66.23285675048828,
  "tsnr": 29.444748256355524
}