{
  "aor": 0.00036739057239057243,
  "aqi": 0.026718520033670035,
  "bids_meta": {
    "AccelFactPE": 2,
    "AcquisitionNumber": 1,
    "AcquisitionTime": "12:46:55.857500",
    "BandwidthPerPixelPhaseEncode": 26.35,
    "ConversionSoftware": "dcm2niix",
    "ConversionSoftwareVersion": "v1.0.20170624 (OpenJPEG build) MSC1900",
    "DeviceSerialNumber": "35071",
    "EchoTime": 0.03,
    "EffectiveEchoSpacing": 0.000345006,
    "FlipAngle": 60,
    "ImageType": [
      "ORIGINAL",
      "PRIMARY",
      "M",
      "MB",
      "ND",
      "NORM",
      "MOSAIC"
    ],
    "InstitutionAddress": "Gilbert_1_New_Haven-1763f8-_CT_US_06520",
    "InstitutionName": "Yale_University_School_of_Medicine",
    "MagneticFieldStrength": 3,
    "Manufacturer": "Siemens",
    "ManufacturersModelName": "TrioTim",
    "PhaseEncodingDirection": "j-",
    "PhaseEncodingLines": 110,
    "ProcedureStepDescription": "MRRC_Research_SiteProtocols",
    "ProtocolName": "mbep2d_bold_taste2(MB4iPAT2)",
    "RepetitionTime": 1,
    "ScanningSequence": "EP",
    "SequenceName": "epfid2d1_110",
    "SequenceVariant": "SK_SS",
    "SeriesDescription": "mbep2d_bold_taste2(MB4iPAT2)",
    "SliceTiming": [
      0,
      0.535,
      0.0675,
      0.6025,
      0.1325,
      0.67,
      0.2,
      0.735,
      0.2675,
      0.8025,
      0.335,
      0.87,
      0.4,
      0.9375,
      0.4675,
      0,
      0.535,
      0.0675,
      0.6025,
      0.1325,
      0.67,
      0.2,
      0.735,
      0.2675,
      0.8025,
      0.335,
      0.87,
      0.4,
      0.9375,
      0.4675,
      0,
      0.535,
      0.0675,
      0.6025,
      0.1325,
      0.67,
      0.2,
      0.735,
      0.2675,
      0.8025,
      0.335,
      0.87,
      0.4,
      0.9375,
      0.4675,
      0,
      0.535,
      0.0675,
      0.6025,
      0.1325,
      0.67,
      0.2,
      0.735,
      0.2675,
      0.8025,
      0.335,
      0.87,
      0.4,
      0.9375,
      0.4675
    ],
    "SoftwareVersions": "syngo_MR_B17",
    "TaskName": "taste",
    "TotalReadoutTime": 0.0372607,
    "TrueEchoSpacing": 0.000690012,
    "dataset": "ds003424",
    "modality": "bold",
    "run_id": 2,
    "subject_id": "02",
    "task_id": "taste"
  },
  "dummy_trs": 0,
  "dvars_nstd": 47.982695613355816,
  "dvars_std": 1.1332547984822936,
  "dvars_vstd": 1.004115527015177,
  "efc": 0.447485735690689,
  "fber": 4742.53271484375,
  "fd_mean": 0.10818038800646633,
  "fd_num": 60,
  "fd_perc": 10.1010101010101,
  "fwhm_avg": 1.8363923333333334,
  "fwhm_x": 1.84796,
  "fwhm_y": 1.991005,
  "fwhm_z": 1.670212,
  "gcor": 0.0157595,
  "gsr_x": -0.003050594823434949,
  "gsr_y": 0.0055919731967151165,
  "provenance": {
    "md5sum": "9da4db475fe8eeab5f9fe1fefe2c44fa",
    "settings": {
      "fd_thres": 0.2,
      "testing": false
    },
    "software": "mriqc",
    "version": "22.0.6",
    "webapi_port": null,
    "webapi_url": "https://mriqc.nimh.nih.gov/api/v1"
  },
  "size_t": 594,
  "size_x": 110,
  "size_y": 110,
  "size_z": 60,
  "snr": 6.427225968557881,
  "spacing_tr": 1.0,
  "spacing_x": 2.0,
  "spacing_y": 2.0,
  "spacing_z": 2.5,
  "summary_bg_k": 30.81303730462637,
  "summary_bg_mad": 4.402879358408141,
  "summary_bg_mean": 19.585025787353516,
  "summary_bg_median": 6.5,
  "summary_bg_n": 538327.0,
  "summary_bg_p05": 2.675084114074707,
  "summary_bg_p95": 84.62761001586883,
  "summary_bg_stdv": 40.508766174316406,
  "summary_fg_k": 1.9875386927911185,
  "summary_fg_mad": 64.0713733701326,
  "summary_fg_mean": 450.6910400390625,
  "summary_fg_median": 448.1464538574219,
  "summary_fg_n": 101867.0,
  "summary_fg_p05": 348.75217590332034,
  "summary_fg_p95": 566.1930908203125,
  "summary_fg_stdv": 69.72592163085938,
  "tsnr": 31.367007512191776
}