{
  "aor": 0.0002318686868686869,
  "aqi": 0.025870167845117847,
  "bids_meta": {
    "AccelFactPE": 2,
    "AcquisitionNumber": 1,
    "AcquisitionTime": "13:22:42.070000",
    "BandwidthPerPixelPhaseEncode": 26.35,
    "ConversionSoftware": "dcm2niix",
    "ConversionSoftwareVersion": "v1.0.20170624 (OpenJPEG build) MSC1900",
    "DeviceSerialNumber": "35071",
    "EchoTime": 0.03,
    "EffectiveEchoSpacing": 0.000345006,
    "FlipAngle": 60,
    "ImageType": [
      "ORIGINAL",
      "PRIMARY",
      "M",
      "MB",
      "ND",
      "NORM",
      "MOSAIC"
    ],
    "InstitutionAddress": "Gilbert_1_New_Haven-1763f8-_CT_US_06520",
    "InstitutionName": "Yale_University_School_of_Medicine",
    "MagneticFieldStrength": 3,
    "Manufacturer": "Siemens",
    "ManufacturersModelName": "TrioTim",
    "PhaseEncodingDirection": "j-",
    "PhaseEncodingLines": 110,
    "ProcedureStepDescription": "MRRC_Research_SiteProtocols",
    "ProtocolName": "mbep2d_bold_taste4(MB4iPAT2)",
    "RepetitionTime": 1,
    "ScanningSequence": "EP",
    "SequenceName": "epfid2d1_110",
    "SequenceVariant": "SK_SS",
    "SeriesDescription": "mbep2d_bold_taste4(MB4iPAT2)",
    "SliceTiming": [
      0,
      0.535,
      0.0675,
      0.6025,
      0.135,
      0.67,
      0.2025,
      0.7375,
      0.2675,
      0.8025,
      0.335,
      0.87,
      0.4025,
      0.9375,
      0.47,
      0,
      0.535,
      0.0675,
      0.6025,
      0.135,
      0.67,
      0.2025,
      0.7375,
      0.2675,
      0.8025,
      0.335,
      0.87,
      0.4025,
      0.9375,
      0.47,
      0,
      0.535,
      0.0675,
      0.6025,
      0.135,
      0.67,
      0.2025,
      0.7375,
      0.2675,
      0.8025,
      0.335,
      0.87,
      0.4025,
      0.9375,
      0.47,
      0,
      0.535,
      0.0675,
      0.6025,
      0.135,
      0.67,
      0.2025,
      0.7375,
      0.2675,
      0.8025,
      0.335,
      0.87,
      0.4025,
      0.9375,
      0.47
    ],
    "SoftwareVersions": "syngo_MR_B17",
    "TaskName": "taste",
    "TotalReadoutTime": 0.0372607,
    "TrueEchoSpacing": 0.000690012,
    "dataset": "ds003424",
    "modality": "bold",
    "run_id": 4,
    "subject_id": "02",
    "task_id": "taste"
  },
  "dummy_trs": 0,
  "dvars_nstd": 47.93007365278248,
  "dvars_std": 1.1311135492580096,
  "dvars_vstd": 1.001759917790894,
  "efc": 0.4498225195082479,
  "fber": 4188.96826171875,
  "fd_mean": 0.09039281321300757,
  "fd_num": 16,
  "fd_perc": 2.6936026936026938,
  "fwhm_avg": 1.835125,
  "fwhm_x": 1.848375,
  "fwhm_y": 1.97788,
  "fwhm_z": 1.67912,
  "gcor": 0.0239759,
  "gsr_x": -0.004133106674998999,
  "gsr_y": 0.00670844130218029,
  "provenance": {
    "md5sum": "52041d9983912e06da500cb764b1d877",
    "settings": {
      "fd_thres": 0.2,
      "testing": false
    },
    "software": "mriqc",
    "version": "22.0.6",
    "webapi_port": null,
    "webapi_url": "https://mriqc.nimh.nih.gov/api/v1"
  },
  "size_t": 594,
  "size_x": 110,
  "size_y": 110,
  "size_z": 60,
  "snr": 6.439343898244331,
  "spacing_tr": 1.0,
  "spacing_x": 2.0,
  "spacing_y": 2.0,
  "spacing_z": 2.5,
  "summary_bg_k": 30.873889829832763,
  "summary_bg_mad": 4.8471604861449205,
  "summary_bg_mean": 20.273727416992188,
  "summary_bg_median": 6.929292678833008,
  "summary_bg_n": 538788.0,
  "summary_bg_p05": 2.7727272510528564,
  "summary_bg_p95": 87.32988204956037,
  "summary_bg_stdv": 41.111724853515625,
  "summary_fg_k": 1.8268922653267623,
  "summary_fg_mad": 64.78272200536652,
  "summary_fg_mean": 451.3973693847656,
  "summary_fg_median": 448.9494934082031,
  "summary_fg_n": 101488.0,
  "summary_fg_p05": 349.54166412353516,
  "summary_fg_p95": 567.0757446289062,
  "summary_fg_stdv": 69.71941375732422,
  "tsnr": 31.614366617286578
}