{
  "aor": 0.0003356545961002785,
  "aqi": 0.024081111420612818,
  "bids_meta": {
    "AccelFactPE": 2,
    "AcquisitionNumber": 1,
    "AcquisitionTime": "12:58:11.757500",
    "BandwidthPerPixelPhaseEncode": 26.35,
    "ConversionSoftware": "dcm2niix",
    "ConversionSoftwareVersion": "v1.0.20170624 (OpenJPEG build) MSC1900",
    "DeviceSerialNumber": "35071",
    "EchoTime": 0.03,
    "EffectiveEchoSpacing": 0.000345006,
    "FlipAngle": 60,
    "ImageType": [
      "ORIGINAL",
      "PRIMARY",
      "M",
      "MB",
      "ND",
      "NORM",
      "MOSAIC"
    ],
    "InstitutionAddress": "Gilbert_1_New_Haven-1763f8-_CT_US_06520",
    "InstitutionName": "Yale_University_School_of_Medicine",
    "MagneticFieldStrength": 3,
    "Manufacturer": "Siemens",
    "ManufacturersModelName": "TrioTim",
    "PhaseEncodingDirection": "j-",
    "PhaseEncodingLines": 110,
    "ProcedureStepDescription": "MRRC_Research_SiteProtocols",
    "ProtocolName": "mbep2d_bold_resting(MB4iPAT2)",
    "RepetitionTime": 1,
    "ScanningSequence": "EP",
    "SequenceName": "epfid2d1_110",
    "SequenceVariant": "SK_SS",
    "SeriesDescription": "mbep2d_bold_resting(MB4iPAT2)",
    "SliceTiming": [
      0,
      0.535,
      0.0675,
      0.6025,
      0.135,
      0.67,
      0.2025,
      0.7375,
      0.2675,
      0.805,
      0.335,
      0.87,
      0.4025,
      0.9375,
      0.47,
      0,
      0.535,
      0.0675,
      0.6025,
      0.135,
      0.67,
      0.2025,
      0.7375,
      0.2675,
      0.805,
      0.335,
      0.87,
      0.4025,
      0.9375,
      0.47,
      0,
      0.535,
      0.0675,
      0.6025,
      0.135,
      0.67,
      0.2025,
      0.7375,
      0.2675,
      0.805,
      0.335,
      0.87,
      0.4025,
      0.9375,
      0.47,
      0,
      0.535,
      0.0675,
      0.6025,
      0.135,
      0.67,
      0.2025,
      0.7375,
      0.2675,
      0.805,
      0.335,
      0.87,
      0.4025,
      0.9375,
      0.47
    ],
    "SoftwareVersions": "syngo_MR_B17",
    "TaskName": "rest",
    "TotalReadoutTime": 0.0372607,
    "TrueEchoSpacing": 0.000690012,
    "dataset": "ds003424",
    "modality": "bold",
    "subject_id": "02",
    "task_id": "resting"
  },
  "dummy_trs": 1,
  "dvars_nstd": 47.04280043413409,
  "dvars_std": 1.1270704561173184,
  "dvars_vstd": 1.004082508435754,
  "efc": 0.4478489711763405,
  "fber": 4390.7333984375,
  "fd_mean": 0.07429304128539141,
  "fd_num": 2,
  "fd_perc": 0.5571030640668524,
  "fwhm_avg": 1.830624,
  "fwhm_x": 1.844875,
  "fwhm_y": 1.977005,
  "fwhm_z": 1.669992,
  "gcor": 0.0159474,
  "gsr_x": -0.0035500256344676018,
  "gsr_y": 0.0065368665382266045,
  "provenance": {
    "md5sum": "ec791baf939f7635fbb93225ac285527",
    "settings": {
      "fd_thres": 0.2,
      "testing": false
    },
    "software": "mriqc",
    "version": "22.0.6",
    "webapi_port": null,
    "webapi_url": "https://mriqc.nimh.nih.gov/api/v1"
  },
  "size_t": 359,
  "size_x": 110,
  "size_y": 110,
  "size_z": 60,
  "snr": 6.355120168663473,
  "spacing_tr": 1.0,
  "spacing_x": 2.0,
  "spacing_y": 2.0,
  "spacing_z": 2.5,
  "summary_bg_k": 30.33843619307578,
  "summary_bg_mad": 4.658426955497953,
  "summary_bg_mean": 19.622901916503906,
  "summary_bg_median": 6.738161563873291,
  "summary_bg_n": 538586.0,
  "summary_bg_p05": 2.7270195484161377,
  "summary_bg_p95": 84.53969383239746,
  "summary_bg_stdv": 39.76612091064453,
  "summary_fg_k": 2.0707808177682283,
  "summary_fg_mad": 64.26810049556175,
  "summary_fg_mean": 449.8132019042969,
  "summary_fg_median": 447.26739501953125,
  "summary_fg_n": 101624.0,
  "summary_fg_p05": 346.7004119873047,
  "summary_fg_p95": 566.4314666748044,
  "summary_fg_stdv": 70.37871551513672,
  "tsnr": 32.82527557737194
}