{
  "aor": 0.00020457912457912456,
  "aqi": 0.025842997979797982,
  "bids_meta": {
    "AccelFactPE": 2,
    "AcquisitionNumber": 1,
    "AcquisitionTime": "13:05:45.257500",
    "BandwidthPerPixelPhaseEncode": 26.35,
    "ConversionSoftware": "dcm2niix",
    "ConversionSoftwareVersion": "v1.0.20170624 (OpenJPEG build) MSC1900",
    "DeviceSerialNumber": "35071",
    "EchoTime": 0.03,
    "EffectiveEchoSpacing": 0.000345006,
    "FlipAngle": 60,
    "ImageType": [
      "ORIGINAL",
      "PRIMARY",
      "M",
      "MB",
      "ND",
      "NORM",
      "MOSAIC"
    ],
    "InstitutionAddress": "Gilbert_1_New_Haven-1763f8-_CT_US_06520",
    "InstitutionName": "Yale_University_School_of_Medicine",
    "MagneticFieldStrength": 3,
    "Manufacturer": "Siemens",
    "ManufacturersModelName": "TrioTim",
    "PhaseEncodingDirection": "j-",
    "PhaseEncodingLines": 110,
    "ProcedureStepDescription": "MRRC_Research_SiteProtocols",
    "ProtocolName": "mbep2d_bold_taste3(MB4iPAT2)",
    "RepetitionTime": 1,
    "ScanningSequence": "EP",
    "SequenceName": "epfid2d1_110",
    "SequenceVariant": "SK_SS",
    "SeriesDescription": "mbep2d_bold_taste3(MB4iPAT2)",
    "SliceTiming": [
      0,
      0.5375,
      0.0675,
      0.6025,
      0.135,
      0.67,
      0.2025,
      0.7375,
      0.2675,
      0.805,
      0.335,
      0.87,
      0.4025,
      0.9375,
      0.47,
      0,
      0.5375,
      0.0675,
      0.6025,
      0.135,
      0.67,
      0.2025,
      0.7375,
      0.2675,
      0.805,
      0.335,
      0.87,
      0.4025,
      0.9375,
      0.47,
      0,
      0.5375,
      0.0675,
      0.6025,
      0.135,
      0.67,
      0.2025,
      0.7375,
      0.2675,
      0.805,
      0.335,
      0.87,
      0.4025,
      0.9375,
      0.47,
      0,
      0.5375,
      0.0675,
      0.6025,
      0.135,
      0.67,
      0.2025,
      0.7375,
      0.2675,
      0.805,
      0.335,
      0.87,
      0.4025,
      0.9375,
      0.47
    ],
    "SoftwareVersions": "syngo_MR_B17",
    "TaskName": "taste",
    "TotalReadoutTime": 0.0372607,
    "TrueEchoSpacing": 0.000690012,
    "dataset": "ds003424",
    "modality": "bold",
    "run_id": 3,
    "subject_id": "02",
    "task_id": "taste"
  },
  "dummy_trs": 0,
  "dvars_nstd": 47.81937833657674,
  "dvars_std": 1.1333047447554796,
  "dvars_vstd": 1.0022540033052278,
  "efc": 0.44891120354407144,
  "fber": 4295.60693359375,
  "fd_mean": 0.09120848263911786,
  "fd_num": 20,
  "fd_perc": 3.367003367003367,
  "fwhm_avg": 1.8322899999999998,
  "fwhm_x": 1.848345,
  "fwhm_y": 1.975605,
  "fwhm_z": 1.67292,
  "gcor": 0.0185684,
  "gsr_x": -0.0038465221878141165,
  "gsr_y": 0.006658305414021015,
  "provenance": {
    "md5sum": "8706dfab177f5ced32ece1f7a7b0dca5",
    "settings": {
      "fd_thres": 0.2,
      "testing": false
    },
    "software": "mriqc",
    "version": "22.0.6",
    "webapi_port": null,
    "webapi_url": "https://mriqc.nimh.nih.gov/api/v1"
  },
  "size_t": 594,
  "size_x": 110,
  "size_y": 110,
  "size_z": 60,
  "snr": 6.417065762750104,
  "spacing_tr": 1.0,
  "spacing_x": 2.0,
  "spacing_y": 2.0,
  "spacing_z": 2.5,
  "summary_bg_k": 30.685916754829115,
  "summary_bg_mad": 4.712378594818925,
  "summary_bg_mean": 19.968271255493164,
  "summary_bg_median": 6.829966068267822,
  "summary_bg_n": 538642.0,
  "summary_bg_p05": 2.7592592239379883,
  "summary_bg_p95": 85.75740737915024,
  "summary_bg_stdv": 40.67290496826172,
  "summary_fg_k": 1.895527734096274,
  "summary_fg_mad": 64.49692925288879,
  "summary_fg_mean": 451.0313720703125,
  "summary_fg_median": 448.58331298828125,
  "summary_fg_n": 101656.0,
  "summary_fg_p05": 348.81397247314453,
  "summary_fg_p95": 566.6014251708984,
  "summary_fg_stdv": 69.9043960571289,
  "tsnr": 31.64485919458093
}