{
  "aor": 0.0008405050505050504,
  "aqi": 0.038472973569023565,
  "bids_meta": {
    "AccelFactPE": 2,
    "AcquisitionNumber": 1,
    "AcquisitionTime": "13:42:50.165000",
    "BandwidthPerPixelPhaseEncode": 26.35,
    "ConversionSoftware": "dcm2niix",
    "ConversionSoftwareVersion": "v1.0.20170624 (OpenJPEG build) MSC1900",
    "DeviceSerialNumber": "35071",
    "EchoTime": 0.03,
    "EffectiveEchoSpacing": 0.000345006,
    "FlipAngle": 60,
    "ImageType": [
      "ORIGINAL",
      "PRIMARY",
      "M",
      "MB",
      "ND",
      "NORM",
      "MOSAIC"
    ],
    "InstitutionAddress": "Gilbert_1_New_Haven-1763f8-_CT_US_06520",
    "InstitutionName": "Yale_University_School_of_Medicine",
    "MagneticFieldStrength": 3,
    "Manufacturer": "Siemens",
    "ManufacturersModelName": "TrioTim",
    "PhaseEncodingDirection": "j-",
    "PhaseEncodingLines": 110,
    "ProcedureStepDescription": "MRRC_Research_SiteProtocols",
    "ProtocolName": "mbep2d_bold_taste2(MB4iPAT2)",
    "RepetitionTime": 1,
    "ScanningSequence": "EP",
    "SequenceName": "epfid2d1_110",
    "SequenceVariant": "SK_SS",
    "SeriesDescription": "mbep2d_bold_taste2(MB4iPAT2)",
    "SliceTiming": [
      0,
      0.535,
      0.0675,
      0.6025,
      0.135,
      0.67,
      0.2,
      0.735,
      0.2675,
      0.8025,
      0.335,
      0.87,
      0.4025,
      0.9375,
      0.4675,
      0,
      0.535,
      0.0675,
      0.6025,
      0.135,
      0.67,
      0.2,
      0.735,
      0.2675,
      0.8025,
      0.335,
      0.87,
      0.4025,
      0.9375,
      0.4675,
      0,
      0.535,
      0.0675,
      0.6025,
      0.135,
      0.67,
      0.2,
      0.735,
      0.2675,
      0.8025,
      0.335,
      0.87,
      0.4025,
      0.9375,
      0.4675,
      0,
      0.535,
      0.0675,
      0.6025,
      0.135,
      0.67,
      0.2,
      0.735,
      0.2675,
      0.8025,
      0.335,
      0.87,
      0.4025,
      0.9375,
      0.4675
    ],
    "SoftwareVersions": "syngo_MR_B17",
    "TaskName": "taste",
    "TotalReadoutTime": 0.0372607,
    "TrueEchoSpacing": 0.000690012,
    "dataset": "ds003424",
    "modality": "bold",
    "run_id": 2,
    "subject_id": "19",
    "task_id": "taste"
  },
  "dummy_trs": 0,
  "dvars_nstd": 43.807465931247926,
  "dvars_std": 1.0969934952445197,
  "dvars_vstd": 1.0144489041989884,
  "efc": 0.44909044331317766,
  "fber": 4842.95751953125,
  "fd_mean": 0.19007429654456712,
  "fd_num": 230,
  "fd_perc": 38.72053872053872,
  "fwhm_avg": 1.897945055520381,
  "fwhm_x": 1.83811,
  "fwhm_y": 2.109205,
  "fwhm_z": 1.7465201665611425,
  "gcor": 0.00540166,
  "gsr_x": -0.011966521851718426,
  "gsr_y": 0.017512619495391846,
  "provenance": {
    "md5sum": "b8116c9c1b87f766644f1f8978a47930",
    "settings": {
      "fd_thres": 0.2,
      "testing": false
    },
    "software": "mriqc",
    "version": "22.0.6",
    "webapi_port": null,
    "webapi_url": "https://mriqc.nimh.nih.gov/api/v1"
  },
  "size_t": 594,
  "size_x": 110,
  "size_y": 110,
  "size_z": 60,
  "snr": 7.301602118748337,
  "spacing_tr": 1.0,
  "spacing_x": 2.0,
  "spacing_y": 2.0,
  "spacing_z": 2.499999761581421,
  "summary_bg_k": 40.45519698368024,
  "summary_bg_mad": 4.832184956095308,
  "summary_bg_mean": 19.796363830566406,
  "summary_bg_median": 7.240740776062012,
  "summary_bg_n": 533543.0,
  "summary_bg_p05": 3.0168349742889404,
  "summary_bg_p95": 80.91565628051752,
  "summary_bg_stdv": 38.740970611572266,
  "summary_fg_k": 4.4916759923022544,
  "summary_fg_mad": 57.930052928679665,
  "summary_fg_mean": 501.1725158691406,
  "summary_fg_median": 500.85943603515625,
  "summary_fg_n": 106424.0,
  "summary_fg_p05": 402.9531021118164,
  "summary_fg_p95": 605.198550415039,
  "summary_fg_stdv": 68.59550476074219,
  "tsnr": 30.67310433561215
}