{
  "aor": 0.00020643097643097645,
  "aqi": 0.021538786531986532,
  "bids_meta": {
    "AccelFactPE": 2,
    "AcquisitionNumber": 1,
    "AcquisitionTime": "16:58:8.090000",
    "BandwidthPerPixelPhaseEncode": 26.35,
    "ConversionSoftware": "dcm2niix",
    "ConversionSoftwareVersion": "v1.0.20170624 (OpenJPEG build) MSC1900",
    "DeviceSerialNumber": "35071",
    "EchoTime": 0.03,
    "EffectiveEchoSpacing": 0.000345006,
    "FlipAngle": 60,
    "ImageType": [
      "ORIGINAL",
      "PRIMARY",
      "M",
      "MB",
      "ND",
      "NORM",
      "MOSAIC"
    ],
    "InstitutionAddress": "Gilbert_1_New_Haven-1763f8-_CT_US_06520",
    "InstitutionName": "Yale_University_School_of_Medicine",
    "MagneticFieldStrength": 3,
    "Manufacturer": "Siemens",
    "ManufacturersModelName": "TrioTim",
    "PhaseEncodingDirection": "j-",
    "PhaseEncodingLines": 110,
    "ProcedureStepDescription": "MRRC_Research_SiteProtocols",
    "ProtocolName": "mbep2d_bold_taste3(MB4iPAT2)",
    "RepetitionTime": 1,
    "ScanningSequence": "EP",
    "SequenceName": "epfid2d1_110",
    "SequenceVariant": "SK_SS",
    "SeriesDescription": "mbep2d_bold_taste3(MB4iPAT2)",
    "SliceTiming": [
      0,
      0.535,
      0.065,
      0.6025,
      0.1325,
      0.6675,
      0.2,
      0.735,
      0.2675,
      0.8025,
      0.3325,
      0.87,
      0.4,
      0.935,
      0.4675,
      0,
      0.535,
      0.065,
      0.6025,
      0.1325,
      0.6675,
      0.2,
      0.735,
      0.2675,
      0.8025,
      0.3325,
      0.87,
      0.4,
      0.935,
      0.4675,
      0,
      0.535,
      0.065,
      0.6025,
      0.1325,
      0.6675,
      0.2,
      0.735,
      0.2675,
      0.8025,
      0.3325,
      0.87,
      0.4,
      0.935,
      0.4675,
      0,
      0.535,
      0.065,
      0.6025,
      0.1325,
      0.6675,
      0.2,
      0.735,
      0.2675,
      0.8025,
      0.3325,
      0.87,
      0.4,
      0.935,
      0.4675
    ],
    "SoftwareVersions": "syngo_MR_B17",
    "TaskName": "taste",
    "TotalReadoutTime": 0.0372607,
    "TrueEchoSpacing": 0.000690012,
    "dataset": "ds003424",
    "modality": "bold",
    "run_id": 3,
    "subject_id": "09",
    "task_id": "taste"
  },
  "dummy_trs": 0,
  "dvars_nstd": 44.993113043406446,
  "dvars_std": 1.122180483507588,
  "dvars_vstd": 1.0017616676559857,
  "efc": 0.4707724255131003,
  "fber": 4625.77880859375,
  "fd_mean": 0.0811945838974061,
  "fd_num": 3,
  "fd_perc": 0.5050505050505051,
  "fwhm_avg": 1.8893103333333332,
  "fwhm_x": 1.85397,
  "fwhm_y": 2.098005,
  "fwhm_z": 1.7159559999999998,
  "gcor": 0.00889677,
  "gsr_x": -0.013774876482784748,
  "gsr_y": 0.031283579766750336,
  "provenance": {
    "md5sum": "1a05a6aece1996bea840d03be22f6239",
    "settings": {
      "fd_thres": 0.2,
      "testing": false
    },
    "software": "mriqc",
    "version": "22.0.6",
    "webapi_port": null,
    "webapi_url": "https://mriqc.nimh.nih.gov/api/v1"
  },
  "size_t": 594,
  "size_x": 110,
  "size_y": 110,
  "size_z": 60,
  "snr": 6.357481739937232,
  "spacing_tr": 1.0,
  "spacing_x": 2.0,
  "spacing_y": 2.0,
  "spacing_z": 2.5,
  "summary_bg_k": 32.25441276045883,
  "summary_bg_mad": 4.779769540481922,
  "summary_bg_mean": 23.16809844970703,
  "summary_bg_median": 7.648148059844971,
  "summary_bg_n": 518027.0,
  "summary_bg_p05": 3.525252342224121,
  "summary_bg_p95": 103.6713798522946,
  "summary_bg_stdv": 48.0841178894043,
  "summary_fg_k": 2.899578590075424,
  "summary_fg_mad": 71.00892287168264,
  "summary_fg_mean": 522.66455078125,
  "summary_fg_median": 520.66162109375,
  "summary_fg_n": 118802.0,
  "summary_fg_p05": 403.57843322753905,
  "summary_fg_p95": 655.023306274414,
  "summary_fg_stdv": 81.8971176147461,
  "tsnr": 35.09043648885563
}