{
  "aor": 0.00034754208754208757,
  "aqi": 0.019319002525252524,
  "bids_meta": {
    "AccelFactPE": 2,
    "AcquisitionNumber": 1,
    "AcquisitionTime": "08:42:58.350000",
    "BandwidthPerPixelPhaseEncode": 26.35,
    "ConversionSoftware": "dcm2niix",
    "ConversionSoftwareVersion": "v1.0.20170624 (OpenJPEG build) MSC1900",
    "DeviceSerialNumber": "35071",
    "EchoTime": 0.03,
    "EffectiveEchoSpacing": 0.000345006,
    "FlipAngle": 60,
    "ImageType": [
      "ORIGINAL",
      "PRIMARY",
      "M",
      "MB",
      "ND",
      "NORM",
      "MOSAIC"
    ],
    "InstitutionAddress": "Gilbert_1_New_Haven-1763f8-_CT_US_06520",
    "InstitutionName": "Yale_University_School_of_Medicine",
    "MagneticFieldStrength": 3,
    "Manufacturer": "Siemens",
    "ManufacturersModelName": "TrioTim",
    "PhaseEncodingDirection": "j-",
    "PhaseEncodingLines": 110,
    "ProcedureStepDescription": "MRRC_Research_SiteProtocols",
    "ProtocolName": "mbep2d_bold_taste2(MB4iPAT2)",
    "RepetitionTime": 1,
    "ScanningSequence": "EP",
    "SequenceName": "epfid2d1_110",
    "SequenceVariant": "SK_SS",
    "SeriesDescription": "mbep2d_bold_taste2(MB4iPAT2)",
    "SliceTiming": [
      0,
      0.535,
      0.0675,
      0.6025,
      0.135,
      0.67,
      0.2025,
      0.7375,
      0.2675,
      0.8025,
      0.335,
      0.87,
      0.4025,
      0.9375,
      0.47,
      0,
      0.535,
      0.0675,
      0.6025,
      0.135,
      0.67,
      0.2025,
      0.7375,
      0.2675,
      0.8025,
      0.335,
      0.87,
      0.4025,
      0.9375,
      0.47,
      0,
      0.535,
      0.0675,
      0.6025,
      0.135,
      0.67,
      0.2025,
      0.7375,
      0.2675,
      0.8025,
      0.335,
      0.87,
      0.4025,
      0.9375,
      0.47,
      0,
      0.535,
      0.0675,
      0.6025,
      0.135,
      0.67,
      0.2025,
      0.7375,
      0.2675,
      0.8025,
      0.335,
      0.87,
      0.4025,
      0.9375,
      0.47
    ],
    "SoftwareVersions": "syngo_MR_B17",
    "TaskName": "taste",
    "TotalReadoutTime": 0.0372607,
    "TrueEchoSpacing": 0.000690012,
    "dataset": "ds003424",
    "modality": "bold",
    "run_id": 2,
    "subject_id": "20",
    "task_id": "taste"
  },
  "dummy_trs": 0,
  "dvars_nstd": 46.853349431534575,
  "dvars_std": 1.118600020758854,
  "dvars_vstd": 1.0019301305733561,
  "efc": 0.5024086057027899,
  "fber": 3182.783203125,
  "fd_mean": 0.10634079485771106,
  "fd_num": 72,
  "fd_perc": 12.121212121212121,
  "fwhm_avg": 2.0246530000000003,
  "fwhm_x": 1.90939,
  "fwhm_y": 2.299545,
  "fwhm_z": 1.865024,
  "gcor": 0.00899802,
  "gsr_x": -0.023327218368649483,
  "gsr_y": 0.041326820850372314,
  "provenance": {
    "md5sum": "d21b642b71de8a1d42c925916eb719c5",
    "settings": {
      "fd_thres": 0.2,
      "testing": false
    },
    "software": "mriqc",
    "version": "22.0.6",
    "webapi_port": null,
    "webapi_url": "https://mriqc.nimh.nih.gov/api/v1"
  },
  "size_t": 594,
  "size_x": 110,
  "size_y": 110,
  "size_z": 60,
  "snr": 6.071498588006736,
  "spacing_tr": 1.0,
  "spacing_x": 2.0,
  "spacing_y": 2.0,
  "spacing_z": 2.5,
  "summary_bg_k": 13.186096819605332,
  "summary_bg_mad": 7.959626069376881,
  "summary_bg_mean": 35.816707611083984,
  "summary_bg_median": 9.498315811157227,
  "summary_bg_n": 516167.0,
  "summary_bg_p05": 2.4831650257110596,
  "summary_bg_p95": 191.99578399658165,
  "summary_bg_stdv": 66.31085205078125,
  "summary_fg_k": 2.5183512467943023,
  "summary_fg_mad": 78.4818162895339,
  "summary_fg_mean": 539.3680419921875,
  "summary_fg_median": 542.821533203125,
  "summary_fg_n": 119744.0,
  "summary_fg_p05": 397.01176757812505,
  "summary_fg_p95": 674.1191925048827,
  "summary_fg_stdv": 89.40449523925781,
  "tsnr": 32.44889493926894
}