{
  "aor": 0.00035498316498316495,
  "aqi": 0.019358553703703704,
  "bids_meta": {
    "AccelFactPE": 2,
    "AcquisitionNumber": 1,
    "AcquisitionTime": "09:18:15.435000",
    "BandwidthPerPixelPhaseEncode": 26.35,
    "ConversionSoftware": "dcm2niix",
    "ConversionSoftwareVersion": "v1.0.20170624 (OpenJPEG build) MSC1900",
    "DeviceSerialNumber": "35071",
    "EchoTime": 0.03,
    "EffectiveEchoSpacing": 0.000345006,
    "FlipAngle": 60,
    "ImageType": [
      "ORIGINAL",
      "PRIMARY",
      "M",
      "MB",
      "ND",
      "NORM",
      "MOSAIC"
    ],
    "InstitutionAddress": "Gilbert_1_New_Haven-1763f8-_CT_US_06520",
    "InstitutionName": "Yale_University_School_of_Medicine",
    "MagneticFieldStrength": 3,
    "Manufacturer": "Siemens",
    "ManufacturersModelName": "TrioTim",
    "PhaseEncodingDirection": "j-",
    "PhaseEncodingLines": 110,
    "ProcedureStepDescription": "MRRC_Research_SiteProtocols",
    "ProtocolName": "mbep2d_bold_taste4(MB4iPAT2)",
    "RepetitionTime": 1,
    "ScanningSequence": "EP",
    "SequenceName": "epfid2d1_110",
    "SequenceVariant": "SK_SS",
    "SeriesDescription": "mbep2d_bold_taste4(MB4iPAT2)",
    "SliceTiming": [
      0,
      0.535,
      0.0675,
      0.6025,
      0.135,
      0.67,
      0.2025,
      0.7375,
      0.2675,
      0.8025,
      0.335,
      0.87,
      0.4025,
      0.9375,
      0.47,
      0,
      0.535,
      0.0675,
      0.6025,
      0.135,
      0.67,
      0.2025,
      0.7375,
      0.2675,
      0.8025,
      0.335,
      0.87,
      0.4025,
      0.9375,
      0.47,
      0,
      0.535,
      0.0675,
      0.6025,
      0.135,
      0.67,
      0.2025,
      0.7375,
      0.2675,
      0.8025,
      0.335,
      0.87,
      0.4025,
      0.9375,
      0.47,
      0,
      0.535,
      0.0675,
      0.6025,
      0.135,
      0.67,
      0.2025,
      0.7375,
      0.2675,
      0.8025,
      0.335,
      0.87,
      0.4025,
      0.9375,
      0.47
    ],
    "SoftwareVersions": "syngo_MR_B17",
    "TaskName": "taste",
    "TotalReadoutTime": 0.0372607,
    "TrueEchoSpacing": 0.000690012,
    "dataset": "ds003424",
    "modality": "bold",
    "run_id": 4,
    "subject_id": "20",
    "task_id": "taste"
  },
  "dummy_trs": 0,
  "dvars_nstd": 47.549803696829706,
  "dvars_std": 1.1192887824957845,
  "dvars_vstd": 1.0061802780101181,
  "efc": 0.505897560251256,
  "fber": 2886.65966796875,
  "fd_mean": 0.10530949275999638,
  "fd_num": 74,
  "fd_perc": 12.457912457912458,
  "fwhm_avg": 2.0170973333333335,
  "fwhm_x": 1.9111,
  "fwhm_y": 2.29552,
  "fwhm_z": 1.8446719999999999,
  "gcor": 0.0165655,
  "gsr_x": -0.023256398737430573,
  "gsr_y": 0.042624302208423615,
  "provenance": {
    "md5sum": "0e9577dbf27f03dd89918b2d3b04b5f7",
    "settings": {
      "fd_thres": 0.2,
      "testing": false
    },
    "software": "mriqc",
    "version": "22.0.6",
    "webapi_port": null,
    "webapi_url": "https://mriqc.nimh.nih.gov/api/v1"
  },
  "size_t": 594,
  "size_x": 110,
  "size_y": 110,
  "size_z": 60,
  "snr": 6.022121530189927,
  "spacing_tr": 1.0,
  "spacing_x": 2.0,
  "spacing_y": 2.0,
  "spacing_z": 2.5,
  "summary_bg_k": 12.708706935643526,
  "summary_bg_mad": 8.199238084969819,
  "summary_bg_mean": 36.938472747802734,
  "summary_bg_median": 9.90235710144043,
  "summary_bg_n": 515754.0,
  "summary_bg_p05": 2.6919190883636475,
  "summary_bg_p95": 198.1004997253417,
  "summary_bg_stdv": 68.00550842285156,
  "summary_fg_k": 2.4310437846184305,
  "summary_fg_mad": 78.70021597546916,
  "summary_fg_mean": 535.5858764648438,
  "summary_fg_median": 538.5723876953125,
  "summary_fg_n": 119709.0,
  "summary_fg_p05": 392.9181640625,
  "summary_fg_p95": 671.5945800781249,
  "summary_fg_stdv": 89.43196105957031,
  "tsnr": 31.490107043646276
}