{
  "aor": 0.00028824512534818936,
  "aqi": 0.03097297799442897,
  "bids_meta": {
    "AccelFactPE": 2,
    "AcquisitionNumber": 1,
    "AcquisitionTime": "14:30:18.507500",
    "BandwidthPerPixelPhaseEncode": 26.35,
    "ConversionSoftware": "dcm2niix",
    "ConversionSoftwareVersion": "v1.0.20170624 (OpenJPEG build) MSC1900",
    "DeviceSerialNumber": "35071",
    "EchoTime": 0.03,
    "EffectiveEchoSpacing": 0.000345006,
    "FlipAngle": 60,
    "ImageType": [
      "ORIGINAL",
      "PRIMARY",
      "M",
      "MB",
      "ND",
      "NORM",
      "MOSAIC"
    ],
    "InstitutionAddress": "Gilbert_1_New_Haven-1763f8-_CT_US_06520",
    "InstitutionName": "Yale_University_School_of_Medicine",
    "MagneticFieldStrength": 3,
    "Manufacturer": "Siemens",
    "ManufacturersModelName": "TrioTim",
    "PhaseEncodingDirection": "j-",
    "PhaseEncodingLines": 110,
    "ProcedureStepDescription": "MRRC_Research_SiteProtocols",
    "ProtocolName": "mbep2d_bold_resting(MB4iPAT2)",
    "RepetitionTime": 1,
    "ScanningSequence": "EP",
    "SequenceName": "epfid2d1_110",
    "SequenceVariant": "SK_SS",
    "SeriesDescription": "mbep2d_bold_resting(MB4iPAT2)",
    "SliceTiming": [
      0,
      0.535,
      0.065,
      0.6,
      0.1325,
      0.6675,
      0.2,
      0.735,
      0.2675,
      0.8025,
      0.3325,
      0.8675,
      0.4,
      0.935,
      0.4675,
      0,
      0.535,
      0.065,
      0.6,
      0.1325,
      0.6675,
      0.2,
      0.735,
      0.2675,
      0.8025,
      0.3325,
      0.8675,
      0.4,
      0.935,
      0.4675,
      0,
      0.535,
      0.065,
      0.6,
      0.1325,
      0.6675,
      0.2,
      0.735,
      0.2675,
      0.8025,
      0.3325,
      0.8675,
      0.4,
      0.935,
      0.4675,
      0,
      0.535,
      0.065,
      0.6,
      0.1325,
      0.6675,
      0.2,
      0.735,
      0.2675,
      0.8025,
      0.3325,
      0.8675,
      0.4,
      0.935,
      0.4675
    ],
    "SoftwareVersions": "syngo_MR_B17",
    "TaskName": "rest",
    "TotalReadoutTime": 0.0372607,
    "TrueEchoSpacing": 0.000690012,
    "dataset": "ds003424",
    "modality": "bold",
    "subject_id": "17",
    "task_id": "resting"
  },
  "dummy_trs": 1,
  "dvars_nstd": 44.575562343966475,
  "dvars_std": 1.1027141777094962,
  "dvars_vstd": 0.9990752988547469,
  "efc": 0.4876244033782161,
  "fber": 3551.93505859375,
  "fd_mean": 0.06375760945079872,
  "fd_num": 2,
  "fd_perc": 0.5571030640668524,
  "fwhm_avg": 1.9021803333333331,
  "fwhm_x": 1.831735,
  "fwhm_y": 2.13717,
  "fwhm_z": 1.7376359999999997,
  "gcor": 0.0148884,
  "gsr_x": -0.01051340065896511,
  "gsr_y": 0.028279095888137817,
  "provenance": {
    "md5sum": "6843cb361a649d6c970523e3667f4a4c",
    "settings": {
      "fd_thres": 0.2,
      "testing": false
    },
    "software": "mriqc",
    "version": "22.0.6",
    "webapi_port": null,
    "webapi_url": "https://mriqc.nimh.nih.gov/api/v1"
  },
  "size_t": 359,
  "size_x": 110,
  "size_y": 110,
  "size_z": 60,
  "snr": 6.835865470928037,
  "spacing_tr": 1.0,
  "spacing_x": 2.0,
  "spacing_y": 2.0,
  "spacing_z": 2.5,
  "summary_bg_k": 32.066139778124516,
  "summary_bg_mad": 5.975836698689734,
  "summary_bg_mean": 25.228857040405273,
  "summary_bg_median": 8.275765419006348,
  "summary_bg_n": 513089.0,
  "summary_bg_p05": 3.3788299560546875,
  "summary_bg_p95": 110.31475830078125,
  "summary_bg_stdv": 50.43526840209961,
  "summary_fg_k": 3.95242122680735,
  "summary_fg_mad": 60.82180141165816,
  "summary_fg_mean": 498.0383605957031,
  "summary_fg_median": 497.1796569824219,
  "summary_fg_n": 122622.0,
  "summary_fg_p05": 395.0827301025391,
  "summary_fg_p95": 612.439288330078,
  "summary_fg_stdv": 72.73075103759766,
  "tsnr": 33.314500715001486
}