{
  "aor": 0.0002726262626262626,
  "aqi": 0.04001427491582491,
  "bids_meta": {
    "AccelFactPE": 2,
    "AcquisitionNumber": 1,
    "AcquisitionTime": "14:04:16.677500",
    "BandwidthPerPixelPhaseEncode": 26.35,
    "ConversionSoftware": "dcm2niix",
    "ConversionSoftwareVersion": "v1.0.20170624 (OpenJPEG build) MSC1900",
    "DeviceSerialNumber": "35071",
    "EchoTime": 0.03,
    "EffectiveEchoSpacing": 0.000345006,
    "FlipAngle": 60,
    "ImageType": [
      "ORIGINAL",
      "PRIMARY",
      "M",
      "MB",
      "ND",
      "NORM",
      "MOSAIC"
    ],
    "InstitutionAddress": "Gilbert_1_New_Haven-1763f8-_CT_US_06520",
    "InstitutionName": "Yale_University_School_of_Medicine",
    "MagneticFieldStrength": 3,
    "Manufacturer": "Siemens",
    "ManufacturersModelName": "TrioTim",
    "PhaseEncodingDirection": "j-",
    "PhaseEncodingLines": 110,
    "ProcedureStepDescription": "MRRC_Research_SiteProtocols",
    "ProtocolName": "mbep2d_bold_taste1(MB4iPAT2)",
    "RepetitionTime": 1,
    "ScanningSequence": "EP",
    "SequenceName": "epfid2d1_110",
    "SequenceVariant": "SK_SS",
    "SeriesDescription": "mbep2d_bold_taste1(MB4iPAT2)",
    "SliceTiming": [
      0,
      0.5375,
      0.0675,
      0.6025,
      0.135,
      0.67,
      0.2025,
      0.7375,
      0.27,
      0.805,
      0.335,
      0.87,
      0.4025,
      0.9375,
      0.47,
      0,
      0.5375,
      0.0675,
      0.6025,
      0.135,
      0.67,
      0.2025,
      0.7375,
      0.27,
      0.805,
      0.335,
      0.87,
      0.4025,
      0.9375,
      0.47,
      0,
      0.5375,
      0.0675,
      0.6025,
      0.135,
      0.67,
      0.2025,
      0.7375,
      0.27,
      0.805,
      0.335,
      0.87,
      0.4025,
      0.9375,
      0.47,
      0,
      0.5375,
      0.0675,
      0.6025,
      0.135,
      0.67,
      0.2025,
      0.7375,
      0.27,
      0.805,
      0.335,
      0.87,
      0.4025,
      0.9375,
      0.47
    ],
    "SoftwareVersions": "syngo_MR_B17",
    "TaskName": "taste",
    "TotalReadoutTime": 0.0372607,
    "TrueEchoSpacing": 0.000690012,
    "dataset": "ds003424",
    "modality": "bold",
    "run_id": 1,
    "subject_id": "17",
    "task_id": "taste"
  },
  "dummy_trs": 0,
  "dvars_nstd": 44.779175962411486,
  "dvars_std": 1.082512993372681,
  "dvars_vstd": 0.9782310398482295,
  "efc": 0.4850859588964816,
  "fber": 3941.603515625,
  "fd_mean": 0.08262558473486857,
  "fd_num": 10,
  "fd_perc": 1.6835016835016836,
  "fwhm_avg": 1.9384380000000003,
  "fwhm_x": 1.857875,
  "fwhm_y": 2.183635,
  "fwhm_z": 1.7738040000000002,
  "gcor": 0.00646657,
  "gsr_x": -0.009818444959819317,
  "gsr_y": 0.028072720393538475,
  "provenance": {
    "md5sum": "59e5618c48e8f221a2083d0dd11b2791",
    "settings": {
      "fd_thres": 0.2,
      "testing": false
    },
    "software": "mriqc",
    "version": "22.0.6",
    "webapi_port": null,
    "webapi_url": "https://mriqc.nimh.nih.gov/api/v1"
  },
  "size_t": 594,
  "size_x": 110,
  "size_y": 110,
  "size_z": 60,
  "snr": 6.904902223634839,
  "spacing_tr": 1.0,
  "spacing_x": 2.0,
  "spacing_y": 2.0,
  "spacing_z": 2.5,
  "summary_bg_k": 36.3375164149292,
  "summary_bg_mad": 5.643373286165956,
  "summary_bg_mean": 24.42798614501953,
  "summary_bg_median": 7.880471229553223,
  "summary_bg_n": 512534.0,
  "summary_bg_p05": 3.2289562225341797,
  "summary_bg_p95": 105.95908622741692,
  "summary_bg_stdv": 50.28927993774414,
  "summary_fg_k": 3.835111529077267,
  "summary_fg_mad": 60.2275931921869,
  "summary_fg_mean": 498.6851501464844,
  "summary_fg_median": 497.80047607421875,
  "summary_fg_n": 122902.0,
  "summary_fg_p05": 396.76277313232424,
  "summary_fg_p95": 612.7404693603515,
  "summary_fg_stdv": 72.0934829711914,
  "tsnr": 29.601287122117355
}