{
  "aor": 0.0002616111111111111,
  "aqi": 0.0311832525,
  "bids_meta": {
    "AccelFactPE": 2,
    "AcquisitionNumber": 1,
    "AcquisitionTime": "11:46:4.162500",
    "BandwidthPerPixelPhaseEncode": 26.35,
    "ConversionSoftware": "dcm2niix",
    "ConversionSoftwareVersion": "v1.0.20170624 (OpenJPEG build) MSC1900",
    "DeviceSerialNumber": "35071",
    "EchoTime": 0.03,
    "EffectiveEchoSpacing": 0.000345006,
    "FlipAngle": 60,
    "ImageType": [
      "ORIGINAL",
      "PRIMARY",
      "M",
      "MB",
      "ND",
      "NORM",
      "MOSAIC"
    ],
    "InstitutionAddress": "Gilbert_1_New_Haven-1763f8-_CT_US_06520",
    "InstitutionName": "Yale_University_School_of_Medicine",
    "MagneticFieldStrength": 3,
    "Manufacturer": "Siemens",
    "ManufacturersModelName": "TrioTim",
    "PhaseEncodingDirection": "j-",
    "PhaseEncodingLines": 110,
    "ProcedureStepDescription": "MRRC_Research_SiteProtocols",
    "ProtocolName": "mbep2d_bold_resting(MB4iPAT2)",
    "RepetitionTime": 1,
    "ScanningSequence": "EP",
    "SequenceName": "epfid2d1_110",
    "SequenceVariant": "SK_SS",
    "SeriesDescription": "mbep2d_bold_resting(MB4iPAT2)",
    "SliceTiming": [
      0,
      0.535,
      0.0675,
      0.6025,
      0.135,
      0.67,
      0.2,
      0.735,
      0.2675,
      0.8025,
      0.335,
      0.87,
      0.4025,
      0.9375,
      0.4675,
      0,
      0.535,
      0.0675,
      0.6025,
      0.135,
      0.67,
      0.2,
      0.735,
      0.2675,
      0.8025,
      0.335,
      0.87,
      0.4025,
      0.9375,
      0.4675,
      0,
      0.535,
      0.0675,
      0.6025,
      0.135,
      0.67,
      0.2,
      0.735,
      0.2675,
      0.8025,
      0.335,
      0.87,
      0.4025,
      0.9375,
      0.4675,
      0,
      0.535,
      0.0675,
      0.6025,
      0.135,
      0.67,
      0.2,
      0.735,
      0.2675,
      0.8025,
      0.335,
      0.87,
      0.4025,
      0.9375,
      0.4675
    ],
    "SoftwareVersions": "syngo_MR_B17",
    "TaskName": "rest",
    "TotalReadoutTime": 0.0372607,
    "TrueEchoSpacing": 0.000690012,
    "dataset": "ds003424",
    "modality": "bold",
    "subject_id": "26",
    "task_id": "resting"
  },
  "dummy_trs": 0,
  "dvars_nstd": 45.78428438448468,
  "dvars_std": 1.0743605037047352,
  "dvars_vstd": 0.9946511383286909,
  "efc": 0.469407723381014,
  "fber": 4101.60205078125,
  "fd_mean": 0.06435403467874332,
  "fd_num": 6,
  "fd_perc": 1.6666666666666667,
  "fwhm_avg": 1.8218313333333331,
  "fwhm_x": 1.80254,
  "fwhm_y": 1.97931,
  "fwhm_z": 1.683644,
  "gcor": 0.00394191,
  "gsr_x": -0.005153380334377289,
  "gsr_y": 0.01758600026369095,
  "provenance": {
    "md5sum": "88cbff9a3930a7d4ae9aa5c852f30ad7",
    "settings": {
      "fd_thres": 0.2,
      "testing": false
    },
    "software": "mriqc",
    "version": "22.0.6",
    "webapi_port": null,
    "webapi_url": "https://mriqc.nimh.nih.gov/api/v1"
  },
  "size_t": 360,
  "size_x": 110,
  "size_y": 110,
  "size_z": 60,
  "snr": 7.137396543456937,
  "spacing_tr": 1.0,
  "spacing_x": 2.0,
  "spacing_y": 2.0,
  "spacing_z": 2.5,
  "summary_bg_k": 27.147056911258183,
  "summary_bg_mad": 4.814338815661593,
  "summary_bg_mean": 19.548391342163086,
  "summary_bg_median": 7.0527777671813965,
  "summary_bg_n": 520672.0,
  "summary_bg_p05": 3.0805556774139404,
  "summary_bg_p95": 79.67902984619127,
  "summary_bg_stdv": 38.67877960205078,
  "summary_fg_k": 3.307415599611743,
  "summary_fg_mad": 55.350497906018816,
  "summary_fg_mean": 455.22979736328125,
  "summary_fg_median": 455.0027770996094,
  "summary_fg_n": 117101.0,
  "summary_fg_p05": 359.93890380859375,
  "summary_fg_p95": 555.5472412109375,
  "summary_fg_stdv": 63.74885177612305,
  "tsnr": 32.35227679088712
}