{
  "bids_meta": {
    "AccelFactPE": 2,
    "AcquisitionNumber": 1,
    "AcquisitionTime": "13:37:35.472500",
    "ConversionSoftware": "dcm2niix",
    "ConversionSoftwareVersion": "v1.0.20170624 (OpenJPEG build) MSC1900",
    "DeviceSerialNumber": "35071",
    "EchoTime": 0.00252,
    "FlipAngle": 9,
    "ImageType": [
      "ORIGINAL",
      "PRIMARY",
      "M",
      "ND",
      "NORM"
    ],
    "InstitutionAddress": "Gilbert_1_New_Haven-1763f8-_CT_US_06520",
    "InstitutionName": "Yale_University_School_of_Medicine",
    "InversionTime": 0.9,
    "MagneticFieldStrength": 3,
    "Manufacturer": "Siemens",
    "ManufacturersModelName": "TrioTim",
    "PhaseEncodingDirection": "i-",
    "PhaseEncodingLines": 246,
    "ProcedureStepDescription": "MRRC_Research_SiteProtocols",
    "ProtocolName": "t1_Sag_3D_MPRAGE",
    "RepetitionTime": 1.9,
    "ScanningSequence": "GR_IR",
    "SequenceName": "_tfl3d1_ns",
    "SequenceVariant": "SP_MP_OSP",
    "SeriesDescription": "t1_Sag_3D_MPRAGE",
    "SoftwareVersions": "syngo_MR_B17",
    "dataset": "ds003424",
    "modality": "T1w",
    "subject_id": "19"
  },
  "cjv": 0.3629977558385189,
  "cnr": 3.737958233683642,
  "efc": 0.5044763021257479,
  "fber": -1.0,
  "fwhm_avg": 4.196653946666667,
  "fwhm_x": 4.12311,
  "fwhm_y": 4.192808960000001,
  "fwhm_z": 4.27404288,
  "icvs_csf": 0.1906247436028296,
  "icvs_gm": 0.4470531880312662,
  "icvs_wm": 0.3623220683659042,
  "inu_med": 0.37561604380607605,
  "inu_range": 0.1161801666021347,
  "provenance": {
    "md5sum": "043b39b6c21c045d37f19bfde281bfec",
    "settings": {
      "testing": false
    },
    "software": "mriqc",
    "version": "22.0.6",
    "warnings": {
      "large_rot_frame": true,
      "small_air_mask": false
    },
    "webapi_port": null,
    "webapi_url": "https://mriqc.nimh.nih.gov/api/v1"
  },
  "qi_1": 0.0,
  "qi_2": 0.016790859293052345,
  "rpve_csf": 27.218701164221216,
  "rpve_gm": 12.616375429648519,
  "rpve_wm": 17.58602086964534,
  "size_x": 176,
  "size_y": 256,
  "size_z": 256,
  "snr_csf": 2.2467641455015865,
  "snr_gm": 15.596841932758279,
  "snr_total": 15.134238164669748,
  "snr_wm": 27.559108415749378,
  "snrd_csf": 50.45793598198961,
  "snrd_gm": 129.1492738440663,
  "snrd_total": 115.74657427270695,
  "snrd_wm": 167.63251299206496,
  "spacing_x": 1.0,
  "spacing_y": 0.9765625,
  "spacing_z": 0.9765625,
  "summary_bg_k": 13.230464261320162,
  "summary_bg_mad": 0.0,
  "summary_bg_mean": 1.992434197584362,
  "summary_bg_median": 0.0,
  "summary_bg_n": 3244587.0,
  "summary_bg_p05": 0.0,
  "summary_bg_p95": 10.388686630874872,
  "summary_bg_stdv": 3.9083244867595504,
  "summary_csf_k": 6.683283616316739,
  "summary_csf_mad": 100.64195855839249,
  "summary_csf_mean": 308.299293170916,
  "summary_csf_median": 301.01515768282115,
  "summary_csf_n": 31966.0,
  "summary_csf_p05": 81.65784196835011,
  "summary_csf_p95": 538.1872934373096,
  "summary_csf_stdv": 133.97509920398042,
  "summary_gm_k": 0.006398497894045008,
  "summary_gm_mad": 49.66213608234904,
  "summary_gm_mean": 768.90916253165,
  "summary_gm_median": 770.4613411985338,
  "summary_gm_n": 41162.0,
  "summary_gm_p05": 685.1793091222644,
  "summary_gm_p95": 847.2092449607327,
  "summary_gm_stdv": 49.39794771097331,
  "summary_wm_k": 0.8122802245670848,
  "summary_wm_mad": 33.67420783885696,
  "summary_wm_mean": 1001.2575363406695,
  "summary_wm_median": 1000.0394655279815,
  "summary_wm_n": 197853.0,
  "summary_wm_p05": 944.3039642497897,
  "summary_wm_p95": 1062.3715853132308,
  "summary_wm_stdv": 36.28698444122486,
  "tpm_overlap_csf": 0.15828378426125392,
  "tpm_overlap_gm": 0.47143934954641015,
  "tpm_overlap_wm": 0.511763823373712,
  "wm2max": 0.47907278213469956
}