{
  "aor": 0.00016801346801346802,
  "aqi": 0.021166919865319864,
  "bids_meta": {
    "AccelFactPE": 2,
    "AcquisitionNumber": 1,
    "AcquisitionTime": "16:40:2.117500",
    "BandwidthPerPixelPhaseEncode": 26.35,
    "ConversionSoftware": "dcm2niix",
    "ConversionSoftwareVersion": "v1.0.20170624 (OpenJPEG build) MSC1900",
    "DeviceSerialNumber": "35071",
    "EchoTime": 0.03,
    "EffectiveEchoSpacing": 0.000345006,
    "FlipAngle": 60,
    "ImageType": [
      "ORIGINAL",
      "PRIMARY",
      "M",
      "MB",
      "ND",
      "NORM",
      "MOSAIC"
    ],
    "InstitutionAddress": "Gilbert_1_New_Haven-1763f8-_CT_US_06520",
    "InstitutionName": "Yale_University_School_of_Medicine",
    "MagneticFieldStrength": 3,
    "Manufacturer": "Siemens",
    "ManufacturersModelName": "TrioTim",
    "PhaseEncodingDirection": "j-",
    "PhaseEncodingLines": 110,
    "ProcedureStepDescription": "MRRC_Research_SiteProtocols",
    "ProtocolName": "mbep2d_bold_taste2(MB4iPAT2)",
    "RepetitionTime": 1,
    "ScanningSequence": "EP",
    "SequenceName": "epfid2d1_110",
    "SequenceVariant": "SK_SS",
    "SeriesDescription": "mbep2d_bold_taste2(MB4iPAT2)",
    "SliceTiming": [
      0,
      0.535,
      0.0675,
      0.6025,
      0.135,
      0.67,
      0.2,
      0.7375,
      0.2675,
      0.8025,
      0.335,
      0.87,
      0.4025,
      0.9375,
      0.47,
      0,
      0.535,
      0.0675,
      0.6025,
      0.135,
      0.67,
      0.2,
      0.7375,
      0.2675,
      0.8025,
      0.335,
      0.87,
      0.4025,
      0.9375,
      0.47,
      0,
      0.535,
      0.0675,
      0.6025,
      0.135,
      0.67,
      0.2,
      0.7375,
      0.2675,
      0.8025,
      0.335,
      0.87,
      0.4025,
      0.9375,
      0.47,
      0,
      0.535,
      0.0675,
      0.6025,
      0.135,
      0.67,
      0.2,
      0.7375,
      0.2675,
      0.8025,
      0.335,
      0.87,
      0.4025,
      0.9375,
      0.47
    ],
    "SoftwareVersions": "syngo_MR_B17",
    "TaskName": "taste",
    "TotalReadoutTime": 0.0372607,
    "TrueEchoSpacing": 0.000690012,
    "dataset": "ds003424",
    "modality": "bold",
    "run_id": 2,
    "subject_id": "09",
    "task_id": "taste"
  },
  "dummy_trs": 0,
  "dvars_nstd": 44.47250523784143,
  "dvars_std": 1.126879373490725,
  "dvars_vstd": 1.00085320698145,
  "efc": 0.46855228979924546,
  "fber": 4999.224609375,
  "fd_mean": 0.08148562387419904,
  "fd_num": 0,
  "fd_perc": 0.0,
  "fwhm_avg": 1.8911529999999999,
  "fwhm_x": 1.853905,
  "fwhm_y": 2.09873,
  "fwhm_z": 1.720824,
  "gcor": 0.00964057,
  "gsr_x": -0.013060265220701694,
  "gsr_y": 0.030090676620602608,
  "provenance": {
    "md5sum": "f837f1e2f3943e25e0f86539a7d7a3cf",
    "settings": {
      "fd_thres": 0.2,
      "testing": false
    },
    "software": "mriqc",
    "version": "22.0.6",
    "webapi_port": null,
    "webapi_url": "https://mriqc.nimh.nih.gov/api/v1"
  },
  "size_t": 594,
  "size_x": 110,
  "size_y": 110,
  "size_z": 60,
  "snr": 6.386775247231645,
  "spacing_tr": 1.0,
  "spacing_x": 2.0,
  "spacing_y": 2.0,
  "spacing_z": 2.5,
  "summary_bg_k": 33.55606016260013,
  "summary_bg_mad": 4.545148661279027,
  "summary_bg_mean": 22.4656925201416,
  "summary_bg_median": 7.367002964019775,
  "summary_bg_n": 517889.0,
  "summary_bg_p05": 3.4158248901367188,
  "summary_bg_p95": 99.9612808227539,
  "summary_bg_stdv": 47.54212188720703,
  "summary_fg_k": 2.839316985515458,
  "summary_fg_mad": 70.52219516887583,
  "summary_fg_mean": 523.6314086914062,
  "summary_fg_median": 521.4840087890625,
  "summary_fg_n": 118946.0,
  "summary_fg_p05": 404.56690979003906,
  "summary_fg_p95": 655.7263946533203,
  "summary_fg_stdv": 81.65025329589844,
  "tsnr": 35.83013463765383
}