{
  "aor": 0.0003290909090909091,
  "aqi": 0.024066406734006736,
  "bids_meta": {
    "AccelFactPE": 2,
    "AcquisitionNumber": 1,
    "AcquisitionTime": "17:15:3.402500",
    "BandwidthPerPixelPhaseEncode": 26.35,
    "ConversionSoftware": "dcm2niix",
    "ConversionSoftwareVersion": "v1.0.20170624 (OpenJPEG build) MSC1900",
    "DeviceSerialNumber": "35071",
    "EchoTime": 0.03,
    "EffectiveEchoSpacing": 0.000345006,
    "FlipAngle": 60,
    "ImageType": [
      "ORIGINAL",
      "PRIMARY",
      "M",
      "MB",
      "ND",
      "NORM",
      "MOSAIC"
    ],
    "InstitutionAddress": "Gilbert_1_New_Haven-1763f8-_CT_US_06520",
    "InstitutionName": "Yale_University_School_of_Medicine",
    "MagneticFieldStrength": 3,
    "Manufacturer": "Siemens",
    "ManufacturersModelName": "TrioTim",
    "PhaseEncodingDirection": "j-",
    "PhaseEncodingLines": 110,
    "ProcedureStepDescription": "MRRC_Research_SiteProtocols",
    "ProtocolName": "mbep2d_bold_taste4(MB4iPAT2)",
    "RepetitionTime": 1,
    "ScanningSequence": "EP",
    "SequenceName": "epfid2d1_110",
    "SequenceVariant": "SK_SS",
    "SeriesDescription": "mbep2d_bold_taste4(MB4iPAT2)",
    "SliceTiming": [
      0,
      0.535,
      0.0675,
      0.6025,
      0.135,
      0.67,
      0.2025,
      0.7375,
      0.2675,
      0.8025,
      0.335,
      0.87,
      0.4025,
      0.9375,
      0.47,
      0,
      0.535,
      0.0675,
      0.6025,
      0.135,
      0.67,
      0.2025,
      0.7375,
      0.2675,
      0.8025,
      0.335,
      0.87,
      0.4025,
      0.9375,
      0.47,
      0,
      0.535,
      0.0675,
      0.6025,
      0.135,
      0.67,
      0.2025,
      0.7375,
      0.2675,
      0.8025,
      0.335,
      0.87,
      0.4025,
      0.9375,
      0.47,
      0,
      0.535,
      0.0675,
      0.6025,
      0.135,
      0.67,
      0.2025,
      0.7375,
      0.2675,
      0.8025,
      0.335,
      0.87,
      0.4025,
      0.9375,
      0.47
    ],
    "SoftwareVersions": "syngo_MR_B17",
    "TaskName": "taste",
    "TotalReadoutTime": 0.0372607,
    "TrueEchoSpacing": 0.000690012,
    "dataset": "ds003424",
    "modality": "bold",
    "run_id": 4,
    "subject_id": "09",
    "task_id": "taste"
  },
  "dummy_trs": 0,
  "dvars_nstd": 45.64608668789209,
  "dvars_std": 1.1134370778077585,
  "dvars_vstd": 1.0007986637774025,
  "efc": 0.4693473398340656,
  "fber": 4965.05126953125,
  "fd_mean": 0.0962055969757479,
  "fd_num": 6,
  "fd_perc": 1.0101010101010102,
  "fwhm_avg": 1.8993263333333334,
  "fwhm_x": 1.8654,
  "fwhm_y": 2.114075,
  "fwhm_z": 1.718504,
  "gcor": 0.00577404,
  "gsr_x": -0.012010033242404461,
  "gsr_y": 0.03348742052912712,
  "provenance": {
    "md5sum": "fbbf6fd2ba42d9bcc9cc262f418496d8",
    "settings": {
      "fd_thres": 0.2,
      "testing": false
    },
    "software": "mriqc",
    "version": "22.0.6",
    "webapi_port": null,
    "webapi_url": "https://mriqc.nimh.nih.gov/api/v1"
  },
  "size_t": 594,
  "size_x": 110,
  "size_y": 110,
  "size_z": 60,
  "snr": 6.418663121287564,
  "spacing_tr": 1.0,
  "spacing_x": 2.0,
  "spacing_y": 2.0,
  "spacing_z": 2.5,
  "summary_bg_k": 33.01942151488281,
  "summary_bg_mad": 4.769785853782182,
  "summary_bg_mean": 22.88166046142578,
  "summary_bg_median": 7.44107723236084,
  "summary_bg_n": 518292.0,
  "summary_bg_p05": 3.336700201034546,
  "summary_bg_p95": 102.72693138122527,
  "summary_bg_stdv": 47.994842529296875,
  "summary_fg_k": 2.597534543349786,
  "summary_fg_mad": 71.6590770641514,
  "summary_fg_mean": 525.7578735351562,
  "summary_fg_median": 523.5269165039062,
  "summary_fg_n": 118543.0,
  "summary_fg_p05": 405.16749877929686,
  "summary_fg_p95": 657.3511352539062,
  "summary_fg_stdv": 81.5628890991211,
  "tsnr": 32.65975080430508
}