{
  "aor": 0.0003086908077994429,
  "aqi": 0.019934181337047354,
  "bids_meta": {
    "AccelFactPE": 2,
    "AcquisitionNumber": 1,
    "AcquisitionTime": "16:51:5.797500",
    "BandwidthPerPixelPhaseEncode": 26.35,
    "ConversionSoftware": "dcm2niix",
    "ConversionSoftwareVersion": "v1.0.20170624 (OpenJPEG build) MSC1900",
    "DeviceSerialNumber": "35071",
    "EchoTime": 0.03,
    "EffectiveEchoSpacing": 0.000345006,
    "FlipAngle": 60,
    "ImageType": [
      "ORIGINAL",
      "PRIMARY",
      "M",
      "MB",
      "ND",
      "NORM",
      "MOSAIC"
    ],
    "InstitutionAddress": "Gilbert_1_New_Haven-1763f8-_CT_US_06520",
    "InstitutionName": "Yale_University_School_of_Medicine",
    "MagneticFieldStrength": 3,
    "Manufacturer": "Siemens",
    "ManufacturersModelName": "TrioTim",
    "PhaseEncodingDirection": "j-",
    "PhaseEncodingLines": 110,
    "ProcedureStepDescription": "MRRC_Research_SiteProtocols",
    "ProtocolName": "mbep2d_bold_resting(MB4iPAT2)",
    "RepetitionTime": 1,
    "ScanningSequence": "EP",
    "SequenceName": "epfid2d1_110",
    "SequenceVariant": "SK_SS",
    "SeriesDescription": "mbep2d_bold_resting(MB4iPAT2)",
    "SliceTiming": [
      0,
      0.535,
      0.0675,
      0.6025,
      0.1325,
      0.67,
      0.2,
      0.735,
      0.2675,
      0.8025,
      0.335,
      0.87,
      0.4025,
      0.9375,
      0.4675,
      0,
      0.535,
      0.0675,
      0.6025,
      0.1325,
      0.67,
      0.2,
      0.735,
      0.2675,
      0.8025,
      0.335,
      0.87,
      0.4025,
      0.9375,
      0.4675,
      0,
      0.535,
      0.0675,
      0.6025,
      0.1325,
      0.67,
      0.2,
      0.735,
      0.2675,
      0.8025,
      0.335,
      0.87,
      0.4025,
      0.9375,
      0.4675,
      0,
      0.535,
      0.0675,
      0.6025,
      0.1325,
      0.67,
      0.2,
      0.735,
      0.2675,
      0.8025,
      0.335,
      0.87,
      0.4025,
      0.9375,
      0.4675
    ],
    "SoftwareVersions": "syngo_MR_B17",
    "TaskName": "rest",
    "TotalReadoutTime": 0.0372607,
    "TrueEchoSpacing": 0.000690012,
    "dataset": "ds003424",
    "modality": "bold",
    "subject_id": "09",
    "task_id": "resting"
  },
  "dummy_trs": 1,
  "dvars_nstd": 44.13357134782122,
  "dvars_std": 1.1254109799720673,
  "dvars_vstd": 1.0042091054469269,
  "efc": 0.4695749458900736,
  "fber": 4746.3974609375,
  "fd_mean": 0.07378496564734145,
  "fd_num": 1,
  "fd_perc": 0.2785515320334262,
  "fwhm_avg": 1.884955,
  "fwhm_x": 1.85186,
  "fwhm_y": 2.092165,
  "fwhm_z": 1.71084,
  "gcor": 0.00817782,
  "gsr_x": -0.012613104656338692,
  "gsr_y": 0.029941517859697342,
  "provenance": {
    "md5sum": "2e8bce69069b8a080d768e515a1fbf05",
    "settings": {
      "fd_thres": 0.2,
      "testing": false
    },
    "software": "mriqc",
    "version": "22.0.6",
    "webapi_port": null,
    "webapi_url": "https://mriqc.nimh.nih.gov/api/v1"
  },
  "size_t": 359,
  "size_x": 110,
  "size_y": 110,
  "size_z": 60,
  "snr": 6.361199745135933,
  "spacing_tr": 1.0,
  "spacing_x": 2.0,
  "spacing_y": 2.0,
  "spacing_z": 2.5,
  "summary_bg_k": 24.81224866323411,
  "summary_bg_mad": 4.741023193154864,
  "summary_bg_mean": 22.724462509155273,
  "summary_bg_median": 7.568244934082031,
  "summary_bg_n": 518153.0,
  "summary_bg_p05": 3.490250587463379,
  "summary_bg_p95": 102.79386901855469,
  "summary_bg_stdv": 46.19931411743164,
  "summary_fg_k": 2.9632548818854376,
  "summary_fg_mad": 70.35958309693646,
  "summary_fg_mean": 523.338623046875,
  "summary_fg_median": 521.4373168945312,
  "summary_fg_n": 118778.0,
  "summary_fg_p05": 403.30152740478513,
  "summary_fg_p95": 655.2033081054688,
  "summary_fg_stdv": 81.97119140625,
  "tsnr": 36.4520009275293
}