{
  "aor": 0.00015776094276094275,
  "aqi": 0.021266445454545455,
  "bids_meta": {
    "AccelFactPE": 2,
    "AcquisitionNumber": 1,
    "AcquisitionTime": "16:24:9.072500",
    "BandwidthPerPixelPhaseEncode": 26.35,
    "ConversionSoftware": "dcm2niix",
    "ConversionSoftwareVersion": "v1.0.20170624 (OpenJPEG build) MSC1900",
    "DeviceSerialNumber": "35071",
    "EchoTime": 0.03,
    "EffectiveEchoSpacing": 0.000345006,
    "FlipAngle": 60,
    "ImageType": [
      "ORIGINAL",
      "PRIMARY",
      "M",
      "MB",
      "ND",
      "NORM",
      "MOSAIC"
    ],
    "InstitutionAddress": "Gilbert_1_New_Haven-1763f8-_CT_US_06520",
    "InstitutionName": "Yale_University_School_of_Medicine",
    "MagneticFieldStrength": 3,
    "Manufacturer": "Siemens",
    "ManufacturersModelName": "TrioTim",
    "PhaseEncodingDirection": "j-",
    "PhaseEncodingLines": 110,
    "ProcedureStepDescription": "MRRC_Research_SiteProtocols",
    "ProtocolName": "mbep2d_bold_taste1(MB4iPAT2)",
    "RepetitionTime": 1,
    "ScanningSequence": "EP",
    "SequenceName": "epfid2d1_110",
    "SequenceVariant": "SK_SS",
    "SeriesDescription": "mbep2d_bold_taste1(MB4iPAT2)",
    "SliceTiming": [
      0,
      0.5375,
      0.0675,
      0.6025,
      0.135,
      0.67,
      0.2025,
      0.7375,
      0.2675,
      0.805,
      0.335,
      0.87,
      0.4025,
      0.9375,
      0.47,
      0,
      0.5375,
      0.0675,
      0.6025,
      0.135,
      0.67,
      0.2025,
      0.7375,
      0.2675,
      0.805,
      0.335,
      0.87,
      0.4025,
      0.9375,
      0.47,
      0,
      0.5375,
      0.0675,
      0.6025,
      0.135,
      0.67,
      0.2025,
      0.7375,
      0.2675,
      0.805,
      0.335,
      0.87,
      0.4025,
      0.9375,
      0.47,
      0,
      0.5375,
      0.0675,
      0.6025,
      0.135,
      0.67,
      0.2025,
      0.7375,
      0.2675,
      0.805,
      0.335,
      0.87,
      0.4025,
      0.9375,
      0.47
    ],
    "SoftwareVersions": "syngo_MR_B17",
    "TaskName": "taste",
    "TotalReadoutTime": 0.0372607,
    "TrueEchoSpacing": 0.000690012,
    "dataset": "ds003424",
    "modality": "bold",
    "run_id": 1,
    "subject_id": "09",
    "task_id": "taste"
  },
  "dummy_trs": 0,
  "dvars_nstd": 44.19387080173688,
  "dvars_std": 1.1283672967959524,
  "dvars_vstd": 1.0006186504890402,
  "efc": 0.46686023410638217,
  "fber": 5188.64111328125,
  "fd_mean": 0.07795962133777358,
  "fd_num": 0,
  "fd_perc": 0.0,
  "fwhm_avg": 1.890954,
  "fwhm_x": 1.859325,
  "fwhm_y": 2.089205,
  "fwhm_z": 1.724332,
  "gcor": 0.00864915,
  "gsr_x": -0.01230839267373085,
  "gsr_y": 0.029399840161204338,
  "provenance": {
    "md5sum": "a120a0688337714534d4902290047dca",
    "settings": {
      "fd_thres": 0.2,
      "testing": false
    },
    "software": "mriqc",
    "version": "22.0.6",
    "webapi_port": null,
    "webapi_url": "https://mriqc.nimh.nih.gov/api/v1"
  },
  "size_t": 594,
  "size_x": 110,
  "size_y": 110,
  "size_z": 60,
  "snr": 6.380179217719965,
  "spacing_tr": 1.0,
  "spacing_x": 2.0,
  "spacing_y": 2.0,
  "spacing_z": 2.5,
  "summary_bg_k": 34.82951060675629,
  "summary_bg_mad": 4.392894964748571,
  "summary_bg_mean": 22.022729873657227,
  "summary_bg_median": 7.2525248527526855,
  "summary_bg_n": 517710.0,
  "summary_bg_p05": 3.4023568630218506,
  "summary_bg_p95": 97.50597381591795,
  "summary_bg_stdv": 47.27182388305664,
  "summary_fg_k": 2.926909914154267,
  "summary_fg_mad": 70.40487377139704,
  "summary_fg_mean": 526.0960083007812,
  "summary_fg_median": 523.3543701171875,
  "summary_fg_n": 119038.0,
  "summary_fg_p05": 406.7723907470703,
  "summary_fg_p95": 659.7345703125,
  "summary_fg_stdv": 82.02781677246094,
  "tsnr": 36.09077236056328
}