{
  "bids_meta": {
    "AccelFactPE": 2,
    "AcquisitionNumber": 1,
    "AcquisitionTime": "12:56:46.587500",
    "ConversionSoftware": "dcm2niix",
    "ConversionSoftwareVersion": "v1.0.20170624 (OpenJPEG build) MSC1900",
    "DeviceSerialNumber": "35071",
    "EchoTime": 0.00252,
    "FlipAngle": 9,
    "ImageType": [
      "ORIGINAL",
      "PRIMARY",
      "M",
      "ND",
      "NORM"
    ],
    "InstitutionAddress": "Gilbert_1_New_Haven-1763f8-_CT_US_06520",
    "InstitutionName": "Yale_University_School_of_Medicine",
    "InversionTime": 0.9,
    "MagneticFieldStrength": 3,
    "Manufacturer": "Siemens",
    "ManufacturersModelName": "TrioTim",
    "PhaseEncodingDirection": "i-",
    "PhaseEncodingLines": 246,
    "ProcedureStepDescription": "MRRC_Research_SiteProtocols",
    "ProtocolName": "t1_Sag_3D_MPRAGE",
    "RepetitionTime": 1.9,
    "ScanningSequence": "GR_IR",
    "SequenceName": "_tfl3d1_ns",
    "SequenceVariant": "SP_MP_OSP",
    "SeriesDescription": "t1_Sag_3D_MPRAGE",
    "SoftwareVersions": "syngo_MR_B17",
    "dataset": "ds003424",
    "modality": "T1w",
    "subject_id": "12"
  },
  "cjv": 0.41101356323113475,
  "cnr": 3.358496586517518,
  "efc": 0.5964316232465131,
  "fber": 43955.87552290582,
  "fwhm_avg": 4.150251813333333,
  "fwhm_x": 4.14375,
  "fwhm_y": 4.14784512,
  "fwhm_z": 4.15916032,
  "icvs_csf": 0.21280558069550126,
  "icvs_gm": 0.40509838098749706,
  "icvs_wm": 0.3820960383170017,
  "inu_med": 0.352358877658844,
  "inu_range": 0.09889599680900574,
  "provenance": {
    "md5sum": "48af18a3685e0bfeea547dc18f6a8cfc",
    "settings": {
      "testing": false
    },
    "software": "mriqc",
    "version": "22.0.6",
    "warnings": {
      "large_rot_frame": true,
      "small_air_mask": false
    },
    "webapi_port": null,
    "webapi_url": "https://mriqc.nimh.nih.gov/api/v1"
  },
  "qi_1": 0.0,
  "qi_2": 0.017682985713116276,
  "rpve_csf": 22.419161524245084,
  "rpve_gm": 12.034895788107073,
  "rpve_wm": 15.07772796004278,
  "size_x": 176,
  "size_y": 256,
  "size_z": 256,
  "snr_csf": 3.4026930787569207,
  "snr_gm": 13.57436636038499,
  "snr_total": 15.155711157306515,
  "snr_wm": 28.490074032777635,
  "snrd_csf": 42.54340303187838,
  "snrd_gm": 99.81986700251684,
  "snrd_total": 90.42102373653852,
  "snrd_wm": 128.8998011752203,
  "spacing_x": 1.0,
  "spacing_y": 0.9765625,
  "spacing_z": 0.9765625,
  "summary_bg_k": 15.102281222516016,
  "summary_bg_mad": 0.0,
  "summary_bg_mean": 2.684882780635697,
  "summary_bg_median": 0.0,
  "summary_bg_n": 2183242.0,
  "summary_bg_p05": 0.0,
  "summary_bg_p95": 12.958316341042519,
  "summary_bg_stdv": 5.082714936747627,
  "summary_csf_k": 3.3655591025113,
  "summary_csf_mad": 67.68630869636894,
  "summary_csf_mean": 339.718634578752,
  "summary_csf_median": 330.0625488832593,
  "summary_csf_n": 49925.0,
  "summary_csf_p05": 199.1535924136639,
  "summary_csf_p95": 517.3589073270559,
  "summary_csf_stdv": 96.99941653374735,
  "summary_gm_k": -0.16447378793305,
  "summary_gm_mad": 59.85712942960272,
  "summary_gm_mean": 774.4264621905171,
  "summary_gm_median": 774.4279343932867,
  "summary_gm_n": 24091.0,
  "summary_gm_p05": 680.8172069527209,
  "summary_gm_p95": 866.933834284544,
  "summary_gm_stdv": 57.04957717323444,
  "summary_wm_k": 0.7002720633905142,
  "summary_wm_mad": 32.87144770160001,
  "summary_wm_mean": 1002.0797622704729,
  "summary_wm_median": 1000.0374651402235,
  "summary_wm_n": 242104.0,
  "summary_wm_p05": 948.5038140267134,
  "summary_wm_p95": 1063.2560720294714,
  "summary_wm_stdv": 35.101186423103584,
  "tpm_overlap_csf": 0.16642969523630077,
  "tpm_overlap_gm": 0.4499538807169318,
  "tpm_overlap_wm": 0.507253999552667,
  "wm2max": 0.4758696891930425
}