{
  "aor": 0.00022038720538720537,
  "aqi": 0.028992132323232327,
  "bids_meta": {
    "AccelFactPE": 2,
    "AcquisitionNumber": 1,
    "AcquisitionTime": "08:28:24.950000",
    "BandwidthPerPixelPhaseEncode": 26.35,
    "ConversionSoftware": "dcm2niix",
    "ConversionSoftwareVersion": "v1.0.20170624 (OpenJPEG build) MSC1900",
    "DeviceSerialNumber": "35071",
    "EchoTime": 0.03,
    "EffectiveEchoSpacing": 0.000345006,
    "FlipAngle": 60,
    "ImageType": [
      "ORIGINAL",
      "PRIMARY",
      "M",
      "MB",
      "ND",
      "NORM",
      "MOSAIC"
    ],
    "InstitutionAddress": "Gilbert_1_New_Haven-1763f8-_CT_US_06520",
    "InstitutionName": "Yale_University_School_of_Medicine",
    "MagneticFieldStrength": 3,
    "Manufacturer": "Siemens",
    "ManufacturersModelName": "TrioTim",
    "PhaseEncodingDirection": "j-",
    "PhaseEncodingLines": 110,
    "ProcedureStepDescription": "MRRC_Research_SiteProtocols",
    "ProtocolName": "mbep2d_bold_taste1(MB4iPAT2)",
    "RepetitionTime": 1,
    "ScanningSequence": "EP",
    "SequenceName": "epfid2d1_110",
    "SequenceVariant": "SK_SS",
    "SeriesDescription": "mbep2d_bold_taste1(MB4iPAT2)",
    "SliceTiming": [
      0,
      0.535,
      0.0675,
      0.6025,
      0.135,
      0.67,
      0.2,
      0.7375,
      0.2675,
      0.8025,
      0.335,
      0.87,
      0.4025,
      0.9375,
      0.47,
      0,
      0.535,
      0.0675,
      0.6025,
      0.135,
      0.67,
      0.2,
      0.7375,
      0.2675,
      0.8025,
      0.335,
      0.87,
      0.4025,
      0.9375,
      0.47,
      0,
      0.535,
      0.0675,
      0.6025,
      0.135,
      0.67,
      0.2,
      0.7375,
      0.2675,
      0.8025,
      0.335,
      0.87,
      0.4025,
      0.9375,
      0.47,
      0,
      0.535,
      0.0675,
      0.6025,
      0.135,
      0.67,
      0.2,
      0.7375,
      0.2675,
      0.8025,
      0.335,
      0.87,
      0.4025,
      0.9375,
      0.47
    ],
    "SoftwareVersions": "syngo_MR_B17",
    "TaskName": "taste",
    "TotalReadoutTime": 0.0372607,
    "TrueEchoSpacing": 0.000690012,
    "dataset": "ds003424",
    "modality": "bold",
    "run_id": 1,
    "subject_id": "13",
    "task_id": "taste"
  },
  "dummy_trs": 0,
  "dvars_nstd": 48.56511048172007,
  "dvars_std": 1.1021511213659358,
  "dvars_vstd": 0.9995966134569979,
  "efc": 0.4873293223179178,
  "fber": 3589.084228515625,
  "fd_mean": 0.09740814704926029,
  "fd_num": 10,
  "fd_perc": 1.6835016835016836,
  "fwhm_avg": 1.888954,
  "fwhm_x": 1.82728,
  "fwhm_y": 2.10837,
  "fwhm_z": 1.731212,
  "gcor": 0.00465133,
  "gsr_x": -0.005820843856781721,
  "gsr_y": 0.02439226396381855,
  "provenance": {
    "md5sum": "002e709d6b68217c911a9fd50b7d8359",
    "settings": {
      "fd_thres": 0.2,
      "testing": false
    },
    "software": "mriqc",
    "version": "22.0.6",
    "webapi_port": null,
    "webapi_url": "https://mriqc.nimh.nih.gov/api/v1"
  },
  "size_t": 594,
  "size_x": 110,
  "size_y": 110,
  "size_z": 60,
  "snr": 6.810808074223613,
  "spacing_tr": 1.0,
  "spacing_x": 2.0,
  "spacing_y": 2.0,
  "spacing_z": 2.5,
  "summary_bg_k": 20.93770097399952,
  "summary_bg_mad": 5.970344327781202,
  "summary_bg_mean": 26.503707885742188,
  "summary_bg_median": 8.060606002807617,
  "summary_bg_n": 516840.0,
  "summary_bg_p05": 3.1447811126708984,
  "summary_bg_p95": 118.68703498840328,
  "summary_bg_stdv": 52.609649658203125,
  "summary_fg_k": 3.3529220325109224,
  "summary_fg_mad": 61.50301659115707,
  "summary_fg_mean": 489.5467224121094,
  "summary_fg_median": 488.4595947265625,
  "summary_fg_n": 119401.0,
  "summary_fg_p05": 384.7306213378906,
  "summary_fg_p95": 604.016845703125,
  "summary_fg_stdv": 71.71800231933594,
  "tsnr": 31.65502353385091
}