{
  "aor": 0.000180993265993266,
  "aqi": 0.035297444781144785,
  "bids_meta": {
    "AccelFactPE": 2,
    "AcquisitionNumber": 1,
    "AcquisitionTime": "09:18:10.787500",
    "BandwidthPerPixelPhaseEncode": 26.35,
    "ConversionSoftware": "dcm2niix",
    "ConversionSoftwareVersion": "v1.0.20170624 (OpenJPEG build) MSC1900",
    "DeviceSerialNumber": "35071",
    "EchoTime": 0.03,
    "EffectiveEchoSpacing": 0.000345006,
    "FlipAngle": 60,
    "ImageType": [
      "ORIGINAL",
      "PRIMARY",
      "M",
      "MB",
      "ND",
      "NORM",
      "MOSAIC"
    ],
    "InstitutionAddress": "Gilbert_1_New_Haven-1763f8-_CT_US_06520",
    "InstitutionName": "Yale_University_School_of_Medicine",
    "MagneticFieldStrength": 3,
    "Manufacturer": "Siemens",
    "ManufacturersModelName": "TrioTim",
    "PhaseEncodingDirection": "j-",
    "PhaseEncodingLines": 110,
    "ProcedureStepDescription": "MRRC_Research_SiteProtocols",
    "ProtocolName": "mbep2d_bold_taste4(MB4iPAT2)",
    "RepetitionTime": 1,
    "ScanningSequence": "EP",
    "SequenceName": "epfid2d1_110",
    "SequenceVariant": "SK_SS",
    "SeriesDescription": "mbep2d_bold_taste4(MB4iPAT2)",
    "SliceTiming": [
      0,
      0.535,
      0.0675,
      0.6025,
      0.135,
      0.67,
      0.2,
      0.735,
      0.2675,
      0.8025,
      0.335,
      0.87,
      0.4025,
      0.9375,
      0.4675,
      0,
      0.535,
      0.0675,
      0.6025,
      0.135,
      0.67,
      0.2,
      0.735,
      0.2675,
      0.8025,
      0.335,
      0.87,
      0.4025,
      0.9375,
      0.4675,
      0,
      0.535,
      0.0675,
      0.6025,
      0.135,
      0.67,
      0.2,
      0.735,
      0.2675,
      0.8025,
      0.335,
      0.87,
      0.4025,
      0.9375,
      0.4675,
      0,
      0.535,
      0.0675,
      0.6025,
      0.135,
      0.67,
      0.2,
      0.735,
      0.2675,
      0.8025,
      0.335,
      0.87,
      0.4025,
      0.9375,
      0.4675
    ],
    "SoftwareVersions": "syngo_MR_B17",
    "TaskName": "taste",
    "TotalReadoutTime": 0.0372607,
    "TrueEchoSpacing": 0.000690012,
    "dataset": "ds003424",
    "modality": "bold",
    "run_id": 4,
    "subject_id": "13",
    "task_id": "taste"
  },
  "dummy_trs": 0,
  "dvars_nstd": 49.953290144839755,
  "dvars_std": 1.085677471922428,
  "dvars_vstd": 0.9888710906070823,
  "efc": 0.49262103572865257,
  "fber": 3097.97509765625,
  "fd_mean": 0.13591232856939947,
  "fd_num": 78,
  "fd_perc": 13.131313131313131,
  "fwhm_avg": 1.8929483333333337,
  "fwhm_x": 1.829395,
  "fwhm_y": 2.11973,
  "fwhm_z": 1.72972,
  "gcor": 0.00807335,
  "gsr_x": -0.0068432786501944065,
  "gsr_y": 0.024502567946910858,
  "provenance": {
    "md5sum": "ba2b9178af3826a33ff347b959304b82",
    "settings": {
      "fd_thres": 0.2,
      "testing": false
    },
    "software": "mriqc",
    "version": "22.0.6",
    "webapi_port": null,
    "webapi_url": "https://mriqc.nimh.nih.gov/api/v1"
  },
  "size_t": 594,
  "size_x": 110,
  "size_y": 110,
  "size_z": 60,
  "snr": 6.86258490837054,
  "spacing_tr": 1.0,
  "spacing_x": 2.0,
  "spacing_y": 2.0,
  "spacing_z": 2.5,
  "summary_bg_k": 19.199714817648843,
  "summary_bg_mad": 6.6267826861665435,
  "summary_bg_mean": 27.995464324951172,
  "summary_bg_median": 8.65656566619873,
  "summary_bg_n": 517171.0,
  "summary_bg_p05": 3.267676591873169,
  "summary_bg_p95": 126.00673294067383,
  "summary_bg_stdv": 53.291446685791016,
  "summary_fg_k": 3.0684967373106318,
  "summary_fg_mad": 61.31330250722781,
  "summary_fg_mean": 486.76422119140625,
  "summary_fg_median": 485.6060485839844,
  "summary_fg_n": 119097.0,
  "summary_fg_p05": 383.3875305175781,
  "summary_fg_p95": 600.8211791992187,
  "summary_fg_stdv": 70.76109313964844,
  "tsnr": 28.457572298357263
}