{
  "aor": 0.0002733670033670033,
  "aqi": 0.032396849158249155,
  "bids_meta": {
    "AccelFactPE": 2,
    "AcquisitionNumber": 1,
    "AcquisitionTime": "09:01:20.787500",
    "BandwidthPerPixelPhaseEncode": 26.35,
    "ConversionSoftware": "dcm2niix",
    "ConversionSoftwareVersion": "v1.0.20170624 (OpenJPEG build) MSC1900",
    "DeviceSerialNumber": "35071",
    "EchoTime": 0.03,
    "EffectiveEchoSpacing": 0.000345006,
    "FlipAngle": 60,
    "ImageType": [
      "ORIGINAL",
      "PRIMARY",
      "M",
      "MB",
      "ND",
      "NORM",
      "MOSAIC"
    ],
    "InstitutionAddress": "Gilbert_1_New_Haven-1763f8-_CT_US_06520",
    "InstitutionName": "Yale_University_School_of_Medicine",
    "MagneticFieldStrength": 3,
    "Manufacturer": "Siemens",
    "ManufacturersModelName": "TrioTim",
    "PhaseEncodingDirection": "j-",
    "PhaseEncodingLines": 110,
    "ProcedureStepDescription": "MRRC_Research_SiteProtocols",
    "ProtocolName": "mbep2d_bold_taste3(MB4iPAT2)",
    "RepetitionTime": 1,
    "ScanningSequence": "EP",
    "SequenceName": "epfid2d1_110",
    "SequenceVariant": "SK_SS",
    "SeriesDescription": "mbep2d_bold_taste3(MB4iPAT2)",
    "SliceTiming": [
      0,
      0.535,
      0.0675,
      0.6025,
      0.135,
      0.67,
      0.2,
      0.7375,
      0.2675,
      0.8025,
      0.335,
      0.87,
      0.4025,
      0.9375,
      0.4675,
      0,
      0.535,
      0.0675,
      0.6025,
      0.135,
      0.67,
      0.2,
      0.7375,
      0.2675,
      0.8025,
      0.335,
      0.87,
      0.4025,
      0.9375,
      0.4675,
      0,
      0.535,
      0.0675,
      0.6025,
      0.135,
      0.67,
      0.2,
      0.7375,
      0.2675,
      0.8025,
      0.335,
      0.87,
      0.4025,
      0.9375,
      0.4675,
      0,
      0.535,
      0.0675,
      0.6025,
      0.135,
      0.67,
      0.2,
      0.7375,
      0.2675,
      0.8025,
      0.335,
      0.87,
      0.4025,
      0.9375,
      0.4675
    ],
    "SoftwareVersions": "syngo_MR_B17",
    "TaskName": "taste",
    "TotalReadoutTime": 0.0372607,
    "TrueEchoSpacing": 0.000690012,
    "dataset": "ds003424",
    "modality": "bold",
    "run_id": 3,
    "subject_id": "13",
    "task_id": "taste"
  },
  "dummy_trs": 0,
  "dvars_nstd": 49.65149855340638,
  "dvars_std": 1.100289102799326,
  "dvars_vstd": 1.000277125295109,
  "efc": 0.49143149683929627,
  "fber": 3141.5810546875,
  "fd_mean": 0.11102377906526266,
  "fd_num": 20,
  "fd_perc": 3.367003367003367,
  "fwhm_avg": 1.8644123333333333,
  "fwhm_x": 1.787965,
  "fwhm_y": 2.0945,
  "fwhm_z": 1.710772,
  "gcor": 0.00689135,
  "gsr_x": -0.0071028294041752815,
  "gsr_y": 0.024464765563607216,
  "provenance": {
    "md5sum": "f88412c913855b97dbbc91c216189d3c",
    "settings": {
      "fd_thres": 0.2,
      "testing": false
    },
    "software": "mriqc",
    "version": "22.0.6",
    "webapi_port": null,
    "webapi_url": "https://mriqc.nimh.nih.gov/api/v1"
  },
  "size_t": 594,
  "size_x": 110,
  "size_y": 110,
  "size_z": 60,
  "snr": 6.919375547082728,
  "spacing_tr": 1.0,
  "spacing_x": 2.0,
  "spacing_y": 2.0,
  "spacing_z": 2.5,
  "summary_bg_k": 18.981292327045686,
  "summary_bg_mad": 6.689181081519842,
  "summary_bg_mean": 27.958728790283203,
  "summary_bg_median": 8.604376792907715,
  "summary_bg_n": 518062.0,
  "summary_bg_p05": 3.149831533432007,
  "summary_bg_p95": 127.83829498291007,
  "summary_bg_stdv": 53.51969909667969,
  "summary_fg_k": 2.862254946501073,
  "summary_fg_mad": 61.223445085171164,
  "summary_fg_mean": 486.94366455078125,
  "summary_fg_median": 485.7474670410156,
  "summary_fg_n": 118725.0,
  "summary_fg_p05": 383.99932861328125,
  "summary_fg_p95": 600.4316162109375,
  "summary_fg_stdv": 70.20075988769531,
  "tsnr": 29.779215388640296
}