{
  "aor": 0.00017001683501683502,
  "aqi": 0.028355412626262625,
  "bids_meta": {
    "AccelFactPE": 2,
    "AcquisitionNumber": 1,
    "AcquisitionTime": "08:43:37.175000",
    "BandwidthPerPixelPhaseEncode": 26.35,
    "ConversionSoftware": "dcm2niix",
    "ConversionSoftwareVersion": "v1.0.20170624 (OpenJPEG build) MSC1900",
    "DeviceSerialNumber": "35071",
    "EchoTime": 0.03,
    "EffectiveEchoSpacing": 0.000345006,
    "FlipAngle": 60,
    "ImageType": [
      "ORIGINAL",
      "PRIMARY",
      "M",
      "MB",
      "ND",
      "NORM",
      "MOSAIC"
    ],
    "InstitutionAddress": "Gilbert_1_New_Haven-1763f8-_CT_US_06520",
    "InstitutionName": "Yale_University_School_of_Medicine",
    "MagneticFieldStrength": 3,
    "Manufacturer": "Siemens",
    "ManufacturersModelName": "TrioTim",
    "PhaseEncodingDirection": "j-",
    "PhaseEncodingLines": 110,
    "ProcedureStepDescription": "MRRC_Research_SiteProtocols",
    "ProtocolName": "mbep2d_bold_taste2(MB4iPAT2)",
    "RepetitionTime": 1,
    "ScanningSequence": "EP",
    "SequenceName": "epfid2d1_110",
    "SequenceVariant": "SK_SS",
    "SeriesDescription": "mbep2d_bold_taste2(MB4iPAT2)",
    "SliceTiming": [
      0,
      0.535,
      0.0675,
      0.6025,
      0.135,
      0.67,
      0.2025,
      0.7375,
      0.2675,
      0.8025,
      0.335,
      0.87,
      0.4025,
      0.9375,
      0.47,
      0,
      0.535,
      0.0675,
      0.6025,
      0.135,
      0.67,
      0.2025,
      0.7375,
      0.2675,
      0.8025,
      0.335,
      0.87,
      0.4025,
      0.9375,
      0.47,
      0,
      0.535,
      0.0675,
      0.6025,
      0.135,
      0.67,
      0.2025,
      0.7375,
      0.2675,
      0.8025,
      0.335,
      0.87,
      0.4025,
      0.9375,
      0.47,
      0,
      0.535,
      0.0675,
      0.6025,
      0.135,
      0.67,
      0.2025,
      0.7375,
      0.2675,
      0.8025,
      0.335,
      0.87,
      0.4025,
      0.9375,
      0.47
    ],
    "SoftwareVersions": "syngo_MR_B17",
    "TaskName": "taste",
    "TotalReadoutTime": 0.0372607,
    "TrueEchoSpacing": 0.000690012,
    "dataset": "ds003424",
    "modality": "bold",
    "run_id": 2,
    "subject_id": "13",
    "task_id": "taste"
  },
  "dummy_trs": 0,
  "dvars_nstd": 48.662541799612164,
  "dvars_std": 1.1029845641483984,
  "dvars_vstd": 1.0017218491399662,
  "efc": 0.4889040929498308,
  "fber": 3417.6337890625,
  "fd_mean": 0.09120202789585345,
  "fd_num": 2,
  "fd_perc": 0.3367003367003367,
  "fwhm_avg": 1.8488403333333334,
  "fwhm_x": 1.775875,
  "fwhm_y": 2.07663,
  "fwhm_z": 1.694016,
  "gcor": 0.00731466,
  "gsr_x": -0.007022181525826454,
  "gsr_y": 0.02418973110616207,
  "provenance": {
    "md5sum": "af627cc27ba325b41c094ebb02c5c3df",
    "settings": {
      "fd_thres": 0.2,
      "testing": false
    },
    "software": "mriqc",
    "version": "22.0.6",
    "webapi_port": null,
    "webapi_url": "https://mriqc.nimh.nih.gov/api/v1"
  },
  "size_t": 594,
  "size_x": 110,
  "size_y": 110,
  "size_z": 60,
  "snr": 6.922631591130098,
  "spacing_tr": 1.0,
  "spacing_x": 2.0,
  "spacing_y": 2.0,
  "spacing_z": 2.5,
  "summary_bg_k": 19.911379446118413,
  "summary_bg_mad": 6.165029046265474,
  "summary_bg_mean": 27.213623046875,
  "summary_bg_median": 8.235690116882324,
  "summary_bg_n": 517964.0,
  "summary_bg_p05": 3.186868667602539,
  "summary_bg_p95": 124.22701911926265,
  "summary_bg_stdv": 53.02903747558594,
  "summary_fg_k": 2.876110452826433,
  "summary_fg_mad": 61.54047980639518,
  "summary_fg_mean": 487.7614440917969,
  "summary_fg_median": 486.56060791015625,
  "summary_fg_n": 118791.0,
  "summary_fg_p05": 384.7659912109375,
  "summary_fg_p95": 601.7508239746094,
  "summary_fg_stdv": 70.28520202636719,
  "tsnr": 32.03857821325073
}