{
  "aor": 0.0002718611111111111,
  "aqi": 0.03025756222222222,
  "bids_meta": {
    "AccelFactPE": 2,
    "AcquisitionNumber": 1,
    "AcquisitionTime": "08:54:21.065000",
    "BandwidthPerPixelPhaseEncode": 26.35,
    "ConversionSoftware": "dcm2niix",
    "ConversionSoftwareVersion": "v1.0.20170624 (OpenJPEG build) MSC1900",
    "DeviceSerialNumber": "35071",
    "EchoTime": 0.03,
    "EffectiveEchoSpacing": 0.000345006,
    "FlipAngle": 60,
    "ImageType": [
      "ORIGINAL",
      "PRIMARY",
      "M",
      "MB",
      "ND",
      "NORM",
      "MOSAIC"
    ],
    "InstitutionAddress": "Gilbert_1_New_Haven-1763f8-_CT_US_06520",
    "InstitutionName": "Yale_University_School_of_Medicine",
    "MagneticFieldStrength": 3,
    "Manufacturer": "Siemens",
    "ManufacturersModelName": "TrioTim",
    "PhaseEncodingDirection": "j-",
    "PhaseEncodingLines": 110,
    "ProcedureStepDescription": "MRRC_Research_SiteProtocols",
    "ProtocolName": "mbep2d_bold_resting(MB4iPAT2)",
    "RepetitionTime": 1,
    "ScanningSequence": "EP",
    "SequenceName": "epfid2d1_110",
    "SequenceVariant": "SK_SS",
    "SeriesDescription": "mbep2d_bold_resting(MB4iPAT2)",
    "SliceTiming": [
      0,
      0.535,
      0.065,
      0.6,
      0.1325,
      0.6675,
      0.2,
      0.735,
      0.2675,
      0.8025,
      0.3325,
      0.8675,
      0.4,
      0.935,
      0.4675,
      0,
      0.535,
      0.065,
      0.6,
      0.1325,
      0.6675,
      0.2,
      0.735,
      0.2675,
      0.8025,
      0.3325,
      0.8675,
      0.4,
      0.935,
      0.4675,
      0,
      0.535,
      0.065,
      0.6,
      0.1325,
      0.6675,
      0.2,
      0.735,
      0.2675,
      0.8025,
      0.3325,
      0.8675,
      0.4,
      0.935,
      0.4675,
      0,
      0.535,
      0.065,
      0.6,
      0.1325,
      0.6675,
      0.2,
      0.735,
      0.2675,
      0.8025,
      0.3325,
      0.8675,
      0.4,
      0.935,
      0.4675
    ],
    "SoftwareVersions": "syngo_MR_B17",
    "TaskName": "rest",
    "TotalReadoutTime": 0.0372607,
    "TrueEchoSpacing": 0.000690012,
    "dataset": "ds003424",
    "modality": "bold",
    "subject_id": "13",
    "task_id": "resting"
  },
  "dummy_trs": 0,
  "dvars_nstd": 48.67677798025075,
  "dvars_std": 1.0880849970194997,
  "dvars_vstd": 0.9918834934818949,
  "efc": 0.48931977124876014,
  "fber": 3211.030517578125,
  "fd_mean": 0.08495090329500664,
  "fd_num": 3,
  "fd_perc": 0.8333333333333334,
  "fwhm_avg": 1.8554863333333333,
  "fwhm_x": 1.783155,
  "fwhm_y": 2.08674,
  "fwhm_z": 1.696564,
  "gcor": 0.00789354,
  "gsr_x": -0.006006665527820587,
  "gsr_y": 0.023475827649235725,
  "provenance": {
    "md5sum": "acae6198923e7891044982af5780ecdd",
    "settings": {
      "fd_thres": 0.2,
      "testing": false
    },
    "software": "mriqc",
    "version": "22.0.6",
    "webapi_port": null,
    "webapi_url": "https://mriqc.nimh.nih.gov/api/v1"
  },
  "size_t": 360,
  "size_x": 110,
  "size_y": 110,
  "size_z": 60,
  "snr": 6.880635029549718,
  "spacing_tr": 1.0,
  "spacing_x": 2.0,
  "spacing_y": 2.0,
  "spacing_z": 2.5,
  "summary_bg_k": 18.716368422652728,
  "summary_bg_mad": 6.564633140672919,
  "summary_bg_mean": 27.066242218017578,
  "summary_bg_median": 8.5,
  "summary_bg_n": 518057.0,
  "summary_bg_p05": 3.1555557250976562,
  "summary_bg_p95": 123.31388854980469,
  "summary_bg_stdv": 51.310794830322266,
  "summary_fg_k": 2.852452002144056,
  "summary_fg_mad": 61.725669347421295,
  "summary_fg_mean": 486.663818359375,
  "summary_fg_median": 485.4416809082031,
  "summary_fg_n": 118714.0,
  "summary_fg_p05": 382.90557861328125,
  "summary_fg_p95": 600.4509948730469,
  "summary_fg_stdv": 70.55157470703125,
  "tsnr": 30.859266598825343
}