{
  "aor": 0.0003191388888888889,
  "aqi": 0.028811466388888887,
  "bids_meta": {
    "AccelFactPE": 2,
    "AcquisitionNumber": 1,
    "AcquisitionTime": "15:38:53.457500",
    "BandwidthPerPixelPhaseEncode": 26.35,
    "ConversionSoftware": "dcm2niix",
    "ConversionSoftwareVersion": "v1.0.20170624 (OpenJPEG build) MSC1900",
    "DeviceSerialNumber": "35071",
    "EchoTime": 0.03,
    "EffectiveEchoSpacing": 0.000345006,
    "FlipAngle": 60,
    "ImageType": [
      "ORIGINAL",
      "PRIMARY",
      "M",
      "MB",
      "ND",
      "NORM",
      "MOSAIC"
    ],
    "InstitutionAddress": "Gilbert_1_New_Haven-1763f8-_CT_US_06520",
    "InstitutionName": "Yale_University_School_of_Medicine",
    "MagneticFieldStrength": 3,
    "Manufacturer": "Siemens",
    "ManufacturersModelName": "TrioTim",
    "PhaseEncodingDirection": "j-",
    "PhaseEncodingLines": 110,
    "ProcedureStepDescription": "MRRC_Research_SiteProtocols",
    "ProtocolName": "mbep2d_bold_resting(MB4iPAT2)",
    "RepetitionTime": 1,
    "ScanningSequence": "EP",
    "SequenceName": "epfid2d1_110",
    "SequenceVariant": "SK_SS",
    "SeriesDescription": "mbep2d_bold_resting(MB4iPAT2)",
    "SliceTiming": [
      0,
      0.535,
      0.065,
      0.6025,
      0.1325,
      0.6675,
      0.2,
      0.735,
      0.2675,
      0.8025,
      0.3325,
      0.87,
      0.4,
      0.935,
      0.4675,
      0,
      0.535,
      0.065,
      0.6025,
      0.1325,
      0.6675,
      0.2,
      0.735,
      0.2675,
      0.8025,
      0.3325,
      0.87,
      0.4,
      0.935,
      0.4675,
      0,
      0.535,
      0.065,
      0.6025,
      0.1325,
      0.6675,
      0.2,
      0.735,
      0.2675,
      0.8025,
      0.3325,
      0.87,
      0.4,
      0.935,
      0.4675,
      0,
      0.535,
      0.065,
      0.6025,
      0.1325,
      0.6675,
      0.2,
      0.735,
      0.2675,
      0.8025,
      0.3325,
      0.87,
      0.4,
      0.935,
      0.4675
    ],
    "SoftwareVersions": "syngo_MR_B17",
    "TaskName": "rest",
    "TotalReadoutTime": 0.0372607,
    "TrueEchoSpacing": 0.000690012,
    "dataset": "ds003424",
    "modality": "bold",
    "subject_id": "23",
    "task_id": "resting"
  },
  "dummy_trs": 0,
  "dvars_nstd": 49.10869377348187,
  "dvars_std": 1.1040528097214488,
  "dvars_vstd": 1.0028364524512539,
  "efc": 0.4896602461288108,
  "fber": 3458.148193359375,
  "fd_mean": 0.069349104901177,
  "fd_num": 8,
  "fd_perc": 2.2222222222222223,
  "fwhm_avg": 1.8095617067594354,
  "fwhm_x": 1.75513,
  "fwhm_y": 2.017935120278306,
  "fwhm_z": 1.65562,
  "gcor": 0.00955434,
  "gsr_x": -0.013629266060888767,
  "gsr_y": 0.018404187634587288,
  "provenance": {
    "md5sum": "e525514d2c32f80e52fef766dea5c8c5",
    "settings": {
      "fd_thres": 0.2,
      "testing": false
    },
    "software": "mriqc",
    "version": "22.0.6",
    "webapi_port": null,
    "webapi_url": "https://mriqc.nimh.nih.gov/api/v1"
  },
  "size_t": 360,
  "size_x": 110,
  "size_y": 110,
  "size_z": 60,
  "snr": 6.720529038917553,
  "spacing_tr": 1.0,
  "spacing_x": 2.0,
  "spacing_y": 1.9999998807907104,
  "spacing_z": 2.5,
  "summary_bg_k": 28.300747262843807,
  "summary_bg_mad": 4.9255344062254105,
  "summary_bg_mean": 21.98857879638672,
  "summary_bg_median": 6.9166669845581055,
  "summary_bg_n": 513907.0,
  "summary_bg_p05": 2.8027777671813965,
  "summary_bg_p95": 105.85000610351562,
  "summary_bg_stdv": 42.29896926879883,
  "summary_fg_k": 4.227616316913854,
  "summary_fg_mad": 52.67766943140944,
  "summary_fg_mean": 412.27996826171875,
  "summary_fg_median": 410.3444519042969,
  "summary_fg_n": 122051.0,
  "summary_fg_p05": 331.058349609375,
  "summary_fg_p95": 509.5722351074219,
  "summary_fg_stdv": 61.05810546875,
  "tsnr": 33.17765326797962
}