{
  "aor": 0.00015745791245791246,
  "aqi": 0.038022145117845116,
  "bids_meta": {
    "AccelFactPE": 2,
    "AcquisitionNumber": 1,
    "AcquisitionTime": "14:53:53.685000",
    "BandwidthPerPixelPhaseEncode": 26.35,
    "ConversionSoftware": "dcm2niix",
    "ConversionSoftwareVersion": "v1.0.20170624 (OpenJPEG build) MSC1900",
    "DeviceSerialNumber": "35071",
    "EchoTime": 0.03,
    "EffectiveEchoSpacing": 0.000345006,
    "FlipAngle": 60,
    "ImageType": [
      "ORIGINAL",
      "PRIMARY",
      "M",
      "MB",
      "ND",
      "NORM",
      "MOSAIC"
    ],
    "InstitutionAddress": "Gilbert_1_New_Haven-1763f8-_CT_US_06520",
    "InstitutionName": "Yale_University_School_of_Medicine",
    "MagneticFieldStrength": 3,
    "Manufacturer": "Siemens",
    "ManufacturersModelName": "TrioTim",
    "PhaseEncodingDirection": "j-",
    "PhaseEncodingLines": 110,
    "ProcedureStepDescription": "MRRC_Research_SiteProtocols",
    "ProtocolName": "mbep2d_bold_taste4(MB4iPAT2)",
    "RepetitionTime": 1,
    "ScanningSequence": "EP",
    "SequenceName": "epfid2d1_110",
    "SequenceVariant": "SK_SS",
    "SeriesDescription": "mbep2d_bold_taste4(MB4iPAT2)",
    "SliceTiming": [
      0,
      0.535,
      0.065,
      0.6,
      0.1325,
      0.6675,
      0.2,
      0.735,
      0.2675,
      0.8025,
      0.3325,
      0.87,
      0.4,
      0.935,
      0.4675,
      0,
      0.535,
      0.065,
      0.6,
      0.1325,
      0.6675,
      0.2,
      0.735,
      0.2675,
      0.8025,
      0.3325,
      0.87,
      0.4,
      0.935,
      0.4675,
      0,
      0.535,
      0.065,
      0.6,
      0.1325,
      0.6675,
      0.2,
      0.735,
      0.2675,
      0.8025,
      0.3325,
      0.87,
      0.4,
      0.935,
      0.4675,
      0,
      0.535,
      0.065,
      0.6,
      0.1325,
      0.6675,
      0.2,
      0.735,
      0.2675,
      0.8025,
      0.3325,
      0.87,
      0.4,
      0.935,
      0.4675
    ],
    "SoftwareVersions": "syngo_MR_B17",
    "TaskName": "taste",
    "TotalReadoutTime": 0.0372607,
    "TrueEchoSpacing": 0.000690012,
    "dataset": "ds003424",
    "modality": "bold",
    "run_id": 4,
    "subject_id": "17",
    "task_id": "taste"
  },
  "dummy_trs": 0,
  "dvars_nstd": 45.40739243392919,
  "dvars_std": 1.0839499975716693,
  "dvars_vstd": 0.9821778850590216,
  "efc": 0.4897920538149766,
  "fber": 3408.47216796875,
  "fd_mean": 0.08470700826257443,
  "fd_num": 12,
  "fd_perc": 2.0202020202020203,
  "fwhm_avg": 1.92208,
  "fwhm_x": 1.855635,
  "fwhm_y": 2.173885,
  "fwhm_z": 1.73672,
  "gcor": 0.00520646,
  "gsr_x": -0.009864947758615017,
  "gsr_y": 0.02867262251675129,
  "provenance": {
    "md5sum": "73adbb70052d053aa7181416ba740a05",
    "settings": {
      "fd_thres": 0.2,
      "testing": false
    },
    "software": "mriqc",
    "version": "22.0.6",
    "webapi_port": null,
    "webapi_url": "https://mriqc.nimh.nih.gov/api/v1"
  },
  "size_t": 594,
  "size_x": 110,
  "size_y": 110,
  "size_z": 60,
  "snr": 6.90387581188196,
  "spacing_tr": 1.0,
  "spacing_x": 2.0,
  "spacing_y": 2.0,
  "spacing_z": 2.5,
  "summary_bg_k": 33.1800159604267,
  "summary_bg_mad": 6.21245191156916,
  "summary_bg_mean": 26.03921127319336,
  "summary_bg_median": 8.468012809753418,
  "summary_bg_n": 513253.0,
  "summary_bg_p05": 3.419191837310791,
  "summary_bg_p95": 113.59494781494135,
  "summary_bg_stdv": 51.89459228515625,
  "summary_fg_k": 3.9008196599282563,
  "summary_fg_mad": 60.45974748854775,
  "summary_fg_mean": 497.5593566894531,
  "summary_fg_median": 496.8888854980469,
  "summary_fg_n": 122471.0,
  "summary_fg_p05": 395.09259033203125,
  "summary_fg_p95": 610.4646606445312,
  "summary_fg_stdv": 71.97216033935547,
  "tsnr": 29.953325305483304
}