{
  "aor": 0.0002054713804713805,
  "aqi": 0.0348022898989899,
  "bids_meta": {
    "AccelFactPE": 2,
    "AcquisitionNumber": 1,
    "AcquisitionTime": "14:19:37.352500",
    "BandwidthPerPixelPhaseEncode": 26.35,
    "ConversionSoftware": "dcm2niix",
    "ConversionSoftwareVersion": "v1.0.20170624 (OpenJPEG build) MSC1900",
    "DeviceSerialNumber": "35071",
    "EchoTime": 0.03,
    "EffectiveEchoSpacing": 0.000345006,
    "FlipAngle": 60,
    "ImageType": [
      "ORIGINAL",
      "PRIMARY",
      "M",
      "MB",
      "ND",
      "NORM",
      "MOSAIC"
    ],
    "InstitutionAddress": "Gilbert_1_New_Haven-1763f8-_CT_US_06520",
    "InstitutionName": "Yale_University_School_of_Medicine",
    "MagneticFieldStrength": 3,
    "Manufacturer": "Siemens",
    "ManufacturersModelName": "TrioTim",
    "PhaseEncodingDirection": "j-",
    "PhaseEncodingLines": 110,
    "ProcedureStepDescription": "MRRC_Research_SiteProtocols",
    "ProtocolName": "mbep2d_bold_taste2(MB4iPAT2)",
    "RepetitionTime": 1,
    "ScanningSequence": "EP",
    "SequenceName": "epfid2d1_110",
    "SequenceVariant": "SK_SS",
    "SeriesDescription": "mbep2d_bold_taste2(MB4iPAT2)",
    "SliceTiming": [
      0,
      0.5375,
      0.0675,
      0.6025,
      0.135,
      0.67,
      0.2025,
      0.7375,
      0.2675,
      0.805,
      0.335,
      0.87,
      0.4025,
      0.9375,
      0.47,
      0,
      0.5375,
      0.0675,
      0.6025,
      0.135,
      0.67,
      0.2025,
      0.7375,
      0.2675,
      0.805,
      0.335,
      0.87,
      0.4025,
      0.9375,
      0.47,
      0,
      0.5375,
      0.0675,
      0.6025,
      0.135,
      0.67,
      0.2025,
      0.7375,
      0.2675,
      0.805,
      0.335,
      0.87,
      0.4025,
      0.9375,
      0.47,
      0,
      0.5375,
      0.0675,
      0.6025,
      0.135,
      0.67,
      0.2025,
      0.7375,
      0.2675,
      0.805,
      0.335,
      0.87,
      0.4025,
      0.9375,
      0.47
    ],
    "SoftwareVersions": "syngo_MR_B17",
    "TaskName": "taste",
    "TotalReadoutTime": 0.0372607,
    "TrueEchoSpacing": 0.000690012,
    "dataset": "ds003424",
    "modality": "bold",
    "run_id": 2,
    "subject_id": "17",
    "task_id": "taste"
  },
  "dummy_trs": 0,
  "dvars_nstd": 44.99298663082633,
  "dvars_std": 1.0970185935750425,
  "dvars_vstd": 0.9909247010118037,
  "efc": 0.48674633658229605,
  "fber": 3792.321044921875,
  "fd_mean": 0.09389121992295009,
  "fd_num": 21,
  "fd_perc": 3.5353535353535355,
  "fwhm_avg": 1.9298183333333334,
  "fwhm_x": 1.850205,
  "fwhm_y": 2.18023,
  "fwhm_z": 1.75902,
  "gcor": 0.0075661,
  "gsr_x": -0.009815838187932968,
  "gsr_y": 0.0289418026804924,
  "provenance": {
    "md5sum": "26b9ce68edebf6fecaeec2ac890ea4f9",
    "settings": {
      "fd_thres": 0.2,
      "testing": false
    },
    "software": "mriqc",
    "version": "22.0.6",
    "webapi_port": null,
    "webapi_url": "https://mriqc.nimh.nih.gov/api/v1"
  },
  "size_t": 594,
  "size_x": 110,
  "size_y": 110,
  "size_z": 60,
  "snr": 6.859914964174786,
  "spacing_tr": 1.0,
  "spacing_x": 2.0,
  "spacing_y": 2.0,
  "spacing_z": 2.5,
  "summary_bg_k": 34.20908917191388,
  "summary_bg_mad": 5.778155884451779,
  "summary_bg_mean": 25.034828186035156,
  "summary_bg_median": 8.01683521270752,
  "summary_bg_n": 512746.0,
  "summary_bg_p05": 3.289562225341797,
  "summary_bg_p95": 109.4124526977539,
  "summary_bg_stdv": 51.029747009277344,
  "summary_fg_k": 3.912880662771883,
  "summary_fg_mad": 60.631951591441805,
  "summary_fg_mean": 498.0932312011719,
  "summary_fg_median": 497.257568359375,
  "summary_fg_n": 122721.0,
  "summary_fg_p05": 395.58416748046875,
  "summary_fg_p95": 611.8956298828125,
  "summary_fg_stdv": 72.48712921142578,
  "tsnr": 31.43151415977627
}