{
  "aor": 0.00046225589225589223,
  "aqi": 0.0350407664983165,
  "bids_meta": {
    "AccelFactPE": 2,
    "AcquisitionNumber": 1,
    "AcquisitionTime": "14:37:12.237500",
    "BandwidthPerPixelPhaseEncode": 26.35,
    "ConversionSoftware": "dcm2niix",
    "ConversionSoftwareVersion": "v1.0.20170624 (OpenJPEG build) MSC1900",
    "DeviceSerialNumber": "35071",
    "EchoTime": 0.03,
    "EffectiveEchoSpacing": 0.000345006,
    "FlipAngle": 60,
    "ImageType": [
      "ORIGINAL",
      "PRIMARY",
      "M",
      "MB",
      "ND",
      "NORM",
      "MOSAIC"
    ],
    "InstitutionAddress": "Gilbert_1_New_Haven-1763f8-_CT_US_06520",
    "InstitutionName": "Yale_University_School_of_Medicine",
    "MagneticFieldStrength": 3,
    "Manufacturer": "Siemens",
    "ManufacturersModelName": "TrioTim",
    "PhaseEncodingDirection": "j-",
    "PhaseEncodingLines": 110,
    "ProcedureStepDescription": "MRRC_Research_SiteProtocols",
    "ProtocolName": "mbep2d_bold_taste3(MB4iPAT2)",
    "RepetitionTime": 1,
    "ScanningSequence": "EP",
    "SequenceName": "epfid2d1_110",
    "SequenceVariant": "SK_SS",
    "SeriesDescription": "mbep2d_bold_taste3(MB4iPAT2)",
    "SliceTiming": [
      0,
      0.535,
      0.0675,
      0.6025,
      0.135,
      0.67,
      0.2,
      0.7375,
      0.2675,
      0.8025,
      0.335,
      0.87,
      0.4025,
      0.9375,
      0.4675,
      0,
      0.535,
      0.0675,
      0.6025,
      0.135,
      0.67,
      0.2,
      0.7375,
      0.2675,
      0.8025,
      0.335,
      0.87,
      0.4025,
      0.9375,
      0.4675,
      0,
      0.535,
      0.0675,
      0.6025,
      0.135,
      0.67,
      0.2,
      0.7375,
      0.2675,
      0.8025,
      0.335,
      0.87,
      0.4025,
      0.9375,
      0.4675,
      0,
      0.535,
      0.0675,
      0.6025,
      0.135,
      0.67,
      0.2,
      0.7375,
      0.2675,
      0.8025,
      0.335,
      0.87,
      0.4025,
      0.9375,
      0.4675
    ],
    "SoftwareVersions": "syngo_MR_B17",
    "TaskName": "taste",
    "TotalReadoutTime": 0.0372607,
    "TrueEchoSpacing": 0.000690012,
    "dataset": "ds003424",
    "modality": "bold",
    "run_id": 3,
    "subject_id": "17",
    "task_id": "taste"
  },
  "dummy_trs": 0,
  "dvars_nstd": 45.262327371163565,
  "dvars_std": 1.1022841211129841,
  "dvars_vstd": 1.0011234294940985,
  "efc": 0.48870472533174175,
  "fber": 3533.117919921875,
  "fd_mean": 0.08675085088534122,
  "fd_num": 13,
  "fd_perc": 2.1885521885521886,
  "fwhm_avg": 1.9155756666666666,
  "fwhm_x": 1.84476,
  "fwhm_y": 2.164535,
  "fwhm_z": 1.737432,
  "gcor": 0.00721839,
  "gsr_x": -0.009714800864458084,
  "gsr_y": 0.028201201930642128,
  "provenance": {
    "md5sum": "0a248a4a9156d58be5929ccd8432d444",
    "settings": {
      "fd_thres": 0.2,
      "testing": false
    },
    "software": "mriqc",
    "version": "22.0.6",
    "webapi_port": null,
    "webapi_url": "https://mriqc.nimh.nih.gov/api/v1"
  },
  "size_t": 594,
  "size_x": 110,
  "size_y": 110,
  "size_z": 60,
  "snr": 6.844936368807193,
  "spacing_tr": 1.0,
  "spacing_x": 2.0,
  "spacing_y": 2.0,
  "spacing_z": 2.5,
  "summary_bg_k": 32.094529955401406,
  "summary_bg_mad": 6.097638807562305,
  "summary_bg_mean": 25.71973419189453,
  "summary_bg_median": 8.331649780273438,
  "summary_bg_n": 513081.0,
  "summary_bg_p05": 3.3569023609161377,
  "summary_bg_p95": 112.7323226928711,
  "summary_bg_stdv": 51.439788818359375,
  "summary_fg_k": 3.9105450388550533,
  "summary_fg_mad": 61.069995212610685,
  "summary_fg_mean": 498.1631774902344,
  "summary_fg_median": 497.312255859375,
  "summary_fg_n": 122546.0,
  "summary_fg_p05": 395.02650451660156,
  "summary_fg_p95": 612.5959625244141,
  "summary_fg_stdv": 72.65373992919922,
  "tsnr": 31.041670965612866
}