{
  "bids_meta": {
    "AccelFactPE": 2,
    "AcquisitionNumber": 1,
    "AcquisitionTime": "15:22:29.542500",
    "ConversionSoftware": "dcm2niix",
    "ConversionSoftwareVersion": "v1.0.20170624 (OpenJPEG build) MSC1900",
    "DeviceSerialNumber": "35071",
    "EchoTime": 0.00252,
    "FlipAngle": 9,
    "ImageType": [
      "ORIGINAL",
      "PRIMARY",
      "M",
      "ND",
      "NORM"
    ],
    "InstitutionAddress": "Gilbert_1_New_Haven-1763f8-_CT_US_06520",
    "InstitutionName": "Yale_University_School_of_Medicine",
    "InversionTime": 0.9,
    "MagneticFieldStrength": 3,
    "Manufacturer": "Siemens",
    "ManufacturersModelName": "TrioTim",
    "PhaseEncodingDirection": "i-",
    "PhaseEncodingLines": 246,
    "ProcedureStepDescription": "MRRC_Research_SiteProtocols",
    "ProtocolName": "t1_Sag_3D_MPRAGE",
    "RepetitionTime": 1.9,
    "ScanningSequence": "GR_IR",
    "SequenceName": "_tfl3d1_ns",
    "SequenceVariant": "SP_MP_OSP",
    "SeriesDescription": "t1_Sag_3D_MPRAGE",
    "SoftwareVersions": "syngo_MR_B17",
    "dataset": "ds003424",
    "modality": "T1w",
    "subject_id": "23"
  },
  "cjv": 0.3874885365203119,
  "cnr": 3.542369749627144,
  "efc": 0.5529057116491658,
  "fber": -1.0,
  "fwhm_avg": 4.420319386666667,
  "fwhm_x": 4.25581,
  "fwhm_y": 4.44741632,
  "fwhm_z": 4.557731840000001,
  "icvs_csf": 0.20189709245442194,
  "icvs_gm": 0.42947691147888245,
  "icvs_wm": 0.3686259960666956,
  "inu_med": 0.40340352058410645,
  "inu_range": 0.14965726733207696,
  "provenance": {
    "md5sum": "516705b2413ee6d7e342aa72b67ab3e6",
    "settings": {
      "testing": false
    },
    "software": "mriqc",
    "version": "22.0.6",
    "warnings": {
      "large_rot_frame": true,
      "small_air_mask": false
    },
    "webapi_port": null,
    "webapi_url": "https://mriqc.nimh.nih.gov/api/v1"
  },
  "qi_1": 0.0,
  "qi_2": 0.008443451430822325,
  "rpve_csf": 23.681480240986772,
  "rpve_gm": 11.818875864391838,
  "rpve_wm": 15.749321825925232,
  "size_x": 176,
  "size_y": 256,
  "size_z": 256,
  "snr_csf": 2.4693111040674536,
  "snr_gm": 15.404596332964365,
  "snr_total": 14.975782374361904,
  "snr_wm": 27.053439686053892,
  "snrd_csf": 41.19461093605571,
  "snrd_gm": 96.78432494017972,
  "snrd_total": 87.4819132301455,
  "snrd_wm": 124.46680381420104,
  "spacing_x": 1.0,
  "spacing_y": 0.9765625,
  "spacing_z": 0.9765625,
  "summary_bg_k": 10.957320165338304,
  "summary_bg_mad": 0.0,
  "summary_bg_mean": 2.641158179596466,
  "summary_bg_median": 0.0,
  "summary_bg_n": 2436879.0,
  "summary_bg_p05": 0.0,
  "summary_bg_p95": 13.973686844110489,
  "summary_bg_stdv": 5.263769660005243,
  "summary_csf_k": 8.302561425590081,
  "summary_csf_mad": 98.48742318117313,
  "summary_csf_mean": 335.95260059256526,
  "summary_csf_median": 330.98289638757706,
  "summary_csf_n": 38242.0,
  "summary_csf_p05": 91.28257185965778,
  "summary_csf_p95": 555.0348414480686,
  "summary_csf_stdv": 134.03680416582404,
  "summary_gm_k": 0.001793270629870669,
  "summary_gm_mad": 50.486756737533405,
  "summary_gm_mean": 776.910173637342,
  "summary_gm_median": 777.6249238848686,
  "summary_gm_n": 43870.0,
  "summary_gm_p05": 693.1808593869209,
  "summary_gm_p95": 858.7153035402298,
  "summary_gm_stdv": 50.47948314866478,
  "summary_wm_k": 0.4026780340617946,
  "summary_wm_mad": 35.69770678411453,
  "summary_wm_mean": 1001.9067335048749,
  "summary_wm_median": 1000.0430224835873,
  "summary_wm_n": 234383.0,
  "summary_wm_p05": 944.2772629857063,
  "summary_wm_p95": 1065.3108890354633,
  "summary_wm_stdv": 36.96538779298142,
  "tpm_overlap_csf": 0.16536467425610601,
  "tpm_overlap_gm": 0.4701726396621008,
  "tpm_overlap_wm": 0.5259883033480526,
  "wm2max": 0.44651564599731236
}