{
  "aor": 0.0002652020202020202,
  "aqi": 0.019321548821548823,
  "bids_meta": {
    "AccelFactPE": 2,
    "AcquisitionNumber": 1,
    "AcquisitionTime": "09:01:9.090000",
    "BandwidthPerPixelPhaseEncode": 26.35,
    "ConversionSoftware": "dcm2niix",
    "ConversionSoftwareVersion": "v1.0.20170624 (OpenJPEG build) MSC1900",
    "DeviceSerialNumber": "35071",
    "EchoTime": 0.03,
    "EffectiveEchoSpacing": 0.000345006,
    "FlipAngle": 60,
    "ImageType": [
      "ORIGINAL",
      "PRIMARY",
      "M",
      "MB",
      "ND",
      "NORM",
      "MOSAIC"
    ],
    "InstitutionAddress": "Gilbert_1_New_Haven-1763f8-_CT_US_06520",
    "InstitutionName": "Yale_University_School_of_Medicine",
    "MagneticFieldStrength": 3,
    "Manufacturer": "Siemens",
    "ManufacturersModelName": "TrioTim",
    "PhaseEncodingDirection": "j-",
    "PhaseEncodingLines": 110,
    "ProcedureStepDescription": "MRRC_Research_SiteProtocols",
    "ProtocolName": "mbep2d_bold_taste3(MB4iPAT2)",
    "RepetitionTime": 1,
    "ScanningSequence": "EP",
    "SequenceName": "epfid2d1_110",
    "SequenceVariant": "SK_SS",
    "SeriesDescription": "mbep2d_bold_taste3(MB4iPAT2)",
    "SliceTiming": [
      0,
      0.5375,
      0.0675,
      0.6025,
      0.135,
      0.67,
      0.2025,
      0.7375,
      0.27,
      0.805,
      0.335,
      0.87,
      0.4025,
      0.9375,
      0.47,
      0,
      0.5375,
      0.0675,
      0.6025,
      0.135,
      0.67,
      0.2025,
      0.7375,
      0.27,
      0.805,
      0.335,
      0.87,
      0.4025,
      0.9375,
      0.47,
      0,
      0.5375,
      0.0675,
      0.6025,
      0.135,
      0.67,
      0.2025,
      0.7375,
      0.27,
      0.805,
      0.335,
      0.87,
      0.4025,
      0.9375,
      0.47,
      0,
      0.5375,
      0.0675,
      0.6025,
      0.135,
      0.67,
      0.2025,
      0.7375,
      0.27,
      0.805,
      0.335,
      0.87,
      0.4025,
      0.9375,
      0.47
    ],
    "SoftwareVersions": "syngo_MR_B17",
    "TaskName": "taste",
    "TotalReadoutTime": 0.0372607,
    "TrueEchoSpacing": 0.000690012,
    "dataset": "ds003424",
    "modality": "bold",
    "run_id": 3,
    "subject_id": "20",
    "task_id": "taste"
  },
  "dummy_trs": 0,
  "dvars_nstd": 47.165387492951055,
  "dvars_std": 1.119688706526139,
  "dvars_vstd": 1.0035297987689715,
  "efc": 0.5051178396541632,
  "fber": 2915.853271484375,
  "fd_mean": 0.09383095582637233,
  "fd_num": 51,
  "fd_perc": 8.585858585858587,
  "fwhm_avg": 2.004606,
  "fwhm_x": 1.894695,
  "fwhm_y": 2.284135,
  "fwhm_z": 1.8349879999999998,
  "gcor": 0.0119696,
  "gsr_x": -0.02348925918340683,
  "gsr_y": 0.04308659955859184,
  "provenance": {
    "md5sum": "3a70f892250732c196c27027a48bc0f9",
    "settings": {
      "fd_thres": 0.2,
      "testing": false
    },
    "software": "mriqc",
    "version": "22.0.6",
    "webapi_port": null,
    "webapi_url": "https://mriqc.nimh.nih.gov/api/v1"
  },
  "size_t": 594,
  "size_x": 110,
  "size_y": 110,
  "size_z": 60,
  "snr": 6.07961769011324,
  "spacing_tr": 1.0,
  "spacing_x": 2.0,
  "spacing_y": 2.0,
  "spacing_z": 2.5,
  "summary_bg_k": 12.839189050482265,
  "summary_bg_mad": 8.224199422598657,
  "summary_bg_mean": 36.746490478515625,
  "summary_bg_median": 9.867003440856934,
  "summary_bg_n": 516283.0,
  "summary_bg_p05": 2.6700336933135986,
  "summary_bg_p95": 196.113798522949,
  "summary_bg_stdv": 67.57654571533203,
  "summary_fg_k": 2.4371307389056724,
  "summary_fg_mad": 78.14614045154889,
  "summary_fg_mean": 537.189208984375,
  "summary_fg_median": 539.968017578125,
  "summary_fg_n": 119549.0,
  "summary_fg_p05": 395.586181640625,
  "summary_fg_p95": 672.3306274414061,
  "summary_fg_stdv": 88.81574249267578,
  "tsnr": 32.04153403756209
}