{
  "aor": 0.0004291414141414141,
  "aqi": 0.02228074074074074,
  "bids_meta": {
    "AccelFactPE": 2,
    "AcquisitionNumber": 1,
    "AcquisitionTime": "08:27:10.332500",
    "BandwidthPerPixelPhaseEncode": 26.35,
    "ConversionSoftware": "dcm2niix",
    "ConversionSoftwareVersion": "v1.0.20170624 (OpenJPEG build) MSC1900",
    "DeviceSerialNumber": "35071",
    "EchoTime": 0.03,
    "EffectiveEchoSpacing": 0.000345006,
    "FlipAngle": 60,
    "ImageType": [
      "ORIGINAL",
      "PRIMARY",
      "M",
      "MB",
      "ND",
      "NORM",
      "MOSAIC"
    ],
    "InstitutionAddress": "Gilbert_1_New_Haven-1763f8-_CT_US_06520",
    "InstitutionName": "Yale_University_School_of_Medicine",
    "MagneticFieldStrength": 3,
    "Manufacturer": "Siemens",
    "ManufacturersModelName": "TrioTim",
    "PhaseEncodingDirection": "j-",
    "PhaseEncodingLines": 110,
    "ProcedureStepDescription": "MRRC_Research_SiteProtocols",
    "ProtocolName": "mbep2d_bold_taste1(MB4iPAT2)",
    "RepetitionTime": 1,
    "ScanningSequence": "EP",
    "SequenceName": "epfid2d1_110",
    "SequenceVariant": "SK_SS",
    "SeriesDescription": "mbep2d_bold_taste1(MB4iPAT2)",
    "SliceTiming": [
      0,
      0.535,
      0.0675,
      0.6025,
      0.135,
      0.67,
      0.2025,
      0.7375,
      0.2675,
      0.8025,
      0.335,
      0.87,
      0.4025,
      0.9375,
      0.47,
      0,
      0.535,
      0.0675,
      0.6025,
      0.135,
      0.67,
      0.2025,
      0.7375,
      0.2675,
      0.8025,
      0.335,
      0.87,
      0.4025,
      0.9375,
      0.47,
      0,
      0.535,
      0.0675,
      0.6025,
      0.135,
      0.67,
      0.2025,
      0.7375,
      0.2675,
      0.8025,
      0.335,
      0.87,
      0.4025,
      0.9375,
      0.47,
      0,
      0.535,
      0.0675,
      0.6025,
      0.135,
      0.67,
      0.2025,
      0.7375,
      0.2675,
      0.8025,
      0.335,
      0.87,
      0.4025,
      0.9375,
      0.47
    ],
    "SoftwareVersions": "syngo_MR_B17",
    "TaskName": "taste",
    "TotalReadoutTime": 0.0372607,
    "TrueEchoSpacing": 0.000690012,
    "dataset": "ds003424",
    "modality": "bold",
    "run_id": 1,
    "subject_id": "20",
    "task_id": "taste"
  },
  "dummy_trs": 0,
  "dvars_nstd": 46.77827549463741,
  "dvars_std": 1.114299601905565,
  "dvars_vstd": 0.9967394754806047,
  "efc": 0.49999776498939563,
  "fber": 3403.84521484375,
  "fd_mean": 0.12247308777919033,
  "fd_num": 100,
  "fd_perc": 16.835016835016834,
  "fwhm_avg": 2.018724333333333,
  "fwhm_x": 1.89719,
  "fwhm_y": 2.303875,
  "fwhm_z": 1.855108,
  "gcor": 0.00399473,
  "gsr_x": -0.022922296077013016,
  "gsr_y": 0.040783949196338654,
  "provenance": {
    "md5sum": "edad356d2105e8709b68f555db3ce273",
    "settings": {
      "fd_thres": 0.2,
      "testing": false
    },
    "software": "mriqc",
    "version": "22.0.6",
    "webapi_port": null,
    "webapi_url": "https://mriqc.nimh.nih.gov/api/v1"
  },
  "size_t": 594,
  "size_x": 110,
  "size_y": 110,
  "size_z": 60,
  "snr": 6.147366252206643,
  "spacing_tr": 1.0,
  "spacing_x": 2.0,
  "spacing_y": 2.0,
  "spacing_z": 2.5,
  "summary_bg_k": 13.505652971880728,
  "summary_bg_mad": 7.807372372846425,
  "summary_bg_mean": 34.80302810668945,
  "summary_bg_median": 9.25084114074707,
  "summary_bg_n": 515916.0,
  "summary_bg_p05": 2.3535354137420654,
  "summary_bg_p95": 185.0757598876953,
  "summary_bg_stdv": 64.63558197021484,
  "summary_fg_k": 2.550249603141747,
  "summary_fg_mad": 78.24844036658921,
  "summary_fg_mean": 543.2511596679688,
  "summary_fg_median": 546.0757446289062,
  "summary_fg_n": 119683.0,
  "summary_fg_p05": 402.7452880859375,
  "summary_fg_p95": 677.69189453125,
  "summary_fg_stdv": 88.83047485351562,
  "tsnr": 31.209569276310503
}