{
  "aor": 0.0004044999999999999,
  "aqi": 0.018716165555555556,
  "bids_meta": {
    "AccelFactPE": 2,
    "AcquisitionNumber": 1,
    "AcquisitionTime": "08:54:9.987500",
    "BandwidthPerPixelPhaseEncode": 26.35,
    "ConversionSoftware": "dcm2niix",
    "ConversionSoftwareVersion": "v1.0.20170624 (OpenJPEG build) MSC1900",
    "DeviceSerialNumber": "35071",
    "EchoTime": 0.03,
    "EffectiveEchoSpacing": 0.000345006,
    "FlipAngle": 60,
    "ImageType": [
      "ORIGINAL",
      "PRIMARY",
      "M",
      "MB",
      "ND",
      "NORM",
      "MOSAIC"
    ],
    "InstitutionAddress": "Gilbert_1_New_Haven-1763f8-_CT_US_06520",
    "InstitutionName": "Yale_University_School_of_Medicine",
    "MagneticFieldStrength": 3,
    "Manufacturer": "Siemens",
    "ManufacturersModelName": "TrioTim",
    "PhaseEncodingDirection": "j-",
    "PhaseEncodingLines": 110,
    "ProcedureStepDescription": "MRRC_Research_SiteProtocols",
    "ProtocolName": "mbep2d_bold_resting(MB4iPAT2)",
    "RepetitionTime": 1,
    "ScanningSequence": "EP",
    "SequenceName": "epfid2d1_110",
    "SequenceVariant": "SK_SS",
    "SeriesDescription": "mbep2d_bold_resting(MB4iPAT2)",
    "SliceTiming": [
      0,
      0.535,
      0.0675,
      0.6025,
      0.1325,
      0.6675,
      0.2,
      0.735,
      0.2675,
      0.8025,
      0.335,
      0.87,
      0.4,
      0.935,
      0.4675,
      0,
      0.535,
      0.0675,
      0.6025,
      0.1325,
      0.6675,
      0.2,
      0.735,
      0.2675,
      0.8025,
      0.335,
      0.87,
      0.4,
      0.935,
      0.4675,
      0,
      0.535,
      0.0675,
      0.6025,
      0.1325,
      0.6675,
      0.2,
      0.735,
      0.2675,
      0.8025,
      0.335,
      0.87,
      0.4,
      0.935,
      0.4675,
      0,
      0.535,
      0.0675,
      0.6025,
      0.1325,
      0.6675,
      0.2,
      0.735,
      0.2675,
      0.8025,
      0.335,
      0.87,
      0.4,
      0.935,
      0.4675
    ],
    "SoftwareVersions": "syngo_MR_B17",
    "TaskName": "rest",
    "TotalReadoutTime": 0.0372607,
    "TrueEchoSpacing": 0.000690012,
    "dataset": "ds003424",
    "modality": "bold",
    "subject_id": "20",
    "task_id": "resting"
  },
  "dummy_trs": 0,
  "dvars_nstd": 45.99870866660169,
  "dvars_std": 1.1181872686350975,
  "dvars_vstd": 1.0017276707520888,
  "efc": 0.5035882080591041,
  "fber": 2995.654296875,
  "fd_mean": 0.05522686328782403,
  "fd_num": 8,
  "fd_perc": 2.2222222222222223,
  "fwhm_avg": 2.010461333333333,
  "fwhm_x": 1.899745,
  "fwhm_y": 2.287455,
  "fwhm_z": 1.8441839999999998,
  "gcor": 0.0106417,
  "gsr_x": -0.022752348333597183,
  "gsr_y": 0.041291214525699615,
  "provenance": {
    "md5sum": "3c6b3ddbac7f23919771c7685fb1b5d6",
    "settings": {
      "fd_thres": 0.2,
      "testing": false
    },
    "software": "mriqc",
    "version": "22.0.6",
    "webapi_port": null,
    "webapi_url": "https://mriqc.nimh.nih.gov/api/v1"
  },
  "size_t": 360,
  "size_x": 110,
  "size_y": 110,
  "size_z": 60,
  "snr": 6.0399052469936025,
  "spacing_tr": 1.0,
  "spacing_x": 2.0,
  "spacing_y": 2.0,
  "spacing_z": 2.5,
  "summary_bg_k": 13.014967292819335,
  "summary_bg_mad": 8.059590189143448,
  "summary_bg_mean": 36.055870056152344,
  "summary_bg_median": 9.741666793823242,
  "summary_bg_n": 516020.0,
  "summary_bg_p05": 2.6194446086883545,
  "summary_bg_p95": 192.8502838134765,
  "summary_bg_stdv": 66.34344482421875,
  "summary_fg_k": 2.505263278449279,
  "summary_fg_mad": 78.44405897900708,
  "summary_fg_mean": 536.8773803710938,
  "summary_fg_median": 539.9944458007812,
  "summary_fg_n": 119772.0,
  "summary_fg_p05": 393.95015106201174,
  "summary_fg_p95": 671.9249877929688,
  "summary_fg_stdv": 89.40408325195312,
  "tsnr": 32.783041595947
}