{
  "aor": 0.00016156565656565657,
  "aqi": 0.02704651548821549,
  "bids_meta": {
    "AccelFactPE": 2,
    "AcquisitionNumber": 1,
    "AcquisitionTime": "11:46:27.087500",
    "BandwidthPerPixelPhaseEncode": 26.35,
    "ConversionSoftware": "dcm2niix",
    "ConversionSoftwareVersion": "v1.0.20170624 (OpenJPEG build) MSC1900",
    "DeviceSerialNumber": "35071",
    "EchoTime": 0.03,
    "EffectiveEchoSpacing": 0.000345006,
    "FlipAngle": 60,
    "ImageType": [
      "ORIGINAL",
      "PRIMARY",
      "M",
      "MB",
      "ND",
      "NORM",
      "MOSAIC"
    ],
    "InstitutionAddress": "Gilbert_1_New_Haven-1763f8-_CT_US_06520",
    "InstitutionName": "Yale_University_School_of_Medicine",
    "MagneticFieldStrength": 3,
    "Manufacturer": "Siemens",
    "ManufacturersModelName": "TrioTim",
    "PhaseEncodingDirection": "j-",
    "PhaseEncodingLines": 110,
    "ProcedureStepDescription": "MRRC_Research_SiteProtocols",
    "ProtocolName": "mbep2d_bold_taste4(MB4iPAT2)",
    "RepetitionTime": 1,
    "ScanningSequence": "EP",
    "SequenceName": "epfid2d1_110",
    "SequenceVariant": "SK_SS",
    "SeriesDescription": "mbep2d_bold_taste4(MB4iPAT2)",
    "SliceTiming": [
      0,
      0.5375,
      0.0675,
      0.6025,
      0.135,
      0.67,
      0.2025,
      0.7375,
      0.27,
      0.805,
      0.335,
      0.87,
      0.4025,
      0.9375,
      0.47,
      0,
      0.5375,
      0.0675,
      0.6025,
      0.135,
      0.67,
      0.2025,
      0.7375,
      0.27,
      0.805,
      0.335,
      0.87,
      0.4025,
      0.9375,
      0.47,
      0,
      0.5375,
      0.0675,
      0.6025,
      0.135,
      0.67,
      0.2025,
      0.7375,
      0.27,
      0.805,
      0.335,
      0.87,
      0.4025,
      0.9375,
      0.47,
      0,
      0.5375,
      0.0675,
      0.6025,
      0.135,
      0.67,
      0.2025,
      0.7375,
      0.27,
      0.805,
      0.335,
      0.87,
      0.4025,
      0.9375,
      0.47
    ],
    "SoftwareVersions": "syngo_MR_B17",
    "TaskName": "taste",
    "TotalReadoutTime": 0.0372607,
    "TrueEchoSpacing": 0.000690012,
    "dataset": "ds003424",
    "modality": "bold",
    "run_id": 4,
    "subject_id": "06",
    "task_id": "taste"
  },
  "dummy_trs": 0,
  "dvars_nstd": 46.519144215683,
  "dvars_std": 1.1265608273861722,
  "dvars_vstd": 1.0011719978920752,
  "efc": 0.48727339747169346,
  "fber": 3779.173828125,
  "fd_mean": 0.08185545455035936,
  "fd_num": 8,
  "fd_perc": 1.3468013468013469,
  "fwhm_avg": 1.8088673333333334,
  "fwhm_x": 1.79097,
  "fwhm_y": 1.97752,
  "fwhm_z": 1.6581119999999998,
  "gcor": 0.00678027,
  "gsr_x": -0.015349039807915688,
  "gsr_y": 0.025931376963853836,
  "provenance": {
    "md5sum": "e15933bc4b58c6c67a8a0911316e6ff5",
    "settings": {
      "fd_thres": 0.2,
      "testing": false
    },
    "software": "mriqc",
    "version": "22.0.6",
    "webapi_port": null,
    "webapi_url": "https://mriqc.nimh.nih.gov/api/v1"
  },
  "size_t": 594,
  "size_x": 110,
  "size_y": 110,
  "size_z": 60,
  "snr": 6.733764370475249,
  "spacing_tr": 1.0,
  "spacing_x": 2.0,
  "spacing_y": 2.0,
  "spacing_z": 2.5,
  "summary_bg_k": 22.60262978571512,
  "summary_bg_mad": 5.49361515783052,
  "summary_bg_mean": 25.39768409729004,
  "summary_bg_median": 7.993265628814697,
  "summary_bg_n": 511334.0,
  "summary_bg_p05": 3.4360268115997314,
  "summary_bg_p95": 117.88459320068333,
  "summary_bg_stdv": 51.3671875,
  "summary_fg_k": 4.163291128394448,
  "summary_fg_mad": 61.822494565548794,
  "summary_fg_mean": 495.383056640625,
  "summary_fg_median": 494.60015869140625,
  "summary_fg_n": 123588.0,
  "summary_fg_p05": 391.935270690918,
  "summary_fg_p95": 610.0638610839843,
  "summary_fg_stdv": 73.45046997070312,
  "tsnr": 34.30796978250146
}