{
  "aor": 0.00024877437325905295,
  "aqi": 0.025340811699164342,
  "bids_meta": {
    "AccelFactPE": 2,
    "AcquisitionNumber": 1,
    "AcquisitionTime": "11:19:14.415000",
    "BandwidthPerPixelPhaseEncode": 26.35,
    "ConversionSoftware": "dcm2niix",
    "ConversionSoftwareVersion": "v1.0.20170624 (OpenJPEG build) MSC1900",
    "DeviceSerialNumber": "35071",
    "EchoTime": 0.03,
    "EffectiveEchoSpacing": 0.000345006,
    "FlipAngle": 60,
    "ImageType": [
      "ORIGINAL",
      "PRIMARY",
      "M",
      "MB",
      "ND",
      "NORM",
      "MOSAIC"
    ],
    "InstitutionAddress": "Gilbert_1_New_Haven-1763f8-_CT_US_06520",
    "InstitutionName": "Yale_University_School_of_Medicine",
    "MagneticFieldStrength": 3,
    "Manufacturer": "Siemens",
    "ManufacturersModelName": "TrioTim",
    "PhaseEncodingDirection": "j-",
    "PhaseEncodingLines": 110,
    "ProcedureStepDescription": "MRRC_Research_SiteProtocols",
    "ProtocolName": "mbep2d_bold_resting(MB4iPAT2)",
    "RepetitionTime": 1,
    "ScanningSequence": "EP",
    "SequenceName": "epfid2d1_110",
    "SequenceVariant": "SK_SS",
    "SeriesDescription": "mbep2d_bold_resting(MB4iPAT2)",
    "SliceTiming": [
      0,
      0.535,
      0.065,
      0.6025,
      0.1325,
      0.6675,
      0.2,
      0.735,
      0.2675,
      0.8025,
      0.335,
      0.87,
      0.4,
      0.935,
      0.4675,
      0,
      0.535,
      0.065,
      0.6025,
      0.1325,
      0.6675,
      0.2,
      0.735,
      0.2675,
      0.8025,
      0.335,
      0.87,
      0.4,
      0.935,
      0.4675,
      0,
      0.535,
      0.065,
      0.6025,
      0.1325,
      0.6675,
      0.2,
      0.735,
      0.2675,
      0.8025,
      0.335,
      0.87,
      0.4,
      0.935,
      0.4675,
      0,
      0.535,
      0.065,
      0.6025,
      0.1325,
      0.6675,
      0.2,
      0.735,
      0.2675,
      0.8025,
      0.335,
      0.87,
      0.4,
      0.935,
      0.4675
    ],
    "SoftwareVersions": "syngo_MR_B17",
    "TaskName": "rest",
    "TotalReadoutTime": 0.0372607,
    "TrueEchoSpacing": 0.000690012,
    "dataset": "ds003424",
    "modality": "bold",
    "subject_id": "06",
    "task_id": "resting"
  },
  "dummy_trs": 1,
  "dvars_nstd": 46.56395602078217,
  "dvars_std": 1.1369897606703907,
  "dvars_vstd": 1.0019499451396647,
  "efc": 0.4827107877888796,
  "fber": 4052.567626953125,
  "fd_mean": 0.07689205069239863,
  "fd_num": 1,
  "fd_perc": 0.2785515320334262,
  "fwhm_avg": 1.802103,
  "fwhm_x": 1.780115,
  "fwhm_y": 1.97037,
  "fwhm_z": 1.6558240000000002,
  "gcor": 0.00398373,
  "gsr_x": -0.0144640002399683,
  "gsr_y": 0.021076815202832222,
  "provenance": {
    "md5sum": "e6bf6df5e6000869dc9948a9421b1a9f",
    "settings": {
      "fd_thres": 0.2,
      "testing": false
    },
    "software": "mriqc",
    "version": "22.0.6",
    "webapi_port": null,
    "webapi_url": "https://mriqc.nimh.nih.gov/api/v1"
  },
  "size_t": 359,
  "size_x": 110,
  "size_y": 110,
  "size_z": 60,
  "snr": 6.725461276191082,
  "spacing_tr": 1.0,
  "spacing_x": 2.0,
  "spacing_y": 2.0,
  "spacing_z": 2.5,
  "summary_bg_k": 24.124818428072402,
  "summary_bg_mad": 5.174653264113686,
  "summary_bg_mean": 23.509145736694336,
  "summary_bg_median": 7.699164390563965,
  "summary_bg_n": 511097.0,
  "summary_bg_p05": 3.3593313694000244,
  "summary_bg_p95": 106.189971923828,
  "summary_bg_stdv": 47.53307342529297,
  "summary_fg_k": 4.31049513208303,
  "summary_fg_mad": 61.46813236537375,
  "summary_fg_mean": 494.20166015625,
  "summary_fg_median": 493.5932922363281,
  "summary_fg_n": 123679.0,
  "summary_fg_p05": 390.1350830078125,
  "summary_fg_p95": 607.8813049316406,
  "summary_fg_stdv": 73.39144134521484,
  "tsnr": 36.03816342074424
}