{
  "aor": 0.000194983164983165,
  "aqi": 0.02653871717171717,
  "bids_meta": {
    "AccelFactPE": 2,
    "AcquisitionNumber": 1,
    "AcquisitionTime": "11:26:37.377500",
    "BandwidthPerPixelPhaseEncode": 26.35,
    "ConversionSoftware": "dcm2niix",
    "ConversionSoftwareVersion": "v1.0.20170624 (OpenJPEG build) MSC1900",
    "DeviceSerialNumber": "35071",
    "EchoTime": 0.03,
    "EffectiveEchoSpacing": 0.000345006,
    "FlipAngle": 60,
    "ImageType": [
      "ORIGINAL",
      "PRIMARY",
      "M",
      "MB",
      "ND",
      "NORM",
      "MOSAIC"
    ],
    "InstitutionAddress": "Gilbert_1_New_Haven-1763f8-_CT_US_06520",
    "InstitutionName": "Yale_University_School_of_Medicine",
    "MagneticFieldStrength": 3,
    "Manufacturer": "Siemens",
    "ManufacturersModelName": "TrioTim",
    "PhaseEncodingDirection": "j-",
    "PhaseEncodingLines": 110,
    "ProcedureStepDescription": "MRRC_Research_SiteProtocols",
    "ProtocolName": "mbep2d_bold_taste3(MB4iPAT2)",
    "RepetitionTime": 1,
    "ScanningSequence": "EP",
    "SequenceName": "epfid2d1_110",
    "SequenceVariant": "SK_SS",
    "SeriesDescription": "mbep2d_bold_taste3(MB4iPAT2)",
    "SliceTiming": [
      0,
      0.535,
      0.0675,
      0.6025,
      0.135,
      0.67,
      0.2025,
      0.7375,
      0.2675,
      0.805,
      0.335,
      0.87,
      0.4025,
      0.9375,
      0.47,
      0,
      0.535,
      0.0675,
      0.6025,
      0.135,
      0.67,
      0.2025,
      0.7375,
      0.2675,
      0.805,
      0.335,
      0.87,
      0.4025,
      0.9375,
      0.47,
      0,
      0.535,
      0.0675,
      0.6025,
      0.135,
      0.67,
      0.2025,
      0.7375,
      0.2675,
      0.805,
      0.335,
      0.87,
      0.4025,
      0.9375,
      0.47,
      0,
      0.535,
      0.0675,
      0.6025,
      0.135,
      0.67,
      0.2025,
      0.7375,
      0.2675,
      0.805,
      0.335,
      0.87,
      0.4025,
      0.9375,
      0.47
    ],
    "SoftwareVersions": "syngo_MR_B17",
    "TaskName": "taste",
    "TotalReadoutTime": 0.0372607,
    "TrueEchoSpacing": 0.000690012,
    "dataset": "ds003424",
    "modality": "bold",
    "run_id": 3,
    "subject_id": "06",
    "task_id": "taste"
  },
  "dummy_trs": 0,
  "dvars_nstd": 46.789259770691366,
  "dvars_std": 1.1310101731703202,
  "dvars_vstd": 1.0039526422428324,
  "efc": 0.48488209011385214,
  "fber": 3891.20849609375,
  "fd_mean": 0.09120386375229095,
  "fd_num": 26,
  "fd_perc": 4.377104377104377,
  "fwhm_avg": 1.8114963333333334,
  "fwhm_x": 1.79388,
  "fwhm_y": 1.978085,
  "fwhm_z": 1.6625240000000001,
  "gcor": 0.00939262,
  "gsr_x": -0.015435118228197098,
  "gsr_y": 0.02486688457429409,
  "provenance": {
    "md5sum": "66930ffbb4e791d3ccc19639aef1c266",
    "settings": {
      "fd_thres": 0.2,
      "testing": false
    },
    "software": "mriqc",
    "version": "22.0.6",
    "webapi_port": null,
    "webapi_url": "https://mriqc.nimh.nih.gov/api/v1"
  },
  "size_t": 594,
  "size_x": 110,
  "size_y": 110,
  "size_z": 60,
  "snr": 6.723782593597607,
  "spacing_tr": 1.0,
  "spacing_x": 2.0,
  "spacing_y": 2.0,
  "spacing_z": 2.5,
  "summary_bg_k": 23.724547220847178,
  "summary_bg_mad": 5.343857736454913,
  "summary_bg_mean": 24.40785789489746,
  "summary_bg_median": 7.865319728851318,
  "summary_bg_n": 511074.0,
  "summary_bg_p05": 3.4006733894348145,
  "summary_bg_p95": 111.83955917358391,
  "summary_bg_stdv": 49.450660705566406,
  "summary_fg_k": 4.211910564208305,
  "summary_fg_mad": 61.92488497144718,
  "summary_fg_mean": 494.9843444824219,
  "summary_fg_median": 494.3299560546875,
  "summary_fg_n": 123793.0,
  "summary_fg_p05": 390.6720458984375,
  "summary_fg_p95": 608.9902221679687,
  "summary_fg_stdv": 73.51932525634766,
  "tsnr": 34.72475051670335
}