{
  "aor": 0.0001661952861952862,
  "aqi": 0.02837042962962963,
  "bids_meta": {
    "AccelFactPE": 2,
    "AcquisitionNumber": 1,
    "AcquisitionTime": "10:51:47.027500",
    "BandwidthPerPixelPhaseEncode": 26.35,
    "ConversionSoftware": "dcm2niix",
    "ConversionSoftwareVersion": "v1.0.20170624 (OpenJPEG build) MSC1900",
    "DeviceSerialNumber": "35071",
    "EchoTime": 0.03,
    "EffectiveEchoSpacing": 0.000345006,
    "FlipAngle": 60,
    "ImageType": [
      "ORIGINAL",
      "PRIMARY",
      "M",
      "MB",
      "ND",
      "NORM",
      "MOSAIC"
    ],
    "InstitutionAddress": "Gilbert_1_New_Haven-1763f8-_CT_US_06520",
    "InstitutionName": "Yale_University_School_of_Medicine",
    "MagneticFieldStrength": 3,
    "Manufacturer": "Siemens",
    "ManufacturersModelName": "TrioTim",
    "PhaseEncodingDirection": "j-",
    "PhaseEncodingLines": 110,
    "ProcedureStepDescription": "MRRC_Research_SiteProtocols",
    "ProtocolName": "mbep2d_bold_taste1(MB4iPAT2)",
    "RepetitionTime": 1,
    "ScanningSequence": "EP",
    "SequenceName": "epfid2d1_110",
    "SequenceVariant": "SK_SS",
    "SeriesDescription": "mbep2d_bold_taste1(MB4iPAT2)",
    "SliceTiming": [
      0,
      0.535,
      0.0675,
      0.6025,
      0.1325,
      0.67,
      0.2,
      0.735,
      0.2675,
      0.8025,
      0.335,
      0.87,
      0.4025,
      0.9375,
      0.4675,
      0,
      0.535,
      0.0675,
      0.6025,
      0.1325,
      0.67,
      0.2,
      0.735,
      0.2675,
      0.8025,
      0.335,
      0.87,
      0.4025,
      0.9375,
      0.4675,
      0,
      0.535,
      0.0675,
      0.6025,
      0.1325,
      0.67,
      0.2,
      0.735,
      0.2675,
      0.8025,
      0.335,
      0.87,
      0.4025,
      0.9375,
      0.4675,
      0,
      0.535,
      0.0675,
      0.6025,
      0.1325,
      0.67,
      0.2,
      0.735,
      0.2675,
      0.8025,
      0.335,
      0.87,
      0.4025,
      0.9375,
      0.4675
    ],
    "SoftwareVersions": "syngo_MR_B17",
    "TaskName": "taste",
    "TotalReadoutTime": 0.0372607,
    "TrueEchoSpacing": 0.000690012,
    "dataset": "ds003424",
    "modality": "bold",
    "run_id": 1,
    "subject_id": "06",
    "task_id": "taste"
  },
  "dummy_trs": 0,
  "dvars_nstd": 45.88208769477238,
  "dvars_std": 1.1264703793423265,
  "dvars_vstd": 0.9935206040134912,
  "efc": 0.4790822971396594,
  "fber": 4600.01904296875,
  "fd_mean": 0.08609469944821482,
  "fd_num": 9,
  "fd_perc": 1.5151515151515151,
  "fwhm_avg": 1.8017940000000001,
  "fwhm_x": 1.76933,
  "fwhm_y": 1.97574,
  "fwhm_z": 1.660312,
  "gcor": 0.00567453,
  "gsr_x": -0.014896892942488194,
  "gsr_y": 0.021904058754444122,
  "provenance": {
    "md5sum": "565e30664e5c33f2316c8c3ee7412cd3",
    "settings": {
      "fd_thres": 0.2,
      "testing": false
    },
    "software": "mriqc",
    "version": "22.0.6",
    "webapi_port": null,
    "webapi_url": "https://mriqc.nimh.nih.gov/api/v1"
  },
  "size_t": 594,
  "size_x": 110,
  "size_y": 110,
  "size_z": 60,
  "snr": 6.822854326696401,
  "spacing_tr": 1.0,
  "spacing_x": 2.0,
  "spacing_y": 2.0,
  "spacing_z": 2.5,
  "summary_bg_k": 25.232397808509607,
  "summary_bg_mad": 4.804729464191105,
  "summary_bg_mean": 22.522592544555664,
  "summary_bg_median": 7.245790958404541,
  "summary_bg_n": 511143.0,
  "summary_bg_p05": 3.1818180084228516,
  "summary_bg_p95": 101.26700363159156,
  "summary_bg_stdv": 46.920528411865234,
  "summary_fg_k": 4.252770937385614,
  "summary_fg_mad": 60.45970224311872,
  "summary_fg_mean": 495.7304992675781,
  "summary_fg_median": 494.8636169433594,
  "summary_fg_n": 123657.0,
  "summary_fg_p05": 392.41649169921874,
  "summary_fg_p95": 608.2232299804688,
  "summary_fg_stdv": 72.52999877929688,
  "tsnr": 34.32891056360677
}