{
  "aor": 0.0002112962962962963,
  "aqi": 0.029790118181818183,
  "bids_meta": {
    "AccelFactPE": 2,
    "AcquisitionNumber": 1,
    "AcquisitionTime": "11:07:7.737500",
    "BandwidthPerPixelPhaseEncode": 26.35,
    "ConversionSoftware": "dcm2niix",
    "ConversionSoftwareVersion": "v1.0.20170624 (OpenJPEG build) MSC1900",
    "DeviceSerialNumber": "35071",
    "EchoTime": 0.03,
    "EffectiveEchoSpacing": 0.000345006,
    "FlipAngle": 60,
    "ImageType": [
      "ORIGINAL",
      "PRIMARY",
      "M",
      "MB",
      "ND",
      "NORM",
      "MOSAIC"
    ],
    "InstitutionAddress": "Gilbert_1_New_Haven-1763f8-_CT_US_06520",
    "InstitutionName": "Yale_University_School_of_Medicine",
    "MagneticFieldStrength": 3,
    "Manufacturer": "Siemens",
    "ManufacturersModelName": "TrioTim",
    "PhaseEncodingDirection": "j-",
    "PhaseEncodingLines": 110,
    "ProcedureStepDescription": "MRRC_Research_SiteProtocols",
    "ProtocolName": "mbep2d_bold_taste2(MB4iPAT2)",
    "RepetitionTime": 1,
    "ScanningSequence": "EP",
    "SequenceName": "epfid2d1_110",
    "SequenceVariant": "SK_SS",
    "SeriesDescription": "mbep2d_bold_taste2(MB4iPAT2)",
    "SliceTiming": [
      0,
      0.535,
      0.0675,
      0.6025,
      0.1325,
      0.6675,
      0.2,
      0.735,
      0.2675,
      0.8025,
      0.335,
      0.87,
      0.4,
      0.935,
      0.4675,
      0,
      0.535,
      0.0675,
      0.6025,
      0.1325,
      0.6675,
      0.2,
      0.735,
      0.2675,
      0.8025,
      0.335,
      0.87,
      0.4,
      0.935,
      0.4675,
      0,
      0.535,
      0.0675,
      0.6025,
      0.1325,
      0.6675,
      0.2,
      0.735,
      0.2675,
      0.8025,
      0.335,
      0.87,
      0.4,
      0.935,
      0.4675,
      0,
      0.535,
      0.0675,
      0.6025,
      0.1325,
      0.6675,
      0.2,
      0.735,
      0.2675,
      0.8025,
      0.335,
      0.87,
      0.4,
      0.935,
      0.4675
    ],
    "SoftwareVersions": "syngo_MR_B17",
    "TaskName": "taste",
    "TotalReadoutTime": 0.0372607,
    "TrueEchoSpacing": 0.000690012,
    "dataset": "ds003424",
    "modality": "bold",
    "run_id": 2,
    "subject_id": "06",
    "task_id": "taste"
  },
  "dummy_trs": 0,
  "dvars_nstd": 46.347716429696504,
  "dvars_std": 1.1294836816694782,
  "dvars_vstd": 0.9974527045531195,
  "efc": 0.4817815945579906,
  "fber": 4285.6875,
  "fd_mean": 0.08634691935971339,
  "fd_num": 19,
  "fd_perc": 3.1986531986531985,
  "fwhm_avg": 1.8134653333333335,
  "fwhm_x": 1.783865,
  "fwhm_y": 1.982595,
  "fwhm_z": 1.673936,
  "gcor": 0.00658071,
  "gsr_x": -0.015154022723436356,
  "gsr_y": 0.023565320298075676,
  "provenance": {
    "md5sum": "0d1511bf88a338f48b1338ea97b86671",
    "settings": {
      "fd_thres": 0.2,
      "testing": false
    },
    "software": "mriqc",
    "version": "22.0.6",
    "webapi_port": null,
    "webapi_url": "https://mriqc.nimh.nih.gov/api/v1"
  },
  "size_t": 594,
  "size_x": 110,
  "size_y": 110,
  "size_z": 60,
  "snr": 6.773643477733173,
  "spacing_tr": 1.0,
  "spacing_x": 2.0,
  "spacing_y": 2.0,
  "spacing_z": 2.5,
  "summary_bg_k": 24.595663923925354,
  "summary_bg_mad": 5.031862224889279,
  "summary_bg_mean": 23.373952865600586,
  "summary_bg_median": 7.503366947174072,
  "summary_bg_n": 511155.0,
  "summary_bg_p05": 3.2760941982269287,
  "summary_bg_p95": 105.60538711547848,
  "summary_bg_stdv": 48.221832275390625,
  "summary_fg_k": 4.154202130982511,
  "summary_fg_mad": 61.006334893963306,
  "summary_fg_mean": 495.4082946777344,
  "summary_fg_median": 494.56903076171875,
  "summary_fg_n": 123714.0,
  "summary_fg_p05": 391.48636322021486,
  "summary_fg_p95": 608.7542755126952,
  "summary_fg_stdv": 73.01344299316406,
  "tsnr": 33.06775610439945
}