{
  "bids_meta": {
    "AccelFactPE": 2,
    "AcquisitionNumber": 1,
    "AcquisitionTime": "08:55:11.177500",
    "ConversionSoftware": "dcm2niix",
    "ConversionSoftwareVersion": "v1.0.20170624 (OpenJPEG build) MSC1900",
    "DeviceSerialNumber": "35071",
    "EchoTime": 0.00252,
    "FlipAngle": 9,
    "ImageType": [
      "ORIGINAL",
      "PRIMARY",
      "M",
      "ND",
      "NORM"
    ],
    "InstitutionAddress": "Gilbert_1_New_Haven-1763f8-_CT_US_06520",
    "InstitutionName": "Yale_University_School_of_Medicine",
    "InversionTime": 0.9,
    "MagneticFieldStrength": 3,
    "Manufacturer": "Siemens",
    "ManufacturersModelName": "TrioTim",
    "PhaseEncodingDirection": "i-",
    "PhaseEncodingLines": 246,
    "ProcedureStepDescription": "MRRC_Research_SiteProtocols",
    "ProtocolName": "t1_Sag_3D_MPRAGE",
    "RepetitionTime": 1.9,
    "ScanningSequence": "GR_IR",
    "SequenceName": "_tfl3d1_ns",
    "SequenceVariant": "SP_MP_OSP",
    "SeriesDescription": "t1_Sag_3D_MPRAGE",
    "SoftwareVersions": "syngo_MR_B17",
    "dataset": "ds003424",
    "modality": "T1w",
    "subject_id": "28"
  },
  "cjv": 0.3518992618122486,
  "cnr": 3.785705082842727,
  "efc": 0.6127378896252917,
  "fber": -1.0,
  "fwhm_avg": 4.427508426666667,
  "fwhm_x": 4.29158,
  "fwhm_y": 4.580915200000001,
  "fwhm_z": 4.41003008,
  "icvs_csf": 0.20255944386713817,
  "icvs_gm": 0.4514626211209589,
  "icvs_wm": 0.3459779350119029,
  "inu_med": 0.5367324352264404,
  "inu_range": 0.2491412252187728,
  "provenance": {
    "md5sum": "b5ada027965368bb395966a8a9953f1c",
    "settings": {
      "testing": false
    },
    "software": "mriqc",
    "version": "22.0.6",
    "warnings": {
      "large_rot_frame": true,
      "small_air_mask": false
    },
    "webapi_port": null,
    "webapi_url": "https://mriqc.nimh.nih.gov/api/v1"
  },
  "qi_1": 0.0,
  "qi_2": 0.008301994960235294,
  "rpve_csf": 20.668581285503986,
  "rpve_gm": 9.842363535492362,
  "rpve_wm": 14.135059806792329,
  "size_x": 176,
  "size_y": 256,
  "size_z": 256,
  "snr_csf": 2.9912184350608793,
  "snr_gm": 15.595498848420874,
  "snr_total": 13.867687552198474,
  "snr_wm": 23.016345373113666,
  "snrd_csf": 35.33395107953394,
  "snrd_gm": 86.4269518293214,
  "snrd_total": 78.83904007701541,
  "snrd_wm": 114.75621732219092,
  "spacing_x": 1.0,
  "spacing_y": 0.9765625,
  "spacing_z": 0.9765625,
  "summary_bg_k": 11.542356485173906,
  "summary_bg_mad": 0.0,
  "summary_bg_mean": 2.9367259998725666,
  "summary_bg_median": 0.0,
  "summary_bg_n": 2245485.0,
  "summary_bg_p05": 0.0,
  "summary_bg_p95": 12.177352041006088,
  "summary_bg_stdv": 5.709237369974449,
  "summary_csf_k": 1.6023161156500088,
  "summary_csf_mad": 68.28179358587445,
  "summary_csf_mean": 309.4169430625559,
  "summary_csf_median": 307.920478746295,
  "summary_csf_n": 51455.0,
  "summary_csf_p05": 106.56223835200073,
  "summary_csf_p95": 486.36552211642265,
  "summary_csf_stdv": 102.94048839391877,
  "summary_gm_k": 0.18292206601277305,
  "summary_gm_mad": 47.372905380482386,
  "summary_gm_mean": 750.2094116038743,
  "summary_gm_median": 753.1744277328253,
  "summary_gm_n": 44125.0,
  "summary_gm_p05": 666.1636046022177,
  "summary_gm_p95": 824.6773409992456,
  "summary_gm_stdv": 48.29379941291909,
  "summary_wm_k": 0.9104544915136623,
  "summary_wm_mad": 39.503139340076515,
  "summary_wm_mean": 1001.2311639785241,
  "summary_wm_median": 1000.0520263761282,
  "summary_wm_n": 222935.0,
  "summary_wm_p05": 932.5561904907227,
  "summary_wm_p95": 1074.1048979759216,
  "summary_wm_stdv": 43.4495471474341,
  "tpm_overlap_csf": 0.16901984193116415,
  "tpm_overlap_gm": 0.4661099888519761,
  "tpm_overlap_wm": 0.4950795460766429,
  "wm2max": 0.38146503156980865
}