{
  "bids_meta": {
    "AccelFactPE": 2,
    "AcquisitionNumber": 1,
    "AcquisitionTime": "08:38:39.110000",
    "ConversionSoftware": "dcm2niix",
    "ConversionSoftwareVersion": "v1.0.20170624 (OpenJPEG build) MSC1900",
    "DeviceSerialNumber": "35071",
    "EchoTime": 0.00252,
    "FlipAngle": 9,
    "ImageType": [
      "ORIGINAL",
      "PRIMARY",
      "M",
      "ND",
      "NORM"
    ],
    "InstitutionAddress": "Gilbert_1_New_Haven-1763f8-_CT_US_06520",
    "InstitutionName": "Yale_University_School_of_Medicine",
    "InversionTime": 0.9,
    "MagneticFieldStrength": 3,
    "Manufacturer": "Siemens",
    "ManufacturersModelName": "TrioTim",
    "PhaseEncodingDirection": "i-",
    "PhaseEncodingLines": 246,
    "ProcedureStepDescription": "MRRC_Research_SiteProtocols",
    "ProtocolName": "t1_Sag_3D_MPRAGE",
    "RepetitionTime": 1.9,
    "ScanningSequence": "GR_IR",
    "SequenceName": "_tfl3d1_ns",
    "SequenceVariant": "SP_MP_OSP",
    "SeriesDescription": "t1_Sag_3D_MPRAGE",
    "SoftwareVersions": "syngo_MR_B17",
    "dataset": "ds003424",
    "modality": "T1w",
    "subject_id": "13"
  },
  "cjv": 0.32441098048488914,
  "cnr": 4.218447012757735,
  "efc": 0.5529691040385099,
  "fber": -1.0,
  "fwhm_avg": 4.527403146666667,
  "fwhm_x": 4.33338,
  "fwhm_y": 4.63076352,
  "fwhm_z": 4.61806592,
  "icvs_csf": 0.19993560110549752,
  "icvs_gm": 0.4530131031715446,
  "icvs_wm": 0.34705129572295784,
  "inu_med": 0.448832705616951,
  "inu_range": 0.15803848057985298,
  "provenance": {
    "md5sum": "15054fe6b6f6293b6e1d2252d791aafb",
    "settings": {
      "testing": false
    },
    "software": "mriqc",
    "version": "22.0.6",
    "warnings": {
      "large_rot_frame": true,
      "small_air_mask": false
    },
    "webapi_port": null,
    "webapi_url": "https://mriqc.nimh.nih.gov/api/v1"
  },
  "qi_1": 0.0,
  "qi_2": 0.013768083132157154,
  "rpve_csf": 24.826816743944185,
  "rpve_gm": 11.532870244441106,
  "rpve_wm": 16.57256296768492,
  "size_x": 176,
  "size_y": 256,
  "size_z": 256,
  "snr_csf": 2.6729057454455685,
  "snr_gm": 16.242827533426045,
  "snr_total": 15.02620466038735,
  "snr_wm": 26.162880702290437,
  "snrd_csf": 41.37950835445777,
  "snrd_gm": 100.34881449755622,
  "snrd_total": 92.02615632004945,
  "snrd_wm": 134.3501461081344,
  "spacing_x": 1.0,
  "spacing_y": 0.9765625,
  "spacing_z": 0.9765625,
  "summary_bg_k": 14.360184061158321,
  "summary_bg_mad": 0.0,
  "summary_bg_mean": 2.6982690719937543,
  "summary_bg_median": 0.0,
  "summary_bg_n": 2756357.0,
  "summary_bg_p05": 0.0,
  "summary_bg_p95": 9.730632353574038,
  "summary_bg_stdv": 4.876335423952741,
  "summary_csf_k": 0.8474130174523431,
  "summary_csf_mad": 72.00945160770502,
  "summary_csf_mean": 309.9607037884941,
  "summary_csf_median": 307.9974832944572,
  "summary_csf_n": 42291.0,
  "summary_csf_p05": 78.28356372006238,
  "summary_csf_p95": 515.7026335541159,
  "summary_csf_stdv": 115.22809675977982,
  "summary_gm_k": 0.0329382918297183,
  "summary_gm_mad": 46.37582051089515,
  "summary_gm_mean": 746.0724897408883,
  "summary_gm_median": 746.9199984706938,
  "summary_gm_n": 45215.0,
  "summary_gm_p05": 669.7431375719607,
  "summary_gm_p95": 820.0459094196558,
  "summary_gm_stdv": 45.98409588722335,
  "summary_wm_k": 0.5164770381728085,
  "summary_wm_mad": 35.726099378887184,
  "summary_wm_mean": 1000.3770452343803,
  "summary_wm_median": 999.9999644048512,
  "summary_wm_n": 189173.0,
  "summary_wm_p05": 937.815794557333,
  "summary_wm_p95": 1063.6458172239363,
  "summary_wm_stdv": 38.2219883466652,
  "tpm_overlap_csf": 0.15107142882401287,
  "tpm_overlap_gm": 0.4644543815133427,
  "tpm_overlap_wm": 0.4830460181135528,
  "wm2max": 0.4345498430212511
}