{
  "aor": 0.0002537710437710437,
  "aqi": 0.024196647474747476,
  "bids_meta": {
    "AccelFactPE": 2,
    "AcquisitionNumber": 1,
    "AcquisitionTime": "12:35:11.287500",
    "BandwidthPerPixelPhaseEncode": 26.35,
    "ConversionSoftware": "dcm2niix",
    "ConversionSoftwareVersion": "v1.0.20170624 (OpenJPEG build) MSC1900",
    "DeviceSerialNumber": "35071",
    "EchoTime": 0.03,
    "EffectiveEchoSpacing": 0.000345006,
    "FlipAngle": 60,
    "ImageType": [
      "ORIGINAL",
      "PRIMARY",
      "M",
      "MB",
      "ND",
      "NORM",
      "MOSAIC"
    ],
    "InstitutionAddress": "Gilbert_1_New_Haven-1763f8-_CT_US_06520",
    "InstitutionName": "Yale_University_School_of_Medicine",
    "MagneticFieldStrength": 3,
    "Manufacturer": "Siemens",
    "ManufacturersModelName": "TrioTim",
    "PhaseEncodingDirection": "j-",
    "PhaseEncodingLines": 110,
    "ProcedureStepDescription": "MRRC_Research_SiteProtocols",
    "ProtocolName": "mbep2d_bold_taste2(MB4iPAT2)",
    "RepetitionTime": 1,
    "ScanningSequence": "EP",
    "SequenceName": "epfid2d1_110",
    "SequenceVariant": "SK_SS",
    "SeriesDescription": "mbep2d_bold_taste2(MB4iPAT2)",
    "SliceTiming": [
      0,
      0.535,
      0.065,
      0.6,
      0.1325,
      0.6675,
      0.2,
      0.735,
      0.2675,
      0.8025,
      0.3325,
      0.8675,
      0.4,
      0.935,
      0.4675,
      0,
      0.535,
      0.065,
      0.6,
      0.1325,
      0.6675,
      0.2,
      0.735,
      0.2675,
      0.8025,
      0.3325,
      0.8675,
      0.4,
      0.935,
      0.4675,
      0,
      0.535,
      0.065,
      0.6,
      0.1325,
      0.6675,
      0.2,
      0.735,
      0.2675,
      0.8025,
      0.3325,
      0.8675,
      0.4,
      0.935,
      0.4675,
      0,
      0.535,
      0.065,
      0.6,
      0.1325,
      0.6675,
      0.2,
      0.735,
      0.2675,
      0.8025,
      0.3325,
      0.8675,
      0.4,
      0.935,
      0.4675
    ],
    "SoftwareVersions": "syngo_MR_B17",
    "TaskName": "taste",
    "TotalReadoutTime": 0.0372607,
    "TrueEchoSpacing": 0.000690012,
    "dataset": "ds003424",
    "modality": "bold",
    "run_id": 2,
    "subject_id": "24",
    "task_id": "taste"
  },
  "dummy_trs": 0,
  "dvars_nstd": 54.395964418128145,
  "dvars_std": 1.1880138410961207,
  "dvars_vstd": 1.0068523955649251,
  "efc": 0.5151571775958511,
  "fber": 3254.916748046875,
  "fd_mean": 0.07492464082288343,
  "fd_num": 5,
  "fd_perc": 0.8417508417508418,
  "fwhm_avg": 2.0075533333333335,
  "fwhm_x": 1.974925,
  "fwhm_y": 2.185695,
  "fwhm_z": 1.86204,
  "gcor": 0.0132348,
  "gsr_x": -0.010557664558291435,
  "gsr_y": 0.026838326826691628,
  "provenance": {
    "md5sum": "e94bffdfbeff81b2816616e950a8ca6c",
    "settings": {
      "fd_thres": 0.2,
      "testing": false
    },
    "software": "mriqc",
    "version": "22.0.6",
    "webapi_port": null,
    "webapi_url": "https://mriqc.nimh.nih.gov/api/v1"
  },
  "size_t": 594,
  "size_x": 110,
  "size_y": 110,
  "size_z": 60,
  "snr": 5.7894484292361845,
  "spacing_tr": 1.0,
  "spacing_x": 2.0,
  "spacing_y": 2.0,
  "spacing_z": 2.5,
  "summary_bg_k": 25.737766371521626,
  "summary_bg_mad": 5.466159665926317,
  "summary_bg_mean": 22.76245880126953,
  "summary_bg_median": 7.395622730255127,
  "summary_bg_n": 487346.0,
  "summary_bg_p05": 2.710437536239624,
  "summary_bg_p95": 101.2659912109375,
  "summary_bg_stdv": 44.27409744262695,
  "summary_fg_k": 3.222959549240003,
  "summary_fg_mad": 64.67037760508121,
  "summary_fg_mean": 430.81488037109375,
  "summary_fg_median": 428.8955993652344,
  "summary_fg_n": 142974.0,
  "summary_fg_p05": 328.6172409057617,
  "summary_fg_p95": 550.259814453125,
  "summary_fg_stdv": 74.08203125,
  "tsnr": 32.857928229961544
}