{
  "aor": 0.0003851666666666667,
  "aqi": 0.023791454166666663,
  "bids_meta": {
    "AccelFactPE": 2,
    "AcquisitionNumber": 1,
    "AcquisitionTime": "12:46:13.592500",
    "BandwidthPerPixelPhaseEncode": 26.35,
    "ConversionSoftware": "dcm2niix",
    "ConversionSoftwareVersion": "v1.0.20170624 (OpenJPEG build) MSC1900",
    "DeviceSerialNumber": "35071",
    "EchoTime": 0.03,
    "EffectiveEchoSpacing": 0.000345006,
    "FlipAngle": 60,
    "ImageType": [
      "ORIGINAL",
      "PRIMARY",
      "M",
      "MB",
      "ND",
      "NORM",
      "MOSAIC"
    ],
    "InstitutionAddress": "Gilbert_1_New_Haven-1763f8-_CT_US_06520",
    "InstitutionName": "Yale_University_School_of_Medicine",
    "MagneticFieldStrength": 3,
    "Manufacturer": "Siemens",
    "ManufacturersModelName": "TrioTim",
    "PhaseEncodingDirection": "j-",
    "PhaseEncodingLines": 110,
    "ProcedureStepDescription": "MRRC_Research_SiteProtocols",
    "ProtocolName": "mbep2d_bold_resting(MB4iPAT2)",
    "RepetitionTime": 1,
    "ScanningSequence": "EP",
    "SequenceName": "epfid2d1_110",
    "SequenceVariant": "SK_SS",
    "SeriesDescription": "mbep2d_bold_resting(MB4iPAT2)",
    "SliceTiming": [
      0,
      0.5375,
      0.0675,
      0.6025,
      0.135,
      0.67,
      0.2025,
      0.7375,
      0.2675,
      0.805,
      0.335,
      0.87,
      0.4025,
      0.9375,
      0.47,
      0,
      0.5375,
      0.0675,
      0.6025,
      0.135,
      0.67,
      0.2025,
      0.7375,
      0.2675,
      0.805,
      0.335,
      0.87,
      0.4025,
      0.9375,
      0.47,
      0,
      0.5375,
      0.0675,
      0.6025,
      0.135,
      0.67,
      0.2025,
      0.7375,
      0.2675,
      0.805,
      0.335,
      0.87,
      0.4025,
      0.9375,
      0.47,
      0,
      0.5375,
      0.0675,
      0.6025,
      0.135,
      0.67,
      0.2025,
      0.7375,
      0.2675,
      0.805,
      0.335,
      0.87,
      0.4025,
      0.9375,
      0.47
    ],
    "SoftwareVersions": "syngo_MR_B17",
    "TaskName": "rest",
    "TotalReadoutTime": 0.0372607,
    "TrueEchoSpacing": 0.000690012,
    "dataset": "ds003424",
    "modality": "bold",
    "subject_id": "24",
    "task_id": "resting"
  },
  "dummy_trs": 0,
  "dvars_nstd": 53.95447666740944,
  "dvars_std": 1.1782882571030637,
  "dvars_vstd": 1.0040179421169917,
  "efc": 0.5163089661524106,
  "fber": 3051.887451171875,
  "fd_mean": 0.06433512763083821,
  "fd_num": 5,
  "fd_perc": 1.3888888888888888,
  "fwhm_avg": 1.8840073333333331,
  "fwhm_x": 1.875325,
  "fwhm_y": 2.039705,
  "fwhm_z": 1.736992,
  "gcor": 0.0137283,
  "gsr_x": -0.009437823668122292,
  "gsr_y": 0.023684946820139885,
  "provenance": {
    "md5sum": "ae1fc209ad2c88b1cc4cc7ced12ffdf6",
    "settings": {
      "fd_thres": 0.2,
      "testing": false
    },
    "software": "mriqc",
    "version": "22.0.6",
    "webapi_port": null,
    "webapi_url": "https://mriqc.nimh.nih.gov/api/v1"
  },
  "size_t": 360,
  "size_x": 110,
  "size_y": 110,
  "size_z": 60,
  "snr": 6.180228396449946,
  "spacing_tr": 1.0,
  "spacing_x": 2.0,
  "spacing_y": 2.0,
  "spacing_z": 2.5,
  "summary_bg_k": 20.925796358195427,
  "summary_bg_mad": 5.790385229047126,
  "summary_bg_mean": 24.44625473022461,
  "summary_bg_median": 7.702777862548828,
  "summary_bg_n": 491492.0,
  "summary_bg_p05": 2.819444417953491,
  "summary_bg_p95": 112.80097503662071,
  "summary_bg_stdv": 47.03285217285156,
  "summary_fg_k": 2.032308616560396,
  "summary_fg_mad": 63.56862878544862,
  "summary_fg_mean": 433.3817138671875,
  "summary_fg_median": 429.995849609375,
  "summary_fg_n": 140808.0,
  "summary_fg_p05": 335.8576431274414,
  "summary_fg_p95": 551.2515472412108,
  "summary_fg_stdv": 69.57579803466797,
  "tsnr": 33.244204756454565
}