{
  "aor": 0.0006019166666666666,
  "aqi": 0.029027784722222224,
  "bids_meta": {
    "AccelFactPE": 2,
    "AcquisitionNumber": 1,
    "AcquisitionTime": "10:52:50.935000",
    "BandwidthPerPixelPhaseEncode": 26.35,
    "ConversionSoftware": "dcm2niix",
    "ConversionSoftwareVersion": "v1.0.20170624 (OpenJPEG build) MSC1900",
    "DeviceSerialNumber": "35071",
    "EchoTime": 0.03,
    "EffectiveEchoSpacing": 0.000345006,
    "FlipAngle": 60,
    "ImageType": [
      "ORIGINAL",
      "PRIMARY",
      "M",
      "MB",
      "ND",
      "NORM",
      "MOSAIC"
    ],
    "InstitutionAddress": "Gilbert_1_New_Haven-1763f8-_CT_US_06520",
    "InstitutionName": "Yale_University_School_of_Medicine",
    "MagneticFieldStrength": 3,
    "Manufacturer": "Siemens",
    "ManufacturersModelName": "TrioTim",
    "PhaseEncodingDirection": "j-",
    "PhaseEncodingLines": 110,
    "ProcedureStepDescription": "MRRC_Research_SiteProtocols",
    "ProtocolName": "mbep2d_bold_resting(MB4iPAT2)",
    "RepetitionTime": 1,
    "ScanningSequence": "EP",
    "SequenceName": "epfid2d1_110",
    "SequenceVariant": "SK_SS",
    "SeriesDescription": "mbep2d_bold_resting(MB4iPAT2)",
    "SliceTiming": [
      0,
      0.535,
      0.0675,
      0.6025,
      0.1325,
      0.67,
      0.2,
      0.735,
      0.2675,
      0.8025,
      0.335,
      0.87,
      0.4025,
      0.9375,
      0.4675,
      0,
      0.535,
      0.0675,
      0.6025,
      0.1325,
      0.67,
      0.2,
      0.735,
      0.2675,
      0.8025,
      0.335,
      0.87,
      0.4025,
      0.9375,
      0.4675,
      0,
      0.535,
      0.0675,
      0.6025,
      0.1325,
      0.67,
      0.2,
      0.735,
      0.2675,
      0.8025,
      0.335,
      0.87,
      0.4025,
      0.9375,
      0.4675,
      0,
      0.535,
      0.0675,
      0.6025,
      0.1325,
      0.67,
      0.2,
      0.735,
      0.2675,
      0.8025,
      0.335,
      0.87,
      0.4025,
      0.9375,
      0.4675
    ],
    "SoftwareVersions": "syngo_MR_B17",
    "TaskName": "rest",
    "TotalReadoutTime": 0.0372607,
    "TrueEchoSpacing": 0.000690012,
    "dataset": "ds003424",
    "modality": "bold",
    "subject_id": "01",
    "task_id": "resting"
  },
  "dummy_trs": 0,
  "dvars_nstd": 42.635230965125366,
  "dvars_std": 1.100436055654596,
  "dvars_vstd": 0.9917966900835657,
  "efc": 0.4479688465300924,
  "fber": 6016.8759765625,
  "fd_mean": 0.09477922493199467,
  "fd_num": 10,
  "fd_perc": 2.7777777777777777,
  "fwhm_avg": 1.8696026666666665,
  "fwhm_x": 1.82707,
  "fwhm_y": 2.08865,
  "fwhm_z": 1.693088,
  "gcor": 0.00814909,
  "gsr_x": -0.0066468920558691025,
  "gsr_y": 0.020604752004146576,
  "provenance": {
    "md5sum": "d54e6742b8f131f0e60c124ae1ff2fa1",
    "settings": {
      "fd_thres": 0.2,
      "testing": false
    },
    "software": "mriqc",
    "version": "22.0.6",
    "webapi_port": null,
    "webapi_url": "https://mriqc.nimh.nih.gov/api/v1"
  },
  "size_t": 360,
  "size_x": 110,
  "size_y": 110,
  "size_z": 60,
  "snr": 6.767575591878983,
  "spacing_tr": 1.0,
  "spacing_x": 2.0,
  "spacing_y": 2.0,
  "spacing_z": 2.5,
  "summary_bg_k": 38.21644115423188,
  "summary_bg_mad": 3.6159019281082543,
  "summary_bg_mean": 17.485126495361328,
  "summary_bg_median": 5.922222137451172,
  "summary_bg_n": 529608.0,
  "summary_bg_p05": 2.7527778148651123,
  "summary_bg_p95": 73.11111450195312,
  "summary_bg_stdv": 37.73293685913086,
  "summary_fg_k": 3.255203123436342,
  "summary_fg_mad": 59.53470469199785,
  "summary_fg_mean": 460.48480224609375,
  "summary_fg_median": 460.4139099121094,
  "summary_fg_n": 108605.0,
  "summary_fg_p05": 359.78724365234376,
  "summary_fg_p95": 564.9399902343749,
  "summary_fg_stdv": 68.03201293945312,
  "tsnr": 32.85043685347773
}