{
  "aor": 0.0008976222596964587,
  "aqi": 0.028536232040472176,
  "bids_meta": {
    "AccelFactPE": 2,
    "AcquisitionNumber": 1,
    "AcquisitionTime": "11:17:9.215000",
    "BandwidthPerPixelPhaseEncode": 26.35,
    "ConversionSoftware": "dcm2niix",
    "ConversionSoftwareVersion": "v1.0.20170624 (OpenJPEG build) MSC1900",
    "DeviceSerialNumber": "35071",
    "EchoTime": 0.03,
    "EffectiveEchoSpacing": 0.000345006,
    "FlipAngle": 60,
    "ImageType": [
      "ORIGINAL",
      "PRIMARY",
      "M",
      "MB",
      "ND",
      "NORM",
      "MOSAIC"
    ],
    "InstitutionAddress": "Gilbert_1_New_Haven-1763f8-_CT_US_06520",
    "InstitutionName": "Yale_University_School_of_Medicine",
    "MagneticFieldStrength": 3,
    "Manufacturer": "Siemens",
    "ManufacturersModelName": "TrioTim",
    "PhaseEncodingDirection": "j-",
    "PhaseEncodingLines": 110,
    "ProcedureStepDescription": "MRRC_Research_SiteProtocols",
    "ProtocolName": "mbep2d_bold_taste4(MB4iPAT2)",
    "RepetitionTime": 1,
    "ScanningSequence": "EP",
    "SequenceName": "epfid2d1_110",
    "SequenceVariant": "SK_SS",
    "SeriesDescription": "mbep2d_bold_taste4(MB4iPAT2)",
    "SliceTiming": [
      0,
      0.535,
      0.0675,
      0.6025,
      0.1325,
      0.67,
      0.2,
      0.735,
      0.2675,
      0.8025,
      0.335,
      0.87,
      0.4,
      0.9375,
      0.4675,
      0,
      0.535,
      0.0675,
      0.6025,
      0.1325,
      0.67,
      0.2,
      0.735,
      0.2675,
      0.8025,
      0.335,
      0.87,
      0.4,
      0.9375,
      0.4675,
      0,
      0.535,
      0.0675,
      0.6025,
      0.1325,
      0.67,
      0.2,
      0.735,
      0.2675,
      0.8025,
      0.335,
      0.87,
      0.4,
      0.9375,
      0.4675,
      0,
      0.535,
      0.0675,
      0.6025,
      0.1325,
      0.67,
      0.2,
      0.735,
      0.2675,
      0.8025,
      0.335,
      0.87,
      0.4,
      0.9375,
      0.4675
    ],
    "SoftwareVersions": "syngo_MR_B17",
    "TaskName": "taste",
    "TotalReadoutTime": 0.0372607,
    "TrueEchoSpacing": 0.000690012,
    "dataset": "ds003424",
    "modality": "bold",
    "run_id": 4,
    "subject_id": "01",
    "task_id": "taste"
  },
  "dummy_trs": 1,
  "dvars_nstd": 47.25058868106415,
  "dvars_std": 1.1569442798479734,
  "dvars_vstd": 1.005427992854729,
  "efc": 0.44994655631600894,
  "fber": 5613.26318359375,
  "fd_mean": 0.0976001339236738,
  "fd_num": 17,
  "fd_perc": 2.866779089376054,
  "fwhm_avg": 1.887948,
  "fwhm_x": 1.855135,
  "fwhm_y": 2.106925,
  "fwhm_z": 1.701784,
  "gcor": 0.00513015,
  "gsr_x": -0.006541728507727385,
  "gsr_y": 0.02160518988966942,
  "provenance": {
    "md5sum": "298bdee75a45c2180b74591129a846b9",
    "settings": {
      "fd_thres": 0.2,
      "testing": false
    },
    "software": "mriqc",
    "version": "22.0.6",
    "webapi_port": null,
    "webapi_url": "https://mriqc.nimh.nih.gov/api/v1"
  },
  "size_t": 593,
  "size_x": 110,
  "size_y": 110,
  "size_z": 60,
  "snr": 6.685404165084452,
  "spacing_tr": 1.0,
  "spacing_x": 2.0,
  "spacing_y": 2.0,
  "spacing_z": 2.5,
  "summary_bg_k": 36.157536526510846,
  "summary_bg_mad": 3.8502654739335322,
  "summary_bg_mean": 18.275999069213867,
  "summary_bg_median": 6.148397922515869,
  "summary_bg_n": 529865.0,
  "summary_bg_p05": 2.809443473815918,
  "summary_bg_p95": 77.22326965332026,
  "summary_bg_stdv": 39.54956817626953,
  "summary_fg_k": 3.425613832291485,
  "summary_fg_mad": 59.9741282987522,
  "summary_fg_mean": 461.2665100097656,
  "summary_fg_median": 461.16357421875,
  "summary_fg_n": 108345.0,
  "summary_fg_p05": 358.6013549804687,
  "summary_fg_p95": 567.3207763671872,
  "summary_fg_stdv": 68.98033905029297,
  "tsnr": 32.278749868273735
}