{
  "bids_meta": {
    "AccelFactPE": 2,
    "AcquisitionNumber": 1,
    "AcquisitionTime": "12:51:40.232500",
    "ConversionSoftware": "dcm2niix",
    "ConversionSoftwareVersion": "v1.0.20170624 (OpenJPEG build) MSC1900",
    "DeviceSerialNumber": "35071",
    "EchoTime": 0.00252,
    "FlipAngle": 9,
    "ImageType": [
      "ORIGINAL",
      "PRIMARY",
      "M",
      "ND",
      "NORM"
    ],
    "InstitutionAddress": "Gilbert_1_New_Haven-1763f8-_CT_US_06520",
    "InstitutionName": "Yale_University_School_of_Medicine",
    "InversionTime": 0.9,
    "MagneticFieldStrength": 3,
    "Manufacturer": "Siemens",
    "ManufacturersModelName": "TrioTim",
    "PhaseEncodingDirection": "i-",
    "PhaseEncodingLines": 246,
    "ProcedureStepDescription": "MRRC_Research_SiteProtocols",
    "ProtocolName": "t1_Sag_3D_MPRAGE",
    "RepetitionTime": 1.9,
    "ScanningSequence": "GR_IR",
    "SequenceName": "_tfl3d1_ns",
    "SequenceVariant": "SP_MP_OSP",
    "SeriesDescription": "t1_Sag_3D_MPRAGE",
    "SoftwareVersions": "syngo_MR_B17",
    "dataset": "ds003424",
    "modality": "T1w",
    "subject_id": "14"
  },
  "cjv": 0.3568712061817841,
  "cnr": 3.786625973458265,
  "efc": 0.5447086890230095,
  "fber": 31065.860995418578,
  "fwhm_avg": 4.309273066666666,
  "fwhm_x": 4.26908,
  "fwhm_y": 4.414515199999999,
  "fwhm_z": 4.244224,
  "icvs_csf": 0.1864418402721244,
  "icvs_gm": 0.467630346900903,
  "icvs_wm": 0.3459278128269726,
  "inu_med": 0.4531373977661133,
  "inu_range": 0.1663895547389984,
  "provenance": {
    "md5sum": "5cf0b5aef9e304ed9256087b87729ab7",
    "settings": {
      "testing": false
    },
    "software": "mriqc",
    "version": "22.0.6",
    "warnings": {
      "large_rot_frame": true,
      "small_air_mask": false
    },
    "webapi_port": null,
    "webapi_url": "https://mriqc.nimh.nih.gov/api/v1"
  },
  "qi_1": 0.0,
  "qi_2": 0.007771713391868412,
  "rpve_csf": 26.85065726269419,
  "rpve_gm": 11.824978430129212,
  "rpve_wm": 17.581016901265713,
  "size_x": 176,
  "size_y": 256,
  "size_z": 256,
  "snr_csf": 3.0537348437652088,
  "snr_gm": 16.111060250468743,
  "snr_total": 15.198105870110304,
  "snr_wm": 26.42952251609696,
  "snrd_csf": 39.43102907767888,
  "snrd_gm": 92.19342683863489,
  "snrd_total": 83.8619731210452,
  "snrd_wm": 119.96146344682182,
  "spacing_x": 1.0,
  "spacing_y": 0.9765625,
  "spacing_z": 0.9765625,
  "summary_bg_k": 21.16761996212625,
  "summary_bg_mad": 0.0,
  "summary_bg_mean": 2.5094097354452614,
  "summary_bg_median": 0.0,
  "summary_bg_n": 2001718.0,
  "summary_bg_p05": 0.0,
  "summary_bg_p95": 13.168760485947132,
  "summary_bg_stdv": 5.461223986799957,
  "summary_csf_k": 1.6742766641071256,
  "summary_csf_mad": 74.93878209174221,
  "summary_csf_mean": 338.67890773753044,
  "summary_csf_median": 328.6974770799279,
  "summary_csf_n": 29893.0,
  "summary_csf_p05": 154.81768515855074,
  "summary_csf_p95": 539.8496419146657,
  "summary_csf_stdv": 107.63605746732486,
  "summary_gm_k": 0.10130952394163995,
  "summary_gm_mad": 47.489150818240766,
  "summary_gm_mean": 766.8286980463056,
  "summary_gm_median": 768.5253850594163,
  "summary_gm_n": 43665.0,
  "summary_gm_p05": 686.6530715167522,
  "summary_gm_p95": 842.8875936120749,
  "summary_gm_stdv": 47.70117998545717,
  "summary_wm_k": 0.5112083116140687,
  "summary_wm_mad": 35.11748601891617,
  "summary_wm_mean": 1001.5535457927813,
  "summary_wm_median": 1000.0000330731273,
  "summary_wm_n": 185670.0,
  "summary_wm_p05": 941.5881053730845,
  "summary_wm_p95": 1067.1042119190097,
  "summary_wm_stdv": 37.8363755724495,
  "tpm_overlap_csf": 0.15100534137996086,
  "tpm_overlap_gm": 0.47609830655789265,
  "tpm_overlap_wm": 0.49443588395909377,
  "wm2max": 0.41937482912603663
}