{
  "aor": 0.0010098484848484848,
  "aqi": 0.028955775589225595,
  "bids_meta": {
    "AccelFactPE": 2,
    "AcquisitionNumber": 1,
    "AcquisitionTime": "16:54:12.355000",
    "BandwidthPerPixelPhaseEncode": 26.35,
    "ConversionSoftware": "dcm2niix",
    "ConversionSoftwareVersion": "v1.0.20170624 (OpenJPEG build) MSC1900",
    "DeviceSerialNumber": "35071",
    "EchoTime": 0.03,
    "EffectiveEchoSpacing": 0.000345006,
    "FlipAngle": 60,
    "ImageType": [
      "ORIGINAL",
      "PRIMARY",
      "M",
      "MB",
      "ND",
      "NORM",
      "MOSAIC"
    ],
    "InstitutionAddress": "Gilbert_1_New_Haven-1763f8-_CT_US_06520",
    "InstitutionName": "Yale_University_School_of_Medicine",
    "MagneticFieldStrength": 3,
    "Manufacturer": "Siemens",
    "ManufacturersModelName": "TrioTim",
    "PhaseEncodingDirection": "j-",
    "PhaseEncodingLines": 110,
    "ProcedureStepDescription": "MRRC_Research_SiteProtocols",
    "ProtocolName": "mbep2d_bold_taste3(MB4iPAT2)",
    "RepetitionTime": 1,
    "ScanningSequence": "EP",
    "SequenceName": "epfid2d1_110",
    "SequenceVariant": "SK_SS",
    "SeriesDescription": "mbep2d_bold_taste3(MB4iPAT2)",
    "SliceTiming": [
      0,
      0.535,
      0.065,
      0.6,
      0.1325,
      0.6675,
      0.2,
      0.735,
      0.2675,
      0.8025,
      0.3325,
      0.87,
      0.4,
      0.935,
      0.4675,
      0,
      0.535,
      0.065,
      0.6,
      0.1325,
      0.6675,
      0.2,
      0.735,
      0.2675,
      0.8025,
      0.3325,
      0.87,
      0.4,
      0.935,
      0.4675,
      0,
      0.535,
      0.065,
      0.6,
      0.1325,
      0.6675,
      0.2,
      0.735,
      0.2675,
      0.8025,
      0.3325,
      0.87,
      0.4,
      0.935,
      0.4675,
      0,
      0.535,
      0.065,
      0.6,
      0.1325,
      0.6675,
      0.2,
      0.735,
      0.2675,
      0.8025,
      0.3325,
      0.87,
      0.4,
      0.935,
      0.4675
    ],
    "SoftwareVersions": "syngo_MR_B17",
    "TaskName": "taste",
    "TotalReadoutTime": 0.0372607,
    "TrueEchoSpacing": 0.000690012,
    "dataset": "ds003424",
    "modality": "bold",
    "run_id": 3,
    "subject_id": "22",
    "task_id": "taste"
  },
  "dummy_trs": 0,
  "dvars_nstd": 53.166814035261346,
  "dvars_std": 1.1020246873861723,
  "dvars_vstd": 1.0124887998988201,
  "efc": 0.5021894924100659,
  "fber": 2779.390380859375,
  "fd_mean": 0.17929953635197568,
  "fd_num": 161,
  "fd_perc": 27.104377104377104,
  "fwhm_avg": 1.9232056666666668,
  "fwhm_x": 1.90336,
  "fwhm_y": 2.143165,
  "fwhm_z": 1.723092,
  "gcor": 0.00741681,
  "gsr_x": -0.01641060784459114,
  "gsr_y": 0.019936412572860718,
  "provenance": {
    "md5sum": "0a67481a3dc12de19723a66492e8b4de",
    "settings": {
      "fd_thres": 0.2,
      "testing": false
    },
    "software": "mriqc",
    "version": "22.0.6",
    "webapi_port": null,
    "webapi_url": "https://mriqc.nimh.nih.gov/api/v1"
  },
  "size_t": 594,
  "size_x": 110,
  "size_y": 110,
  "size_z": 60,
  "snr": 6.220588616490152,
  "spacing_tr": 1.0,
  "spacing_x": 2.0,
  "spacing_y": 2.0,
  "spacing_z": 2.5,
  "summary_bg_k": 14.753842438984861,
  "summary_bg_mad": 5.955368090771762,
  "summary_bg_mean": 25.945329666137695,
  "summary_bg_median": 7.695285797119141,
  "summary_bg_n": 514199.0,
  "summary_bg_p05": 2.9259259700775146,
  "summary_bg_p95": 132.8387161254882,
  "summary_bg_stdv": 47.334049224853516,
  "summary_fg_k": 2.5887295944230795,
  "summary_fg_mad": 55.41911259914515,
  "summary_fg_mean": 412.640625,
  "summary_fg_median": 409.39141845703125,
  "summary_fg_n": 121642.0,
  "summary_fg_p05": 320.64209136962893,
  "summary_fg_p95": 526.1345611572266,
  "summary_fg_stdv": 65.81205749511719,
  "tsnr": 28.8679073585663
}