{
  "aor": 0.0010015851602023609,
  "aqi": 0.03008014047217538,
  "bids_meta": {
    "AccelFactPE": 2,
    "AcquisitionNumber": 1,
    "AcquisitionTime": "17:10:57.792500",
    "BandwidthPerPixelPhaseEncode": 26.35,
    "ConversionSoftware": "dcm2niix",
    "ConversionSoftwareVersion": "v1.0.20170624 (OpenJPEG build) MSC1900",
    "DeviceSerialNumber": "35071",
    "EchoTime": 0.03,
    "EffectiveEchoSpacing": 0.000345006,
    "FlipAngle": 60,
    "ImageType": [
      "ORIGINAL",
      "PRIMARY",
      "M",
      "MB",
      "ND",
      "NORM",
      "MOSAIC"
    ],
    "InstitutionAddress": "Gilbert_1_New_Haven-1763f8-_CT_US_06520",
    "InstitutionName": "Yale_University_School_of_Medicine",
    "MagneticFieldStrength": 3,
    "Manufacturer": "Siemens",
    "ManufacturersModelName": "TrioTim",
    "PhaseEncodingDirection": "j-",
    "PhaseEncodingLines": 110,
    "ProcedureStepDescription": "MRRC_Research_SiteProtocols",
    "ProtocolName": "mbep2d_bold_taste4(MB4iPAT2)",
    "RepetitionTime": 1,
    "ScanningSequence": "EP",
    "SequenceName": "epfid2d1_110",
    "SequenceVariant": "SK_SS",
    "SeriesDescription": "mbep2d_bold_taste4(MB4iPAT2)",
    "SliceTiming": [
      0,
      0.535,
      0.065,
      0.6025,
      0.1325,
      0.6675,
      0.2,
      0.735,
      0.2675,
      0.8025,
      0.335,
      0.87,
      0.4,
      0.935,
      0.4675,
      0,
      0.535,
      0.065,
      0.6025,
      0.1325,
      0.6675,
      0.2,
      0.735,
      0.2675,
      0.8025,
      0.335,
      0.87,
      0.4,
      0.935,
      0.4675,
      0,
      0.535,
      0.065,
      0.6025,
      0.1325,
      0.6675,
      0.2,
      0.735,
      0.2675,
      0.8025,
      0.335,
      0.87,
      0.4,
      0.935,
      0.4675,
      0,
      0.535,
      0.065,
      0.6025,
      0.1325,
      0.6675,
      0.2,
      0.735,
      0.2675,
      0.8025,
      0.335,
      0.87,
      0.4,
      0.935,
      0.4675
    ],
    "SoftwareVersions": "syngo_MR_B17",
    "TaskName": "taste",
    "TotalReadoutTime": 0.0372607,
    "TrueEchoSpacing": 0.000690012,
    "dataset": "ds003424",
    "modality": "bold",
    "run_id": 4,
    "subject_id": "22",
    "task_id": "taste"
  },
  "dummy_trs": 1,
  "dvars_nstd": 53.529231238918904,
  "dvars_std": 1.0970626257094593,
  "dvars_vstd": 1.009032824172298,
  "efc": 0.5031290892759777,
  "fber": 2684.9033203125,
  "fd_mean": 0.19068355471859033,
  "fd_num": 162,
  "fd_perc": 27.318718381112983,
  "fwhm_avg": 1.989819,
  "fwhm_x": 1.974255,
  "fwhm_y": 2.20499,
  "fwhm_z": 1.790212,
  "gcor": 0.00664599,
  "gsr_x": -0.015370565466582775,
  "gsr_y": 0.02213795855641365,
  "provenance": {
    "md5sum": "d1f728cf33d4f62dfddb7c1dd9e7862d",
    "settings": {
      "fd_thres": 0.2,
      "testing": false
    },
    "software": "mriqc",
    "version": "22.0.6",
    "webapi_port": null,
    "webapi_url": "https://mriqc.nimh.nih.gov/api/v1"
  },
  "size_t": 593,
  "size_x": 110,
  "size_y": 110,
  "size_z": 60,
  "snr": 6.134564171552311,
  "spacing_tr": 1.0,
  "spacing_x": 2.0,
  "spacing_y": 2.0,
  "spacing_z": 2.5,
  "summary_bg_k": 16.305848472597425,
  "summary_bg_mad": 6.0304157648586045,
  "summary_bg_mean": 25.41634178161621,
  "summary_bg_median": 7.799325466156006,
  "summary_bg_n": 511559.0,
  "summary_bg_p05": 2.9915683269500732,
  "summary_bg_p95": 125.64992065429672,
  "summary_bg_stdv": 46.34096145629883,
  "summary_fg_k": 2.739317008059941,
  "summary_fg_mad": 55.50134616640998,
  "summary_fg_mean": 412.8090515136719,
  "summary_fg_median": 410.2394714355469,
  "summary_fg_n": 122213.0,
  "summary_fg_p05": 318.0667785644531,
  "summary_fg_p95": 526.7018676757812,
  "summary_fg_stdv": 66.87317657470703,
  "tsnr": 28.146931831841357
}