{
  "aor": 0.0012316526138279932,
  "aqi": 0.03353569494097807,
  "bids_meta": {
    "AccelFactPE": 2,
    "AcquisitionNumber": 1,
    "AcquisitionTime": "16:36:17.930000",
    "BandwidthPerPixelPhaseEncode": 26.35,
    "ConversionSoftware": "dcm2niix",
    "ConversionSoftwareVersion": "v1.0.20170624 (OpenJPEG build) MSC1900",
    "DeviceSerialNumber": "35071",
    "EchoTime": 0.03,
    "EffectiveEchoSpacing": 0.000345006,
    "FlipAngle": 60,
    "ImageType": [
      "ORIGINAL",
      "PRIMARY",
      "M",
      "MB",
      "ND",
      "NORM",
      "MOSAIC"
    ],
    "InstitutionAddress": "Gilbert_1_New_Haven-1763f8-_CT_US_06520",
    "InstitutionName": "Yale_University_School_of_Medicine",
    "MagneticFieldStrength": 3,
    "Manufacturer": "Siemens",
    "ManufacturersModelName": "TrioTim",
    "PhaseEncodingDirection": "j-",
    "PhaseEncodingLines": 110,
    "ProcedureStepDescription": "MRRC_Research_SiteProtocols",
    "ProtocolName": "mbep2d_bold_taste2(MB4iPAT2)",
    "RepetitionTime": 1,
    "ScanningSequence": "EP",
    "SequenceName": "epfid2d1_110",
    "SequenceVariant": "SK_SS",
    "SeriesDescription": "mbep2d_bold_taste2(MB4iPAT2)",
    "SliceTiming": [
      0,
      0.5375,
      0.0675,
      0.6025,
      0.135,
      0.67,
      0.2025,
      0.7375,
      0.27,
      0.805,
      0.335,
      0.87,
      0.4025,
      0.9375,
      0.47,
      0,
      0.5375,
      0.0675,
      0.6025,
      0.135,
      0.67,
      0.2025,
      0.7375,
      0.27,
      0.805,
      0.335,
      0.87,
      0.4025,
      0.9375,
      0.47,
      0,
      0.5375,
      0.0675,
      0.6025,
      0.135,
      0.67,
      0.2025,
      0.7375,
      0.27,
      0.805,
      0.335,
      0.87,
      0.4025,
      0.9375,
      0.47,
      0,
      0.5375,
      0.0675,
      0.6025,
      0.135,
      0.67,
      0.2025,
      0.7375,
      0.27,
      0.805,
      0.335,
      0.87,
      0.4025,
      0.9375,
      0.47
    ],
    "SoftwareVersions": "syngo_MR_B17",
    "TaskName": "taste",
    "TotalReadoutTime": 0.0372607,
    "TrueEchoSpacing": 0.000690012,
    "dataset": "ds003424",
    "modality": "bold",
    "run_id": 2,
    "subject_id": "22",
    "task_id": "taste"
  },
  "dummy_trs": 1,
  "dvars_nstd": 53.90339048489865,
  "dvars_std": 1.0840347487837836,
  "dvars_vstd": 1.0020458747297303,
  "efc": 0.500066556371995,
  "fber": 3165.11962890625,
  "fd_mean": 0.25528868246415287,
  "fd_num": 211,
  "fd_perc": 35.58178752107926,
  "fwhm_avg": 1.9256,
  "fwhm_x": 1.89583,
  "fwhm_y": 2.15047,
  "fwhm_z": 1.7305,
  "gcor": 0.00823843,
  "gsr_x": -0.01584812067449093,
  "gsr_y": 0.01816243678331375,
  "provenance": {
    "md5sum": "466bcd9cda75e4a809390bc404c7c10b",
    "settings": {
      "fd_thres": 0.2,
      "testing": false
    },
    "software": "mriqc",
    "version": "22.0.6",
    "webapi_port": null,
    "webapi_url": "https://mriqc.nimh.nih.gov/api/v1"
  },
  "size_t": 593,
  "size_x": 110,
  "size_y": 110,
  "size_z": 60,
  "snr": 6.318368043801196,
  "spacing_tr": 1.0,
  "spacing_x": 2.0,
  "spacing_y": 2.0,
  "spacing_z": 2.5,
  "summary_bg_k": 14.896738168430772,
  "summary_bg_mad": 5.46787687135003,
  "summary_bg_mean": 25.513517379760742,
  "summary_bg_median": 7.2310285568237305,
  "summary_bg_n": 513992.0,
  "summary_bg_p05": 2.833052396774292,
  "summary_bg_p95": 132.6524421691893,
  "summary_bg_stdv": 47.59668731689453,
  "summary_fg_k": 2.4588857372191475,
  "summary_fg_mad": 54.6400089339365,
  "summary_fg_mean": 413.5423278808594,
  "summary_fg_median": 410.0286865234375,
  "summary_fg_n": 121720.0,
  "summary_fg_p05": 322.3539581298828,
  "summary_fg_p95": 526.3390716552734,
  "summary_fg_stdv": 64.89444732666016,
  "tsnr": 26.853064335417002
}