{
  "aor": 0.0017316498316498315,
  "aqi": 0.029493003872053867,
  "bids_meta": {
    "AccelFactPE": 2,
    "AcquisitionNumber": 1,
    "AcquisitionTime": "16:20:55.907500",
    "BandwidthPerPixelPhaseEncode": 26.35,
    "ConversionSoftware": "dcm2niix",
    "ConversionSoftwareVersion": "v1.0.20170624 (OpenJPEG build) MSC1900",
    "DeviceSerialNumber": "35071",
    "EchoTime": 0.03,
    "EffectiveEchoSpacing": 0.000345006,
    "FlipAngle": 60,
    "ImageType": [
      "ORIGINAL",
      "PRIMARY",
      "M",
      "MB",
      "ND",
      "NORM",
      "MOSAIC"
    ],
    "InstitutionAddress": "Gilbert_1_New_Haven-1763f8-_CT_US_06520",
    "InstitutionName": "Yale_University_School_of_Medicine",
    "MagneticFieldStrength": 3,
    "Manufacturer": "Siemens",
    "ManufacturersModelName": "TrioTim",
    "PhaseEncodingDirection": "j-",
    "PhaseEncodingLines": 110,
    "ProcedureStepDescription": "MRRC_Research_SiteProtocols",
    "ProtocolName": "mbep2d_bold_taste1(MB4iPAT2)",
    "RepetitionTime": 1,
    "ScanningSequence": "EP",
    "SequenceName": "epfid2d1_110",
    "SequenceVariant": "SK_SS",
    "SeriesDescription": "mbep2d_bold_taste1(MB4iPAT2)",
    "SliceTiming": [
      0,
      0.535,
      0.0675,
      0.6025,
      0.1325,
      0.67,
      0.2,
      0.735,
      0.2675,
      0.8025,
      0.335,
      0.87,
      0.4025,
      0.9375,
      0.4675,
      0,
      0.535,
      0.0675,
      0.6025,
      0.1325,
      0.67,
      0.2,
      0.735,
      0.2675,
      0.8025,
      0.335,
      0.87,
      0.4025,
      0.9375,
      0.4675,
      0,
      0.535,
      0.0675,
      0.6025,
      0.1325,
      0.67,
      0.2,
      0.735,
      0.2675,
      0.8025,
      0.335,
      0.87,
      0.4025,
      0.9375,
      0.4675,
      0,
      0.535,
      0.0675,
      0.6025,
      0.1325,
      0.67,
      0.2,
      0.735,
      0.2675,
      0.8025,
      0.335,
      0.87,
      0.4025,
      0.9375,
      0.4675
    ],
    "SoftwareVersions": "syngo_MR_B17",
    "TaskName": "taste",
    "TotalReadoutTime": 0.0372607,
    "TrueEchoSpacing": 0.000690012,
    "dataset": "ds003424",
    "modality": "bold",
    "run_id": 1,
    "subject_id": "22",
    "task_id": "taste"
  },
  "dummy_trs": 0,
  "dvars_nstd": 53.4282958302529,
  "dvars_std": 1.1134701826475564,
  "dvars_vstd": 1.0222713558684655,
  "efc": 0.4986308547388556,
  "fber": 3212.56787109375,
  "fd_mean": 0.22106115178299482,
  "fd_num": 196,
  "fd_perc": 32.996632996633,
  "fwhm_avg": 1.9864006666666665,
  "fwhm_x": 1.962805,
  "fwhm_y": 2.193325,
  "fwhm_z": 1.8030719999999998,
  "gcor": 0.00789947,
  "gsr_x": -0.014476248063147068,
  "gsr_y": 0.019977504387497902,
  "provenance": {
    "md5sum": "9c6842651e4cff3f6c07f75761b8af01",
    "settings": {
      "fd_thres": 0.2,
      "testing": false
    },
    "software": "mriqc",
    "version": "22.0.6",
    "webapi_port": null,
    "webapi_url": "https://mriqc.nimh.nih.gov/api/v1"
  },
  "size_t": 594,
  "size_x": 110,
  "size_y": 110,
  "size_z": 60,
  "snr": 6.131599313510453,
  "spacing_tr": 1.0,
  "spacing_x": 2.0,
  "spacing_y": 2.0,
  "spacing_z": 2.5,
  "summary_bg_k": 16.779172801401135,
  "summary_bg_mad": 5.343857382974999,
  "summary_bg_mean": 24.266986846923828,
  "summary_bg_median": 7.121212005615234,
  "summary_bg_n": 511449.0,
  "summary_bg_p05": 2.7845118045806885,
  "summary_bg_p95": 123.08383331298816,
  "summary_bg_stdv": 45.681209564208984,
  "summary_fg_k": 3.1877324925787676,
  "summary_fg_mad": 54.364600007421494,
  "summary_fg_mean": 412.3261413574219,
  "summary_fg_median": 409.74072265625,
  "summary_fg_n": 122712.0,
  "summary_fg_p05": 318.3977981567383,
  "summary_fg_p95": 525.5063781738281,
  "summary_fg_stdv": 66.82417297363281,
  "tsnr": 29.074492432409897
}