{
  "aor": 0.0005523119777158774,
  "aqi": 0.025117059610027855,
  "bids_meta": {
    "AccelFactPE": 2,
    "AcquisitionNumber": 1,
    "AcquisitionTime": "16:47:6.425000",
    "BandwidthPerPixelPhaseEncode": 26.35,
    "ConversionSoftware": "dcm2niix",
    "ConversionSoftwareVersion": "v1.0.20170624 (OpenJPEG build) MSC1900",
    "DeviceSerialNumber": "35071",
    "EchoTime": 0.03,
    "EffectiveEchoSpacing": 0.000345006,
    "FlipAngle": 60,
    "ImageType": [
      "ORIGINAL",
      "PRIMARY",
      "M",
      "MB",
      "ND",
      "NORM",
      "MOSAIC"
    ],
    "InstitutionAddress": "Gilbert_1_New_Haven-1763f8-_CT_US_06520",
    "InstitutionName": "Yale_University_School_of_Medicine",
    "MagneticFieldStrength": 3,
    "Manufacturer": "Siemens",
    "ManufacturersModelName": "TrioTim",
    "PhaseEncodingDirection": "j-",
    "PhaseEncodingLines": 110,
    "ProcedureStepDescription": "MRRC_Research_SiteProtocols",
    "ProtocolName": "mbep2d_bold_resting(MB4iPAT2)",
    "RepetitionTime": 1,
    "ScanningSequence": "EP",
    "SequenceName": "epfid2d1_110",
    "SequenceVariant": "SK_SS",
    "SeriesDescription": "mbep2d_bold_resting(MB4iPAT2)",
    "SliceTiming": [
      0,
      0.535,
      0.065,
      0.6,
      0.1325,
      0.6675,
      0.2,
      0.735,
      0.2675,
      0.8025,
      0.3325,
      0.87,
      0.4,
      0.935,
      0.4675,
      0,
      0.535,
      0.065,
      0.6,
      0.1325,
      0.6675,
      0.2,
      0.735,
      0.2675,
      0.8025,
      0.3325,
      0.87,
      0.4,
      0.935,
      0.4675,
      0,
      0.535,
      0.065,
      0.6,
      0.1325,
      0.6675,
      0.2,
      0.735,
      0.2675,
      0.8025,
      0.3325,
      0.87,
      0.4,
      0.935,
      0.4675,
      0,
      0.535,
      0.065,
      0.6,
      0.1325,
      0.6675,
      0.2,
      0.735,
      0.2675,
      0.8025,
      0.3325,
      0.87,
      0.4,
      0.935,
      0.4675
    ],
    "SoftwareVersions": "syngo_MR_B17",
    "TaskName": "rest",
    "TotalReadoutTime": 0.0372607,
    "TrueEchoSpacing": 0.000690012,
    "dataset": "ds003424",
    "modality": "bold",
    "subject_id": "22",
    "task_id": "resting"
  },
  "dummy_trs": 1,
  "dvars_nstd": 49.61549130220669,
  "dvars_std": 1.1064661473743018,
  "dvars_vstd": 1.0096008882681566,
  "efc": 0.5013218292491686,
  "fber": 2775.009765625,
  "fd_mean": 0.08356598320434132,
  "fd_num": 6,
  "fd_perc": 1.6713091922005572,
  "fwhm_avg": 1.9478503333333332,
  "fwhm_x": 1.9318,
  "fwhm_y": 2.157135,
  "fwhm_z": 1.754616,
  "gcor": 0.00537025,
  "gsr_x": -0.015240292996168137,
  "gsr_y": 0.019480165094137192,
  "provenance": {
    "md5sum": "1dc15a4ad855ee10d016a209d4101d1d",
    "settings": {
      "fd_thres": 0.2,
      "testing": false
    },
    "software": "mriqc",
    "version": "22.0.6",
    "webapi_port": null,
    "webapi_url": "https://mriqc.nimh.nih.gov/api/v1"
  },
  "size_t": 359,
  "size_x": 110,
  "size_y": 110,
  "size_z": 60,
  "snr": 6.203352837053561,
  "spacing_tr": 1.0,
  "spacing_x": 2.0,
  "spacing_y": 2.0,
  "spacing_z": 2.5,
  "summary_bg_k": 15.633766133619414,
  "summary_bg_mad": 5.847812636365497,
  "summary_bg_mean": 24.994102478027344,
  "summary_bg_median": 7.665738105773926,
  "summary_bg_n": 512465.0,
  "summary_bg_p05": 2.9777157306671143,
  "summary_bg_p95": 126.061279296875,
  "summary_bg_stdv": 45.1496696472168,
  "summary_fg_k": 2.7541225743031728,
  "summary_fg_mad": 54.81291434098054,
  "summary_fg_mean": 412.4409484863281,
  "summary_fg_median": 409.4651794433594,
  "summary_fg_n": 122172.0,
  "summary_fg_p05": 319.4224151611328,
  "summary_fg_p95": 525.8264343261718,
  "summary_fg_stdv": 66.00680541992188,
  "tsnr": 32.370696293073706
}