{
  "bids_meta": {
    "AccelFactPE": 2,
    "AcquisitionNumber": 1,
    "AcquisitionTime": "15:30:36.730000",
    "ConversionSoftware": "dcm2niix",
    "ConversionSoftwareVersion": "v1.0.20170624 (OpenJPEG build) MSC1900",
    "DeviceSerialNumber": "35071",
    "EchoTime": 0.00252,
    "FlipAngle": 9,
    "ImageType": [
      "ORIGINAL",
      "PRIMARY",
      "M",
      "ND",
      "NORM"
    ],
    "InstitutionAddress": "Gilbert_1_New_Haven-1763f8-_CT_US_06520",
    "InstitutionName": "Yale_University_School_of_Medicine",
    "InversionTime": 0.9,
    "MagneticFieldStrength": 3,
    "Manufacturer": "Siemens",
    "ManufacturersModelName": "TrioTim",
    "PhaseEncodingDirection": "i-",
    "PhaseEncodingLines": 246,
    "ProcedureStepDescription": "MRRC_Research_SiteProtocols",
    "ProtocolName": "t1_Sag_3D_MPRAGE",
    "RepetitionTime": 1.9,
    "ScanningSequence": "GR_IR",
    "SequenceName": "_tfl3d1_ns",
    "SequenceVariant": "SP_MP_OSP",
    "SeriesDescription": "t1_Sag_3D_MPRAGE",
    "SoftwareVersions": "syngo_MR_B17",
    "dataset": "ds003424",
    "modality": "T1w",
    "subject_id": "15"
  },
  "cjv": 0.34717364809536166,
  "cnr": 3.872918576664048,
  "efc": 0.5251517796939966,
  "fber": -1.0,
  "fwhm_avg": 4.3464098133333335,
  "fwhm_x": 4.2,
  "fwhm_y": 4.490362879999999,
  "fwhm_z": 4.34886656,
  "icvs_csf": 0.1899291135560282,
  "icvs_gm": 0.43818985172376856,
  "icvs_wm": 0.37188103472020323,
  "inu_med": 0.3500322103500366,
  "inu_range": 0.10450917184352876,
  "provenance": {
    "md5sum": "d2d6f52fa35bd7a52f6d29c32a318f88",
    "settings": {
      "testing": false
    },
    "software": "mriqc",
    "version": "22.0.6",
    "warnings": {
      "large_rot_frame": true,
      "small_air_mask": false
    },
    "webapi_port": null,
    "webapi_url": "https://mriqc.nimh.nih.gov/api/v1"
  },
  "qi_1": 0.0,
  "qi_2": 0.019774991002934433,
  "rpve_csf": 24.827711896196938,
  "rpve_gm": 11.56929990491103,
  "rpve_wm": 15.828182594965586,
  "size_x": 176,
  "size_y": 256,
  "size_z": 256,
  "snr_csf": 2.788819676304078,
  "snr_gm": 13.1966236580399,
  "snr_total": 15.270285429094463,
  "snr_wm": 29.82541295293941,
  "snrd_csf": 57.362529102778964,
  "snrd_gm": 135.7666643778745,
  "snrd_total": 125.1008333972256,
  "snrd_wm": 182.17330671102332,
  "spacing_x": 1.0,
  "spacing_y": 0.9765625,
  "spacing_z": 0.9765625,
  "summary_bg_k": 16.263056295735534,
  "summary_bg_mad": 0.0,
  "summary_bg_mean": 1.5980707046583957,
  "summary_bg_median": 0.0,
  "summary_bg_n": 3153899.0,
  "summary_bg_p05": 0.0,
  "summary_bg_p95": 7.560085851699114,
  "summary_bg_stdv": 3.596361406263742,
  "summary_csf_k": 1.3395422436998796,
  "summary_csf_mad": 80.07736159283719,
  "summary_csf_mean": 314.6898085680712,
  "summary_csf_median": 314.8907400518656,
  "summary_csf_n": 34194.0,
  "summary_csf_p05": 89.61710723657161,
  "summary_csf_p95": 505.4105453697964,
  "summary_csf_stdv": 112.91018140043938,
  "summary_gm_k": -0.023387248301295127,
  "summary_gm_mad": 57.15828386675357,
  "summary_gm_mean": 744.6211507257964,
  "summary_gm_median": 745.2890604548156,
  "summary_gm_n": 40048.0,
  "summary_gm_p05": 651.6229818653316,
  "summary_gm_p95": 836.7867860624567,
  "summary_gm_stdv": 56.47503291460131,
  "summary_wm_k": 0.715003897773324,
  "summary_wm_mad": 31.283704633413418,
  "summary_wm_mean": 1000.858599415052,
  "summary_wm_median": 1000.0376249998808,
  "summary_wm_n": 229813.0,
  "summary_wm_p05": 947.3803106099367,
  "summary_wm_p95": 1056.9827492758632,
  "summary_wm_stdv": 33.52964301991765,
  "tpm_overlap_csf": 0.154027442116413,
  "tpm_overlap_gm": 0.4693070825571154,
  "tpm_overlap_wm": 0.5193813582253511,
  "wm2max": 0.4700447048967985
}