{
  "aor": 0.0001647892074198988,
  "aqi": 0.0277192300168634,
  "bids_meta": {
    "AccelFactPE": 2,
    "AcquisitionNumber": 1,
    "AcquisitionTime": "18:25:53.165000",
    "BandwidthPerPixelPhaseEncode": 26.35,
    "ConversionSoftware": "dcm2niix",
    "ConversionSoftwareVersion": "v1.0.20170624 (OpenJPEG build) MSC1900",
    "DeviceSerialNumber": "35071",
    "EchoTime": 0.03,
    "EffectiveEchoSpacing": 0.000345006,
    "FlipAngle": 60,
    "ImageType": [
      "ORIGINAL",
      "PRIMARY",
      "M",
      "MB",
      "ND",
      "NORM",
      "MOSAIC"
    ],
    "InstitutionAddress": "Gilbert_1_New_Haven-1763f8-_CT_US_06520",
    "InstitutionName": "Yale_University_School_of_Medicine",
    "MagneticFieldStrength": 3,
    "Manufacturer": "Siemens",
    "ManufacturersModelName": "TrioTim",
    "PhaseEncodingDirection": "j-",
    "PhaseEncodingLines": 110,
    "ProcedureStepDescription": "MRRC_Research_SiteProtocols",
    "ProtocolName": "mbep2d_bold_taste4(MB4iPAT2)",
    "RepetitionTime": 1,
    "ScanningSequence": "EP",
    "SequenceName": "epfid2d1_110",
    "SequenceVariant": "SK_SS",
    "SeriesDescription": "mbep2d_bold_taste4(MB4iPAT2)",
    "SliceTiming": [
      0,
      0.535,
      0.0675,
      0.6025,
      0.135,
      0.67,
      0.2025,
      0.7375,
      0.2675,
      0.805,
      0.335,
      0.87,
      0.4025,
      0.9375,
      0.47,
      0,
      0.535,
      0.0675,
      0.6025,
      0.135,
      0.67,
      0.2025,
      0.7375,
      0.2675,
      0.805,
      0.335,
      0.87,
      0.4025,
      0.9375,
      0.47,
      0,
      0.535,
      0.0675,
      0.6025,
      0.135,
      0.67,
      0.2025,
      0.7375,
      0.2675,
      0.805,
      0.335,
      0.87,
      0.4025,
      0.9375,
      0.47,
      0,
      0.535,
      0.0675,
      0.6025,
      0.135,
      0.67,
      0.2025,
      0.7375,
      0.2675,
      0.805,
      0.335,
      0.87,
      0.4025,
      0.9375,
      0.47
    ],
    "SoftwareVersions": "syngo_MR_B17",
    "TaskName": "taste",
    "TotalReadoutTime": 0.0372607,
    "TrueEchoSpacing": 0.000690012,
    "dataset": "ds003424",
    "modality": "bold",
    "run_id": 4,
    "subject_id": "04",
    "task_id": "taste"
  },
  "dummy_trs": 1,
  "dvars_nstd": 44.69146958567572,
  "dvars_std": 1.0972186655067557,
  "dvars_vstd": 0.9950130515371625,
  "efc": 0.4551462506365629,
  "fber": 4837.8525390625,
  "fd_mean": 0.08084592924535781,
  "fd_num": 2,
  "fd_perc": 0.3372681281618887,
  "fwhm_avg": 1.9060593333333333,
  "fwhm_x": 1.85175,
  "fwhm_y": 2.07012,
  "fwhm_z": 1.7963080000000002,
  "gcor": 0.00616005,
  "gsr_x": -0.0073356060311198235,
  "gsr_y": 0.016961466521024704,
  "provenance": {
    "md5sum": "25ca30a3963c68711480dd02a23127d1",
    "settings": {
      "fd_thres": 0.2,
      "testing": false
    },
    "software": "mriqc",
    "version": "22.0.6",
    "webapi_port": null,
    "webapi_url": "https://mriqc.nimh.nih.gov/api/v1"
  },
  "size_t": 593,
  "size_x": 110,
  "size_y": 110,
  "size_z": 60,
  "snr": 6.7796175584813625,
  "spacing_tr": 1.0,
  "spacing_x": 2.0,
  "spacing_y": 2.0,
  "spacing_z": 2.5,
  "summary_bg_k": 36.81755143714967,
  "summary_bg_mad": 3.849015215476622,
  "summary_bg_mean": 17.36113929748535,
  "summary_bg_median": 6.107925891876221,
  "summary_bg_n": 528366.0,
  "summary_bg_p05": 2.7166948318481445,
  "summary_bg_p95": 73.1049747467041,
  "summary_bg_stdv": 35.70934295654297,
  "summary_fg_k": 2.5481075091692142,
  "summary_fg_mad": 55.748838663212524,
  "summary_fg_mean": 427.8398132324219,
  "summary_fg_median": 425.2529602050781,
  "summary_fg_n": 110472.0,
  "summary_fg_p05": 336.27673492431643,
  "summary_fg_p95": 530.057373046875,
  "summary_fg_stdv": 62.72492980957031,
  "tsnr": 32.90818609058624
}