{
  "aor": 0.00032503367003366995,
  "aqi": 0.029695373905723906,
  "bids_meta": {
    "AccelFactPE": 2,
    "AcquisitionNumber": 1,
    "AcquisitionTime": "17:49:15.652500",
    "BandwidthPerPixelPhaseEncode": 26.35,
    "ConversionSoftware": "dcm2niix",
    "ConversionSoftwareVersion": "v1.0.20170624 (OpenJPEG build) MSC1900",
    "DeviceSerialNumber": "35071",
    "EchoTime": 0.03,
    "EffectiveEchoSpacing": 0.000345006,
    "FlipAngle": 60,
    "ImageType": [
      "ORIGINAL",
      "PRIMARY",
      "M",
      "MB",
      "ND",
      "NORM",
      "MOSAIC"
    ],
    "InstitutionAddress": "Gilbert_1_New_Haven-1763f8-_CT_US_06520",
    "InstitutionName": "Yale_University_School_of_Medicine",
    "MagneticFieldStrength": 3,
    "Manufacturer": "Siemens",
    "ManufacturersModelName": "TrioTim",
    "PhaseEncodingDirection": "j-",
    "PhaseEncodingLines": 110,
    "ProcedureStepDescription": "MRRC_Research_SiteProtocols",
    "ProtocolName": "mbep2d_bold_taste2(MB4iPAT2)",
    "RepetitionTime": 1,
    "ScanningSequence": "EP",
    "SequenceName": "epfid2d1_110",
    "SequenceVariant": "SK_SS",
    "SeriesDescription": "mbep2d_bold_taste2(MB4iPAT2)",
    "SliceTiming": [
      0,
      0.535,
      0.0675,
      0.6025,
      0.1325,
      0.6675,
      0.2,
      0.735,
      0.2675,
      0.8025,
      0.335,
      0.87,
      0.4,
      0.935,
      0.4675,
      0,
      0.535,
      0.0675,
      0.6025,
      0.1325,
      0.6675,
      0.2,
      0.735,
      0.2675,
      0.8025,
      0.335,
      0.87,
      0.4,
      0.935,
      0.4675,
      0,
      0.535,
      0.0675,
      0.6025,
      0.1325,
      0.6675,
      0.2,
      0.735,
      0.2675,
      0.8025,
      0.335,
      0.87,
      0.4,
      0.935,
      0.4675,
      0,
      0.535,
      0.0675,
      0.6025,
      0.1325,
      0.6675,
      0.2,
      0.735,
      0.2675,
      0.8025,
      0.335,
      0.87,
      0.4,
      0.935,
      0.4675
    ],
    "SoftwareVersions": "syngo_MR_B17",
    "TaskName": "taste",
    "TotalReadoutTime": 0.0372607,
    "TrueEchoSpacing": 0.000690012,
    "dataset": "ds003424",
    "modality": "bold",
    "run_id": 2,
    "subject_id": "04",
    "task_id": "taste"
  },
  "dummy_trs": 0,
  "dvars_nstd": 44.7527438223946,
  "dvars_std": 1.1078657326306918,
  "dvars_vstd": 0.9984660273355828,
  "efc": 0.4530778381387745,
  "fber": 5322.10888671875,
  "fd_mean": 0.08282145606214043,
  "fd_num": 12,
  "fd_perc": 2.0202020202020203,
  "fwhm_avg": 1.92706,
  "fwhm_x": 1.85705,
  "fwhm_y": 2.09645,
  "fwhm_z": 1.8276800000000002,
  "gcor": 0.00540883,
  "gsr_x": -0.006975926924496889,
  "gsr_y": 0.016949336975812912,
  "provenance": {
    "md5sum": "62010d50bd26de7bce27c56630efac4b",
    "settings": {
      "fd_thres": 0.2,
      "testing": false
    },
    "software": "mriqc",
    "version": "22.0.6",
    "webapi_port": null,
    "webapi_url": "https://mriqc.nimh.nih.gov/api/v1"
  },
  "size_t": 594,
  "size_x": 110,
  "size_y": 110,
  "size_z": 60,
  "snr": 6.84848207576105,
  "spacing_tr": 1.0,
  "spacing_x": 2.0,
  "spacing_y": 2.0,
  "spacing_z": 2.5,
  "summary_bg_k": 38.40730045988089,
  "summary_bg_mad": 3.5966828716873636,
  "summary_bg_mean": 16.803546905517578,
  "summary_bg_median": 5.845117568969727,
  "summary_bg_n": 527913.0,
  "summary_bg_p05": 2.6548821926116943,
  "summary_bg_p95": 70.77845001220697,
  "summary_bg_stdv": 34.93867492675781,
  "summary_fg_k": 2.6538409710737136,
  "summary_fg_mad": 55.09839037545506,
  "summary_fg_mean": 429.2921447753906,
  "summary_fg_median": 426.7171630859375,
  "summary_fg_n": 110837.0,
  "summary_fg_p05": 337.9945983886719,
  "summary_fg_p95": 531.4848388671875,
  "summary_fg_stdv": 62.30800247192383,
  "tsnr": 32.0792173105292
}