{
  "aor": 0.0001759090909090909,
  "aqi": 0.029973778282828285,
  "bids_meta": {
    "AccelFactPE": 2,
    "AcquisitionNumber": 1,
    "AcquisitionTime": "18:07:46.205000",
    "BandwidthPerPixelPhaseEncode": 26.35,
    "ConversionSoftware": "dcm2niix",
    "ConversionSoftwareVersion": "v1.0.20170624 (OpenJPEG build) MSC1900",
    "DeviceSerialNumber": "35071",
    "EchoTime": 0.03,
    "EffectiveEchoSpacing": 0.000345006,
    "FlipAngle": 60,
    "ImageType": [
      "ORIGINAL",
      "PRIMARY",
      "M",
      "MB",
      "ND",
      "NORM",
      "MOSAIC"
    ],
    "InstitutionAddress": "Gilbert_1_New_Haven-1763f8-_CT_US_06520",
    "InstitutionName": "Yale_University_School_of_Medicine",
    "MagneticFieldStrength": 3,
    "Manufacturer": "Siemens",
    "ManufacturersModelName": "TrioTim",
    "PhaseEncodingDirection": "j-",
    "PhaseEncodingLines": 110,
    "ProcedureStepDescription": "MRRC_Research_SiteProtocols",
    "ProtocolName": "mbep2d_bold_taste3(MB4iPAT2)",
    "RepetitionTime": 1,
    "ScanningSequence": "EP",
    "SequenceName": "epfid2d1_110",
    "SequenceVariant": "SK_SS",
    "SeriesDescription": "mbep2d_bold_taste3(MB4iPAT2)",
    "SliceTiming": [
      0,
      0.535,
      0.0675,
      0.6025,
      0.135,
      0.67,
      0.2,
      0.7375,
      0.2675,
      0.8025,
      0.335,
      0.87,
      0.4025,
      0.9375,
      0.47,
      0,
      0.535,
      0.0675,
      0.6025,
      0.135,
      0.67,
      0.2,
      0.7375,
      0.2675,
      0.8025,
      0.335,
      0.87,
      0.4025,
      0.9375,
      0.47,
      0,
      0.535,
      0.0675,
      0.6025,
      0.135,
      0.67,
      0.2,
      0.7375,
      0.2675,
      0.8025,
      0.335,
      0.87,
      0.4025,
      0.9375,
      0.47,
      0,
      0.535,
      0.0675,
      0.6025,
      0.135,
      0.67,
      0.2,
      0.7375,
      0.2675,
      0.8025,
      0.335,
      0.87,
      0.4025,
      0.9375,
      0.47
    ],
    "SoftwareVersions": "syngo_MR_B17",
    "TaskName": "taste",
    "TotalReadoutTime": 0.0372607,
    "TrueEchoSpacing": 0.000690012,
    "dataset": "ds003424",
    "modality": "bold",
    "run_id": 3,
    "subject_id": "04",
    "task_id": "taste"
  },
  "dummy_trs": 0,
  "dvars_nstd": 44.49082253957846,
  "dvars_std": 1.0886137995615504,
  "dvars_vstd": 0.9864059326138275,
  "efc": 0.45469719577792783,
  "fber": 4965.7861328125,
  "fd_mean": 0.08546140930966796,
  "fd_num": 3,
  "fd_perc": 0.5050505050505051,
  "fwhm_avg": 1.9130580000000001,
  "fwhm_x": 1.852095,
  "fwhm_y": 2.086455,
  "fwhm_z": 1.8006239999999998,
  "gcor": 0.00514094,
  "gsr_x": -0.007463766727596521,
  "gsr_y": 0.017468729987740517,
  "provenance": {
    "md5sum": "6719056a0f2ddc9074f840bbd499c9a1",
    "settings": {
      "fd_thres": 0.2,
      "testing": false
    },
    "software": "mriqc",
    "version": "22.0.6",
    "webapi_port": null,
    "webapi_url": "https://mriqc.nimh.nih.gov/api/v1"
  },
  "size_t": 594,
  "size_x": 110,
  "size_y": 110,
  "size_z": 60,
  "snr": 6.849511756953542,
  "spacing_tr": 1.0,
  "spacing_x": 2.0,
  "spacing_y": 2.0,
  "spacing_z": 2.5,
  "summary_bg_k": 39.20965604853531,
  "summary_bg_mad": 3.786376100301679,
  "summary_bg_mean": 17.169572830200195,
  "summary_bg_median": 6.035353183746338,
  "summary_bg_n": 528178.0,
  "summary_bg_p05": 2.7037036418914795,
  "summary_bg_p95": 72.03518371581995,
  "summary_bg_stdv": 35.2725715637207,
  "summary_fg_k": 2.618369318275797,
  "summary_fg_mad": 54.97858047937953,
  "summary_fg_mean": 427.554443359375,
  "summary_fg_median": 425.1043701171875,
  "summary_fg_n": 110595.0,
  "summary_fg_p05": 337.120703125,
  "summary_fg_p95": 529.4196716308592,
  "summary_fg_stdv": 62.063175201416016,
  "tsnr": 31.69162283325568
}