{
  "bids_meta": {
    "AccelFactPE": 2,
    "AcquisitionNumber": 1,
    "AcquisitionTime": "13:27:8.787500",
    "ConversionSoftware": "dcm2niix",
    "ConversionSoftwareVersion": "v1.0.20170624 (OpenJPEG build) MSC1900",
    "DeviceSerialNumber": "35407",
    "EchoTime": 0.00252,
    "FlipAngle": 9,
    "ImageType": [
      "ORIGINAL",
      "PRIMARY",
      "M",
      "ND",
      "NORM"
    ],
    "InstitutionAddress": "Cedar_Street_333_New_Haven_Connecticut_US_06510",
    "InstitutionName": "Yale_MRRC",
    "InversionTime": 0.9,
    "MagneticFieldStrength": 3,
    "Manufacturer": "Siemens",
    "ManufacturersModelName": "TrioTim",
    "PhaseEncodingDirection": "i-",
    "PhaseEncodingLines": 246,
    "ProcedureStepDescription": "MRRC_Research_SiteProtocols",
    "ProtocolName": "t1_Sag_3D_MPRAGE",
    "RepetitionTime": 1.9,
    "ScanningSequence": "GR_IR",
    "SequenceName": "_tfl3d1_ns",
    "SequenceVariant": "SP_MP_OSP",
    "SeriesDescription": "t1_Sag_3D_MPRAGE",
    "SoftwareVersions": "syngo_MR_B17",
    "dataset": "ds003424",
    "modality": "T1w",
    "subject_id": "08"
  },
  "cjv": 0.3689616456848852,
  "cnr": 3.7137031734386636,
  "efc": 0.5212460996269752,
  "fber": -1.0,
  "fwhm_avg": 4.340685173333334,
  "fwhm_x": 4.2935,
  "fwhm_y": 4.35729408,
  "fwhm_z": 4.3712614400000005,
  "icvs_csf": 0.22634947449800288,
  "icvs_gm": 0.4248426937426123,
  "icvs_wm": 0.3488078317593848,
  "inu_med": 0.37234966456890106,
  "inu_range": 0.13107294440269468,
  "provenance": {
    "md5sum": "9d72c71410a32c84528ed3f01ad105e7",
    "settings": {
      "testing": false
    },
    "software": "mriqc",
    "version": "22.0.6",
    "warnings": {
      "large_rot_frame": true,
      "small_air_mask": false
    },
    "webapi_port": null,
    "webapi_url": "https://mriqc.nimh.nih.gov/api/v1"
  },
  "qi_1": 0.0,
  "qi_2": 0.01722784331999769,
  "rpve_csf": 22.54983752486362,
  "rpve_gm": 12.443225306717256,
  "rpve_wm": 17.579489941206074,
  "size_x": 176,
  "size_y": 256,
  "size_z": 256,
  "snr_csf": 3.322854015336057,
  "snr_gm": 14.291941348334937,
  "snr_total": 15.879109226488088,
  "snr_wm": 30.02253231579327,
  "snrd_csf": 52.776384614716086,
  "snrd_gm": 120.66323570181956,
  "snrd_total": 110.36909530961516,
  "snrd_wm": 157.66766561230986,
  "spacing_x": 1.0,
  "spacing_y": 0.9765625,
  "spacing_z": 0.9765625,
  "summary_bg_k": 44.91790689086346,
  "summary_bg_mad": 0.0,
  "summary_bg_mean": 1.7184130682297485,
  "summary_bg_median": 0.0,
  "summary_bg_n": 2914264.0,
  "summary_bg_p05": 0.0,
  "summary_bg_p95": 8.144461154937744,
  "summary_bg_stdv": 4.155343643312348,
  "summary_csf_k": 6.193928364995562,
  "summary_csf_mad": 74.95035505727543,
  "summary_csf_mean": 345.44617968543355,
  "summary_csf_median": 334.7455801963806,
  "summary_csf_n": 48067.0,
  "summary_csf_p05": 197.07127976417542,
  "summary_csf_p95": 528.8840312719344,
  "summary_csf_stdv": 100.7393332841563,
  "summary_gm_k": -0.08128949677270203,
  "summary_gm_mad": 54.88634625837908,
  "summary_gm_mean": 763.7406058061055,
  "summary_gm_median": 765.332546710968,
  "summary_gm_n": 43131.0,
  "summary_gm_p05": 674.05699467659,
  "summary_gm_p95": 849.0395085811615,
  "summary_gm_stdv": 53.54931536731113,
  "summary_wm_k": 0.5401142770263307,
  "summary_wm_mad": 31.71211117150791,
  "summary_wm_mean": 1001.2259242983736,
  "summary_wm_median": 1000.041109085083,
  "summary_wm_n": 206561.0,
  "summary_wm_p05": 948.9119918346405,
  "summary_wm_p95": 1057.669341802597,
  "summary_wm_stdv": 33.30960486181617,
  "tpm_overlap_csf": 0.1369984220919083,
  "tpm_overlap_gm": 0.4531734983106955,
  "tpm_overlap_wm": 0.49477063295489815,
  "wm2max": 0.4972813109965001
}