{
  "aor": 0.00021863636363636367,
  "aqi": 0.02898338569023569,
  "bids_meta": {
    "AccelFactPE": 2,
    "AcquisitionNumber": 1,
    "AcquisitionTime": "11:59:59.200000",
    "BandwidthPerPixelPhaseEncode": 26.35,
    "ConversionSoftware": "dcm2niix",
    "ConversionSoftwareVersion": "v1.0.20170624 (OpenJPEG build) MSC1900",
    "DeviceSerialNumber": "35071",
    "EchoTime": 0.03,
    "EffectiveEchoSpacing": 0.000345006,
    "FlipAngle": 60,
    "ImageType": [
      "ORIGINAL",
      "PRIMARY",
      "M",
      "MB",
      "ND",
      "NORM",
      "MOSAIC"
    ],
    "InstitutionAddress": "Gilbert_1_New_Haven-1763f8-_CT_US_06520",
    "InstitutionName": "Yale_University_School_of_Medicine",
    "MagneticFieldStrength": 3,
    "Manufacturer": "Siemens",
    "ManufacturersModelName": "TrioTim",
    "PhaseEncodingDirection": "j-",
    "PhaseEncodingLines": 110,
    "ProcedureStepDescription": "MRRC_Research_SiteProtocols",
    "ProtocolName": "mbep2d_bold_taste1(MB4iPAT2)",
    "RepetitionTime": 1,
    "ScanningSequence": "EP",
    "SequenceName": "epfid2d1_110",
    "SequenceVariant": "SK_SS",
    "SeriesDescription": "mbep2d_bold_taste1(MB4iPAT2)",
    "SliceTiming": [
      0,
      0.535,
      0.0675,
      0.6025,
      0.1325,
      0.6675,
      0.2,
      0.735,
      0.2675,
      0.8025,
      0.335,
      0.87,
      0.4,
      0.935,
      0.4675,
      0,
      0.535,
      0.0675,
      0.6025,
      0.1325,
      0.6675,
      0.2,
      0.735,
      0.2675,
      0.8025,
      0.335,
      0.87,
      0.4,
      0.935,
      0.4675,
      0,
      0.535,
      0.0675,
      0.6025,
      0.1325,
      0.6675,
      0.2,
      0.735,
      0.2675,
      0.8025,
      0.335,
      0.87,
      0.4,
      0.935,
      0.4675,
      0,
      0.535,
      0.0675,
      0.6025,
      0.1325,
      0.6675,
      0.2,
      0.735,
      0.2675,
      0.8025,
      0.335,
      0.87,
      0.4,
      0.935,
      0.4675
    ],
    "SoftwareVersions": "syngo_MR_B17",
    "TaskName": "taste",
    "TotalReadoutTime": 0.0372607,
    "TrueEchoSpacing": 0.000690012,
    "dataset": "ds003424",
    "modality": "bold",
    "run_id": 1,
    "subject_id": "18",
    "task_id": "taste"
  },
  "dummy_trs": 0,
  "dvars_nstd": 46.21901999424958,
  "dvars_std": 1.1597749301854967,
  "dvars_vstd": 1.0049004229005056,
  "efc": 0.47845463946916444,
  "fber": 5216.65380859375,
  "fd_mean": 0.07722908240732598,
  "fd_num": 16,
  "fd_perc": 2.6936026936026938,
  "fwhm_avg": 1.8182723333333335,
  "fwhm_x": 1.7895,
  "fwhm_y": 2.029285,
  "fwhm_z": 1.6360320000000002,
  "gcor": 0.00906856,
  "gsr_x": -0.004395089112222195,
  "gsr_y": 0.015464226715266705,
  "provenance": {
    "md5sum": "92d1eb2737393668afeddaea19c283a4",
    "settings": {
      "fd_thres": 0.2,
      "testing": false
    },
    "software": "mriqc",
    "version": "22.0.6",
    "webapi_port": null,
    "webapi_url": "https://mriqc.nimh.nih.gov/api/v1"
  },
  "size_t": 594,
  "size_x": 110,
  "size_y": 110,
  "size_z": 60,
  "snr": 7.580689825716477,
  "spacing_tr": 1.0,
  "spacing_x": 2.0,
  "spacing_y": 2.0,
  "spacing_z": 2.5,
  "summary_bg_k": 22.9072832185925,
  "summary_bg_mad": 3.9835574474207154,
  "summary_bg_mean": 22.749658584594727,
  "summary_bg_median": 6.0757575035095215,
  "summary_bg_n": 520505.0,
  "summary_bg_p05": 2.63973069190979,
  "summary_bg_p95": 119.66161346435547,
  "summary_bg_stdv": 47.20607376098633,
  "summary_fg_k": 5.315877665903603,
  "summary_fg_mad": 47.11881602059407,
  "summary_fg_mean": 439.0202941894531,
  "summary_fg_median": 439.4158020019531,
  "summary_fg_n": 115887.0,
  "summary_fg_p05": 355.2159881591797,
  "summary_fg_p95": 525.37841796875,
  "summary_fg_stdv": 57.96489715576172,
  "tsnr": 36.42586081009358
}