{
  "aor": 0.0007171153846153845,
  "aqi": 0.03090471692307692,
  "bids_meta": {
    "AccelFactPE": 2,
    "AcquisitionNumber": 1,
    "AcquisitionTime": "12:35:56.750000",
    "BandwidthPerPixelPhaseEncode": 26.35,
    "ConversionSoftware": "dcm2niix",
    "ConversionSoftwareVersion": "v1.0.20170624 (OpenJPEG build) MSC1900",
    "DeviceSerialNumber": "35071",
    "EchoTime": 0.03,
    "EffectiveEchoSpacing": 0.000345006,
    "FlipAngle": 60,
    "ImageType": [
      "ORIGINAL",
      "PRIMARY",
      "M",
      "MB",
      "ND",
      "NORM",
      "MOSAIC"
    ],
    "InstitutionAddress": "Gilbert_1_New_Haven-1763f8-_CT_US_06520",
    "InstitutionName": "Yale_University_School_of_Medicine",
    "MagneticFieldStrength": 3,
    "Manufacturer": "Siemens",
    "ManufacturersModelName": "TrioTim",
    "PhaseEncodingDirection": "j-",
    "PhaseEncodingLines": 110,
    "ProcedureStepDescription": "MRRC_Research_SiteProtocols",
    "ProtocolName": "mbep2d_bold_taste3(MB4iPAT2)",
    "RepetitionTime": 1,
    "ScanningSequence": "EP",
    "SequenceName": "epfid2d1_110",
    "SequenceVariant": "SK_SS",
    "SeriesDescription": "mbep2d_bold_taste3(MB4iPAT2)",
    "SliceTiming": [
      0,
      0.535,
      0.065,
      0.6,
      0.1325,
      0.6675,
      0.2,
      0.735,
      0.2675,
      0.8025,
      0.3325,
      0.8675,
      0.4,
      0.935,
      0.4675,
      0,
      0.535,
      0.065,
      0.6,
      0.1325,
      0.6675,
      0.2,
      0.735,
      0.2675,
      0.8025,
      0.3325,
      0.8675,
      0.4,
      0.935,
      0.4675,
      0,
      0.535,
      0.065,
      0.6,
      0.1325,
      0.6675,
      0.2,
      0.735,
      0.2675,
      0.8025,
      0.3325,
      0.8675,
      0.4,
      0.935,
      0.4675,
      0,
      0.535,
      0.065,
      0.6,
      0.1325,
      0.6675,
      0.2,
      0.735,
      0.2675,
      0.8025,
      0.3325,
      0.8675,
      0.4,
      0.935,
      0.4675
    ],
    "SoftwareVersions": "syngo_MR_B17",
    "TaskName": "taste",
    "TotalReadoutTime": 0.0372607,
    "TrueEchoSpacing": 0.000690012,
    "dataset": "ds003424",
    "modality": "bold",
    "run_id": 3,
    "subject_id": "18",
    "task_id": "taste"
  },
  "dummy_trs": 0,
  "dvars_nstd": 47.338371983938174,
  "dvars_std": 1.1458484670270266,
  "dvars_vstd": 1.0078834179150584,
  "efc": 0.48164379947370967,
  "fber": 4555.205078125,
  "fd_mean": 0.09600152284105407,
  "fd_num": 20,
  "fd_perc": 7.6923076923076925,
  "fwhm_avg": 1.8312126666666666,
  "fwhm_x": 1.810475,
  "fwhm_y": 2.043015,
  "fwhm_z": 1.640148,
  "gcor": 0.00890411,
  "gsr_x": -0.004464080091565847,
  "gsr_y": 0.017207711935043335,
  "provenance": {
    "md5sum": "d29cc87b2752c480636f0efad99c7ede",
    "settings": {
      "fd_thres": 0.2,
      "testing": false
    },
    "software": "mriqc",
    "version": "22.0.6",
    "webapi_port": null,
    "webapi_url": "https://mriqc.nimh.nih.gov/api/v1"
  },
  "size_t": 260,
  "size_x": 110,
  "size_y": 110,
  "size_z": 60,
  "snr": 7.530554402724347,
  "spacing_tr": 1.0,
  "spacing_x": 2.0,
  "spacing_y": 2.0,
  "spacing_z": 2.5,
  "summary_bg_k": 22.752497824366646,
  "summary_bg_mad": 4.402188305175667,
  "summary_bg_mean": 23.64854621887207,
  "summary_bg_median": 6.515384674072266,
  "summary_bg_n": 520839.0,
  "summary_bg_p05": 2.738461494445801,
  "summary_bg_p95": 124.44269104003897,
  "summary_bg_stdv": 47.72444534301758,
  "summary_fg_k": 5.1088160942947844,
  "summary_fg_mad": 47.945088045568106,
  "summary_fg_mean": 439.15411376953125,
  "summary_fg_median": 439.4769287109375,
  "summary_fg_n": 115722.0,
  "summary_fg_p05": 355.0,
  "summary_fg_p95": 527.215200805664,
  "summary_fg_stdv": 58.35892105102539,
  "tsnr": 34.323622717289254
}