{
  "aor": 0.0002520236087689713,
  "aqi": 0.028652139966273183,
  "bids_meta": {
    "AccelFactPE": 2,
    "AcquisitionNumber": 1,
    "AcquisitionTime": "12:17:29.500000",
    "BandwidthPerPixelPhaseEncode": 26.35,
    "ConversionSoftware": "dcm2niix",
    "ConversionSoftwareVersion": "v1.0.20170624 (OpenJPEG build) MSC1900",
    "DeviceSerialNumber": "35071",
    "EchoTime": 0.03,
    "EffectiveEchoSpacing": 0.000345006,
    "FlipAngle": 60,
    "ImageType": [
      "ORIGINAL",
      "PRIMARY",
      "M",
      "MB",
      "ND",
      "NORM",
      "MOSAIC"
    ],
    "InstitutionAddress": "Gilbert_1_New_Haven-1763f8-_CT_US_06520",
    "InstitutionName": "Yale_University_School_of_Medicine",
    "MagneticFieldStrength": 3,
    "Manufacturer": "Siemens",
    "ManufacturersModelName": "TrioTim",
    "PhaseEncodingDirection": "j-",
    "PhaseEncodingLines": 110,
    "ProcedureStepDescription": "MRRC_Research_SiteProtocols",
    "ProtocolName": "mbep2d_bold_taste2(MB4iPAT2)",
    "RepetitionTime": 1,
    "ScanningSequence": "EP",
    "SequenceName": "epfid2d1_110",
    "SequenceVariant": "SK_SS",
    "SeriesDescription": "mbep2d_bold_taste2(MB4iPAT2)",
    "SliceTiming": [
      0,
      0.5375,
      0.0675,
      0.6025,
      0.135,
      0.67,
      0.2025,
      0.7375,
      0.2675,
      0.805,
      0.335,
      0.87,
      0.4025,
      0.9375,
      0.47,
      0,
      0.5375,
      0.0675,
      0.6025,
      0.135,
      0.67,
      0.2025,
      0.7375,
      0.2675,
      0.805,
      0.335,
      0.87,
      0.4025,
      0.9375,
      0.47,
      0,
      0.5375,
      0.0675,
      0.6025,
      0.135,
      0.67,
      0.2025,
      0.7375,
      0.2675,
      0.805,
      0.335,
      0.87,
      0.4025,
      0.9375,
      0.47,
      0,
      0.5375,
      0.0675,
      0.6025,
      0.135,
      0.67,
      0.2025,
      0.7375,
      0.2675,
      0.805,
      0.335,
      0.87,
      0.4025,
      0.9375,
      0.47
    ],
    "SoftwareVersions": "syngo_MR_B17",
    "TaskName": "taste",
    "TotalReadoutTime": 0.0372607,
    "TrueEchoSpacing": 0.000690012,
    "dataset": "ds003424",
    "modality": "bold",
    "run_id": 2,
    "subject_id": "18",
    "task_id": "taste"
  },
  "dummy_trs": 1,
  "dvars_nstd": 46.055612441722964,
  "dvars_std": 1.148208633023648,
  "dvars_vstd": 1.0032335170101345,
  "efc": 0.47980125201545604,
  "fber": 5083.5517578125,
  "fd_mean": 0.08264151126076315,
  "fd_num": 10,
  "fd_perc": 1.6863406408094435,
  "fwhm_avg": 1.8258493333333332,
  "fwhm_x": 1.804335,
  "fwhm_y": 2.037025,
  "fwhm_z": 1.636188,
  "gcor": 0.00777203,
  "gsr_x": -0.004590831696987152,
  "gsr_y": 0.015895824879407883,
  "provenance": {
    "md5sum": "1949f2d0c44db01aefaf7a8f04e69826",
    "settings": {
      "fd_thres": 0.2,
      "testing": false
    },
    "software": "mriqc",
    "version": "22.0.6",
    "webapi_port": null,
    "webapi_url": "https://mriqc.nimh.nih.gov/api/v1"
  },
  "size_t": 593,
  "size_x": 110,
  "size_y": 110,
  "size_z": 60,
  "snr": 7.5187577658899905,
  "spacing_tr": 1.0,
  "spacing_x": 2.0,
  "spacing_y": 2.0,
  "spacing_z": 2.5,
  "summary_bg_k": 22.650984557659207,
  "summary_bg_mad": 4.082781380246717,
  "summary_bg_mean": 23.193967819213867,
  "summary_bg_median": 6.168633937835693,
  "summary_bg_n": 520554.0,
  "summary_bg_p05": 2.6543002128601074,
  "summary_bg_p95": 122.2370189666743,
  "summary_bg_stdv": 47.693939208984375,
  "summary_fg_k": 5.007925940854243,
  "summary_fg_mad": 47.97081007197254,
  "summary_fg_mean": 439.5193786621094,
  "summary_fg_median": 439.7116394042969,
  "summary_fg_n": 115920.0,
  "summary_fg_p05": 354.45355834960935,
  "summary_fg_p95": 527.6984313964844,
  "summary_fg_stdv": 58.4817008972168,
  "tsnr": 35.56115451385267
}