{
  "aor": 0.0002710833333333333,
  "aqi": 0.02680199694444444,
  "bids_meta": {
    "AccelFactPE": 2,
    "AcquisitionNumber": 1,
    "AcquisitionTime": "12:28:28.670000",
    "BandwidthPerPixelPhaseEncode": 26.35,
    "ConversionSoftware": "dcm2niix",
    "ConversionSoftwareVersion": "v1.0.20170624 (OpenJPEG build) MSC1900",
    "DeviceSerialNumber": "35071",
    "EchoTime": 0.03,
    "EffectiveEchoSpacing": 0.000345006,
    "FlipAngle": 60,
    "ImageType": [
      "ORIGINAL",
      "PRIMARY",
      "M",
      "MB",
      "ND",
      "NORM",
      "MOSAIC"
    ],
    "InstitutionAddress": "Gilbert_1_New_Haven-1763f8-_CT_US_06520",
    "InstitutionName": "Yale_University_School_of_Medicine",
    "MagneticFieldStrength": 3,
    "Manufacturer": "Siemens",
    "ManufacturersModelName": "TrioTim",
    "PhaseEncodingDirection": "j-",
    "PhaseEncodingLines": 110,
    "ProcedureStepDescription": "MRRC_Research_SiteProtocols",
    "ProtocolName": "mbep2d_bold_resting(MB4iPAT2)",
    "RepetitionTime": 1,
    "ScanningSequence": "EP",
    "SequenceName": "epfid2d1_110",
    "SequenceVariant": "SK_SS",
    "SeriesDescription": "mbep2d_bold_resting(MB4iPAT2)",
    "SliceTiming": [
      0,
      0.535,
      0.0675,
      0.6025,
      0.1325,
      0.6675,
      0.2,
      0.735,
      0.2675,
      0.8025,
      0.335,
      0.87,
      0.4,
      0.935,
      0.4675,
      0,
      0.535,
      0.0675,
      0.6025,
      0.1325,
      0.6675,
      0.2,
      0.735,
      0.2675,
      0.8025,
      0.335,
      0.87,
      0.4,
      0.935,
      0.4675,
      0,
      0.535,
      0.0675,
      0.6025,
      0.1325,
      0.6675,
      0.2,
      0.735,
      0.2675,
      0.8025,
      0.335,
      0.87,
      0.4,
      0.935,
      0.4675,
      0,
      0.535,
      0.0675,
      0.6025,
      0.1325,
      0.6675,
      0.2,
      0.735,
      0.2675,
      0.8025,
      0.335,
      0.87,
      0.4,
      0.935,
      0.4675
    ],
    "SoftwareVersions": "syngo_MR_B17",
    "TaskName": "rest",
    "TotalReadoutTime": 0.0372607,
    "TrueEchoSpacing": 0.000690012,
    "dataset": "ds003424",
    "modality": "bold",
    "subject_id": "18",
    "task_id": "resting"
  },
  "dummy_trs": 0,
  "dvars_nstd": 45.181265923955415,
  "dvars_std": 1.134418000222841,
  "dvars_vstd": 1.0036151339554313,
  "efc": 0.48042470576812546,
  "fber": 4634.79931640625,
  "fd_mean": 0.06240688260156463,
  "fd_num": 2,
  "fd_perc": 0.5555555555555556,
  "fwhm_avg": 1.8200206666666665,
  "fwhm_x": 1.79903,
  "fwhm_y": 2.02664,
  "fwhm_z": 1.634392,
  "gcor": 0.00749649,
  "gsr_x": -0.004303423222154379,
  "gsr_y": 0.015365343540906906,
  "provenance": {
    "md5sum": "62b7d9452df0ccd9496b427e6ded6f8a",
    "settings": {
      "fd_thres": 0.2,
      "testing": false
    },
    "software": "mriqc",
    "version": "22.0.6",
    "webapi_port": null,
    "webapi_url": "https://mriqc.nimh.nih.gov/api/v1"
  },
  "size_t": 360,
  "size_x": 110,
  "size_y": 110,
  "size_z": 60,
  "snr": 7.493260826943335,
  "spacing_tr": 1.0,
  "spacing_x": 2.0,
  "spacing_y": 2.0,
  "spacing_z": 2.5,
  "summary_bg_k": 22.97511520968176,
  "summary_bg_mad": 4.311902111982966,
  "summary_bg_mean": 23.276931762695312,
  "summary_bg_median": 6.461111068725586,
  "summary_bg_n": 520802.0,
  "summary_bg_p05": 2.741666793823242,
  "summary_bg_p95": 121.96916656494115,
  "summary_bg_stdv": 47.142738342285156,
  "summary_fg_k": 4.875189127037577,
  "summary_fg_mad": 48.563457324142206,
  "summary_fg_mean": 439.6484375,
  "summary_fg_median": 439.8277893066406,
  "summary_fg_n": 115720.0,
  "summary_fg_p05": 354.82765045166013,
  "summary_fg_p95": 528.5118041992185,
  "summary_fg_stdv": 58.69619369506836,
  "tsnr": 36.89509974210523
}