{
  "bids_meta": {
    "AccelFactPE": 2,
    "AcquisitionNumber": 1,
    "AcquisitionTime": "10:50:32.765000",
    "ConversionSoftware": "dcm2niix",
    "ConversionSoftwareVersion": "v1.0.20170624 (OpenJPEG build) MSC1900",
    "DeviceSerialNumber": "35071",
    "EchoTime": 0.00252,
    "FlipAngle": 9,
    "ImageType": [
      "ORIGINAL",
      "PRIMARY",
      "M",
      "ND",
      "NORM"
    ],
    "InstitutionAddress": "Gilbert_1_New_Haven-1763f8-_CT_US_06520",
    "InstitutionName": "Yale_University_School_of_Medicine",
    "InversionTime": 0.9,
    "MagneticFieldStrength": 3,
    "Manufacturer": "Siemens",
    "ManufacturersModelName": "TrioTim",
    "PhaseEncodingDirection": "i-",
    "PhaseEncodingLines": 246,
    "ProcedureStepDescription": "MRRC_Research_SiteProtocols",
    "ProtocolName": "t1_Sag_3D_MPRAGE",
    "RepetitionTime": 1.9,
    "ScanningSequence": "GR_IR",
    "SequenceName": "_tfl3d1_ns",
    "SequenceVariant": "SP_MP_OSP",
    "SeriesDescription": "t1_Sag_3D_MPRAGE",
    "SoftwareVersions": "syngo_MR_B17",
    "dataset": "ds003424",
    "modality": "T1w",
    "subject_id": "25"
  },
  "cjv": 0.3252783351440163,
  "cnr": 4.159672397718961,
  "efc": 0.5417100289779717,
  "fber": -1.0,
  "fwhm_avg": 4.253436373333334,
  "fwhm_x": 4.19672,
  "fwhm_y": 4.25596928,
  "fwhm_z": 4.30761984,
  "icvs_csf": 0.17709993339657226,
  "icvs_gm": 0.45746461379717984,
  "icvs_wm": 0.36543545280624784,
  "inu_med": 0.3569524437189102,
  "inu_range": 0.10834605097770689,
  "provenance": {
    "md5sum": "68bf33f46812ea0edfc2c0921fb37fb0",
    "settings": {
      "testing": false
    },
    "software": "mriqc",
    "version": "22.0.6",
    "warnings": {
      "large_rot_frame": true,
      "small_air_mask": false
    },
    "webapi_port": null,
    "webapi_url": "https://mriqc.nimh.nih.gov/api/v1"
  },
  "qi_1": 0.0,
  "qi_2": 0.014529515460489795,
  "rpve_csf": 29.44130281283299,
  "rpve_gm": 12.56714978191386,
  "rpve_wm": 17.583909390538384,
  "size_x": 176,
  "size_y": 256,
  "size_z": 256,
  "snr_csf": 2.652995080804589,
  "snr_gm": 14.864163850173812,
  "snr_total": 15.505049336947934,
  "snr_wm": 28.997989079865402,
  "snrd_csf": 57.956307629293796,
  "snrd_gm": 134.25142892220387,
  "snrd_total": 124.04004404132662,
  "snrd_wm": 179.9123955724822,
  "spacing_x": 1.0,
  "spacing_y": 0.9765625,
  "spacing_z": 0.9765625,
  "summary_bg_k": 22.479948539814895,
  "summary_bg_mad": 0.0,
  "summary_bg_mean": 1.5468046100826152,
  "summary_bg_median": 0.0,
  "summary_bg_n": 2576362.0,
  "summary_bg_p05": 0.0,
  "summary_bg_p95": 7.777593746781349,
  "summary_bg_stdv": 3.6415694830316627,
  "summary_csf_k": 0.7547601816080918,
  "summary_csf_mad": 88.62982627404922,
  "summary_csf_mean": 323.94003378978545,
  "summary_csf_median": 322.14958779886365,
  "summary_csf_n": 26595.0,
  "summary_csf_p05": 89.11136665195227,
  "summary_csf_p95": 534.0021400216966,
  "summary_csf_stdv": 121.42635826614344,
  "summary_gm_k": 0.04269045298930907,
  "summary_gm_mad": 49.92711320904918,
  "summary_gm_mean": 747.5384306578331,
  "summary_gm_median": 746.235297895968,
  "summary_gm_n": 51912.0,
  "summary_gm_p05": 667.489229718782,
  "summary_gm_p95": 831.9129396490753,
  "summary_gm_stdv": 50.20316769111494,
  "summary_wm_k": 0.6101277729904604,
  "summary_wm_mad": 32.630496593629196,
  "summary_wm_mean": 1001.7291330614906,
  "summary_wm_median": 1000.0413491539657,
  "summary_wm_n": 198924.0,
  "summary_wm_p05": 948.3286247737706,
  "summary_wm_p95": 1060.4831814095378,
  "summary_wm_stdv": 34.486489141362355,
  "tpm_overlap_csf": 0.1501560176694478,
  "tpm_overlap_gm": 0.47863379076150836,
  "tpm_overlap_wm": 0.51896024745551,
  "wm2max": 0.4417513202124506
}