{
  "aor": 0.00025094707520891365,
  "aqi": 0.0273257,
  "bids_meta": {
    "AccelFactPE": 2,
    "AcquisitionNumber": 1,
    "AcquisitionTime": "15:47:9.675000",
    "BandwidthPerPixelPhaseEncode": 26.35,
    "ConversionSoftware": "dcm2niix",
    "ConversionSoftwareVersion": "v1.0.20170624 (OpenJPEG build) MSC1900",
    "DeviceSerialNumber": "35071",
    "EchoTime": 0.03,
    "EffectiveEchoSpacing": 0.000345006,
    "FlipAngle": 60,
    "ImageType": [
      "ORIGINAL",
      "PRIMARY",
      "M",
      "MB",
      "ND",
      "NORM",
      "MOSAIC"
    ],
    "InstitutionAddress": "Gilbert_1_New_Haven-1763f8-_CT_US_06520",
    "InstitutionName": "Yale_University_School_of_Medicine",
    "MagneticFieldStrength": 3,
    "Manufacturer": "Siemens",
    "ManufacturersModelName": "TrioTim",
    "PhaseEncodingDirection": "j-",
    "PhaseEncodingLines": 110,
    "ProcedureStepDescription": "MRRC_Research_SiteProtocols",
    "ProtocolName": "mbep2d_bold_resting(MB4iPAT2)",
    "RepetitionTime": 1,
    "ScanningSequence": "EP",
    "SequenceName": "epfid2d1_110",
    "SequenceVariant": "SK_SS",
    "SeriesDescription": "mbep2d_bold_resting(MB4iPAT2)",
    "SliceTiming": [
      0,
      0.535,
      0.0675,
      0.6025,
      0.135,
      0.67,
      0.2025,
      0.7375,
      0.2675,
      0.805,
      0.335,
      0.87,
      0.4025,
      0.9375,
      0.47,
      0,
      0.535,
      0.0675,
      0.6025,
      0.135,
      0.67,
      0.2025,
      0.7375,
      0.2675,
      0.805,
      0.335,
      0.87,
      0.4025,
      0.9375,
      0.47,
      0,
      0.535,
      0.0675,
      0.6025,
      0.135,
      0.67,
      0.2025,
      0.7375,
      0.2675,
      0.805,
      0.335,
      0.87,
      0.4025,
      0.9375,
      0.47,
      0,
      0.535,
      0.0675,
      0.6025,
      0.135,
      0.67,
      0.2025,
      0.7375,
      0.2675,
      0.805,
      0.335,
      0.87,
      0.4025,
      0.9375,
      0.47
    ],
    "SoftwareVersions": "syngo_MR_B17",
    "TaskName": "rest",
    "TotalReadoutTime": 0.0372607,
    "TrueEchoSpacing": 0.000690012,
    "dataset": "ds003424",
    "modality": "bold",
    "subject_id": "15",
    "task_id": "resting"
  },
  "dummy_trs": 1,
  "dvars_nstd": 54.06199723784918,
  "dvars_std": 1.1827776038268158,
  "dvars_vstd": 1.0026710030167603,
  "efc": 0.47743516816456777,
  "fber": 4296.2490234375,
  "fd_mean": 0.11566358183273442,
  "fd_num": 22,
  "fd_perc": 6.128133704735376,
  "fwhm_avg": 1.8723699999999999,
  "fwhm_x": 1.82499,
  "fwhm_y": 2.08488,
  "fwhm_z": 1.7072399999999999,
  "gcor": 0.00228,
  "gsr_x": -0.016017599031329155,
  "gsr_y": 0.02172139286994934,
  "provenance": {
    "md5sum": "48dab33d5d61f04b0091884e030899f5",
    "settings": {
      "fd_thres": 0.2,
      "testing": false
    },
    "software": "mriqc",
    "version": "22.0.6",
    "webapi_port": null,
    "webapi_url": "https://mriqc.nimh.nih.gov/api/v1"
  },
  "size_t": 359,
  "size_x": 110,
  "size_y": 110,
  "size_z": 60,
  "snr": 6.609006712307245,
  "spacing_tr": 1.0,
  "spacing_x": 2.0,
  "spacing_y": 2.0,
  "spacing_z": 2.5,
  "summary_bg_k": 27.818576064007615,
  "summary_bg_mad": 4.340431829346754,
  "summary_bg_mean": 18.9461612701416,
  "summary_bg_median": 6.3732590675354,
  "summary_bg_n": 514589.0,
  "summary_bg_p05": 2.7075209617614746,
  "summary_bg_p95": 80.75933074951165,
  "summary_bg_stdv": 37.45456314086914,
  "summary_fg_k": 3.256956569954908,
  "summary_fg_mad": 58.246884045473045,
  "summary_fg_mean": 421.281982421875,
  "summary_fg_median": 421.259033203125,
  "summary_fg_n": 120980.0,
  "summary_fg_p05": 328.5013732910156,
  "summary_fg_p95": 517.9889709472656,
  "summary_fg_stdv": 63.7398796081543,
  "tsnr": 33.368573312764056
}