{
  "aor": 0.00017417508417508416,
  "aqi": 0.028912740909090913,
  "bids_meta": {
    "AccelFactPE": 2,
    "AcquisitionNumber": 1,
    "AcquisitionTime": "15:35:47.532500",
    "BandwidthPerPixelPhaseEncode": 26.35,
    "ConversionSoftware": "dcm2niix",
    "ConversionSoftwareVersion": "v1.0.20170624 (OpenJPEG build) MSC1900",
    "DeviceSerialNumber": "35071",
    "EchoTime": 0.03,
    "EffectiveEchoSpacing": 0.000345006,
    "FlipAngle": 60,
    "ImageType": [
      "ORIGINAL",
      "PRIMARY",
      "M",
      "MB",
      "ND",
      "NORM",
      "MOSAIC"
    ],
    "InstitutionAddress": "Gilbert_1_New_Haven-1763f8-_CT_US_06520",
    "InstitutionName": "Yale_University_School_of_Medicine",
    "MagneticFieldStrength": 3,
    "Manufacturer": "Siemens",
    "ManufacturersModelName": "TrioTim",
    "PhaseEncodingDirection": "j-",
    "PhaseEncodingLines": 110,
    "ProcedureStepDescription": "MRRC_Research_SiteProtocols",
    "ProtocolName": "mbep2d_bold_taste2(MB4iPAT2)",
    "RepetitionTime": 1,
    "ScanningSequence": "EP",
    "SequenceName": "epfid2d1_110",
    "SequenceVariant": "SK_SS",
    "SeriesDescription": "mbep2d_bold_taste2(MB4iPAT2)",
    "SliceTiming": [
      0,
      0.535,
      0.065,
      0.6025,
      0.1325,
      0.6675,
      0.2,
      0.735,
      0.2675,
      0.8025,
      0.3325,
      0.87,
      0.4,
      0.935,
      0.4675,
      0,
      0.535,
      0.065,
      0.6025,
      0.1325,
      0.6675,
      0.2,
      0.735,
      0.2675,
      0.8025,
      0.3325,
      0.87,
      0.4,
      0.935,
      0.4675,
      0,
      0.535,
      0.065,
      0.6025,
      0.1325,
      0.6675,
      0.2,
      0.735,
      0.2675,
      0.8025,
      0.3325,
      0.87,
      0.4,
      0.935,
      0.4675,
      0,
      0.535,
      0.065,
      0.6025,
      0.1325,
      0.6675,
      0.2,
      0.735,
      0.2675,
      0.8025,
      0.3325,
      0.87,
      0.4,
      0.935,
      0.4675
    ],
    "SoftwareVersions": "syngo_MR_B17",
    "TaskName": "taste",
    "TotalReadoutTime": 0.0372607,
    "TrueEchoSpacing": 0.000690012,
    "dataset": "ds003424",
    "modality": "bold",
    "run_id": 2,
    "subject_id": "15",
    "task_id": "taste"
  },
  "dummy_trs": 0,
  "dvars_nstd": 53.57426148359189,
  "dvars_std": 1.1750370764418214,
  "dvars_vstd": 1.0028027943001685,
  "efc": 0.47674950492084395,
  "fber": 4537.71044921875,
  "fd_mean": 0.1394257828564215,
  "fd_num": 103,
  "fd_perc": 17.34006734006734,
  "fwhm_avg": 1.8828776666666667,
  "fwhm_x": 1.83221,
  "fwhm_y": 2.104235,
  "fwhm_z": 1.712188,
  "gcor": 0.00414228,
  "gsr_x": -0.01646101474761963,
  "gsr_y": 0.022661417722702026,
  "provenance": {
    "md5sum": "e987baea33bf0acb443b88113da14c47",
    "settings": {
      "fd_thres": 0.2,
      "testing": false
    },
    "software": "mriqc",
    "version": "22.0.6",
    "webapi_port": null,
    "webapi_url": "https://mriqc.nimh.nih.gov/api/v1"
  },
  "size_t": 594,
  "size_x": 110,
  "size_y": 110,
  "size_z": 60,
  "snr": 6.611142442606064,
  "spacing_tr": 1.0,
  "spacing_x": 2.0,
  "spacing_y": 2.0,
  "spacing_z": 2.5,
  "summary_bg_k": 30.745847383844236,
  "summary_bg_mad": 4.213186129793825,
  "summary_bg_mean": 19.020633697509766,
  "summary_bg_median": 6.22895622253418,
  "summary_bg_n": 514661.0,
  "summary_bg_p05": 2.6666665077209473,
  "summary_bg_p95": 81.01346588134766,
  "summary_bg_stdv": 38.71668243408203,
  "summary_fg_k": 3.4492558319779674,
  "summary_fg_mad": 58.145941493303674,
  "summary_fg_mean": 422.6770324707031,
  "summary_fg_median": 422.7272644042969,
  "summary_fg_n": 121009.0,
  "summary_fg_p05": 330.2003173828125,
  "summary_fg_p95": 518.7882080078125,
  "summary_fg_stdv": 63.94137191772461,
  "tsnr": 32.165517527842894
}