{
  "aor": 0.0001966610455311973,
  "aqi": 0.029440483642495782,
  "bids_meta": {
    "AccelFactPE": 2,
    "AcquisitionNumber": 1,
    "AcquisitionTime": "15:20:12.612500",
    "BandwidthPerPixelPhaseEncode": 26.35,
    "ConversionSoftware": "dcm2niix",
    "ConversionSoftwareVersion": "v1.0.20170624 (OpenJPEG build) MSC1900",
    "DeviceSerialNumber": "35071",
    "EchoTime": 0.03,
    "EffectiveEchoSpacing": 0.000345006,
    "FlipAngle": 60,
    "ImageType": [
      "ORIGINAL",
      "PRIMARY",
      "M",
      "MB",
      "ND",
      "NORM",
      "MOSAIC"
    ],
    "InstitutionAddress": "Gilbert_1_New_Haven-1763f8-_CT_US_06520",
    "InstitutionName": "Yale_University_School_of_Medicine",
    "MagneticFieldStrength": 3,
    "Manufacturer": "Siemens",
    "ManufacturersModelName": "TrioTim",
    "PhaseEncodingDirection": "j-",
    "PhaseEncodingLines": 110,
    "ProcedureStepDescription": "MRRC_Research_SiteProtocols",
    "ProtocolName": "mbep2d_bold_taste1(MB4iPAT2)",
    "RepetitionTime": 1,
    "ScanningSequence": "EP",
    "SequenceName": "epfid2d1_110",
    "SequenceVariant": "SK_SS",
    "SeriesDescription": "mbep2d_bold_taste1(MB4iPAT2)",
    "SliceTiming": [
      0,
      0.535,
      0.065,
      0.6,
      0.1325,
      0.6675,
      0.2,
      0.735,
      0.2675,
      0.8025,
      0.3325,
      0.87,
      0.4,
      0.935,
      0.4675,
      0,
      0.535,
      0.065,
      0.6,
      0.1325,
      0.6675,
      0.2,
      0.735,
      0.2675,
      0.8025,
      0.3325,
      0.87,
      0.4,
      0.935,
      0.4675,
      0,
      0.535,
      0.065,
      0.6,
      0.1325,
      0.6675,
      0.2,
      0.735,
      0.2675,
      0.8025,
      0.3325,
      0.87,
      0.4,
      0.935,
      0.4675,
      0,
      0.535,
      0.065,
      0.6,
      0.1325,
      0.6675,
      0.2,
      0.735,
      0.2675,
      0.8025,
      0.3325,
      0.87,
      0.4,
      0.935,
      0.4675
    ],
    "SoftwareVersions": "syngo_MR_B17",
    "TaskName": "taste",
    "TotalReadoutTime": 0.0372607,
    "TrueEchoSpacing": 0.000690012,
    "dataset": "ds003424",
    "modality": "bold",
    "run_id": 1,
    "subject_id": "15",
    "task_id": "taste"
  },
  "dummy_trs": 1,
  "dvars_nstd": 52.617527684729744,
  "dvars_std": 1.1671108761993234,
  "dvars_vstd": 0.9997402447128392,
  "efc": 0.4748585062480558,
  "fber": 4751.05810546875,
  "fd_mean": 0.12955535446812064,
  "fd_num": 62,
  "fd_perc": 10.45531197301855,
  "fwhm_avg": 1.8758736666666664,
  "fwhm_x": 1.818715,
  "fwhm_y": 2.09417,
  "fwhm_z": 1.7147359999999998,
  "gcor": 0.00337489,
  "gsr_x": -0.01605856791138649,
  "gsr_y": 0.021592963486909866,
  "provenance": {
    "md5sum": "e0de4b66cf543f57a5df2af7ce1f3c01",
    "settings": {
      "fd_thres": 0.2,
      "testing": false
    },
    "software": "mriqc",
    "version": "22.0.6",
    "webapi_port": null,
    "webapi_url": "https://mriqc.nimh.nih.gov/api/v1"
  },
  "size_t": 593,
  "size_x": 110,
  "size_y": 110,
  "size_z": 60,
  "snr": 6.638201408855986,
  "spacing_tr": 1.0,
  "spacing_x": 2.0,
  "spacing_y": 2.0,
  "spacing_z": 2.5,
  "summary_bg_k": 31.862504929394845,
  "summary_bg_mad": 4.150285792962208,
  "summary_bg_mean": 18.618852615356445,
  "summary_bg_median": 6.106239318847656,
  "summary_bg_n": 514692.0,
  "summary_bg_p05": 2.5935919284820557,
  "summary_bg_p95": 78.33971748352043,
  "summary_bg_stdv": 38.44204330444336,
  "summary_fg_k": 3.5494208102442224,
  "summary_fg_mad": 57.99898433980922,
  "summary_fg_mean": 424.9192810058594,
  "summary_fg_median": 424.52783203125,
  "summary_fg_n": 120947.0,
  "summary_fg_p05": 332.7637573242188,
  "summary_fg_p95": 521.6072448730469,
  "summary_fg_stdv": 63.95197296142578,
  "tsnr": 32.26812785724178
}