{
  "aor": 0.0001696290050590219,
  "aqi": 0.026112043338954467,
  "bids_meta": {
    "AccelFactPE": 2,
    "AcquisitionNumber": 1,
    "AcquisitionTime": "13:57:1.655000",
    "BandwidthPerPixelPhaseEncode": 26.35,
    "ConversionSoftware": "dcm2niix",
    "ConversionSoftwareVersion": "v1.0.20170624 (OpenJPEG build) MSC1900",
    "DeviceSerialNumber": "35071",
    "EchoTime": 0.03,
    "EffectiveEchoSpacing": 0.000345006,
    "FlipAngle": 60,
    "ImageType": [
      "ORIGINAL",
      "PRIMARY",
      "M",
      "MB",
      "ND",
      "NORM",
      "MOSAIC"
    ],
    "InstitutionAddress": "Gilbert_1_New_Haven-1763f8-_CT_US_06520",
    "InstitutionName": "Yale_University_School_of_Medicine",
    "MagneticFieldStrength": 3,
    "Manufacturer": "Siemens",
    "ManufacturersModelName": "TrioTim",
    "PhaseEncodingDirection": "j-",
    "PhaseEncodingLines": 110,
    "ProcedureStepDescription": "MRRC_Research_SiteProtocols",
    "ProtocolName": "mbep2d_bold_taste3(MB4iPAT2)",
    "RepetitionTime": 1,
    "ScanningSequence": "EP",
    "SequenceName": "epfid2d1_110",
    "SequenceVariant": "SK_SS",
    "SeriesDescription": "mbep2d_bold_taste3(MB4iPAT2)",
    "SliceTiming": [
      0,
      0.535,
      0.0675,
      0.6025,
      0.135,
      0.67,
      0.2025,
      0.7375,
      0.2675,
      0.8025,
      0.335,
      0.87,
      0.4025,
      0.9375,
      0.47,
      0,
      0.535,
      0.0675,
      0.6025,
      0.135,
      0.67,
      0.2025,
      0.7375,
      0.2675,
      0.8025,
      0.335,
      0.87,
      0.4025,
      0.9375,
      0.47,
      0,
      0.535,
      0.0675,
      0.6025,
      0.135,
      0.67,
      0.2025,
      0.7375,
      0.2675,
      0.8025,
      0.335,
      0.87,
      0.4025,
      0.9375,
      0.47,
      0,
      0.535,
      0.0675,
      0.6025,
      0.135,
      0.67,
      0.2025,
      0.7375,
      0.2675,
      0.8025,
      0.335,
      0.87,
      0.4025,
      0.9375,
      0.47
    ],
    "SoftwareVersions": "syngo_MR_B17",
    "TaskName": "taste",
    "TotalReadoutTime": 0.0372607,
    "TrueEchoSpacing": 0.000690012,
    "dataset": "ds003424",
    "modality": "bold",
    "run_id": 3,
    "subject_id": "21",
    "task_id": "taste"
  },
  "dummy_trs": 1,
  "dvars_nstd": 49.32804027106415,
  "dvars_std": 1.1406255810304047,
  "dvars_vstd": 1.0004722956418923,
  "efc": 0.4913409215188737,
  "fber": 4132.8193359375,
  "fd_mean": 0.07904273885745873,
  "fd_num": 1,
  "fd_perc": 0.16863406408094436,
  "fwhm_avg": 1.81794,
  "fwhm_x": 1.74095,
  "fwhm_y": 2.00737,
  "fwhm_z": 1.7055,
  "gcor": 0.00672886,
  "gsr_x": -0.014368277974426746,
  "gsr_y": 0.01769314333796501,
  "provenance": {
    "md5sum": "d5c1db53c6d2e4eba200ed19a7bce705",
    "settings": {
      "fd_thres": 0.2,
      "testing": false
    },
    "software": "mriqc",
    "version": "22.0.6",
    "webapi_port": null,
    "webapi_url": "https://mriqc.nimh.nih.gov/api/v1"
  },
  "size_t": 593,
  "size_x": 110,
  "size_y": 110,
  "size_z": 60,
  "snr": 6.58794960984626,
  "spacing_tr": 1.0,
  "spacing_x": 2.0,
  "spacing_y": 2.0,
  "spacing_z": 2.5,
  "summary_bg_k": 26.554651092081514,
  "summary_bg_mad": 4.53781253913746,
  "summary_bg_mean": 21.460363388061523,
  "summary_bg_median": 7.158515930175781,
  "summary_bg_n": 502194.0,
  "summary_bg_p05": 3.2546374797821045,
  "summary_bg_p95": 97.3743667602539,
  "summary_bg_stdv": 44.72709655761719,
  "summary_fg_k": 2.6304349830076994,
  "summary_fg_mad": 62.95186571960514,
  "summary_fg_mean": 466.92755126953125,
  "summary_fg_median": 464.0809631347656,
  "summary_fg_n": 132499.0,
  "summary_fg_p05": 369.0769012451172,
  "summary_fg_p95": 583.4839843749999,
  "summary_fg_stdv": 70.44364929199219,
  "tsnr": 34.36159491655417
}