{
  "aor": 0.00019304713804713805,
  "aqi": 0.029235733838383838,
  "bids_meta": {
    "AccelFactPE": 2,
    "AcquisitionNumber": 1,
    "AcquisitionTime": "13:22:43.690000",
    "BandwidthPerPixelPhaseEncode": 26.35,
    "ConversionSoftware": "dcm2niix",
    "ConversionSoftwareVersion": "v1.0.20170624 (OpenJPEG build) MSC1900",
    "DeviceSerialNumber": "35071",
    "EchoTime": 0.03,
    "EffectiveEchoSpacing": 0.000345006,
    "FlipAngle": 60,
    "ImageType": [
      "ORIGINAL",
      "PRIMARY",
      "M",
      "MB",
      "ND",
      "NORM",
      "MOSAIC"
    ],
    "InstitutionAddress": "Gilbert_1_New_Haven-1763f8-_CT_US_06520",
    "InstitutionName": "Yale_University_School_of_Medicine",
    "MagneticFieldStrength": 3,
    "Manufacturer": "Siemens",
    "ManufacturersModelName": "TrioTim",
    "PhaseEncodingDirection": "j-",
    "PhaseEncodingLines": 110,
    "ProcedureStepDescription": "MRRC_Research_SiteProtocols",
    "ProtocolName": "mbep2d_bold_taste1(MB4iPAT2)",
    "RepetitionTime": 1,
    "ScanningSequence": "EP",
    "SequenceName": "epfid2d1_110",
    "SequenceVariant": "SK_SS",
    "SeriesDescription": "mbep2d_bold_taste1(MB4iPAT2)",
    "SliceTiming": [
      0,
      0.535,
      0.0675,
      0.6025,
      0.1325,
      0.6675,
      0.2,
      0.735,
      0.2675,
      0.8025,
      0.335,
      0.87,
      0.4,
      0.935,
      0.4675,
      0,
      0.535,
      0.0675,
      0.6025,
      0.1325,
      0.6675,
      0.2,
      0.735,
      0.2675,
      0.8025,
      0.335,
      0.87,
      0.4,
      0.935,
      0.4675,
      0,
      0.535,
      0.0675,
      0.6025,
      0.1325,
      0.6675,
      0.2,
      0.735,
      0.2675,
      0.8025,
      0.335,
      0.87,
      0.4,
      0.935,
      0.4675,
      0,
      0.535,
      0.0675,
      0.6025,
      0.1325,
      0.6675,
      0.2,
      0.735,
      0.2675,
      0.8025,
      0.335,
      0.87,
      0.4,
      0.935,
      0.4675
    ],
    "SoftwareVersions": "syngo_MR_B17",
    "TaskName": "taste",
    "TotalReadoutTime": 0.0372607,
    "TrueEchoSpacing": 0.000690012,
    "dataset": "ds003424",
    "modality": "bold",
    "run_id": 1,
    "subject_id": "21",
    "task_id": "taste"
  },
  "dummy_trs": 0,
  "dvars_nstd": 49.54081616079257,
  "dvars_std": 1.1485472041146703,
  "dvars_vstd": 0.9919592839291755,
  "efc": 0.4882242472489564,
  "fber": 4735.259765625,
  "fd_mean": 0.08363829800424877,
  "fd_num": 0,
  "fd_perc": 0.0,
  "fwhm_avg": 1.8278493333333332,
  "fwhm_x": 1.744495,
  "fwhm_y": 2.023925,
  "fwhm_z": 1.715128,
  "gcor": 0.00651323,
  "gsr_x": -0.013457240536808968,
  "gsr_y": 0.01697641797363758,
  "provenance": {
    "md5sum": "14848b1a94921d71498b4630ef65d249",
    "settings": {
      "fd_thres": 0.2,
      "testing": false
    },
    "software": "mriqc",
    "version": "22.0.6",
    "webapi_port": null,
    "webapi_url": "https://mriqc.nimh.nih.gov/api/v1"
  },
  "size_t": 594,
  "size_x": 110,
  "size_y": 110,
  "size_z": 60,
  "snr": 6.65109626420867,
  "spacing_tr": 1.0,
  "spacing_x": 2.0,
  "spacing_y": 2.0,
  "spacing_z": 2.5,
  "summary_bg_k": 28.007553377896574,
  "summary_bg_mad": 4.150787027480698,
  "summary_bg_mean": 20.425121307373047,
  "summary_bg_median": 6.713804721832275,
  "summary_bg_n": 501786.0,
  "summary_bg_p05": 3.0757575035095215,
  "summary_bg_p95": 91.61068725585938,
  "summary_bg_stdv": 43.495025634765625,
  "summary_fg_k": 2.743391567849036,
  "summary_fg_mad": 62.58254990513517,
  "summary_fg_mean": 468.1634216308594,
  "summary_fg_median": 465.0218811035156,
  "summary_fg_n": 132730.0,
  "summary_fg_p05": 370.92969360351566,
  "summary_fg_p95": 584.2169281005858,
  "summary_fg_stdv": 69.91631317138672,
  "tsnr": 32.8148856110638
}