{
  "aor": 0.00017954545454545453,
  "aqi": 0.02511878063973064,
  "bids_meta": {
    "AccelFactPE": 2,
    "AcquisitionNumber": 1,
    "AcquisitionTime": "14:13:56.222500",
    "BandwidthPerPixelPhaseEncode": 26.35,
    "ConversionSoftware": "dcm2niix",
    "ConversionSoftwareVersion": "v1.0.20170624 (OpenJPEG build) MSC1900",
    "DeviceSerialNumber": "35071",
    "EchoTime": 0.03,
    "EffectiveEchoSpacing": 0.000345006,
    "FlipAngle": 60,
    "ImageType": [
      "ORIGINAL",
      "PRIMARY",
      "M",
      "MB",
      "ND",
      "NORM",
      "MOSAIC"
    ],
    "InstitutionAddress": "Gilbert_1_New_Haven-1763f8-_CT_US_06520",
    "InstitutionName": "Yale_University_School_of_Medicine",
    "MagneticFieldStrength": 3,
    "Manufacturer": "Siemens",
    "ManufacturersModelName": "TrioTim",
    "PhaseEncodingDirection": "j-",
    "PhaseEncodingLines": 110,
    "ProcedureStepDescription": "MRRC_Research_SiteProtocols",
    "ProtocolName": "mbep2d_bold_taste4(MB4iPAT2)",
    "RepetitionTime": 1,
    "ScanningSequence": "EP",
    "SequenceName": "epfid2d1_110",
    "SequenceVariant": "SK_SS",
    "SeriesDescription": "mbep2d_bold_taste4(MB4iPAT2)",
    "SliceTiming": [
      0,
      0.5375,
      0.0675,
      0.6025,
      0.135,
      0.67,
      0.2025,
      0.7375,
      0.2675,
      0.805,
      0.335,
      0.87,
      0.4025,
      0.9375,
      0.47,
      0,
      0.5375,
      0.0675,
      0.6025,
      0.135,
      0.67,
      0.2025,
      0.7375,
      0.2675,
      0.805,
      0.335,
      0.87,
      0.4025,
      0.9375,
      0.47,
      0,
      0.5375,
      0.0675,
      0.6025,
      0.135,
      0.67,
      0.2025,
      0.7375,
      0.2675,
      0.805,
      0.335,
      0.87,
      0.4025,
      0.9375,
      0.47,
      0,
      0.5375,
      0.0675,
      0.6025,
      0.135,
      0.67,
      0.2025,
      0.7375,
      0.2675,
      0.805,
      0.335,
      0.87,
      0.4025,
      0.9375,
      0.47
    ],
    "SoftwareVersions": "syngo_MR_B17",
    "TaskName": "taste",
    "TotalReadoutTime": 0.0372607,
    "TrueEchoSpacing": 0.000690012,
    "dataset": "ds003424",
    "modality": "bold",
    "run_id": 4,
    "subject_id": "21",
    "task_id": "taste"
  },
  "dummy_trs": 0,
  "dvars_nstd": 49.69875559575045,
  "dvars_std": 1.1470768595784147,
  "dvars_vstd": 1.0050434582799335,
  "efc": 0.4920997923821046,
  "fber": 4059.71337890625,
  "fd_mean": 0.0766565768348532,
  "fd_num": 2,
  "fd_perc": 0.3367003367003367,
  "fwhm_avg": 1.8088086666666665,
  "fwhm_x": 1.740705,
  "fwhm_y": 1.996125,
  "fwhm_z": 1.6895959999999999,
  "gcor": 0.00714209,
  "gsr_x": -0.014426099136471748,
  "gsr_y": 0.01815391518175602,
  "provenance": {
    "md5sum": "902a191898b749681cbb340ccf958ded",
    "settings": {
      "fd_thres": 0.2,
      "testing": false
    },
    "software": "mriqc",
    "version": "22.0.6",
    "webapi_port": null,
    "webapi_url": "https://mriqc.nimh.nih.gov/api/v1"
  },
  "size_t": 594,
  "size_x": 110,
  "size_y": 110,
  "size_z": 60,
  "snr": 6.604474107103842,
  "spacing_tr": 1.0,
  "spacing_x": 2.0,
  "spacing_y": 2.0,
  "spacing_z": 2.5,
  "summary_bg_k": 26.05782568185223,
  "summary_bg_mad": 4.664955022555411,
  "summary_bg_mean": 21.778718948364258,
  "summary_bg_median": 7.234006404876709,
  "summary_bg_n": 502317.0,
  "summary_bg_p05": 3.24579119682312,
  "summary_bg_p95": 98.91952362060499,
  "summary_bg_stdv": 45.29657745361328,
  "summary_fg_k": 2.527833261140845,
  "summary_fg_mad": 63.36997872928563,
  "summary_fg_mean": 467.77386474609375,
  "summary_fg_median": 464.7845153808594,
  "summary_fg_n": 132431.0,
  "summary_fg_p05": 370.09764099121094,
  "summary_fg_p95": 584.3796081542969,
  "summary_fg_stdv": 70.3739242553711,
  "tsnr": 34.9739498924464
}