{
  "aor": 0.00029434540389972145,
  "aqi": 0.024976140389972146,
  "bids_meta": {
    "AccelFactPE": 2,
    "AcquisitionNumber": 1,
    "AcquisitionTime": "13:49:38.252500",
    "BandwidthPerPixelPhaseEncode": 26.35,
    "ConversionSoftware": "dcm2niix",
    "ConversionSoftwareVersion": "v1.0.20170624 (OpenJPEG build) MSC1900",
    "DeviceSerialNumber": "35071",
    "EchoTime": 0.03,
    "EffectiveEchoSpacing": 0.000345006,
    "FlipAngle": 60,
    "ImageType": [
      "ORIGINAL",
      "PRIMARY",
      "M",
      "MB",
      "ND",
      "NORM",
      "MOSAIC"
    ],
    "InstitutionAddress": "Gilbert_1_New_Haven-1763f8-_CT_US_06520",
    "InstitutionName": "Yale_University_School_of_Medicine",
    "MagneticFieldStrength": 3,
    "Manufacturer": "Siemens",
    "ManufacturersModelName": "TrioTim",
    "PhaseEncodingDirection": "j-",
    "PhaseEncodingLines": 110,
    "ProcedureStepDescription": "MRRC_Research_SiteProtocols",
    "ProtocolName": "mbep2d_bold_resting(MB4iPAT2)",
    "RepetitionTime": 1,
    "ScanningSequence": "EP",
    "SequenceName": "epfid2d1_110",
    "SequenceVariant": "SK_SS",
    "SeriesDescription": "mbep2d_bold_resting(MB4iPAT2)",
    "SliceTiming": [
      0,
      0.535,
      0.065,
      0.6025,
      0.1325,
      0.6675,
      0.2,
      0.735,
      0.2675,
      0.8025,
      0.3325,
      0.87,
      0.4,
      0.935,
      0.4675,
      0,
      0.535,
      0.065,
      0.6025,
      0.1325,
      0.6675,
      0.2,
      0.735,
      0.2675,
      0.8025,
      0.3325,
      0.87,
      0.4,
      0.935,
      0.4675,
      0,
      0.535,
      0.065,
      0.6025,
      0.1325,
      0.6675,
      0.2,
      0.735,
      0.2675,
      0.8025,
      0.3325,
      0.87,
      0.4,
      0.935,
      0.4675,
      0,
      0.535,
      0.065,
      0.6025,
      0.1325,
      0.6675,
      0.2,
      0.735,
      0.2675,
      0.8025,
      0.3325,
      0.87,
      0.4,
      0.935,
      0.4675
    ],
    "SoftwareVersions": "syngo_MR_B17",
    "TaskName": "rest",
    "TotalReadoutTime": 0.0372607,
    "TrueEchoSpacing": 0.000690012,
    "dataset": "ds003424",
    "modality": "bold",
    "subject_id": "21",
    "task_id": "resting"
  },
  "dummy_trs": 1,
  "dvars_nstd": 49.505163384469256,
  "dvars_std": 1.1514575495530732,
  "dvars_vstd": 1.0049417210893858,
  "efc": 0.4904772499567198,
  "fber": 4227.9658203125,
  "fd_mean": 0.0659008351463762,
  "fd_num": 0,
  "fd_perc": 0.0,
  "fwhm_avg": 1.8101310000000002,
  "fwhm_x": 1.731935,
  "fwhm_y": 2.00197,
  "fwhm_z": 1.696488,
  "gcor": 0.00392459,
  "gsr_x": -0.014069464057683945,
  "gsr_y": 0.015723437070846558,
  "provenance": {
    "md5sum": "45137aef704aa85ce55ef5c7c4246919",
    "settings": {
      "fd_thres": 0.2,
      "testing": false
    },
    "software": "mriqc",
    "version": "22.0.6",
    "webapi_port": null,
    "webapi_url": "https://mriqc.nimh.nih.gov/api/v1"
  },
  "size_t": 359,
  "size_x": 110,
  "size_y": 110,
  "size_z": 60,
  "snr": 6.605531403000913,
  "spacing_tr": 1.0,
  "spacing_x": 2.0,
  "spacing_y": 2.0,
  "spacing_z": 2.5,
  "summary_bg_k": 24.672612617252906,
  "summary_bg_mad": 4.497364539502918,
  "summary_bg_mean": 21.141986846923828,
  "summary_bg_median": 7.094707489013672,
  "summary_bg_n": 502310.0,
  "summary_bg_p05": 3.208913564682007,
  "summary_bg_p95": 95.86810493469228,
  "summary_bg_stdv": 43.55598449707031,
  "summary_fg_k": 2.6605135849805883,
  "summary_fg_mad": 63.08285123665146,
  "summary_fg_mean": 467.7277526855469,
  "summary_fg_median": 464.6406555175781,
  "summary_fg_n": 132387.0,
  "summary_fg_p05": 370.3481750488281,
  "summary_fg_p95": 583.8941650390625,
  "summary_fg_stdv": 70.34088134765625,
  "tsnr": 35.64423947967589
}