{
  "aor": 0.0002595959595959596,
  "aqi": 0.035248005387205385,
  "bids_meta": {
    "AccelFactPE": 2,
    "AcquisitionNumber": 1,
    "AcquisitionTime": "11:02:6.350000",
    "BandwidthPerPixelPhaseEncode": 26.35,
    "ConversionSoftware": "dcm2niix",
    "ConversionSoftwareVersion": "v1.0.20170624 (OpenJPEG build) MSC1900",
    "DeviceSerialNumber": "35071",
    "EchoTime": 0.03,
    "EffectiveEchoSpacing": 0.000345006,
    "FlipAngle": 60,
    "ImageType": [
      "ORIGINAL",
      "PRIMARY",
      "M",
      "MB",
      "ND",
      "NORM",
      "MOSAIC"
    ],
    "InstitutionAddress": "Gilbert_1_New_Haven-1763f8-_CT_US_06520",
    "InstitutionName": "Yale_University_School_of_Medicine",
    "MagneticFieldStrength": 3,
    "Manufacturer": "Siemens",
    "ManufacturersModelName": "TrioTim",
    "PhaseEncodingDirection": "j-",
    "PhaseEncodingLines": 110,
    "ProcedureStepDescription": "MRRC_Research_SiteProtocols",
    "ProtocolName": "mbep2d_bold_taste1(MB4iPAT2)",
    "RepetitionTime": 1,
    "ScanningSequence": "EP",
    "SequenceName": "epfid2d1_110",
    "SequenceVariant": "SK_SS",
    "SeriesDescription": "mbep2d_bold_taste1(MB4iPAT2)",
    "SliceTiming": [
      0,
      0.535,
      0.065,
      0.6025,
      0.1325,
      0.6675,
      0.2,
      0.735,
      0.2675,
      0.8025,
      0.335,
      0.87,
      0.4,
      0.935,
      0.4675,
      0,
      0.535,
      0.065,
      0.6025,
      0.1325,
      0.6675,
      0.2,
      0.735,
      0.2675,
      0.8025,
      0.335,
      0.87,
      0.4,
      0.935,
      0.4675,
      0,
      0.535,
      0.065,
      0.6025,
      0.1325,
      0.6675,
      0.2,
      0.735,
      0.2675,
      0.8025,
      0.335,
      0.87,
      0.4,
      0.935,
      0.4675,
      0,
      0.535,
      0.065,
      0.6025,
      0.1325,
      0.6675,
      0.2,
      0.735,
      0.2675,
      0.8025,
      0.335,
      0.87,
      0.4,
      0.935,
      0.4675
    ],
    "SoftwareVersions": "syngo_MR_B17",
    "TaskName": "taste",
    "TotalReadoutTime": 0.0372607,
    "TrueEchoSpacing": 0.000690012,
    "dataset": "ds003424",
    "modality": "bold",
    "run_id": 1,
    "subject_id": "08",
    "task_id": "taste"
  },
  "dummy_trs": 0,
  "dvars_nstd": 56.19544933370997,
  "dvars_std": 1.163434164485666,
  "dvars_vstd": 1.000545504232716,
  "efc": 0.4704866015647814,
  "fber": 3935.673583984375,
  "fd_mean": 0.16254794178563003,
  "fd_num": 152,
  "fd_perc": 25.589225589225588,
  "fwhm_avg": 1.8370756666666666,
  "fwhm_x": 1.73889,
  "fwhm_y": 2.092485,
  "fwhm_z": 1.679852,
  "gcor": 0.00423384,
  "gsr_x": -0.019250359386205673,
  "gsr_y": 0.021093934774398804,
  "provenance": {
    "md5sum": "35086094abcb83d1ade44dde31910d86",
    "settings": {
      "fd_thres": 0.2,
      "testing": false
    },
    "software": "mriqc",
    "version": "22.0.6",
    "webapi_port": null,
    "webapi_url": "https://mriqc.nimh.nih.gov/api/v1"
  },
  "size_t": 594,
  "size_x": 110,
  "size_y": 110,
  "size_z": 60,
  "snr": 6.707576510591161,
  "spacing_tr": 1.0,
  "spacing_x": 2.0,
  "spacing_y": 2.0,
  "spacing_z": 2.5,
  "summary_bg_k": 29.125139485718577,
  "summary_bg_mad": 4.522685012724695,
  "summary_bg_mean": 18.486059188842773,
  "summary_bg_median": 6.520201683044434,
  "summary_bg_n": 521193.0,
  "summary_bg_p05": 2.3552188873291016,
  "summary_bg_p95": 79.46464538574219,
  "summary_bg_stdv": 34.957740783691406,
  "summary_fg_k": 2.596272067200915,
  "summary_fg_mad": 55.46777405806858,
  "summary_fg_mean": 416.4905700683594,
  "summary_fg_median": 413.65655517578125,
  "summary_fg_n": 116031.0,
  "summary_fg_p05": 329.7861785888672,
  "summary_fg_p95": 516.7095947265625,
  "summary_fg_stdv": 61.66978073120117,
  "tsnr": 30.111398217268288
}