{
  "bids_meta": {
    "AccelFactPE": 2,
    "AcquisitionNumber": 1,
    "AcquisitionTime": "08:32:12.222500",
    "ConversionSoftware": "dcm2niix",
    "ConversionSoftwareVersion": "v1.0.20170624 (OpenJPEG build) MSC1900",
    "DeviceSerialNumber": "35071",
    "EchoTime": 0.00252,
    "FlipAngle": 9,
    "ImageType": [
      "ORIGINAL",
      "PRIMARY",
      "M",
      "ND",
      "NORM"
    ],
    "InstitutionAddress": "Gilbert_1_New_Haven-1763f8-_CT_US_06520",
    "InstitutionName": "Yale_University_School_of_Medicine",
    "InversionTime": 0.9,
    "MagneticFieldStrength": 3,
    "Manufacturer": "Siemens",
    "ManufacturersModelName": "TrioTim",
    "PhaseEncodingDirection": "i-",
    "PhaseEncodingLines": 246,
    "ProcedureStepDescription": "MRRC_Research_SiteProtocols",
    "ProtocolName": "t1_Sag_3D_MPRAGE",
    "RepetitionTime": 1.9,
    "ScanningSequence": "GR_IR",
    "SequenceName": "_tfl3d1_ns",
    "SequenceVariant": "SP_MP_OSP",
    "SeriesDescription": "t1_Sag_3D_MPRAGE",
    "SoftwareVersions": "syngo_MR_B17",
    "dataset": "ds003424",
    "modality": "T1w",
    "subject_id": "16"
  },
  "cjv": 0.37405011441228664,
  "cnr": 3.6126007270638034,
  "efc": 0.5948752870779835,
  "fber": -1.0,
  "fwhm_avg": 4.446882826666666,
  "fwhm_x": 4.35042,
  "fwhm_y": 4.52808704,
  "fwhm_z": 4.46214144,
  "icvs_csf": 0.2022387304009627,
  "icvs_gm": 0.4321889899977258,
  "icvs_wm": 0.3655722796013115,
  "inu_med": 0.39160025119781494,
  "inu_range": 0.1414814352989197,
  "provenance": {
    "md5sum": "23cbc11191f266770a6d89c32b7f84bf",
    "settings": {
      "testing": false
    },
    "software": "mriqc",
    "version": "22.0.6",
    "warnings": {
      "large_rot_frame": true,
      "small_air_mask": false
    },
    "webapi_port": null,
    "webapi_url": "https://mriqc.nimh.nih.gov/api/v1"
  },
  "qi_1": 0.0005920478978506878,
  "qi_2": 0.006945325913872748,
  "rpve_csf": 19.417617073336505,
  "rpve_gm": 9.68586874700609,
  "rpve_wm": 13.369571930546913,
  "size_x": 176,
  "size_y": 256,
  "size_z": 256,
  "snr_csf": 3.0358150322070108,
  "snr_gm": 14.311766384233515,
  "snr_total": 14.923217134345299,
  "snr_wm": 27.422069986595368,
  "snrd_csf": 25.656515297696494,
  "snrd_gm": 63.39920052426337,
  "snrd_total": 57.3249790121368,
  "snrd_wm": 82.91922121445054,
  "spacing_x": 1.0,
  "spacing_y": 0.9765625,
  "spacing_z": 0.9765625,
  "summary_bg_k": 493.518725821699,
  "summary_bg_mad": 0.0,
  "summary_bg_mean": 2.372696394523147,
  "summary_bg_median": 0.0,
  "summary_bg_n": 2398858.0,
  "summary_bg_p05": 0.0,
  "summary_bg_p95": 10.827726371586323,
  "summary_bg_stdv": 7.901393511692998,
  "summary_csf_k": 1.438092923714211,
  "summary_csf_mad": 68.8525009583528,
  "summary_csf_mean": 320.09843382141395,
  "summary_csf_median": 309.4351397752762,
  "summary_csf_n": 41488.0,
  "summary_csf_p05": 149.16914247237145,
  "summary_csf_p95": 510.80112098027024,
  "summary_csf_stdv": 101.92696434318322,
  "summary_gm_k": 0.043340186937630865,
  "summary_gm_mad": 53.35604858632462,
  "summary_gm_mean": 762.7099897604611,
  "summary_gm_median": 764.6377634778619,
  "summary_gm_n": 38511.0,
  "summary_gm_p05": 672.3830312713981,
  "summary_gm_p95": 847.7546456828713,
  "summary_gm_stdv": 53.42651740959342,
  "summary_wm_k": 0.7310381705529614,
  "summary_wm_mad": 34.704629863105055,
  "summary_wm_mean": 1001.8945209301097,
  "summary_wm_median": 1000.0625770427287,
  "summary_wm_n": 269579.0,
  "summary_wm_p05": 945.7674751505256,
  "summary_wm_p95": 1064.2778791077435,
  "summary_wm_stdv": 36.469191518726404,
  "tpm_overlap_csf": 0.15716437463483893,
  "tpm_overlap_gm": 0.45445165299686924,
  "tpm_overlap_wm": 0.49589915622518127,
  "wm2max": 0.5691666518246745
}