{
  "aor": 0.00021645435244161356,
  "aqi": 0.02664132887473461,
  "bids_meta": {
    "AccelFactPE": 2,
    "AcquisitionNumber": 1,
    "AcquisitionTime": "12:32:19.277500",
    "BandwidthPerPixelPhaseEncode": 26.35,
    "ConversionSoftware": "dcm2niix",
    "ConversionSoftwareVersion": "v1.0.20170624 (OpenJPEG build) MSC1900",
    "DeviceSerialNumber": "35071",
    "EchoTime": 0.03,
    "EffectiveEchoSpacing": 0.000345006,
    "FlipAngle": 60,
    "ImageType": [
      "ORIGINAL",
      "PRIMARY",
      "M",
      "MB",
      "ND",
      "NORM",
      "MOSAIC"
    ],
    "InstitutionAddress": "Gilbert_1_New_Haven-1763f8-_CT_US_06520",
    "InstitutionName": "Yale_University_School_of_Medicine",
    "MagneticFieldStrength": 3,
    "Manufacturer": "Siemens",
    "ManufacturersModelName": "TrioTim",
    "PhaseEncodingDirection": "j-",
    "PhaseEncodingLines": 110,
    "ProcedureStepDescription": "MRRC_Research_SiteProtocols",
    "ProtocolName": "mbep2d_bold_taste1(MB4iPAT2)",
    "RepetitionTime": 1,
    "ScanningSequence": "EP",
    "SequenceName": "epfid2d1_110",
    "SequenceVariant": "SK_SS",
    "SeriesDescription": "mbep2d_bold_taste1(MB4iPAT2)",
    "SliceTiming": [
      0,
      0.535,
      0.0675,
      0.6025,
      0.135,
      0.67,
      0.2025,
      0.7375,
      0.2675,
      0.805,
      0.335,
      0.87,
      0.4025,
      0.9375,
      0.47,
      0,
      0.535,
      0.0675,
      0.6025,
      0.135,
      0.67,
      0.2025,
      0.7375,
      0.2675,
      0.805,
      0.335,
      0.87,
      0.4025,
      0.9375,
      0.47,
      0,
      0.535,
      0.0675,
      0.6025,
      0.135,
      0.67,
      0.2025,
      0.7375,
      0.2675,
      0.805,
      0.335,
      0.87,
      0.4025,
      0.9375,
      0.47,
      0,
      0.535,
      0.0675,
      0.6025,
      0.135,
      0.67,
      0.2025,
      0.7375,
      0.2675,
      0.805,
      0.335,
      0.87,
      0.4025,
      0.9375,
      0.47
    ],
    "SoftwareVersions": "syngo_MR_B17",
    "TaskName": "taste",
    "TotalReadoutTime": 0.0372607,
    "TrueEchoSpacing": 0.000690012,
    "dataset": "ds003424",
    "modality": "bold",
    "run_id": 1,
    "subject_id": "02",
    "task_id": "taste"
  },
  "dummy_trs": 1,
  "dvars_nstd": 46.86332956678726,
  "dvars_std": 1.115855485085107,
  "dvars_vstd": 0.9891142347659574,
  "efc": 0.4460791217717968,
  "fber": 4829.6484375,
  "fd_mean": 0.08845788179977085,
  "fd_num": 6,
  "fd_perc": 1.2738853503184713,
  "fwhm_avg": 1.8489883333333335,
  "fwhm_x": 1.8588,
  "fwhm_y": 2.000245,
  "fwhm_z": 1.68792,
  "gcor": 0.0139008,
  "gsr_x": -0.002931734547019005,
  "gsr_y": 0.005304029211401939,
  "provenance": {
    "md5sum": "8ff21f811331a6684623b4754f856b70",
    "settings": {
      "fd_thres": 0.2,
      "testing": false
    },
    "software": "mriqc",
    "version": "22.0.6",
    "webapi_port": null,
    "webapi_url": "https://mriqc.nimh.nih.gov/api/v1"
  },
  "size_t": 471,
  "size_x": 110,
  "size_y": 110,
  "size_z": 60,
  "snr": 6.405316133615699,
  "spacing_tr": 1.0,
  "spacing_x": 2.0,
  "spacing_y": 2.0,
  "spacing_z": 2.5,
  "summary_bg_k": 32.395660282384526,
  "summary_bg_mad": 4.397442483846155,
  "summary_bg_mean": 19.253198623657227,
  "summary_bg_median": 6.428874969482422,
  "summary_bg_n": 538276.0,
  "summary_bg_p05": 2.590233564376831,
  "summary_bg_p95": 82.27813720703125,
  "summary_bg_stdv": 40.51377868652344,
  "summary_fg_k": 1.9983896987592296,
  "summary_fg_mad": 63.94708417658296,
  "summary_fg_mean": 450.2704772949219,
  "summary_fg_median": 447.7240295410156,
  "summary_fg_n": 101952.0,
  "summary_fg_p05": 348.1561737060547,
  "summary_fg_p95": 566.2462097167968,
  "summary_fg_stdv": 69.89847564697266,
  "tsnr": 30.943096432252787
}