{
  "bids_meta": {
    "AccelFactPE": 2,
    "AcquisitionNumber": 1,
    "AcquisitionTime": "12:29:50.632500",
    "ConversionSoftware": "dcm2niix",
    "ConversionSoftwareVersion": "v1.0.20170624 (OpenJPEG build) MSC1900",
    "DeviceSerialNumber": "35071",
    "EchoTime": 0.00252,
    "FlipAngle": 9,
    "ImageType": [
      "ORIGINAL",
      "PRIMARY",
      "M",
      "ND",
      "NORM"
    ],
    "InstitutionAddress": "Gilbert_1_New_Haven-1763f8-_CT_US_06520",
    "InstitutionName": "Yale_University_School_of_Medicine",
    "InversionTime": 0.9,
    "MagneticFieldStrength": 3,
    "Manufacturer": "Siemens",
    "ManufacturersModelName": "TrioTim",
    "PhaseEncodingDirection": "i-",
    "PhaseEncodingLines": 246,
    "ProcedureStepDescription": "MRRC_Research_SiteProtocols",
    "ProtocolName": "t1_Sag_3D_MPRAGE",
    "RepetitionTime": 1.9,
    "ScanningSequence": "GR_IR",
    "SequenceName": "_tfl3d1_ns",
    "SequenceVariant": "SP_MP_OSP",
    "SeriesDescription": "t1_Sag_3D_MPRAGE",
    "SoftwareVersions": "syngo_MR_B17",
    "dataset": "ds003424",
    "modality": "T1w",
    "subject_id": "24"
  },
  "cjv": 0.3894852813309654,
  "cnr": 3.478105294350066,
  "efc": 0.5807289600854848,
  "fber": -1.0,
  "fwhm_avg": 4.536303466666666,
  "fwhm_x": 4.45092,
  "fwhm_y": 4.477952,
  "fwhm_z": 4.6800384,
  "icvs_csf": 0.23288916294846543,
  "icvs_gm": 0.3940209117610396,
  "icvs_wm": 0.37308992529049495,
  "inu_med": 0.4174295961856842,
  "inu_range": 0.16226433217525482,
  "provenance": {
    "md5sum": "2a1d0185b0a3454acc60daade99c4b8b",
    "settings": {
      "testing": false
    },
    "software": "mriqc",
    "version": "22.0.6",
    "warnings": {
      "large_rot_frame": true,
      "small_air_mask": false
    },
    "webapi_port": null,
    "webapi_url": "https://mriqc.nimh.nih.gov/api/v1"
  },
  "qi_1": 0.0,
  "qi_2": 0.020018458896396623,
  "rpve_csf": 19.63397696912916,
  "rpve_gm": 11.318061594925599,
  "rpve_wm": 14.269078594504247,
  "size_x": 176,
  "size_y": 256,
  "size_z": 256,
  "snr_csf": 3.943246045136976,
  "snr_gm": 14.124188805234253,
  "snr_total": 14.92762325823532,
  "snr_wm": 26.715434924334726,
  "snrd_csf": 51.04090784163654,
  "snrd_gm": 127.23764011675189,
  "snrd_total": 114.53216774932606,
  "snrd_wm": 165.31795528958978,
  "spacing_x": 1.0,
  "spacing_y": 0.9765625,
  "spacing_z": 0.9765625,
  "summary_bg_k": 15.132203705771182,
  "summary_bg_mad": 0.0,
  "summary_bg_mean": 1.7685806572307263,
  "summary_bg_median": 0.0,
  "summary_bg_n": 2305362.0,
  "summary_bg_p05": 0.0,
  "summary_bg_p95": 9.303341120481491,
  "summary_bg_stdv": 3.963060141615057,
  "summary_csf_k": 2.6484670680416427,
  "summary_csf_mad": 58.021906805292325,
  "summary_csf_mean": 320.09277962086634,
  "summary_csf_median": 308.75736328959465,
  "summary_csf_n": 79834.0,
  "summary_csf_p05": 219.61126363277435,
  "summary_csf_p95": 467.19151546508033,
  "summary_csf_stdv": 78.29981340329229,
  "summary_gm_k": 0.022072480207775858,
  "summary_gm_mad": 54.00699807546183,
  "summary_gm_mean": 768.4466966541279,
  "summary_gm_median": 769.6876865029335,
  "summary_gm_n": 25178.0,
  "summary_gm_p05": 677.4775991484523,
  "summary_gm_p95": 856.8682915568352,
  "summary_gm_stdv": 54.493211046631366,
  "summary_wm_k": 0.42850857782249907,
  "summary_wm_mad": 35.71326071776643,
  "summary_wm_mean": 1001.2072158660815,
  "summary_wm_median": 1000.0436539649963,
  "summary_wm_n": 244028.0,
  "summary_wm_p05": 941.7339807450771,
  "summary_wm_p95": 1064.5992322564125,
  "summary_wm_stdv": 37.433102165869116,
  "tpm_overlap_csf": 0.16434149335848966,
  "tpm_overlap_gm": 0.43484377266833457,
  "tpm_overlap_wm": 0.48350657671061076,
  "wm2max": 0.4588100915776607
}