{
  "aor": 0.00028858333333333335,
  "aqi": 0.025822601666666667,
  "bids_meta": {
    "AccelFactPE": 2,
    "AcquisitionNumber": 1,
    "AcquisitionTime": "13:07:36.407500",
    "BandwidthPerPixelPhaseEncode": 26.35,
    "ConversionSoftware": "dcm2niix",
    "ConversionSoftwareVersion": "v1.0.20170624 (OpenJPEG build) MSC1900",
    "DeviceSerialNumber": "35071",
    "EchoTime": 0.03,
    "EffectiveEchoSpacing": 0.000345006,
    "FlipAngle": 60,
    "ImageType": [
      "ORIGINAL",
      "PRIMARY",
      "M",
      "MB",
      "ND",
      "NORM",
      "MOSAIC"
    ],
    "InstitutionAddress": "Gilbert_1_New_Haven-1763f8-_CT_US_06520",
    "InstitutionName": "Yale_University_School_of_Medicine",
    "MagneticFieldStrength": 3,
    "Manufacturer": "Siemens",
    "ManufacturersModelName": "TrioTim",
    "PhaseEncodingDirection": "j-",
    "PhaseEncodingLines": 110,
    "ProcedureStepDescription": "MRRC_Research_SiteProtocols",
    "ProtocolName": "mbep2d_bold_resting(MB4iPAT2)",
    "RepetitionTime": 1,
    "ScanningSequence": "EP",
    "SequenceName": "epfid2d1_110",
    "SequenceVariant": "SK_SS",
    "SeriesDescription": "mbep2d_bold_resting(MB4iPAT2)",
    "SliceTiming": [
      0,
      0.535,
      0.0675,
      0.6025,
      0.1325,
      0.6675,
      0.2,
      0.735,
      0.2675,
      0.8025,
      0.335,
      0.87,
      0.4,
      0.935,
      0.4675,
      0,
      0.535,
      0.0675,
      0.6025,
      0.1325,
      0.6675,
      0.2,
      0.735,
      0.2675,
      0.8025,
      0.335,
      0.87,
      0.4,
      0.935,
      0.4675,
      0,
      0.535,
      0.0675,
      0.6025,
      0.1325,
      0.6675,
      0.2,
      0.735,
      0.2675,
      0.8025,
      0.335,
      0.87,
      0.4,
      0.935,
      0.4675,
      0,
      0.535,
      0.0675,
      0.6025,
      0.1325,
      0.6675,
      0.2,
      0.735,
      0.2675,
      0.8025,
      0.335,
      0.87,
      0.4,
      0.935,
      0.4675
    ],
    "SoftwareVersions": "syngo_MR_B17",
    "TaskName": "rest",
    "TotalReadoutTime": 0.0372607,
    "TrueEchoSpacing": 0.000690012,
    "dataset": "ds003424",
    "modality": "bold",
    "subject_id": "14",
    "task_id": "resting"
  },
  "dummy_trs": 0,
  "dvars_nstd": 45.080015899693585,
  "dvars_std": 1.1174356910584957,
  "dvars_vstd": 1.0015149950974929,
  "efc": 0.4546426722376454,
  "fber": 5515.85400390625,
  "fd_mean": 0.0565916749337878,
  "fd_num": 1,
  "fd_perc": 0.2777777777777778,
  "fwhm_avg": 1.864685,
  "fwhm_x": 1.82633,
  "fwhm_y": 2.103565,
  "fwhm_z": 1.66416,
  "gcor": 0.00637312,
  "gsr_x": -0.009491975419223309,
  "gsr_y": 0.02727658301591873,
  "provenance": {
    "md5sum": "967c08f0dfe50bff0e16103873cb775d",
    "settings": {
      "fd_thres": 0.2,
      "testing": false
    },
    "software": "mriqc",
    "version": "22.0.6",
    "webapi_port": null,
    "webapi_url": "https://mriqc.nimh.nih.gov/api/v1"
  },
  "size_t": 360,
  "size_x": 110,
  "size_y": 110,
  "size_z": 60,
  "snr": 6.690391830375899,
  "spacing_tr": 1.0,
  "spacing_x": 2.0,
  "spacing_y": 2.0,
  "spacing_z": 2.5,
  "summary_bg_k": 37.20911298006855,
  "summary_bg_mad": 3.6982694642606067,
  "summary_bg_mean": 16.147300720214844,
  "summary_bg_median": 5.855555534362793,
  "summary_bg_n": 524060.0,
  "summary_bg_p05": 2.6083333492279053,
  "summary_bg_p95": 63.20555877685547,
  "summary_bg_stdv": 33.147090911865234,
  "summary_fg_k": 4.1511619429118936,
  "summary_fg_mad": 53.52194913713804,
  "summary_fg_mean": 437.08642578125,
  "summary_fg_median": 438.6166687011719,
  "summary_fg_n": 112644.0,
  "summary_fg_p05": 338.1869598388672,
  "summary_fg_p95": 535.8475372314451,
  "summary_fg_stdv": 65.55889892578125,
  "tsnr": 35.53158637881279
}