{
  "aor": 0.0002798316498316498,
  "aqi": 0.030135126936026938,
  "bids_meta": {
    "AccelFactPE": 2,
    "AcquisitionNumber": 1,
    "AcquisitionTime": "13:31:24.772500",
    "BandwidthPerPixelPhaseEncode": 26.35,
    "ConversionSoftware": "dcm2niix",
    "ConversionSoftwareVersion": "v1.0.20170624 (OpenJPEG build) MSC1900",
    "DeviceSerialNumber": "35071",
    "EchoTime": 0.03,
    "EffectiveEchoSpacing": 0.000345006,
    "FlipAngle": 60,
    "ImageType": [
      "ORIGINAL",
      "PRIMARY",
      "M",
      "MB",
      "ND",
      "NORM",
      "MOSAIC"
    ],
    "InstitutionAddress": "Gilbert_1_New_Haven-1763f8-_CT_US_06520",
    "InstitutionName": "Yale_University_School_of_Medicine",
    "MagneticFieldStrength": 3,
    "Manufacturer": "Siemens",
    "ManufacturersModelName": "TrioTim",
    "PhaseEncodingDirection": "j-",
    "PhaseEncodingLines": 110,
    "ProcedureStepDescription": "MRRC_Research_SiteProtocols",
    "ProtocolName": "mbep2d_bold_taste4(MB4iPAT2)",
    "RepetitionTime": 1,
    "ScanningSequence": "EP",
    "SequenceName": "epfid2d1_110",
    "SequenceVariant": "SK_SS",
    "SeriesDescription": "mbep2d_bold_taste4(MB4iPAT2)",
    "SliceTiming": [
      0,
      0.535,
      0.0675,
      0.6025,
      0.1325,
      0.67,
      0.2,
      0.735,
      0.2675,
      0.8025,
      0.335,
      0.87,
      0.4,
      0.9375,
      0.4675,
      0,
      0.535,
      0.0675,
      0.6025,
      0.1325,
      0.67,
      0.2,
      0.735,
      0.2675,
      0.8025,
      0.335,
      0.87,
      0.4,
      0.9375,
      0.4675,
      0,
      0.535,
      0.0675,
      0.6025,
      0.1325,
      0.67,
      0.2,
      0.735,
      0.2675,
      0.8025,
      0.335,
      0.87,
      0.4,
      0.9375,
      0.4675,
      0,
      0.535,
      0.0675,
      0.6025,
      0.1325,
      0.67,
      0.2,
      0.735,
      0.2675,
      0.8025,
      0.335,
      0.87,
      0.4,
      0.9375,
      0.4675
    ],
    "SoftwareVersions": "syngo_MR_B17",
    "TaskName": "taste",
    "TotalReadoutTime": 0.0372607,
    "TrueEchoSpacing": 0.000690012,
    "dataset": "ds003424",
    "modality": "bold",
    "run_id": 4,
    "subject_id": "14",
    "task_id": "taste"
  },
  "dummy_trs": 0,
  "dvars_nstd": 46.975047942917364,
  "dvars_std": 1.124443994249579,
  "dvars_vstd": 1.0067972688532887,
  "efc": 0.45504454979623843,
  "fber": 5582.01123046875,
  "fd_mean": 0.11019111921979069,
  "fd_num": 60,
  "fd_perc": 10.1010101010101,
  "fwhm_avg": 1.8740606666666668,
  "fwhm_x": 1.836425,
  "fwhm_y": 2.115425,
  "fwhm_z": 1.6703320000000001,
  "gcor": 0.00997894,
  "gsr_x": -0.010319214314222336,
  "gsr_y": 0.029583889991044998,
  "provenance": {
    "md5sum": "89ed11a6976563844439e63a648b5cc5",
    "settings": {
      "fd_thres": 0.2,
      "testing": false
    },
    "software": "mriqc",
    "version": "22.0.6",
    "webapi_port": null,
    "webapi_url": "https://mriqc.nimh.nih.gov/api/v1"
  },
  "size_t": 594,
  "size_x": 110,
  "size_y": 110,
  "size_z": 60,
  "snr": 6.726334327856412,
  "spacing_tr": 1.0,
  "spacing_x": 2.0,
  "spacing_y": 2.0,
  "spacing_z": 2.5,
  "summary_bg_k": 52.10123241007171,
  "summary_bg_mad": 3.7439447248679496,
  "summary_bg_mean": 16.348709106445312,
  "summary_bg_median": 5.845117568969727,
  "summary_bg_n": 524115.0,
  "summary_bg_p05": 2.5757575035095215,
  "summary_bg_p95": 63.11834831237791,
  "summary_bg_stdv": 34.42578887939453,
  "summary_fg_k": 3.830483741241597,
  "summary_fg_mad": 54.04512203302977,
  "summary_fg_mean": 438.81402587890625,
  "summary_fg_median": 440.1835021972656,
  "summary_fg_n": 112573.0,
  "summary_fg_p05": 340.14174194335936,
  "summary_fg_p95": 537.86865234375,
  "summary_fg_stdv": 65.44152069091797,
  "tsnr": 33.073464050889015
}