{
  "aor": 0.00033385521885521887,
  "aqi": 0.03179233484848485,
  "bids_meta": {
    "AccelFactPE": 2,
    "AcquisitionNumber": 1,
    "AcquisitionTime": "12:56:48.795000",
    "BandwidthPerPixelPhaseEncode": 26.35,
    "ConversionSoftware": "dcm2niix",
    "ConversionSoftwareVersion": "v1.0.20170624 (OpenJPEG build) MSC1900",
    "DeviceSerialNumber": "35071",
    "EchoTime": 0.03,
    "EffectiveEchoSpacing": 0.000345006,
    "FlipAngle": 60,
    "ImageType": [
      "ORIGINAL",
      "PRIMARY",
      "M",
      "MB",
      "ND",
      "NORM",
      "MOSAIC"
    ],
    "InstitutionAddress": "Gilbert_1_New_Haven-1763f8-_CT_US_06520",
    "InstitutionName": "Yale_University_School_of_Medicine",
    "MagneticFieldStrength": 3,
    "Manufacturer": "Siemens",
    "ManufacturersModelName": "TrioTim",
    "PhaseEncodingDirection": "j-",
    "PhaseEncodingLines": 110,
    "ProcedureStepDescription": "MRRC_Research_SiteProtocols",
    "ProtocolName": "mbep2d_bold_taste2(MB4iPAT2)",
    "RepetitionTime": 1,
    "ScanningSequence": "EP",
    "SequenceName": "epfid2d1_110",
    "SequenceVariant": "SK_SS",
    "SeriesDescription": "mbep2d_bold_taste2(MB4iPAT2)",
    "SliceTiming": [
      0,
      0.535,
      0.0675,
      0.6025,
      0.1325,
      0.67,
      0.2,
      0.735,
      0.2675,
      0.8025,
      0.335,
      0.87,
      0.4,
      0.9375,
      0.4675,
      0,
      0.535,
      0.0675,
      0.6025,
      0.1325,
      0.67,
      0.2,
      0.735,
      0.2675,
      0.8025,
      0.335,
      0.87,
      0.4,
      0.9375,
      0.4675,
      0,
      0.535,
      0.0675,
      0.6025,
      0.1325,
      0.67,
      0.2,
      0.735,
      0.2675,
      0.8025,
      0.335,
      0.87,
      0.4,
      0.9375,
      0.4675,
      0,
      0.535,
      0.0675,
      0.6025,
      0.1325,
      0.67,
      0.2,
      0.735,
      0.2675,
      0.8025,
      0.335,
      0.87,
      0.4,
      0.9375,
      0.4675
    ],
    "SoftwareVersions": "syngo_MR_B17",
    "TaskName": "taste",
    "TotalReadoutTime": 0.0372607,
    "TrueEchoSpacing": 0.000690012,
    "dataset": "ds003424",
    "modality": "bold",
    "run_id": 2,
    "subject_id": "14",
    "task_id": "taste"
  },
  "dummy_trs": 0,
  "dvars_nstd": 46.0778281354975,
  "dvars_std": 1.1230523092074205,
  "dvars_vstd": 1.005091892934233,
  "efc": 0.4525638985686507,
  "fber": 6014.31982421875,
  "fd_mean": 0.11207424414697438,
  "fd_num": 74,
  "fd_perc": 12.457912457912458,
  "fwhm_avg": 1.894806,
  "fwhm_x": 1.850665,
  "fwhm_y": 2.141825,
  "fwhm_z": 1.691928,
  "gcor": 0.00667582,
  "gsr_x": -0.009294486604630947,
  "gsr_y": 0.02845372073352337,
  "provenance": {
    "md5sum": "75924b1aa1dc479c839402dfb69d15f7",
    "settings": {
      "fd_thres": 0.2,
      "testing": false
    },
    "software": "mriqc",
    "version": "22.0.6",
    "webapi_port": null,
    "webapi_url": "https://mriqc.nimh.nih.gov/api/v1"
  },
  "size_t": 594,
  "size_x": 110,
  "size_y": 110,
  "size_z": 60,
  "snr": 6.736425230690917,
  "spacing_tr": 1.0,
  "spacing_x": 2.0,
  "spacing_y": 2.0,
  "spacing_z": 2.5,
  "summary_bg_k": 59.7378837740829,
  "summary_bg_mad": 3.496844590770292,
  "summary_bg_mean": 15.78842544555664,
  "summary_bg_median": 5.612794399261475,
  "summary_bg_n": 524279.0,
  "summary_bg_p05": 2.5202019214630127,
  "summary_bg_p95": 60.46632766723633,
  "summary_bg_stdv": 34.20637512207031,
  "summary_fg_k": 4.042763501506137,
  "summary_fg_mad": 53.21516250558966,
  "summary_fg_mean": 437.6114807128906,
  "summary_fg_median": 439.0479736328125,
  "summary_fg_n": 112426.0,
  "summary_fg_p05": 338.9065475463867,
  "summary_fg_p95": 535.9208374023438,
  "summary_fg_stdv": 65.1749267578125,
  "tsnr": 32.01576070277952
}