{
  "aor": 0.0001778956228956229,
  "aqi": 0.0349389005050505,
  "bids_meta": {
    "AccelFactPE": 2,
    "AcquisitionNumber": 1,
    "AcquisitionTime": "13:14:34.457500",
    "BandwidthPerPixelPhaseEncode": 26.35,
    "ConversionSoftware": "dcm2niix",
    "ConversionSoftwareVersion": "v1.0.20170624 (OpenJPEG build) MSC1900",
    "DeviceSerialNumber": "35071",
    "EchoTime": 0.03,
    "EffectiveEchoSpacing": 0.000345006,
    "FlipAngle": 60,
    "ImageType": [
      "ORIGINAL",
      "PRIMARY",
      "M",
      "MB",
      "ND",
      "NORM",
      "MOSAIC"
    ],
    "InstitutionAddress": "Gilbert_1_New_Haven-1763f8-_CT_US_06520",
    "InstitutionName": "Yale_University_School_of_Medicine",
    "MagneticFieldStrength": 3,
    "Manufacturer": "Siemens",
    "ManufacturersModelName": "TrioTim",
    "PhaseEncodingDirection": "j-",
    "PhaseEncodingLines": 110,
    "ProcedureStepDescription": "MRRC_Research_SiteProtocols",
    "ProtocolName": "mbep2d_bold_taste3(MB4iPAT2)",
    "RepetitionTime": 1,
    "ScanningSequence": "EP",
    "SequenceName": "epfid2d1_110",
    "SequenceVariant": "SK_SS",
    "SeriesDescription": "mbep2d_bold_taste3(MB4iPAT2)",
    "SliceTiming": [
      0,
      0.535,
      0.065,
      0.6025,
      0.1325,
      0.6675,
      0.2,
      0.735,
      0.2675,
      0.8025,
      0.3325,
      0.87,
      0.4,
      0.935,
      0.4675,
      0,
      0.535,
      0.065,
      0.6025,
      0.1325,
      0.6675,
      0.2,
      0.735,
      0.2675,
      0.8025,
      0.3325,
      0.87,
      0.4,
      0.935,
      0.4675,
      0,
      0.535,
      0.065,
      0.6025,
      0.1325,
      0.6675,
      0.2,
      0.735,
      0.2675,
      0.8025,
      0.3325,
      0.87,
      0.4,
      0.935,
      0.4675,
      0,
      0.535,
      0.065,
      0.6025,
      0.1325,
      0.6675,
      0.2,
      0.735,
      0.2675,
      0.8025,
      0.3325,
      0.87,
      0.4,
      0.935,
      0.4675
    ],
    "SoftwareVersions": "syngo_MR_B17",
    "TaskName": "taste",
    "TotalReadoutTime": 0.0372607,
    "TrueEchoSpacing": 0.000690012,
    "dataset": "ds003424",
    "modality": "bold",
    "run_id": 3,
    "subject_id": "14",
    "task_id": "taste"
  },
  "dummy_trs": 0,
  "dvars_nstd": 46.52044889369303,
  "dvars_std": 1.108150795851603,
  "dvars_vstd": 0.9908439446543005,
  "efc": 0.45489494977099293,
  "fber": 5624.279296875,
  "fd_mean": 0.1093617192118949,
  "fd_num": 73,
  "fd_perc": 12.289562289562289,
  "fwhm_avg": 1.8927606666666668,
  "fwhm_x": 1.84856,
  "fwhm_y": 2.13757,
  "fwhm_z": 1.692152,
  "gcor": 0.00575715,
  "gsr_x": -0.009901484474539757,
  "gsr_y": 0.02950226329267025,
  "provenance": {
    "md5sum": "8745780debceca3a5f6da99aef5aae3c",
    "settings": {
      "fd_thres": 0.2,
      "testing": false
    },
    "software": "mriqc",
    "version": "22.0.6",
    "webapi_port": null,
    "webapi_url": "https://mriqc.nimh.nih.gov/api/v1"
  },
  "size_t": 594,
  "size_x": 110,
  "size_y": 110,
  "size_z": 60,
  "snr": 6.72969920758362,
  "spacing_tr": 1.0,
  "spacing_x": 2.0,
  "spacing_y": 2.0,
  "spacing_z": 2.5,
  "summary_bg_k": 55.703682147893296,
  "summary_bg_mad": 3.66906636766006,
  "summary_bg_mean": 16.275421142578125,
  "summary_bg_median": 5.801346778869629,
  "summary_bg_n": 524156.0,
  "summary_bg_p05": 2.572390556335449,
  "summary_bg_p95": 62.55723571777344,
  "summary_bg_stdv": 34.6220703125,
  "summary_fg_k": 3.8563670642941386,
  "summary_fg_mad": 53.610765914326954,
  "summary_fg_mean": 437.1783752441406,
  "summary_fg_median": 438.48565673828125,
  "summary_fg_n": 112602.0,
  "summary_fg_p05": 339.4024322509766,
  "summary_fg_p95": 535.9020080566406,
  "summary_fg_stdv": 65.15650939941406,
  "tsnr": 30.554647552780807
}