{
  "aor": 0.0003688383838383839,
  "aqi": 0.03166975033670034,
  "bids_meta": {
    "AccelFactPE": 2,
    "AcquisitionNumber": 1,
    "AcquisitionTime": "12:41:0.712500",
    "BandwidthPerPixelPhaseEncode": 26.35,
    "ConversionSoftware": "dcm2niix",
    "ConversionSoftwareVersion": "v1.0.20170624 (OpenJPEG build) MSC1900",
    "DeviceSerialNumber": "35071",
    "EchoTime": 0.03,
    "EffectiveEchoSpacing": 0.000345006,
    "FlipAngle": 60,
    "ImageType": [
      "ORIGINAL",
      "PRIMARY",
      "M",
      "MB",
      "ND",
      "NORM",
      "MOSAIC"
    ],
    "InstitutionAddress": "Gilbert_1_New_Haven-1763f8-_CT_US_06520",
    "InstitutionName": "Yale_University_School_of_Medicine",
    "MagneticFieldStrength": 3,
    "Manufacturer": "Siemens",
    "ManufacturersModelName": "TrioTim",
    "PhaseEncodingDirection": "j-",
    "PhaseEncodingLines": 110,
    "ProcedureStepDescription": "MRRC_Research_SiteProtocols",
    "ProtocolName": "mbep2d_bold_taste1(MB4iPAT2)",
    "RepetitionTime": 1,
    "ScanningSequence": "EP",
    "SequenceName": "epfid2d1_110",
    "SequenceVariant": "SK_SS",
    "SeriesDescription": "mbep2d_bold_taste1(MB4iPAT2)",
    "SliceTiming": [
      0,
      0.535,
      0.0675,
      0.6025,
      0.1325,
      0.6675,
      0.2,
      0.735,
      0.2675,
      0.8025,
      0.335,
      0.87,
      0.4,
      0.935,
      0.4675,
      0,
      0.535,
      0.0675,
      0.6025,
      0.1325,
      0.6675,
      0.2,
      0.735,
      0.2675,
      0.8025,
      0.335,
      0.87,
      0.4,
      0.935,
      0.4675,
      0,
      0.535,
      0.0675,
      0.6025,
      0.1325,
      0.6675,
      0.2,
      0.735,
      0.2675,
      0.8025,
      0.335,
      0.87,
      0.4,
      0.935,
      0.4675,
      0,
      0.535,
      0.0675,
      0.6025,
      0.1325,
      0.6675,
      0.2,
      0.735,
      0.2675,
      0.8025,
      0.335,
      0.87,
      0.4,
      0.935,
      0.4675
    ],
    "SoftwareVersions": "syngo_MR_B17",
    "TaskName": "taste",
    "TotalReadoutTime": 0.0372607,
    "TrueEchoSpacing": 0.000690012,
    "dataset": "ds003424",
    "modality": "bold",
    "run_id": 1,
    "subject_id": "14",
    "task_id": "taste"
  },
  "dummy_trs": 0,
  "dvars_nstd": 46.56188324785834,
  "dvars_std": 1.1218505821416516,
  "dvars_vstd": 0.9963639267622255,
  "efc": 0.45074801838710843,
  "fber": 6267.28857421875,
  "fd_mean": 0.10956765420704472,
  "fd_num": 64,
  "fd_perc": 10.774410774410775,
  "fwhm_avg": 1.8965003333333332,
  "fwhm_x": 1.848335,
  "fwhm_y": 2.13543,
  "fwhm_z": 1.705736,
  "gcor": 0.0059808,
  "gsr_x": -0.008462974801659584,
  "gsr_y": 0.027302779257297516,
  "provenance": {
    "md5sum": "8a693f8a50a8bc87cc435f0a27f14ed4",
    "settings": {
      "fd_thres": 0.2,
      "testing": false
    },
    "software": "mriqc",
    "version": "22.0.6",
    "webapi_port": null,
    "webapi_url": "https://mriqc.nimh.nih.gov/api/v1"
  },
  "size_t": 594,
  "size_x": 110,
  "size_y": 110,
  "size_z": 60,
  "snr": 6.776103605366653,
  "spacing_tr": 1.0,
  "spacing_x": 2.0,
  "spacing_y": 2.0,
  "spacing_z": 2.5,
  "summary_bg_k": 60.86548862408734,
  "summary_bg_mad": 3.39201446650335,
  "summary_bg_mean": 15.405510902404785,
  "summary_bg_median": 5.496633052825928,
  "summary_bg_n": 524373.0,
  "summary_bg_p05": 2.478114366531372,
  "summary_bg_p95": 58.16733856201166,
  "summary_bg_stdv": 33.931095123291016,
  "summary_fg_k": 4.16444492169171,
  "summary_fg_mad": 52.6348672555456,
  "summary_fg_mean": 437.7308654785156,
  "summary_fg_median": 438.96295166015625,
  "summary_fg_n": 112341.0,
  "summary_fg_p05": 340.0134582519531,
  "summary_fg_p95": 535.0454711914062,
  "summary_fg_stdv": 64.7807388305664,
  "tsnr": 32.451226677861996
}