{
  "aor": 0.0002113131313131313,
  "aqi": 0.0290564664983165,
  "bids_meta": {
    "AccelFactPE": 2,
    "AcquisitionNumber": 1,
    "AcquisitionTime": "11:13:39.240000",
    "BandwidthPerPixelPhaseEncode": 26.35,
    "ConversionSoftware": "dcm2niix",
    "ConversionSoftwareVersion": "v1.0.20170624 (OpenJPEG build) MSC1900",
    "DeviceSerialNumber": "35071",
    "EchoTime": 0.03,
    "EffectiveEchoSpacing": 0.000345006,
    "FlipAngle": 60,
    "ImageType": [
      "ORIGINAL",
      "PRIMARY",
      "M",
      "MB",
      "ND",
      "NORM",
      "MOSAIC"
    ],
    "InstitutionAddress": "Gilbert_1_New_Haven-1763f8-_CT_US_06520",
    "InstitutionName": "Yale_University_School_of_Medicine",
    "MagneticFieldStrength": 3,
    "Manufacturer": "Siemens",
    "ManufacturersModelName": "TrioTim",
    "PhaseEncodingDirection": "j-",
    "PhaseEncodingLines": 110,
    "ProcedureStepDescription": "MRRC_Research_SiteProtocols",
    "ProtocolName": "mbep2d_bold_taste3(MB4iPAT2)",
    "RepetitionTime": 1,
    "ScanningSequence": "EP",
    "SequenceName": "epfid2d1_110",
    "SequenceVariant": "SK_SS",
    "SeriesDescription": "mbep2d_bold_taste3(MB4iPAT2)",
    "SliceTiming": [
      0,
      0.535,
      0.065,
      0.6,
      0.1325,
      0.6675,
      0.2,
      0.735,
      0.2675,
      0.8025,
      0.3325,
      0.87,
      0.4,
      0.935,
      0.4675,
      0,
      0.535,
      0.065,
      0.6,
      0.1325,
      0.6675,
      0.2,
      0.735,
      0.2675,
      0.8025,
      0.3325,
      0.87,
      0.4,
      0.935,
      0.4675,
      0,
      0.535,
      0.065,
      0.6,
      0.1325,
      0.6675,
      0.2,
      0.735,
      0.2675,
      0.8025,
      0.3325,
      0.87,
      0.4,
      0.935,
      0.4675,
      0,
      0.535,
      0.065,
      0.6,
      0.1325,
      0.6675,
      0.2,
      0.735,
      0.2675,
      0.8025,
      0.3325,
      0.87,
      0.4,
      0.935,
      0.4675
    ],
    "SoftwareVersions": "syngo_MR_B17",
    "TaskName": "taste",
    "TotalReadoutTime": 0.0372607,
    "TrueEchoSpacing": 0.000690012,
    "dataset": "ds003424",
    "modality": "bold",
    "run_id": 3,
    "subject_id": "25",
    "task_id": "taste"
  },
  "dummy_trs": 0,
  "dvars_nstd": 45.95356493173693,
  "dvars_std": 1.1542216866610464,
  "dvars_vstd": 0.9971271894266437,
  "efc": 0.4568113842698163,
  "fber": 4901.1435546875,
  "fd_mean": 0.12427704960657411,
  "fd_num": 95,
  "fd_perc": 15.993265993265993,
  "fwhm_avg": 1.8321106666666667,
  "fwhm_x": 1.824315,
  "fwhm_y": 2.012425,
  "fwhm_z": 1.659592,
  "gcor": 0.0148025,
  "gsr_x": -0.006459842436015606,
  "gsr_y": 0.013594714924693108,
  "provenance": {
    "md5sum": "df7efe2f01bd2b19e22b12dc2cab3ba5",
    "settings": {
      "fd_thres": 0.2,
      "testing": false
    },
    "software": "mriqc",
    "version": "22.0.6",
    "webapi_port": null,
    "webapi_url": "https://mriqc.nimh.nih.gov/api/v1"
  },
  "size_t": 594,
  "size_x": 110,
  "size_y": 110,
  "size_z": 60,
  "snr": 7.237086409273732,
  "spacing_tr": 1.0,
  "spacing_x": 2.0,
  "spacing_y": 2.0,
  "spacing_z": 2.5,
  "summary_bg_k": 23.805537222871003,
  "summary_bg_mad": 5.246514316773034,
  "summary_bg_mean": 21.922780990600586,
  "summary_bg_median": 7.067339897155762,
  "summary_bg_n": 532927.0,
  "summary_bg_p05": 2.685185194015503,
  "summary_bg_p95": 95.88181610107391,
  "summary_bg_stdv": 43.273353576660156,
  "summary_fg_k": 3.696746117506242,
  "summary_fg_mad": 61.685219933867096,
  "summary_fg_mean": 494.8330993652344,
  "summary_fg_median": 495.8955993652344,
  "summary_fg_n": 105674.0,
  "summary_fg_p05": 392.39830474853517,
  "summary_fg_p95": 597.6083251953124,
  "summary_fg_stdv": 68.5211181640625,
  "tsnr": 34.04263356118463
}