{
  "aor": 0.00037922222222222225,
  "aqi": 0.025385134166666667,
  "bids_meta": {
    "AccelFactPE": 2,
    "AcquisitionNumber": 1,
    "AcquisitionTime": "11:06:39.447500",
    "BandwidthPerPixelPhaseEncode": 26.35,
    "ConversionSoftware": "dcm2niix",
    "ConversionSoftwareVersion": "v1.0.20170624 (OpenJPEG build) MSC1900",
    "DeviceSerialNumber": "35071",
    "EchoTime": 0.03,
    "EffectiveEchoSpacing": 0.000345006,
    "FlipAngle": 60,
    "ImageType": [
      "ORIGINAL",
      "PRIMARY",
      "M",
      "MB",
      "ND",
      "NORM",
      "MOSAIC"
    ],
    "InstitutionAddress": "Gilbert_1_New_Haven-1763f8-_CT_US_06520",
    "InstitutionName": "Yale_University_School_of_Medicine",
    "MagneticFieldStrength": 3,
    "Manufacturer": "Siemens",
    "ManufacturersModelName": "TrioTim",
    "PhaseEncodingDirection": "j-",
    "PhaseEncodingLines": 110,
    "ProcedureStepDescription": "MRRC_Research_SiteProtocols",
    "ProtocolName": "mbep2d_bold_resting(MB4iPAT2)",
    "RepetitionTime": 1,
    "ScanningSequence": "EP",
    "SequenceName": "epfid2d1_110",
    "SequenceVariant": "SK_SS",
    "SeriesDescription": "mbep2d_bold_resting(MB4iPAT2)",
    "SliceTiming": [
      0,
      0.5375,
      0.0675,
      0.6025,
      0.135,
      0.67,
      0.2025,
      0.7375,
      0.2675,
      0.805,
      0.335,
      0.87,
      0.4025,
      0.9375,
      0.47,
      0,
      0.5375,
      0.0675,
      0.6025,
      0.135,
      0.67,
      0.2025,
      0.7375,
      0.2675,
      0.805,
      0.335,
      0.87,
      0.4025,
      0.9375,
      0.47,
      0,
      0.5375,
      0.0675,
      0.6025,
      0.135,
      0.67,
      0.2025,
      0.7375,
      0.2675,
      0.805,
      0.335,
      0.87,
      0.4025,
      0.9375,
      0.47,
      0,
      0.5375,
      0.0675,
      0.6025,
      0.135,
      0.67,
      0.2025,
      0.7375,
      0.2675,
      0.805,
      0.335,
      0.87,
      0.4025,
      0.9375,
      0.47
    ],
    "SoftwareVersions": "syngo_MR_B17",
    "TaskName": "rest",
    "TotalReadoutTime": 0.0372607,
    "TrueEchoSpacing": 0.000690012,
    "dataset": "ds003424",
    "modality": "bold",
    "subject_id": "25",
    "task_id": "resting"
  },
  "dummy_trs": 0,
  "dvars_nstd": 44.34502195178276,
  "dvars_std": 1.1436305385236771,
  "dvars_vstd": 1.0007936752367694,
  "efc": 0.45622211388936446,
  "fber": 4989.03564453125,
  "fd_mean": 0.1183111079523161,
  "fd_num": 46,
  "fd_perc": 12.777777777777779,
  "fwhm_avg": 1.8040813333333332,
  "fwhm_x": 1.79269,
  "fwhm_y": 1.98615,
  "fwhm_z": 1.633404,
  "gcor": 0.0160862,
  "gsr_x": -0.006588382180780172,
  "gsr_y": 0.012047404423356056,
  "provenance": {
    "md5sum": "905eed104be75c0842c8e967a6662505",
    "settings": {
      "fd_thres": 0.2,
      "testing": false
    },
    "software": "mriqc",
    "version": "22.0.6",
    "webapi_port": null,
    "webapi_url": "https://mriqc.nimh.nih.gov/api/v1"
  },
  "size_t": 360,
  "size_x": 110,
  "size_y": 110,
  "size_z": 60,
  "snr": 7.223056230381712,
  "spacing_tr": 1.0,
  "spacing_x": 2.0,
  "spacing_y": 2.0,
  "spacing_z": 2.5,
  "summary_bg_k": 23.330356534992692,
  "summary_bg_mad": 5.172634540323068,
  "summary_bg_mean": 21.81737518310547,
  "summary_bg_median": 7.011111259460449,
  "summary_bg_n": 533157.0,
  "summary_bg_p05": 2.700000047683716,
  "summary_bg_p95": 96.1561111450194,
  "summary_bg_stdv": 43.00623321533203,
  "summary_fg_k": 3.578054502495312,
  "summary_fg_mad": 62.034514645990605,
  "summary_fg_mean": 494.6380615234375,
  "summary_fg_median": 495.25,
  "summary_fg_n": 105629.0,
  "summary_fg_p05": 392.10833740234375,
  "summary_fg_p95": 597.8189208984375,
  "summary_fg_stdv": 68.56483459472656,
  "tsnr": 36.516160329047125
}