{
  "aor": 0.0006724410774410774,
  "aqi": 0.02845990791245791,
  "bids_meta": {
    "AccelFactPE": 2,
    "AcquisitionNumber": 1,
    "AcquisitionTime": "11:00:33.132500",
    "BandwidthPerPixelPhaseEncode": 26.35,
    "ConversionSoftware": "dcm2niix",
    "ConversionSoftwareVersion": "v1.0.20170624 (OpenJPEG build) MSC1900",
    "DeviceSerialNumber": "35071",
    "EchoTime": 0.03,
    "EffectiveEchoSpacing": 0.000345006,
    "FlipAngle": 60,
    "ImageType": [
      "ORIGINAL",
      "PRIMARY",
      "M",
      "MB",
      "ND",
      "NORM",
      "MOSAIC"
    ],
    "InstitutionAddress": "Gilbert_1_New_Haven-1763f8-_CT_US_06520",
    "InstitutionName": "Yale_University_School_of_Medicine",
    "MagneticFieldStrength": 3,
    "Manufacturer": "Siemens",
    "ManufacturersModelName": "TrioTim",
    "PhaseEncodingDirection": "j-",
    "PhaseEncodingLines": 110,
    "ProcedureStepDescription": "MRRC_Research_SiteProtocols",
    "ProtocolName": "mbep2d_bold_taste3(MB4iPAT2)",
    "RepetitionTime": 1,
    "ScanningSequence": "EP",
    "SequenceName": "epfid2d1_110",
    "SequenceVariant": "SK_SS",
    "SeriesDescription": "mbep2d_bold_taste3(MB4iPAT2)",
    "SliceTiming": [
      0,
      0.535,
      0.0675,
      0.6025,
      0.1325,
      0.6675,
      0.2,
      0.735,
      0.2675,
      0.8025,
      0.335,
      0.87,
      0.4,
      0.9375,
      0.4675,
      0,
      0.535,
      0.0675,
      0.6025,
      0.1325,
      0.6675,
      0.2,
      0.735,
      0.2675,
      0.8025,
      0.335,
      0.87,
      0.4,
      0.9375,
      0.4675,
      0,
      0.535,
      0.0675,
      0.6025,
      0.1325,
      0.6675,
      0.2,
      0.735,
      0.2675,
      0.8025,
      0.335,
      0.87,
      0.4,
      0.9375,
      0.4675,
      0,
      0.535,
      0.0675,
      0.6025,
      0.1325,
      0.6675,
      0.2,
      0.735,
      0.2675,
      0.8025,
      0.335,
      0.87,
      0.4,
      0.9375,
      0.4675
    ],
    "SoftwareVersions": "syngo_MR_B17",
    "TaskName": "taste",
    "TotalReadoutTime": 0.0372607,
    "TrueEchoSpacing": 0.000690012,
    "dataset": "ds003424",
    "modality": "bold",
    "run_id": 3,
    "subject_id": "01",
    "task_id": "taste"
  },
  "dummy_trs": 0,
  "dvars_nstd": 46.743539240961255,
  "dvars_std": 1.1612310070826302,
  "dvars_vstd": 1.0060231318887025,
  "efc": 0.4489669585350301,
  "fber": 5932.89892578125,
  "fd_mean": 0.10162391414717213,
  "fd_num": 16,
  "fd_perc": 2.6936026936026938,
  "fwhm_avg": 1.8821833333333335,
  "fwhm_x": 1.848835,
  "fwhm_y": 2.103975,
  "fwhm_z": 1.69374,
  "gcor": 0.00539983,
  "gsr_x": -0.006504493299871683,
  "gsr_y": 0.020543549209833145,
  "provenance": {
    "md5sum": "dc0dac6d1f6beec146a3f0ac40983cb2",
    "settings": {
      "fd_thres": 0.2,
      "testing": false
    },
    "software": "mriqc",
    "version": "22.0.6",
    "webapi_port": null,
    "webapi_url": "https://mriqc.nimh.nih.gov/api/v1"
  },
  "size_t": 594,
  "size_x": 110,
  "size_y": 110,
  "size_z": 60,
  "snr": 6.70830392068965,
  "spacing_tr": 1.0,
  "spacing_x": 2.0,
  "spacing_y": 2.0,
  "spacing_z": 2.5,
  "summary_bg_k": 36.90469586931584,
  "summary_bg_mad": 3.796360140481335,
  "summary_bg_mean": 17.926816940307617,
  "summary_bg_median": 5.9831647872924805,
  "summary_bg_n": 529635.0,
  "summary_bg_p05": 2.686868667602539,
  "summary_bg_p95": 75.63737182617183,
  "summary_bg_stdv": 39.00913619995117,
  "summary_fg_k": 3.421118765150516,
  "summary_fg_mad": 59.767062592789344,
  "summary_fg_mean": 460.53692626953125,
  "summary_fg_median": 460.42340087890625,
  "summary_fg_n": 108584.0,
  "summary_fg_p05": 359.0019302368164,
  "summary_fg_p95": 565.8424285888672,
  "summary_fg_stdv": 68.63452911376953,
  "tsnr": 32.1083333902061
}