{
  "aor": 0.0002568855218855219,
  "aqi": 0.02440018367003367,
  "bids_meta": {
    "AccelFactPE": 2,
    "AcquisitionNumber": 1,
    "AcquisitionTime": "10:41:20.615000",
    "BandwidthPerPixelPhaseEncode": 26.35,
    "ConversionSoftware": "dcm2niix",
    "ConversionSoftwareVersion": "v1.0.20170624 (OpenJPEG build) MSC1900",
    "DeviceSerialNumber": "35071",
    "EchoTime": 0.03,
    "EffectiveEchoSpacing": 0.000345006,
    "FlipAngle": 60,
    "ImageType": [
      "ORIGINAL",
      "PRIMARY",
      "M",
      "MB",
      "ND",
      "NORM",
      "MOSAIC"
    ],
    "InstitutionAddress": "Gilbert_1_New_Haven-1763f8-_CT_US_06520",
    "InstitutionName": "Yale_University_School_of_Medicine",
    "MagneticFieldStrength": 3,
    "Manufacturer": "Siemens",
    "ManufacturersModelName": "TrioTim",
    "PhaseEncodingDirection": "j-",
    "PhaseEncodingLines": 110,
    "ProcedureStepDescription": "MRRC_Research_SiteProtocols",
    "ProtocolName": "mbep2d_bold_taste2(MB4iPAT2)",
    "RepetitionTime": 1,
    "ScanningSequence": "EP",
    "SequenceName": "epfid2d1_110",
    "SequenceVariant": "SK_SS",
    "SeriesDescription": "mbep2d_bold_taste2(MB4iPAT2)",
    "SliceTiming": [
      0,
      0.535,
      0.0675,
      0.6025,
      0.1325,
      0.6675,
      0.2,
      0.735,
      0.2675,
      0.8025,
      0.335,
      0.87,
      0.4,
      0.935,
      0.4675,
      0,
      0.535,
      0.0675,
      0.6025,
      0.1325,
      0.6675,
      0.2,
      0.735,
      0.2675,
      0.8025,
      0.335,
      0.87,
      0.4,
      0.935,
      0.4675,
      0,
      0.535,
      0.0675,
      0.6025,
      0.1325,
      0.6675,
      0.2,
      0.735,
      0.2675,
      0.8025,
      0.335,
      0.87,
      0.4,
      0.935,
      0.4675,
      0,
      0.535,
      0.0675,
      0.6025,
      0.1325,
      0.6675,
      0.2,
      0.735,
      0.2675,
      0.8025,
      0.335,
      0.87,
      0.4,
      0.935,
      0.4675
    ],
    "SoftwareVersions": "syngo_MR_B17",
    "TaskName": "taste",
    "TotalReadoutTime": 0.0372607,
    "TrueEchoSpacing": 0.000690012,
    "dataset": "ds003424",
    "modality": "bold",
    "run_id": 2,
    "subject_id": "01",
    "task_id": "taste"
  },
  "dummy_trs": 0,
  "dvars_nstd": 45.99229564973022,
  "dvars_std": 1.1690141794603712,
  "dvars_vstd": 1.0052648313153456,
  "efc": 0.44758017521840576,
  "fber": 6201.82470703125,
  "fd_mean": 0.08208340682808878,
  "fd_num": 2,
  "fd_perc": 0.3367003367003367,
  "fwhm_avg": 1.8614653333333333,
  "fwhm_x": 1.816615,
  "fwhm_y": 2.072985,
  "fwhm_z": 1.6947959999999997,
  "gcor": 0.0101058,
  "gsr_x": -0.006752429995685816,
  "gsr_y": 0.019788620993494987,
  "provenance": {
    "md5sum": "2163d65b327956f583c9fe295296d4f9",
    "settings": {
      "fd_thres": 0.2,
      "testing": false
    },
    "software": "mriqc",
    "version": "22.0.6",
    "webapi_port": null,
    "webapi_url": "https://mriqc.nimh.nih.gov/api/v1"
  },
  "size_t": 594,
  "size_x": 110,
  "size_y": 110,
  "size_z": 60,
  "snr": 6.772052198106987,
  "spacing_tr": 1.0,
  "spacing_x": 2.0,
  "spacing_y": 2.0,
  "spacing_z": 2.5,
  "summary_bg_k": 39.468375947827816,
  "summary_bg_mad": 3.52180416099956,
  "summary_bg_mean": 17.512405395507812,
  "summary_bg_median": 5.846801280975342,
  "summary_bg_n": 529423.0,
  "summary_bg_p05": 2.7508416175842285,
  "summary_bg_p95": 72.98989868164062,
  "summary_bg_stdv": 38.973716735839844,
  "summary_fg_k": 3.5570097552178535,
  "summary_fg_mad": 59.08442218227594,
  "summary_fg_mean": 461.665283203125,
  "summary_fg_median": 461.6178283691406,
  "summary_fg_n": 108663.0,
  "summary_fg_p05": 361.047119140625,
  "summary_fg_p95": 565.8259216308593,
  "summary_fg_stdv": 68.1648178100586,
  "tsnr": 35.65762558369897
}