{
  "aor": 0.000326936026936027,
  "aqi": 0.02471912441077441,
  "bids_meta": {
    "AccelFactPE": 2,
    "AcquisitionNumber": 1,
    "AcquisitionTime": "10:26:7.957500",
    "BandwidthPerPixelPhaseEncode": 26.35,
    "ConversionSoftware": "dcm2niix",
    "ConversionSoftwareVersion": "v1.0.20170624 (OpenJPEG build) MSC1900",
    "DeviceSerialNumber": "35071",
    "EchoTime": 0.03,
    "EffectiveEchoSpacing": 0.000345006,
    "FlipAngle": 60,
    "ImageType": [
      "ORIGINAL",
      "PRIMARY",
      "M",
      "MB",
      "ND",
      "NORM",
      "MOSAIC"
    ],
    "InstitutionAddress": "Gilbert_1_New_Haven-1763f8-_CT_US_06520",
    "InstitutionName": "Yale_University_School_of_Medicine",
    "MagneticFieldStrength": 3,
    "Manufacturer": "Siemens",
    "ManufacturersModelName": "TrioTim",
    "PhaseEncodingDirection": "j-",
    "PhaseEncodingLines": 110,
    "ProcedureStepDescription": "MRRC_Research_SiteProtocols",
    "ProtocolName": "mbep2d_bold_taste1(MB4iPAT2)",
    "RepetitionTime": 1,
    "ScanningSequence": "EP",
    "SequenceName": "epfid2d1_110",
    "SequenceVariant": "SK_SS",
    "SeriesDescription": "mbep2d_bold_taste1(MB4iPAT2)",
    "SliceTiming": [
      0,
      0.5375,
      0.0675,
      0.6025,
      0.135,
      0.67,
      0.2025,
      0.7375,
      0.27,
      0.805,
      0.335,
      0.87,
      0.4025,
      0.9375,
      0.47,
      0,
      0.5375,
      0.0675,
      0.6025,
      0.135,
      0.67,
      0.2025,
      0.7375,
      0.27,
      0.805,
      0.335,
      0.87,
      0.4025,
      0.9375,
      0.47,
      0,
      0.5375,
      0.0675,
      0.6025,
      0.135,
      0.67,
      0.2025,
      0.7375,
      0.27,
      0.805,
      0.335,
      0.87,
      0.4025,
      0.9375,
      0.47,
      0,
      0.5375,
      0.0675,
      0.6025,
      0.135,
      0.67,
      0.2025,
      0.7375,
      0.27,
      0.805,
      0.335,
      0.87,
      0.4025,
      0.9375,
      0.47
    ],
    "SoftwareVersions": "syngo_MR_B17",
    "TaskName": "taste",
    "TotalReadoutTime": 0.0372607,
    "TrueEchoSpacing": 0.000690012,
    "dataset": "ds003424",
    "modality": "bold",
    "run_id": 1,
    "subject_id": "01",
    "task_id": "taste"
  },
  "dummy_trs": 0,
  "dvars_nstd": 46.07163652153456,
  "dvars_std": 1.1674976001854975,
  "dvars_vstd": 0.9998843664249578,
  "efc": 0.447197363913385,
  "fber": 6332.171875,
  "fd_mean": 0.07664503560471553,
  "fd_num": 0,
  "fd_perc": 0.0,
  "fwhm_avg": 1.880778333333333,
  "fwhm_x": 1.8383,
  "fwhm_y": 2.095855,
  "fwhm_z": 1.70818,
  "gcor": 0.00307438,
  "gsr_x": -0.006407782901078463,
  "gsr_y": 0.01974009908735752,
  "provenance": {
    "md5sum": "e6e675ff1edfc9685c7c3cb682cac1e8",
    "settings": {
      "fd_thres": 0.2,
      "testing": false
    },
    "software": "mriqc",
    "version": "22.0.6",
    "webapi_port": null,
    "webapi_url": "https://mriqc.nimh.nih.gov/api/v1"
  },
  "size_t": 594,
  "size_x": 110,
  "size_y": 110,
  "size_z": 60,
  "snr": 6.750902271279883,
  "spacing_tr": 1.0,
  "spacing_x": 2.0,
  "spacing_y": 2.0,
  "spacing_z": 2.5,
  "summary_bg_k": 38.68798332542929,
  "summary_bg_mad": 3.5218038075196456,
  "summary_bg_mean": 17.32716941833496,
  "summary_bg_median": 5.791245460510254,
  "summary_bg_n": 528886.0,
  "summary_bg_p05": 2.6936025619506836,
  "summary_bg_p95": 71.69949150085449,
  "summary_bg_stdv": 38.843841552734375,
  "summary_fg_k": 3.686723489357714,
  "summary_fg_mad": 59.11188615769808,
  "summary_fg_mean": 462.1772155761719,
  "summary_fg_median": 462.01513671875,
  "summary_fg_n": 109135.0,
  "summary_fg_p05": 360.9930786132813,
  "summary_fg_p95": 567.0732055664062,
  "summary_fg_stdv": 68.43722534179688,
  "tsnr": 35.06005068030208
}