{
  "aor": 0.0003427777777777778,
  "aqi": 0.0367190026936027,
  "bids_meta": {
    "AccelFactPE": 2,
    "AcquisitionNumber": 1,
    "AcquisitionTime": "11:20:39.795000",
    "BandwidthPerPixelPhaseEncode": 26.35,
    "ConversionSoftware": "dcm2niix",
    "ConversionSoftwareVersion": "v1.0.20170624 (OpenJPEG build) MSC1900",
    "DeviceSerialNumber": "35071",
    "EchoTime": 0.03,
    "EffectiveEchoSpacing": 0.000345006,
    "FlipAngle": 60,
    "ImageType": [
      "ORIGINAL",
      "PRIMARY",
      "M",
      "MB",
      "ND",
      "NORM",
      "MOSAIC"
    ],
    "InstitutionAddress": "Gilbert_1_New_Haven-1763f8-_CT_US_06520",
    "InstitutionName": "Yale_University_School_of_Medicine",
    "MagneticFieldStrength": 3,
    "Manufacturer": "Siemens",
    "ManufacturersModelName": "TrioTim",
    "PhaseEncodingDirection": "j-",
    "PhaseEncodingLines": 110,
    "ProcedureStepDescription": "MRRC_Research_SiteProtocols",
    "ProtocolName": "mbep2d_bold_taste2(MB4iPAT2)",
    "RepetitionTime": 1,
    "ScanningSequence": "EP",
    "SequenceName": "epfid2d1_110",
    "SequenceVariant": "SK_SS",
    "SeriesDescription": "mbep2d_bold_taste2(MB4iPAT2)",
    "SliceTiming": [
      0,
      0.535,
      0.0675,
      0.6025,
      0.1325,
      0.6675,
      0.2,
      0.735,
      0.2675,
      0.8025,
      0.335,
      0.87,
      0.4,
      0.935,
      0.4675,
      0,
      0.535,
      0.0675,
      0.6025,
      0.1325,
      0.6675,
      0.2,
      0.735,
      0.2675,
      0.8025,
      0.335,
      0.87,
      0.4,
      0.935,
      0.4675,
      0,
      0.535,
      0.0675,
      0.6025,
      0.1325,
      0.6675,
      0.2,
      0.735,
      0.2675,
      0.8025,
      0.335,
      0.87,
      0.4,
      0.935,
      0.4675,
      0,
      0.535,
      0.0675,
      0.6025,
      0.1325,
      0.6675,
      0.2,
      0.735,
      0.2675,
      0.8025,
      0.335,
      0.87,
      0.4,
      0.935,
      0.4675
    ],
    "SoftwareVersions": "syngo_MR_B17",
    "TaskName": "taste",
    "TotalReadoutTime": 0.0372607,
    "TrueEchoSpacing": 0.000690012,
    "dataset": "ds003424",
    "modality": "bold",
    "run_id": 2,
    "subject_id": "08",
    "task_id": "taste"
  },
  "dummy_trs": 0,
  "dvars_nstd": 56.311535048954404,
  "dvars_std": 1.158503096053964,
  "dvars_vstd": 1.002438485092749,
  "efc": 0.47311757470249377,
  "fber": 3710.08935546875,
  "fd_mean": 0.18778521643046403,
  "fd_num": 196,
  "fd_perc": 32.996632996633,
  "fwhm_avg": 1.8253946666666667,
  "fwhm_x": 1.729515,
  "fwhm_y": 2.087245,
  "fwhm_z": 1.659424,
  "gcor": 0.00468497,
  "gsr_x": -0.019755536690354347,
  "gsr_y": 0.022277818992733955,
  "provenance": {
    "md5sum": "9c6a09284fe361cc94fe0437a50d6958",
    "settings": {
      "fd_thres": 0.2,
      "testing": false
    },
    "software": "mriqc",
    "version": "22.0.6",
    "webapi_port": null,
    "webapi_url": "https://mriqc.nimh.nih.gov/api/v1"
  },
  "size_t": 594,
  "size_x": 110,
  "size_y": 110,
  "size_z": 60,
  "snr": 6.734066578006599,
  "spacing_tr": 1.0,
  "spacing_x": 2.0,
  "spacing_y": 2.0,
  "spacing_z": 2.5,
  "summary_bg_k": 27.140667157465398,
  "summary_bg_mad": 4.75730589192759,
  "summary_bg_mean": 19.06391143798828,
  "summary_bg_median": 6.725589275360107,
  "summary_bg_n": 521348.0,
  "summary_bg_p05": 2.383838415145874,
  "summary_bg_p95": 82.26817817687977,
  "summary_bg_stdv": 35.22023391723633,
  "summary_fg_k": 2.525806116285162,
  "summary_fg_mad": 55.94201402246269,
  "summary_fg_mean": 416.18426513671875,
  "summary_fg_median": 413.7306213378906,
  "summary_fg_n": 116084.0,
  "summary_fg_p05": 329.3249206542969,
  "summary_fg_p95": 515.7284393310547,
  "summary_fg_stdv": 61.43818664550781,
  "tsnr": 29.02747504459694
}