{
  "aor": 0.001187104377104377,
  "aqi": 0.04954104579124579,
  "bids_meta": {
    "AccelFactPE": 2,
    "AcquisitionNumber": 1,
    "AcquisitionTime": "11:49:29.797500",
    "BandwidthPerPixelPhaseEncode": 26.35,
    "ConversionSoftware": "dcm2niix",
    "ConversionSoftwareVersion": "v1.0.20170624 (OpenJPEG build) MSC1900",
    "DeviceSerialNumber": "35071",
    "EchoTime": 0.03,
    "EffectiveEchoSpacing": 0.000345006,
    "FlipAngle": 60,
    "ImageType": [
      "ORIGINAL",
      "PRIMARY",
      "M",
      "MB",
      "ND",
      "NORM",
      "MOSAIC"
    ],
    "InstitutionAddress": "Gilbert_1_New_Haven-1763f8-_CT_US_06520",
    "InstitutionName": "Yale_University_School_of_Medicine",
    "MagneticFieldStrength": 3,
    "Manufacturer": "Siemens",
    "ManufacturersModelName": "TrioTim",
    "PhaseEncodingDirection": "j-",
    "PhaseEncodingLines": 110,
    "ProcedureStepDescription": "MRRC_Research_SiteProtocols",
    "ProtocolName": "mbep2d_bold_taste4(MB4iPAT2)",
    "RepetitionTime": 1,
    "ScanningSequence": "EP",
    "SequenceName": "epfid2d1_110",
    "SequenceVariant": "SK_SS",
    "SeriesDescription": "mbep2d_bold_taste4(MB4iPAT2)",
    "SliceTiming": [
      0,
      0.535,
      0.0675,
      0.6025,
      0.135,
      0.67,
      0.2,
      0.7375,
      0.2675,
      0.8025,
      0.335,
      0.87,
      0.4025,
      0.9375,
      0.47,
      0,
      0.535,
      0.0675,
      0.6025,
      0.135,
      0.67,
      0.2,
      0.7375,
      0.2675,
      0.8025,
      0.335,
      0.87,
      0.4025,
      0.9375,
      0.47,
      0,
      0.535,
      0.0675,
      0.6025,
      0.135,
      0.67,
      0.2,
      0.7375,
      0.2675,
      0.8025,
      0.335,
      0.87,
      0.4025,
      0.9375,
      0.47,
      0,
      0.535,
      0.0675,
      0.6025,
      0.135,
      0.67,
      0.2,
      0.7375,
      0.2675,
      0.8025,
      0.335,
      0.87,
      0.4025,
      0.9375,
      0.47
    ],
    "SoftwareVersions": "syngo_MR_B17",
    "TaskName": "taste",
    "TotalReadoutTime": 0.0372607,
    "TrueEchoSpacing": 0.000690012,
    "dataset": "ds003424",
    "modality": "bold",
    "run_id": 4,
    "subject_id": "08",
    "task_id": "taste"
  },
  "dummy_trs": 0,
  "dvars_nstd": 58.40833754642489,
  "dvars_std": 1.1169984825969639,
  "dvars_vstd": 0.9956433704215865,
  "efc": 0.4761984519751696,
  "fber": 3487.886962890625,
  "fd_mean": 0.31452995945338125,
  "fd_num": 297,
  "fd_perc": 50.0,
  "fwhm_avg": 1.850957,
  "fwhm_x": 1.750655,
  "fwhm_y": 2.11468,
  "fwhm_z": 1.6875360000000001,
  "gcor": 0.00548517,
  "gsr_x": -0.02048494666814804,
  "gsr_y": 0.02251073159277439,
  "provenance": {
    "md5sum": "f5a991fad24e71d208c7f0187db6af3b",
    "settings": {
      "fd_thres": 0.2,
      "testing": false
    },
    "software": "mriqc",
    "version": "22.0.6",
    "webapi_port": null,
    "webapi_url": "https://mriqc.nimh.nih.gov/api/v1"
  },
  "size_t": 594,
  "size_x": 110,
  "size_y": 110,
  "size_z": 60,
  "snr": 6.811310165944956,
  "spacing_tr": 1.0,
  "spacing_x": 2.0,
  "spacing_y": 2.0,
  "spacing_z": 2.5,
  "summary_bg_k": 24.580760986351446,
  "summary_bg_mad": 4.912055863612896,
  "summary_bg_mean": 19.869966506958008,
  "summary_bg_median": 6.968013286590576,
  "summary_bg_n": 522233.0,
  "summary_bg_p05": 2.5673398971557617,
  "summary_bg_p95": 86.48551635742152,
  "summary_bg_stdv": 35.87016296386719,
  "summary_fg_k": 2.3529582019397894,
  "summary_fg_mad": 55.29308145657779,
  "summary_fg_mean": 415.0123291015625,
  "summary_fg_median": 412.4528503417969,
  "summary_fg_n": 115723.0,
  "summary_fg_p05": 329.64122619628904,
  "summary_fg_p95": 513.2841491699219,
  "summary_fg_stdv": 60.55385208129883,
  "tsnr": 24.317692373297177
}