{
  "aor": 0.0012329166666666667,
  "aqi": 0.05340148305555556,
  "bids_meta": {
    "AccelFactPE": 2,
    "AcquisitionNumber": 1,
    "AcquisitionTime": "11:31:29.360000",
    "BandwidthPerPixelPhaseEncode": 26.35,
    "ConversionSoftware": "dcm2niix",
    "ConversionSoftwareVersion": "v1.0.20170624 (OpenJPEG build) MSC1900",
    "DeviceSerialNumber": "35071",
    "EchoTime": 0.03,
    "EffectiveEchoSpacing": 0.000345006,
    "FlipAngle": 60,
    "ImageType": [
      "ORIGINAL",
      "PRIMARY",
      "M",
      "MB",
      "ND",
      "NORM",
      "MOSAIC"
    ],
    "InstitutionAddress": "Gilbert_1_New_Haven-1763f8-_CT_US_06520",
    "InstitutionName": "Yale_University_School_of_Medicine",
    "MagneticFieldStrength": 3,
    "Manufacturer": "Siemens",
    "ManufacturersModelName": "TrioTim",
    "PhaseEncodingDirection": "j-",
    "PhaseEncodingLines": 110,
    "ProcedureStepDescription": "MRRC_Research_SiteProtocols",
    "ProtocolName": "mbep2d_bold_resting(MB4iPAT2)",
    "RepetitionTime": 1,
    "ScanningSequence": "EP",
    "SequenceName": "epfid2d1_110",
    "SequenceVariant": "SK_SS",
    "SeriesDescription": "mbep2d_bold_resting(MB4iPAT2)",
    "SliceTiming": [
      0,
      0.535,
      0.0675,
      0.6025,
      0.135,
      0.67,
      0.2025,
      0.7375,
      0.2675,
      0.805,
      0.335,
      0.87,
      0.4025,
      0.9375,
      0.47,
      0,
      0.535,
      0.0675,
      0.6025,
      0.135,
      0.67,
      0.2025,
      0.7375,
      0.2675,
      0.805,
      0.335,
      0.87,
      0.4025,
      0.9375,
      0.47,
      0,
      0.535,
      0.0675,
      0.6025,
      0.135,
      0.67,
      0.2025,
      0.7375,
      0.2675,
      0.805,
      0.335,
      0.87,
      0.4025,
      0.9375,
      0.47,
      0,
      0.535,
      0.0675,
      0.6025,
      0.135,
      0.67,
      0.2025,
      0.7375,
      0.2675,
      0.805,
      0.335,
      0.87,
      0.4025,
      0.9375,
      0.47
    ],
    "SoftwareVersions": "syngo_MR_B17",
    "TaskName": "rest",
    "TotalReadoutTime": 0.0372607,
    "TrueEchoSpacing": 0.000690012,
    "dataset": "ds003424",
    "modality": "bold",
    "subject_id": "08",
    "task_id": "resting"
  },
  "dummy_trs": 0,
  "dvars_nstd": 55.9993974373259,
  "dvars_std": 1.1089076689693596,
  "dvars_vstd": 0.9767614045682456,
  "efc": 0.47383861030529495,
  "fber": 3541.017822265625,
  "fd_mean": 0.18520997113994295,
  "fd_num": 48,
  "fd_perc": 13.333333333333334,
  "fwhm_avg": 1.8676356666666667,
  "fwhm_x": 1.76178,
  "fwhm_y": 2.131615,
  "fwhm_z": 1.7095120000000001,
  "gcor": 0.00246867,
  "gsr_x": -0.019381945952773094,
  "gsr_y": 0.021756159141659737,
  "provenance": {
    "md5sum": "ee7cd578b6ffce57627ff5393a601d0a",
    "settings": {
      "fd_thres": 0.2,
      "testing": false
    },
    "software": "mriqc",
    "version": "22.0.6",
    "webapi_port": null,
    "webapi_url": "https://mriqc.nimh.nih.gov/api/v1"
  },
  "size_t": 360,
  "size_x": 110,
  "size_y": 110,
  "size_z": 60,
  "snr": 6.823237314565756,
  "spacing_tr": 1.0,
  "spacing_x": 2.0,
  "spacing_y": 2.0,
  "spacing_z": 2.5,
  "summary_bg_k": 21.210293680700055,
  "summary_bg_mad": 4.867877590442652,
  "summary_bg_mean": 19.10236358642578,
  "summary_bg_median": 6.902778148651123,
  "summary_bg_n": 522075.0,
  "summary_bg_p05": 2.5138888359069824,
  "summary_bg_p95": 82.59527740478512,
  "summary_bg_stdv": 33.48961639404297,
  "summary_fg_k": 2.3702491615174583,
  "summary_fg_mad": 55.32163132229669,
  "summary_fg_mean": 415.7502136230469,
  "summary_fg_median": 413.3055725097656,
  "summary_fg_n": 115568.0,
  "summary_fg_p05": 329.9870864868164,
  "summary_fg_p95": 514.1498657226562,
  "summary_fg_stdv": 60.572975158691406,
  "tsnr": 23.77845311909914
}