{
  "aor": 0.0020865319865319863,
  "aqi": 0.042307593434343434,
  "bids_meta": {
    "AccelFactPE": 2,
    "AcquisitionNumber": 1,
    "AcquisitionTime": "11:38:40.002500",
    "BandwidthPerPixelPhaseEncode": 26.35,
    "ConversionSoftware": "dcm2niix",
    "ConversionSoftwareVersion": "v1.0.20170624 (OpenJPEG build) MSC1900",
    "DeviceSerialNumber": "35071",
    "EchoTime": 0.03,
    "EffectiveEchoSpacing": 0.000345006,
    "FlipAngle": 60,
    "ImageType": [
      "ORIGINAL",
      "PRIMARY",
      "M",
      "MB",
      "ND",
      "NORM",
      "MOSAIC"
    ],
    "InstitutionAddress": "Gilbert_1_New_Haven-1763f8-_CT_US_06520",
    "InstitutionName": "Yale_University_School_of_Medicine",
    "MagneticFieldStrength": 3,
    "Manufacturer": "Siemens",
    "ManufacturersModelName": "TrioTim",
    "PhaseEncodingDirection": "j-",
    "PhaseEncodingLines": 110,
    "ProcedureStepDescription": "MRRC_Research_SiteProtocols",
    "ProtocolName": "mbep2d_bold_taste3(MB4iPAT2)",
    "RepetitionTime": 1,
    "ScanningSequence": "EP",
    "SequenceName": "epfid2d1_110",
    "SequenceVariant": "SK_SS",
    "SeriesDescription": "mbep2d_bold_taste3(MB4iPAT2)",
    "SliceTiming": [
      0,
      0.535,
      0.0675,
      0.6025,
      0.135,
      0.67,
      0.2,
      0.735,
      0.2675,
      0.8025,
      0.335,
      0.87,
      0.4025,
      0.9375,
      0.4675,
      0,
      0.535,
      0.0675,
      0.6025,
      0.135,
      0.67,
      0.2,
      0.735,
      0.2675,
      0.8025,
      0.335,
      0.87,
      0.4025,
      0.9375,
      0.4675,
      0,
      0.535,
      0.0675,
      0.6025,
      0.135,
      0.67,
      0.2,
      0.735,
      0.2675,
      0.8025,
      0.335,
      0.87,
      0.4025,
      0.9375,
      0.4675,
      0,
      0.535,
      0.0675,
      0.6025,
      0.135,
      0.67,
      0.2,
      0.735,
      0.2675,
      0.8025,
      0.335,
      0.87,
      0.4025,
      0.9375,
      0.4675
    ],
    "SoftwareVersions": "syngo_MR_B17",
    "TaskName": "taste",
    "TotalReadoutTime": 0.0372607,
    "TrueEchoSpacing": 0.000690012,
    "dataset": "ds003424",
    "modality": "bold",
    "run_id": 3,
    "subject_id": "08",
    "task_id": "taste"
  },
  "dummy_trs": 0,
  "dvars_nstd": 57.716865359510976,
  "dvars_std": 1.156958896121416,
  "dvars_vstd": 1.0285032077740306,
  "efc": 0.47533652142948885,
  "fber": 3606.470703125,
  "fd_mean": 0.2906282440423916,
  "fd_num": 255,
  "fd_perc": 42.92929292929293,
  "fwhm_avg": 1.8280016666666665,
  "fwhm_x": 1.74025,
  "fwhm_y": 2.081295,
  "fwhm_z": 1.66246,
  "gcor": 0.00734422,
  "gsr_x": -0.020262736827135086,
  "gsr_y": 0.022830525413155556,
  "provenance": {
    "md5sum": "505987e6b5310ab722d0c89f3970197e",
    "settings": {
      "fd_thres": 0.2,
      "testing": false
    },
    "software": "mriqc",
    "version": "22.0.6",
    "webapi_port": null,
    "webapi_url": "https://mriqc.nimh.nih.gov/api/v1"
  },
  "size_t": 594,
  "size_x": 110,
  "size_y": 110,
  "size_z": 60,
  "snr": 6.766636771633441,
  "spacing_tr": 1.0,
  "spacing_x": 2.0,
  "spacing_y": 2.0,
  "spacing_z": 2.5,
  "summary_bg_k": 25.195038382946386,
  "summary_bg_mad": 4.832184956095308,
  "summary_bg_mean": 19.767192840576172,
  "summary_bg_median": 6.883838176727295,
  "summary_bg_n": 521987.0,
  "summary_bg_p05": 2.5269360542297363,
  "summary_bg_p95": 86.10387191772453,
  "summary_bg_stdv": 36.04360580444336,
  "summary_fg_k": 2.444720099389669,
  "summary_fg_mad": 55.59758319396007,
  "summary_fg_mean": 416.66571044921875,
  "summary_fg_median": 414.2003173828125,
  "summary_fg_n": 115896.0,
  "summary_fg_p05": 329.9423294067383,
  "summary_fg_p95": 515.9053039550781,
  "summary_fg_stdv": 61.211875915527344,
  "tsnr": 26.201849752105772
}