{
  "aor": 0.0009006734006734005,
  "aqi": 0.05247451498316499,
  "bids_meta": {
    "AccelFactPE": 2,
    "AcquisitionNumber": 1,
    "AcquisitionTime": "14:31:57.575000",
    "BandwidthPerPixelPhaseEncode": 26.35,
    "ConversionSoftware": "dcm2niix",
    "ConversionSoftwareVersion": "v1.0.20170624 (OpenJPEG build) MSC1900",
    "DeviceSerialNumber": "35071",
    "EchoTime": 0.03,
    "EffectiveEchoSpacing": 0.000345006,
    "FlipAngle": 60,
    "ImageType": [
      "ORIGINAL",
      "PRIMARY",
      "M",
      "MB",
      "ND",
      "NORM",
      "MOSAIC"
    ],
    "InstitutionAddress": "Gilbert_1_New_Haven-1763f8-_CT_US_06520",
    "InstitutionName": "Yale_University_School_of_Medicine",
    "MagneticFieldStrength": 3,
    "Manufacturer": "Siemens",
    "ManufacturersModelName": "TrioTim",
    "PhaseEncodingDirection": "j-",
    "PhaseEncodingLines": 110,
    "ProcedureStepDescription": "MRRC_Research_SiteProtocols",
    "ProtocolName": "mbep2d_bold_taste3(MB4iPAT2)",
    "RepetitionTime": 1,
    "ScanningSequence": "EP",
    "SequenceName": "epfid2d1_110",
    "SequenceVariant": "SK_SS",
    "SeriesDescription": "mbep2d_bold_taste3(MB4iPAT2)",
    "SliceTiming": [
      0,
      0.535,
      0.0675,
      0.6025,
      0.1325,
      0.67,
      0.2,
      0.735,
      0.2675,
      0.8025,
      0.335,
      0.87,
      0.4,
      0.9375,
      0.4675,
      0,
      0.535,
      0.0675,
      0.6025,
      0.1325,
      0.67,
      0.2,
      0.735,
      0.2675,
      0.8025,
      0.335,
      0.87,
      0.4,
      0.9375,
      0.4675,
      0,
      0.535,
      0.0675,
      0.6025,
      0.1325,
      0.67,
      0.2,
      0.735,
      0.2675,
      0.8025,
      0.335,
      0.87,
      0.4,
      0.9375,
      0.4675,
      0,
      0.535,
      0.0675,
      0.6025,
      0.1325,
      0.67,
      0.2,
      0.735,
      0.2675,
      0.8025,
      0.335,
      0.87,
      0.4,
      0.9375,
      0.4675
    ],
    "SoftwareVersions": "syngo_MR_B17",
    "TaskName": "taste",
    "TotalReadoutTime": 0.0372607,
    "TrueEchoSpacing": 0.000690012,
    "dataset": "ds003424",
    "modality": "bold",
    "run_id": 3,
    "subject_id": "10",
    "task_id": "taste"
  },
  "dummy_trs": 0,
  "dvars_nstd": 51.043107880219246,
  "dvars_std": 1.0841948993591894,
  "dvars_vstd": 0.9922769463575047,
  "efc": 0.48218275023170454,
  "fber": 4181.4189453125,
  "fd_mean": 0.3234416364533716,
  "fd_num": 264,
  "fd_perc": 44.44444444444444,
  "fwhm_avg": 2.0014480000000003,
  "fwhm_x": 1.955105,
  "fwhm_y": 2.232195,
  "fwhm_z": 1.8170439999999999,
  "gcor": 0.00522835,
  "gsr_x": -0.006449063308537006,
  "gsr_y": 0.023020245134830475,
  "provenance": {
    "md5sum": "c522ebaba2c5640371ef6f964496e2d3",
    "settings": {
      "fd_thres": 0.2,
      "testing": false
    },
    "software": "mriqc",
    "version": "22.0.6",
    "webapi_port": null,
    "webapi_url": "https://mriqc.nimh.nih.gov/api/v1"
  },
  "size_t": 594,
  "size_x": 110,
  "size_y": 110,
  "size_z": 60,
  "snr": 7.084923089794717,
  "spacing_tr": 1.0,
  "spacing_x": 2.0,
  "spacing_y": 2.0,
  "spacing_z": 2.5,
  "summary_bg_k": 27.427392415948162,
  "summary_bg_mad": 5.476143352626059,
  "summary_bg_mean": 21.825843811035156,
  "summary_bg_median": 7.2272725105285645,
  "summary_bg_n": 514086.0,
  "summary_bg_p05": 2.6195285320281982,
  "summary_bg_p95": 93.62078857421875,
  "summary_bg_stdv": 40.52602005004883,
  "summary_fg_k": 3.4617918319955248,
  "summary_fg_mad": 59.29284525110974,
  "summary_fg_mean": 468.1959533691406,
  "summary_fg_median": 468.8686828613281,
  "summary_fg_n": 121470.0,
  "summary_fg_p05": 370.7583236694336,
  "summary_fg_p95": 569.4724517822265,
  "summary_fg_stdv": 66.1781005859375,
  "tsnr": 24.401378916576505
}