{
  "aor": 0.00048236111111111103,
  "aqi": 0.04576271277777778,
  "bids_meta": {
    "AccelFactPE": 2,
    "AcquisitionNumber": 1,
    "AcquisitionTime": "14:24:54.425000",
    "BandwidthPerPixelPhaseEncode": 26.35,
    "ConversionSoftware": "dcm2niix",
    "ConversionSoftwareVersion": "v1.0.20170624 (OpenJPEG build) MSC1900",
    "DeviceSerialNumber": "35071",
    "EchoTime": 0.03,
    "EffectiveEchoSpacing": 0.000345006,
    "FlipAngle": 60,
    "ImageType": [
      "ORIGINAL",
      "PRIMARY",
      "M",
      "MB",
      "ND",
      "NORM",
      "MOSAIC"
    ],
    "InstitutionAddress": "Gilbert_1_New_Haven-1763f8-_CT_US_06520",
    "InstitutionName": "Yale_University_School_of_Medicine",
    "MagneticFieldStrength": 3,
    "Manufacturer": "Siemens",
    "ManufacturersModelName": "TrioTim",
    "PhaseEncodingDirection": "j-",
    "PhaseEncodingLines": 110,
    "ProcedureStepDescription": "MRRC_Research_SiteProtocols",
    "ProtocolName": "mbep2d_bold_resting(MB4iPAT2)",
    "RepetitionTime": 1,
    "ScanningSequence": "EP",
    "SequenceName": "epfid2d1_110",
    "SequenceVariant": "SK_SS",
    "SeriesDescription": "mbep2d_bold_resting(MB4iPAT2)",
    "SliceTiming": [
      0,
      0.535,
      0.0675,
      0.6025,
      0.135,
      0.67,
      0.2,
      0.735,
      0.2675,
      0.8025,
      0.335,
      0.87,
      0.4025,
      0.9375,
      0.4675,
      0,
      0.535,
      0.0675,
      0.6025,
      0.135,
      0.67,
      0.2,
      0.735,
      0.2675,
      0.8025,
      0.335,
      0.87,
      0.4025,
      0.9375,
      0.4675,
      0,
      0.535,
      0.0675,
      0.6025,
      0.135,
      0.67,
      0.2,
      0.735,
      0.2675,
      0.8025,
      0.335,
      0.87,
      0.4025,
      0.9375,
      0.4675,
      0,
      0.535,
      0.0675,
      0.6025,
      0.135,
      0.67,
      0.2,
      0.735,
      0.2675,
      0.8025,
      0.335,
      0.87,
      0.4025,
      0.9375,
      0.4675
    ],
    "SoftwareVersions": "syngo_MR_B17",
    "TaskName": "rest",
    "TotalReadoutTime": 0.0372607,
    "TrueEchoSpacing": 0.000690012,
    "dataset": "ds003424",
    "modality": "bold",
    "subject_id": "10",
    "task_id": "resting"
  },
  "dummy_trs": 0,
  "dvars_nstd": 46.03199840337048,
  "dvars_std": 1.0725900329805018,
  "dvars_vstd": 0.9756291044846798,
  "efc": 0.48032585000350114,
  "fber": 4294.111328125,
  "fd_mean": 0.13591637102743262,
  "fd_num": 30,
  "fd_perc": 8.333333333333334,
  "fwhm_avg": 1.977037,
  "fwhm_x": 1.94449,
  "fwhm_y": 2.193625,
  "fwhm_z": 1.792996,
  "gcor": 0.00416274,
  "gsr_x": -0.00662813987582922,
  "gsr_y": 0.022051138803362846,
  "provenance": {
    "md5sum": "b9ea48eb61f9e367b7c6e0b7e53261f4",
    "settings": {
      "fd_thres": 0.2,
      "testing": false
    },
    "software": "mriqc",
    "version": "22.0.6",
    "webapi_port": null,
    "webapi_url": "https://mriqc.nimh.nih.gov/api/v1"
  },
  "size_t": 360,
  "size_x": 110,
  "size_y": 110,
  "size_z": 60,
  "snr": 7.008073143069986,
  "spacing_tr": 1.0,
  "spacing_x": 2.0,
  "spacing_y": 2.0,
  "spacing_z": 2.5,
  "summary_bg_k": 27.862511057625625,
  "summary_bg_mad": 5.510338999536304,
  "summary_bg_mean": 21.476152420043945,
  "summary_bg_median": 7.155555725097656,
  "summary_bg_n": 514370.0,
  "summary_bg_p05": 2.5638890266418457,
  "summary_bg_p95": 92.60458488464346,
  "summary_bg_stdv": 39.936439514160156,
  "summary_fg_k": 3.386459675599437,
  "summary_fg_mad": 59.563526030290944,
  "summary_fg_mean": 467.71368408203125,
  "summary_fg_median": 468.1639099121094,
  "summary_fg_n": 121135.0,
  "summary_fg_p05": 368.9613983154297,
  "summary_fg_p95": 570.2000122070312,
  "summary_fg_stdv": 66.80323791503906,
  "tsnr": 26.360461476724595
}