{
  "bids_meta": {
    "AccelFactPE": 2,
    "AcquisitionNumber": 1,
    "AcquisitionTime": "11:02:3.497500",
    "ConversionSoftware": "dcm2niix",
    "ConversionSoftwareVersion": "v1.0.20170624 (OpenJPEG build) MSC1900",
    "DeviceSerialNumber": "35071",
    "EchoTime": 0.00252,
    "FlipAngle": 9,
    "ImageType": [
      "ORIGINAL",
      "PRIMARY",
      "M",
      "ND",
      "NORM"
    ],
    "InstitutionAddress": "Gilbert_1_New_Haven-1763f8-_CT_US_06520",
    "InstitutionName": "Yale_University_School_of_Medicine",
    "InversionTime": 0.9,
    "MagneticFieldStrength": 3,
    "Manufacturer": "Siemens",
    "ManufacturersModelName": "TrioTim",
    "PhaseEncodingDirection": "i-",
    "PhaseEncodingLines": 246,
    "ProcedureStepDescription": "MRRC_Research_SiteProtocols",
    "ProtocolName": "t1_Sag_3D_MPRAGE",
    "RepetitionTime": 1.9,
    "ScanningSequence": "GR_IR",
    "SequenceName": "_tfl3d1_ns",
    "SequenceVariant": "SP_MP_OSP",
    "SeriesDescription": "t1_Sag_3D_MPRAGE",
    "SoftwareVersions": "syngo_MR_B17",
    "dataset": "ds003424",
    "modality": "T1w",
    "subject_id": "06"
  },
  "cjv": 0.3459748609966512,
  "cnr": 3.8452195530040747,
  "efc": 0.5564863081286509,
  "fber": -1.0,
  "fwhm_avg": 4.48207184,
  "fwhm_x": 4.38742,
  "fwhm_y": 4.66245632,
  "fwhm_z": 4.396339200000001,
  "icvs_csf": 0.2242866510309434,
  "icvs_gm": 0.4377992374285577,
  "icvs_wm": 0.33791411154049894,
  "inu_med": 0.45150937139987946,
  "inu_range": 0.16353749632835385,
  "provenance": {
    "md5sum": "97844ed9f632542f4ca6852f89da69fb",
    "settings": {
      "testing": false
    },
    "software": "mriqc",
    "version": "22.0.6",
    "warnings": {
      "large_rot_frame": true,
      "small_air_mask": false
    },
    "webapi_port": null,
    "webapi_url": "https://mriqc.nimh.nih.gov/api/v1"
  },
  "qi_1": 0.0,
  "qi_2": 0.013567338546212093,
  "rpve_csf": 21.95519540044722,
  "rpve_gm": 11.61940367981422,
  "rpve_wm": 17.006371083277354,
  "size_x": 176,
  "size_y": 256,
  "size_z": 256,
  "snr_csf": 2.885903356925337,
  "snr_gm": 16.84637701680374,
  "snr_total": 15.535600951574196,
  "snr_wm": 26.874522480993512,
  "snrd_csf": 50.06312443656452,
  "snrd_gm": 123.91701697841182,
  "snrd_total": 111.47016887554844,
  "snrd_wm": 160.43036521166897,
  "spacing_x": 1.0,
  "spacing_y": 0.9765625,
  "spacing_z": 0.9765625,
  "summary_bg_k": 17.18226126880387,
  "summary_bg_mad": 0.0,
  "summary_bg_mean": 2.050498380959495,
  "summary_bg_median": 0.0,
  "summary_bg_n": 2444571.0,
  "summary_bg_p05": 0.0,
  "summary_bg_p95": 10.217962231487036,
  "summary_bg_stdv": 4.083876873006431,
  "summary_csf_k": 1.4770459169398533,
  "summary_csf_mad": 65.84965806843597,
  "summary_csf_mean": 319.49931806267494,
  "summary_csf_median": 312.07491459324956,
  "summary_csf_n": 42297.0,
  "summary_csf_p05": 111.10056766867638,
  "summary_csf_p95": 523.3937619812787,
  "summary_csf_stdv": 108.13640891062695,
  "summary_gm_k": 0.22071888447131904,
  "summary_gm_mad": 44.603294033534624,
  "summary_gm_mean": 769.5718212602117,
  "summary_gm_median": 772.4526370540261,
  "summary_gm_n": 28839.0,
  "summary_gm_p05": 690.1711517162621,
  "summary_gm_p95": 839.9924183674157,
  "summary_gm_stdv": 45.851950461933775,
  "summary_wm_k": 0.8357483240377674,
  "summary_wm_mad": 34.14426714659643,
  "summary_wm_mean": 1002.0418599250975,
  "summary_wm_median": 1000.0632818080485,
  "summary_wm_n": 186351.0,
  "summary_wm_p05": 944.9558817856014,
  "summary_wm_p95": 1066.432584475726,
  "summary_wm_stdv": 37.21221834669521,
  "tpm_overlap_csf": 0.15700609600297713,
  "tpm_overlap_gm": 0.4580357501390344,
  "tpm_overlap_wm": 0.49448347572650675,
  "wm2max": 0.551837108466404
}