{
  "bids_meta": {
    "AccelFactPE": 2,
    "AcquisitionNumber": 1,
    "AcquisitionTime": "12:34:22.350000",
    "ConversionSoftware": "dcm2niix",
    "ConversionSoftwareVersion": "v1.0.20170624 (OpenJPEG build) MSC1900",
    "DeviceSerialNumber": "35071",
    "EchoTime": 0.00252,
    "FlipAngle": 9,
    "ImageType": [
      "ORIGINAL",
      "PRIMARY",
      "M",
      "ND",
      "NORM"
    ],
    "InstitutionAddress": "Gilbert_1_New_Haven-1763f8-_CT_US_06520",
    "InstitutionName": "Yale_University_School_of_Medicine",
    "InversionTime": 0.9,
    "MagneticFieldStrength": 3,
    "Manufacturer": "Siemens",
    "ManufacturersModelName": "TrioTim",
    "PhaseEncodingDirection": "i-",
    "PhaseEncodingLines": 246,
    "ProcedureStepDescription": "MRRC_Research_SiteProtocols",
    "ProtocolName": "t1_Sag_3D_MPRAGE",
    "RepetitionTime": 1.9,
    "ScanningSequence": "GR_IR",
    "SequenceName": "_tfl3d1_ns",
    "SequenceVariant": "SP_MP_OSP",
    "SeriesDescription": "t1_Sag_3D_MPRAGE",
    "SoftwareVersions": "syngo_MR_B17",
    "dataset": "ds003424",
    "modality": "T1w",
    "subject_id": "05"
  },
  "cjv": 0.3443478037712887,
  "cnr": 3.9608684482133394,
  "efc": 0.49270503693143364,
  "fber": 37449.9904,
  "fwhm_avg": 4.335985306666667,
  "fwhm_x": 4.30413,
  "fwhm_y": 4.4874751999999996,
  "fwhm_z": 4.21635072,
  "icvs_csf": 0.2078584411822175,
  "icvs_gm": 0.43662756333434716,
  "icvs_wm": 0.3555139954834353,
  "inu_med": 0.36752110719680786,
  "inu_range": 0.10035050809383395,
  "provenance": {
    "md5sum": "ec14a3d40d34b91d5b557c05f29e0bf5",
    "settings": {
      "testing": false
    },
    "software": "mriqc",
    "version": "22.0.6",
    "warnings": {
      "large_rot_frame": true,
      "small_air_mask": false
    },
    "webapi_port": null,
    "webapi_url": "https://mriqc.nimh.nih.gov/api/v1"
  },
  "qi_1": 0.0,
  "qi_2": 0.0247634672646282,
  "rpve_csf": 27.698770407633187,
  "rpve_gm": 13.757520731848759,
  "rpve_wm": 19.30817102393944,
  "size_x": 176,
  "size_y": 256,
  "size_z": 256,
  "snr_csf": 2.491853887945292,
  "snr_gm": 14.854549501657225,
  "snr_total": 15.36703663836253,
  "snr_wm": 28.754706525485076,
  "snrd_csf": 50.076474276728916,
  "snrd_gm": 120.9357469631578,
  "snrd_total": 110.36640591553163,
  "snrd_wm": 160.0869965067082,
  "spacing_x": 1.0,
  "spacing_y": 0.9765625,
  "spacing_z": 0.9765625,
  "summary_bg_k": 15.71431258347329,
  "summary_bg_mad": 0.0,
  "summary_bg_mean": 2.593061461067656,
  "summary_bg_median": 0.0,
  "summary_bg_n": 2631701.0,
  "summary_bg_p05": 0.0,
  "summary_bg_p95": 8.109439432621002,
  "summary_bg_stdv": 4.092532384282819,
  "summary_csf_k": 13.366238129390933,
  "summary_csf_mad": 83.59968441933351,
  "summary_csf_mean": 323.0931617568264,
  "summary_csf_median": 312.81973138451576,
  "summary_csf_n": 36994.0,
  "summary_csf_p05": 111.97847440838814,
  "summary_csf_p95": 526.0032520204782,
  "summary_csf_stdv": 125.53525103937613,
  "summary_gm_k": -0.07157471398335646,
  "summary_gm_mad": 52.362167929313735,
  "summary_gm_mean": 754.5980229440955,
  "summary_gm_median": 755.4662828445435,
  "summary_gm_n": 35833.0,
  "summary_gm_p05": 670.794640469551,
  "summary_gm_p95": 836.1211000800133,
  "summary_gm_stdv": 50.856859792258376,
  "summary_wm_k": 0.7669560500785169,
  "summary_wm_mad": 31.85552490978636,
  "summary_wm_mean": 1001.3186555170053,
  "summary_wm_median": 1000.0378814339638,
  "summary_wm_n": 172247.0,
  "summary_wm_p05": 946.758106470108,
  "summary_wm_p95": 1060.1765747964382,
  "summary_wm_stdv": 34.778131977291714,
  "tpm_overlap_csf": 0.14731302718301081,
  "tpm_overlap_gm": 0.4808695806392598,
  "tpm_overlap_wm": 0.5206079299590026,
  "wm2max": 0.4783324594567125
}