{
  "aor": 0.00030086111111111107,
  "aqi": 0.030648301111111116,
  "bids_meta": {
    "AccelFactPE": 2,
    "AcquisitionNumber": 1,
    "AcquisitionTime": "13:12:52.170000",
    "BandwidthPerPixelPhaseEncode": 26.35,
    "ConversionSoftware": "dcm2niix",
    "ConversionSoftwareVersion": "v1.0.20170624 (OpenJPEG build) MSC1900",
    "DeviceSerialNumber": "35071",
    "EchoTime": 0.03,
    "EffectiveEchoSpacing": 0.000345006,
    "FlipAngle": 60,
    "ImageType": [
      "ORIGINAL",
      "PRIMARY",
      "M",
      "MB",
      "ND",
      "NORM",
      "MOSAIC"
    ],
    "InstitutionAddress": "Gilbert_1_New_Haven-1763f8-_CT_US_06520",
    "InstitutionName": "Yale_University_School_of_Medicine",
    "MagneticFieldStrength": 3,
    "Manufacturer": "Siemens",
    "ManufacturersModelName": "TrioTim",
    "PhaseEncodingDirection": "j-",
    "PhaseEncodingLines": 110,
    "ProcedureStepDescription": "MRRC_Research_SiteProtocols",
    "ProtocolName": "mbep2d_bold_resting(MB4iPAT2)",
    "RepetitionTime": 1,
    "ScanningSequence": "EP",
    "SequenceName": "epfid2d1_110",
    "SequenceVariant": "SK_SS",
    "SeriesDescription": "mbep2d_bold_resting(MB4iPAT2)",
    "SliceTiming": [
      0,
      0.535,
      0.0675,
      0.6025,
      0.1325,
      0.6675,
      0.2,
      0.735,
      0.2675,
      0.8025,
      0.335,
      0.87,
      0.4,
      0.9375,
      0.4675,
      0,
      0.535,
      0.0675,
      0.6025,
      0.1325,
      0.6675,
      0.2,
      0.735,
      0.2675,
      0.8025,
      0.335,
      0.87,
      0.4,
      0.9375,
      0.4675,
      0,
      0.535,
      0.0675,
      0.6025,
      0.1325,
      0.6675,
      0.2,
      0.735,
      0.2675,
      0.8025,
      0.335,
      0.87,
      0.4,
      0.9375,
      0.4675,
      0,
      0.535,
      0.0675,
      0.6025,
      0.1325,
      0.6675,
      0.2,
      0.735,
      0.2675,
      0.8025,
      0.335,
      0.87,
      0.4,
      0.9375,
      0.4675
    ],
    "SoftwareVersions": "syngo_MR_B17",
    "TaskName": "rest",
    "TotalReadoutTime": 0.0372607,
    "TrueEchoSpacing": 0.000690012,
    "dataset": "ds003424",
    "modality": "bold",
    "subject_id": "12",
    "task_id": "resting"
  },
  "dummy_trs": 0,
  "dvars_nstd": 49.04848225206128,
  "dvars_std": 1.1152799053203344,
  "dvars_vstd": 0.9949391838997216,
  "efc": 0.49504695109687574,
  "fber": 3564.28515625,
  "fd_mean": 0.10267599032017424,
  "fd_num": 29,
  "fd_perc": 8.055555555555555,
  "fwhm_avg": 1.8524273333333332,
  "fwhm_x": 1.796495,
  "fwhm_y": 2.028675,
  "fwhm_z": 1.732112,
  "gcor": 0.00889234,
  "gsr_x": -0.0016351211816072464,
  "gsr_y": 0.022519586607813835,
  "provenance": {
    "md5sum": "2c505f7548d104129fab41a1bd25e9dd",
    "settings": {
      "fd_thres": 0.2,
      "testing": false
    },
    "software": "mriqc",
    "version": "22.0.6",
    "webapi_port": null,
    "webapi_url": "https://mriqc.nimh.nih.gov/api/v1"
  },
  "size_t": 360,
  "size_x": 110,
  "size_y": 110,
  "size_z": 60,
  "snr": 6.37515849248872,
  "spacing_tr": 1.0,
  "spacing_x": 2.0,
  "spacing_y": 2.0,
  "spacing_z": 2.5,
  "summary_bg_k": 26.260193799175866,
  "summary_bg_mad": 5.209700090657588,
  "summary_bg_mean": 22.185293197631836,
  "summary_bg_median": 6.827777862548828,
  "summary_bg_n": 507786.0,
  "summary_bg_p05": 2.605555534362793,
  "summary_bg_p95": 102.23333740234375,
  "summary_bg_stdv": 44.35049819946289,
  "summary_fg_k": 3.03577178631575,
  "summary_fg_mad": 53.06067198816145,
  "summary_fg_mean": 412.1584167480469,
  "summary_fg_median": 409.5944519042969,
  "summary_fg_n": 127333.0,
  "summary_fg_p05": 320.45445556640624,
  "summary_fg_p95": 517.4483276367188,
  "summary_fg_stdv": 64.24826049804688,
  "tsnr": 31.34250860894099
}