{
  "aor": 0.003840774410774411,
  "aqi": 0.04439102457912458,
  "bids_meta": {
    "AccelFactPE": 2,
    "AcquisitionNumber": 1,
    "AcquisitionTime": "13:01:52.957500",
    "BandwidthPerPixelPhaseEncode": 26.35,
    "ConversionSoftware": "dcm2niix",
    "ConversionSoftwareVersion": "v1.0.20170624 (OpenJPEG build) MSC1900",
    "DeviceSerialNumber": "35071",
    "EchoTime": 0.03,
    "EffectiveEchoSpacing": 0.000345006,
    "FlipAngle": 60,
    "ImageType": [
      "ORIGINAL",
      "PRIMARY",
      "M",
      "MB",
      "ND",
      "NORM",
      "MOSAIC"
    ],
    "InstitutionAddress": "Gilbert_1_New_Haven-1763f8-_CT_US_06520",
    "InstitutionName": "Yale_University_School_of_Medicine",
    "MagneticFieldStrength": 3,
    "Manufacturer": "Siemens",
    "ManufacturersModelName": "TrioTim",
    "PhaseEncodingDirection": "j-",
    "PhaseEncodingLines": 110,
    "ProcedureStepDescription": "MRRC_Research_SiteProtocols",
    "ProtocolName": "mbep2d_bold_taste2(MB4iPAT2)",
    "RepetitionTime": 1,
    "ScanningSequence": "EP",
    "SequenceName": "epfid2d1_110",
    "SequenceVariant": "SK_SS",
    "SeriesDescription": "mbep2d_bold_taste2(MB4iPAT2)",
    "SliceTiming": [
      0,
      0.535,
      0.065,
      0.6,
      0.1325,
      0.6675,
      0.2,
      0.735,
      0.2675,
      0.8025,
      0.3325,
      0.8675,
      0.4,
      0.935,
      0.4675,
      0,
      0.535,
      0.065,
      0.6,
      0.1325,
      0.6675,
      0.2,
      0.735,
      0.2675,
      0.8025,
      0.3325,
      0.8675,
      0.4,
      0.935,
      0.4675,
      0,
      0.535,
      0.065,
      0.6,
      0.1325,
      0.6675,
      0.2,
      0.735,
      0.2675,
      0.8025,
      0.3325,
      0.8675,
      0.4,
      0.935,
      0.4675,
      0,
      0.535,
      0.065,
      0.6,
      0.1325,
      0.6675,
      0.2,
      0.735,
      0.2675,
      0.8025,
      0.3325,
      0.8675,
      0.4,
      0.935,
      0.4675
    ],
    "SoftwareVersions": "syngo_MR_B17",
    "TaskName": "taste",
    "TotalReadoutTime": 0.0372607,
    "TrueEchoSpacing": 0.000690012,
    "dataset": "ds003424",
    "modality": "bold",
    "run_id": 2,
    "subject_id": "12",
    "task_id": "taste"
  },
  "dummy_trs": 0,
  "dvars_nstd": 64.3297214154468,
  "dvars_std": 1.1683111289207428,
  "dvars_vstd": 1.0318118554806075,
  "efc": 0.49403745878913763,
  "fber": 3845.498779296875,
  "fd_mean": 0.432080887744193,
  "fd_num": 298,
  "fd_perc": 50.168350168350166,
  "fwhm_avg": 1.8664633333333331,
  "fwhm_x": 1.80105,
  "fwhm_y": 2.05292,
  "fwhm_z": 1.74542,
  "gcor": 0.0141052,
  "gsr_x": -0.001252432237379253,
  "gsr_y": 0.022473247721791267,
  "provenance": {
    "md5sum": "5446e37514052641a966d2a806411322",
    "settings": {
      "fd_thres": 0.2,
      "testing": false
    },
    "software": "mriqc",
    "version": "22.0.6",
    "webapi_port": null,
    "webapi_url": "https://mriqc.nimh.nih.gov/api/v1"
  },
  "size_t": 594,
  "size_x": 110,
  "size_y": 110,
  "size_z": 60,
  "snr": 6.450776813606595,
  "spacing_tr": 1.0,
  "spacing_x": 2.0,
  "spacing_y": 2.0,
  "spacing_z": 2.5,
  "summary_bg_k": 29.051928192625553,
  "summary_bg_mad": 4.9619753575513466,
  "summary_bg_mean": 22.00791358947754,
  "summary_bg_median": 6.572390556335449,
  "summary_bg_n": 507854.0,
  "summary_bg_p05": 2.545454502105713,
  "summary_bg_p95": 100.8704505920409,
  "summary_bg_stdv": 45.11697006225586,
  "summary_fg_k": 3.269973949898433,
  "summary_fg_mad": 51.74131527760166,
  "summary_fg_mean": 411.66546630859375,
  "summary_fg_median": 409.3030090332031,
  "summary_fg_n": 127191.0,
  "summary_fg_p05": 321.06817626953125,
  "summary_fg_p95": 515.1565551757812,
  "summary_fg_stdv": 63.4499397277832,
  "tsnr": 25.193083373014815
}