{
  "aor": 0.0011215824915824916,
  "aqi": 0.034558774579124575,
  "bids_meta": {
    "AccelFactPE": 2,
    "AcquisitionNumber": 1,
    "AcquisitionTime": "10:55:42.122500",
    "BandwidthPerPixelPhaseEncode": 26.35,
    "ConversionSoftware": "dcm2niix",
    "ConversionSoftwareVersion": "v1.0.20170624 (OpenJPEG build) MSC1900",
    "DeviceSerialNumber": "35071",
    "EchoTime": 0.03,
    "EffectiveEchoSpacing": 0.000345006,
    "FlipAngle": 60,
    "ImageType": [
      "ORIGINAL",
      "PRIMARY",
      "M",
      "MB",
      "ND",
      "NORM",
      "MOSAIC"
    ],
    "InstitutionAddress": "Gilbert_1_New_Haven-1763f8-_CT_US_06520",
    "InstitutionName": "Yale_University_School_of_Medicine",
    "MagneticFieldStrength": 3,
    "Manufacturer": "Siemens",
    "ManufacturersModelName": "TrioTim",
    "PhaseEncodingDirection": "j-",
    "PhaseEncodingLines": 110,
    "ProcedureStepDescription": "MRRC_Research_SiteProtocols",
    "ProtocolName": "mbep2d_bold_taste2(MB4iPAT2)",
    "RepetitionTime": 1,
    "ScanningSequence": "EP",
    "SequenceName": "epfid2d1_110",
    "SequenceVariant": "SK_SS",
    "SeriesDescription": "mbep2d_bold_taste2(MB4iPAT2)",
    "SliceTiming": [
      0,
      0.535,
      0.0675,
      0.6025,
      0.135,
      0.67,
      0.2,
      0.735,
      0.2675,
      0.8025,
      0.335,
      0.87,
      0.4025,
      0.9375,
      0.4675,
      0,
      0.535,
      0.0675,
      0.6025,
      0.135,
      0.67,
      0.2,
      0.735,
      0.2675,
      0.8025,
      0.335,
      0.87,
      0.4025,
      0.9375,
      0.4675,
      0,
      0.535,
      0.0675,
      0.6025,
      0.135,
      0.67,
      0.2,
      0.735,
      0.2675,
      0.8025,
      0.335,
      0.87,
      0.4025,
      0.9375,
      0.4675,
      0,
      0.535,
      0.0675,
      0.6025,
      0.135,
      0.67,
      0.2,
      0.735,
      0.2675,
      0.8025,
      0.335,
      0.87,
      0.4025,
      0.9375,
      0.4675
    ],
    "SoftwareVersions": "syngo_MR_B17",
    "TaskName": "taste",
    "TotalReadoutTime": 0.0372607,
    "TrueEchoSpacing": 0.000690012,
    "dataset": "ds003424",
    "modality": "bold",
    "run_id": 2,
    "subject_id": "25",
    "task_id": "taste"
  },
  "dummy_trs": 0,
  "dvars_nstd": 48.209383638246216,
  "dvars_std": 1.1530154090050597,
  "dvars_vstd": 0.984262047858346,
  "efc": 0.45571390693445724,
  "fber": 5268.45849609375,
  "fd_mean": 0.14584590562103256,
  "fd_num": 128,
  "fd_perc": 21.54882154882155,
  "fwhm_avg": 1.8439703333333333,
  "fwhm_x": 1.827875,
  "fwhm_y": 2.0292,
  "fwhm_z": 1.6748360000000002,
  "gcor": 0.0216857,
  "gsr_x": -0.006094674114137888,
  "gsr_y": 0.01238369569182396,
  "provenance": {
    "md5sum": "3bb918f7ff21973c80739f00de1d65a1",
    "settings": {
      "fd_thres": 0.2,
      "testing": false
    },
    "software": "mriqc",
    "version": "22.0.6",
    "webapi_port": null,
    "webapi_url": "https://mriqc.nimh.nih.gov/api/v1"
  },
  "size_t": 594,
  "size_x": 110,
  "size_y": 110,
  "size_z": 60,
  "snr": 7.2608082566509315,
  "spacing_tr": 1.0,
  "spacing_x": 2.0,
  "spacing_y": 2.0,
  "spacing_z": 2.5,
  "summary_bg_k": 24.05431364171339,
  "summary_bg_mad": 5.015638203782328,
  "summary_bg_mean": 21.55303955078125,
  "summary_bg_median": 6.823232173919678,
  "summary_bg_n": 532794.0,
  "summary_bg_p05": 2.592592477798462,
  "summary_bg_p95": 94.57802848815913,
  "summary_bg_stdv": 42.89857482910156,
  "summary_fg_k": 3.7561611155869308,
  "summary_fg_mad": 60.84659590676745,
  "summary_fg_mean": 494.62738037109375,
  "summary_fg_median": 495.42254638671875,
  "summary_fg_n": 105820.0,
  "summary_fg_p05": 393.13659973144536,
  "summary_fg_p95": 596.6331634521484,
  "summary_fg_stdv": 68.23210144042969,
  "tsnr": 31.208089075051248
}