{
  "aor": 0.0003093434343434344,
  "aqi": 0.03083825909090909,
  "bids_meta": {
    "AccelFactPE": 2,
    "AcquisitionNumber": 1,
    "AcquisitionTime": "11:31:25.507500",
    "BandwidthPerPixelPhaseEncode": 26.35,
    "ConversionSoftware": "dcm2niix",
    "ConversionSoftwareVersion": "v1.0.20170624 (OpenJPEG build) MSC1900",
    "DeviceSerialNumber": "35071",
    "EchoTime": 0.03,
    "EffectiveEchoSpacing": 0.000345006,
    "FlipAngle": 60,
    "ImageType": [
      "ORIGINAL",
      "PRIMARY",
      "M",
      "MB",
      "ND",
      "NORM",
      "MOSAIC"
    ],
    "InstitutionAddress": "Gilbert_1_New_Haven-1763f8-_CT_US_06520",
    "InstitutionName": "Yale_University_School_of_Medicine",
    "MagneticFieldStrength": 3,
    "Manufacturer": "Siemens",
    "ManufacturersModelName": "TrioTim",
    "PhaseEncodingDirection": "j-",
    "PhaseEncodingLines": 110,
    "ProcedureStepDescription": "MRRC_Research_SiteProtocols",
    "ProtocolName": "mbep2d_bold_taste4(MB4iPAT2)",
    "RepetitionTime": 1,
    "ScanningSequence": "EP",
    "SequenceName": "epfid2d1_110",
    "SequenceVariant": "SK_SS",
    "SeriesDescription": "mbep2d_bold_taste4(MB4iPAT2)",
    "SliceTiming": [
      0,
      0.5375,
      0.0675,
      0.6025,
      0.135,
      0.67,
      0.2025,
      0.7375,
      0.27,
      0.805,
      0.335,
      0.87,
      0.4025,
      0.9375,
      0.47,
      0,
      0.5375,
      0.0675,
      0.6025,
      0.135,
      0.67,
      0.2025,
      0.7375,
      0.27,
      0.805,
      0.335,
      0.87,
      0.4025,
      0.9375,
      0.47,
      0,
      0.5375,
      0.0675,
      0.6025,
      0.135,
      0.67,
      0.2025,
      0.7375,
      0.27,
      0.805,
      0.335,
      0.87,
      0.4025,
      0.9375,
      0.47,
      0,
      0.5375,
      0.0675,
      0.6025,
      0.135,
      0.67,
      0.2025,
      0.7375,
      0.27,
      0.805,
      0.335,
      0.87,
      0.4025,
      0.9375,
      0.47
    ],
    "SoftwareVersions": "syngo_MR_B17",
    "TaskName": "taste",
    "TotalReadoutTime": 0.0372607,
    "TrueEchoSpacing": 0.000690012,
    "dataset": "ds003424",
    "modality": "bold",
    "run_id": 4,
    "subject_id": "25",
    "task_id": "taste"
  },
  "dummy_trs": 0,
  "dvars_nstd": 46.81078559264749,
  "dvars_std": 1.155015399376054,
  "dvars_vstd": 0.999212152293423,
  "efc": 0.457710470654864,
  "fber": 4840.4873046875,
  "fd_mean": 0.1572339691256196,
  "fd_num": 182,
  "fd_perc": 30.63973063973064,
  "fwhm_avg": 1.830764,
  "fwhm_x": 1.826325,
  "fwhm_y": 2.014555,
  "fwhm_z": 1.6514119999999999,
  "gcor": 0.0187467,
  "gsr_x": -0.0066366251558065414,
  "gsr_y": 0.013048206456005573,
  "provenance": {
    "md5sum": "cd4522381377fa4aea1609fa86e0101d",
    "settings": {
      "fd_thres": 0.2,
      "testing": false
    },
    "software": "mriqc",
    "version": "22.0.6",
    "webapi_port": null,
    "webapi_url": "https://mriqc.nimh.nih.gov/api/v1"
  },
  "size_t": 594,
  "size_x": 110,
  "size_y": 110,
  "size_z": 60,
  "snr": 7.214920574777371,
  "spacing_tr": 1.0,
  "spacing_x": 2.0,
  "spacing_y": 2.0,
  "spacing_z": 2.5,
  "summary_bg_k": 23.417414693076974,
  "summary_bg_mad": 5.356336991349676,
  "summary_bg_mean": 22.440555572509766,
  "summary_bg_median": 7.16161584854126,
  "summary_bg_n": 533310.0,
  "summary_bg_p05": 2.6893097043037426,
  "summary_bg_p95": 98.440319442749,
  "summary_bg_stdv": 44.482810974121094,
  "summary_fg_k": 3.6022417722222455,
  "summary_fg_mad": 62.15201702518552,
  "summary_fg_mean": 495.7006530761719,
  "summary_fg_median": 496.2171630859375,
  "summary_fg_n": 105695.0,
  "summary_fg_p05": 392.9417419433594,
  "summary_fg_p95": 599.2146240234374,
  "summary_fg_stdv": 68.77619934082031,
  "tsnr": 32.2454373522196
}