{
  "aor": 0.000286026936026936,
  "aqi": 0.028647627272727266,
  "bids_meta": {
    "AccelFactPE": 2,
    "AcquisitionNumber": 1,
    "AcquisitionTime": "10:40:9.767500",
    "BandwidthPerPixelPhaseEncode": 26.35,
    "ConversionSoftware": "dcm2niix",
    "ConversionSoftwareVersion": "v1.0.20170624 (OpenJPEG build) MSC1900",
    "DeviceSerialNumber": "35071",
    "EchoTime": 0.03,
    "EffectiveEchoSpacing": 0.000345006,
    "FlipAngle": 60,
    "ImageType": [
      "ORIGINAL",
      "PRIMARY",
      "M",
      "MB",
      "ND",
      "NORM",
      "MOSAIC"
    ],
    "InstitutionAddress": "Gilbert_1_New_Haven-1763f8-_CT_US_06520",
    "InstitutionName": "Yale_University_School_of_Medicine",
    "MagneticFieldStrength": 3,
    "Manufacturer": "Siemens",
    "ManufacturersModelName": "TrioTim",
    "PhaseEncodingDirection": "j-",
    "PhaseEncodingLines": 110,
    "ProcedureStepDescription": "MRRC_Research_SiteProtocols",
    "ProtocolName": "mbep2d_bold_taste1(MB4iPAT2)",
    "RepetitionTime": 1,
    "ScanningSequence": "EP",
    "SequenceName": "epfid2d1_110",
    "SequenceVariant": "SK_SS",
    "SeriesDescription": "mbep2d_bold_taste1(MB4iPAT2)",
    "SliceTiming": [
      0,
      0.535,
      0.0675,
      0.6025,
      0.135,
      0.67,
      0.2,
      0.735,
      0.2675,
      0.8025,
      0.335,
      0.87,
      0.4025,
      0.9375,
      0.4675,
      0,
      0.535,
      0.0675,
      0.6025,
      0.135,
      0.67,
      0.2,
      0.735,
      0.2675,
      0.8025,
      0.335,
      0.87,
      0.4025,
      0.9375,
      0.4675,
      0,
      0.535,
      0.0675,
      0.6025,
      0.135,
      0.67,
      0.2,
      0.735,
      0.2675,
      0.8025,
      0.335,
      0.87,
      0.4025,
      0.9375,
      0.4675,
      0,
      0.535,
      0.0675,
      0.6025,
      0.135,
      0.67,
      0.2,
      0.735,
      0.2675,
      0.8025,
      0.335,
      0.87,
      0.4025,
      0.9375,
      0.4675
    ],
    "SoftwareVersions": "syngo_MR_B17",
    "TaskName": "taste",
    "TotalReadoutTime": 0.0372607,
    "TrueEchoSpacing": 0.000690012,
    "dataset": "ds003424",
    "modality": "bold",
    "run_id": 1,
    "subject_id": "25",
    "task_id": "taste"
  },
  "dummy_trs": 0,
  "dvars_nstd": 45.59601894720067,
  "dvars_std": 1.1612113919898817,
  "dvars_vstd": 0.9992794023271511,
  "efc": 0.45354557707663407,
  "fber": 5731.41650390625,
  "fd_mean": 0.13699895257481898,
  "fd_num": 137,
  "fd_perc": 23.063973063973062,
  "fwhm_avg": 1.8247630000000001,
  "fwhm_x": 1.805835,
  "fwhm_y": 2.01307,
  "fwhm_z": 1.6553840000000002,
  "gcor": 0.0142116,
  "gsr_x": -0.005887890700250864,
  "gsr_y": 0.012716807425022125,
  "provenance": {
    "md5sum": "6a84e3d89e21c4e025900f7b7ffe56e5",
    "settings": {
      "fd_thres": 0.2,
      "testing": false
    },
    "software": "mriqc",
    "version": "22.0.6",
    "webapi_port": null,
    "webapi_url": "https://mriqc.nimh.nih.gov/api/v1"
  },
  "size_t": 594,
  "size_x": 110,
  "size_y": 110,
  "size_z": 60,
  "snr": 7.250812273011969,
  "spacing_tr": 1.0,
  "spacing_x": 2.0,
  "spacing_y": 2.0,
  "spacing_z": 2.5,
  "summary_bg_k": 24.77051416092403,
  "summary_bg_mad": 4.742330361877978,
  "summary_bg_mean": 21.146162033081055,
  "summary_bg_median": 6.552188396453857,
  "summary_bg_n": 532951.0,
  "summary_bg_p05": 2.5286195278167725,
  "summary_bg_p95": 92.96969604492188,
  "summary_bg_stdv": 42.6951904296875,
  "summary_fg_k": 3.758620261371255,
  "summary_fg_mad": 61.14483115222886,
  "summary_fg_mean": 496.3440856933594,
  "summary_fg_median": 496.63043212890625,
  "summary_fg_n": 105902.0,
  "summary_fg_p05": 394.2299530029297,
  "summary_fg_p95": 598.9002990722656,
  "summary_fg_stdv": 68.49275207519531,
  "tsnr": 34.66382705967408
}