{
  "aor": 0.0002201346801346801,
  "aqi": 0.032528984511784514,
  "bids_meta": {
    "AccelFactPE": 2,
    "AcquisitionNumber": 1,
    "AcquisitionTime": "15:27:42.645000",
    "BandwidthPerPixelPhaseEncode": 26.35,
    "ConversionSoftware": "dcm2niix",
    "ConversionSoftwareVersion": "v1.0.20170624 (OpenJPEG build) MSC1900",
    "DeviceSerialNumber": "35071",
    "EchoTime": 0.03,
    "EffectiveEchoSpacing": 0.000345006,
    "FlipAngle": 60,
    "ImageType": [
      "ORIGINAL",
      "PRIMARY",
      "M",
      "MB",
      "ND",
      "NORM",
      "MOSAIC"
    ],
    "InstitutionAddress": "Gilbert_1_New_Haven-1763f8-_CT_US_06520",
    "InstitutionName": "Yale_University_School_of_Medicine",
    "MagneticFieldStrength": 3,
    "Manufacturer": "Siemens",
    "ManufacturersModelName": "TrioTim",
    "PhaseEncodingDirection": "j-",
    "PhaseEncodingLines": 110,
    "ProcedureStepDescription": "MRRC_Research_SiteProtocols",
    "ProtocolName": "mbep2d_bold_taste2(MB4iPAT2)",
    "RepetitionTime": 1,
    "ScanningSequence": "EP",
    "SequenceName": "epfid2d1_110",
    "SequenceVariant": "SK_SS",
    "SeriesDescription": "mbep2d_bold_taste2(MB4iPAT2)",
    "SliceTiming": [
      0,
      0.535,
      0.0675,
      0.6025,
      0.135,
      0.67,
      0.2025,
      0.7375,
      0.2675,
      0.805,
      0.335,
      0.87,
      0.4025,
      0.9375,
      0.47,
      0,
      0.535,
      0.0675,
      0.6025,
      0.135,
      0.67,
      0.2025,
      0.7375,
      0.2675,
      0.805,
      0.335,
      0.87,
      0.4025,
      0.9375,
      0.47,
      0,
      0.535,
      0.0675,
      0.6025,
      0.135,
      0.67,
      0.2025,
      0.7375,
      0.2675,
      0.805,
      0.335,
      0.87,
      0.4025,
      0.9375,
      0.47,
      0,
      0.535,
      0.0675,
      0.6025,
      0.135,
      0.67,
      0.2025,
      0.7375,
      0.2675,
      0.805,
      0.335,
      0.87,
      0.4025,
      0.9375,
      0.47
    ],
    "SoftwareVersions": "syngo_MR_B17",
    "TaskName": "taste",
    "TotalReadoutTime": 0.0372607,
    "TrueEchoSpacing": 0.000690012,
    "dataset": "ds003424",
    "modality": "bold",
    "run_id": 2,
    "subject_id": "23",
    "task_id": "taste"
  },
  "dummy_trs": 0,
  "dvars_nstd": 51.539882036104565,
  "dvars_std": 1.1198396386846543,
  "dvars_vstd": 1.0021149340134912,
  "efc": 0.4889338600851408,
  "fber": 3706.63134765625,
  "fd_mean": 0.13917598883966914,
  "fd_num": 120,
  "fd_perc": 20.2020202020202,
  "fwhm_avg": 1.819457707021199,
  "fwhm_x": 1.762835,
  "fwhm_y": 2.0311101210635973,
  "fwhm_z": 1.6644279999999998,
  "gcor": 0.012193,
  "gsr_x": -0.014703989028930664,
  "gsr_y": 0.020522136241197586,
  "provenance": {
    "md5sum": "c85d520685d039d8c11529c167fea9f2",
    "settings": {
      "fd_thres": 0.2,
      "testing": false
    },
    "software": "mriqc",
    "version": "22.0.6",
    "webapi_port": null,
    "webapi_url": "https://mriqc.nimh.nih.gov/api/v1"
  },
  "size_t": 594,
  "size_x": 110,
  "size_y": 110,
  "size_z": 60,
  "snr": 6.747886992347639,
  "spacing_tr": 1.0,
  "spacing_x": 2.0,
  "spacing_y": 1.9999998807907104,
  "spacing_z": 2.5,
  "summary_bg_k": 27.89794666480822,
  "summary_bg_mad": 4.732346321698322,
  "summary_bg_mean": 21.758060455322266,
  "summary_bg_median": 6.688551902770996,
  "summary_bg_n": 513798.0,
  "summary_bg_p05": 2.718855142593384,
  "summary_bg_p95": 104.00218429565417,
  "summary_bg_stdv": 42.28944396972656,
  "summary_fg_k": 4.310050506999638,
  "summary_fg_mad": 52.27921556064316,
  "summary_fg_mean": 412.11102294921875,
  "summary_fg_median": 410.595947265625,
  "summary_fg_n": 122144.0,
  "summary_fg_p05": 330.4298828125,
  "summary_fg_p95": 508.59350891113274,
  "summary_fg_stdv": 60.84782791137695,
  "tsnr": 31.254401330836117
}