{
  "aor": 0.0003280471380471381,
  "aqi": 0.03525183518518519,
  "bids_meta": {
    "AccelFactPE": 2,
    "AcquisitionNumber": 1,
    "AcquisitionTime": "16:03:3.167500",
    "BandwidthPerPixelPhaseEncode": 26.35,
    "ConversionSoftware": "dcm2niix",
    "ConversionSoftwareVersion": "v1.0.20170624 (OpenJPEG build) MSC1900",
    "DeviceSerialNumber": "35071",
    "EchoTime": 0.03,
    "EffectiveEchoSpacing": 0.000345006,
    "FlipAngle": 60,
    "ImageType": [
      "ORIGINAL",
      "PRIMARY",
      "M",
      "MB",
      "ND",
      "NORM",
      "MOSAIC"
    ],
    "InstitutionAddress": "Gilbert_1_New_Haven-1763f8-_CT_US_06520",
    "InstitutionName": "Yale_University_School_of_Medicine",
    "MagneticFieldStrength": 3,
    "Manufacturer": "Siemens",
    "ManufacturersModelName": "TrioTim",
    "PhaseEncodingDirection": "j-",
    "PhaseEncodingLines": 110,
    "ProcedureStepDescription": "MRRC_Research_SiteProtocols",
    "ProtocolName": "mbep2d_bold_taste4(MB4iPAT2)",
    "RepetitionTime": 1,
    "ScanningSequence": "EP",
    "SequenceName": "epfid2d1_110",
    "SequenceVariant": "SK_SS",
    "SeriesDescription": "mbep2d_bold_taste4(MB4iPAT2)",
    "SliceTiming": [
      0,
      0.535,
      0.0675,
      0.6025,
      0.135,
      0.67,
      0.2,
      0.735,
      0.2675,
      0.8025,
      0.335,
      0.87,
      0.4025,
      0.9375,
      0.4675,
      0,
      0.535,
      0.0675,
      0.6025,
      0.135,
      0.67,
      0.2,
      0.735,
      0.2675,
      0.8025,
      0.335,
      0.87,
      0.4025,
      0.9375,
      0.4675,
      0,
      0.535,
      0.0675,
      0.6025,
      0.135,
      0.67,
      0.2,
      0.735,
      0.2675,
      0.8025,
      0.335,
      0.87,
      0.4025,
      0.9375,
      0.4675,
      0,
      0.535,
      0.0675,
      0.6025,
      0.135,
      0.67,
      0.2,
      0.735,
      0.2675,
      0.8025,
      0.335,
      0.87,
      0.4025,
      0.9375,
      0.4675
    ],
    "SoftwareVersions": "syngo_MR_B17",
    "TaskName": "taste",
    "TotalReadoutTime": 0.0372607,
    "TrueEchoSpacing": 0.000690012,
    "dataset": "ds003424",
    "modality": "bold",
    "run_id": 4,
    "subject_id": "23",
    "task_id": "taste"
  },
  "dummy_trs": 0,
  "dvars_nstd": 52.90293154790893,
  "dvars_std": 1.1239345806408096,
  "dvars_vstd": 1.0038262987521087,
  "efc": 0.49344079970462884,
  "fber": 3328.9814453125,
  "fd_mean": 0.13880738062002643,
  "fd_num": 128,
  "fd_perc": 21.54882154882155,
  "fwhm_avg": 1.814539706930799,
  "fwhm_x": 1.761235,
  "fwhm_y": 2.026560120792396,
  "fwhm_z": 1.6558240000000002,
  "gcor": 0.00881492,
  "gsr_x": -0.014436313882470131,
  "gsr_y": 0.021078022196888924,
  "provenance": {
    "md5sum": "c15b997e33eeda5228fb092f3301de13",
    "settings": {
      "fd_thres": 0.2,
      "testing": false
    },
    "software": "mriqc",
    "version": "22.0.6",
    "webapi_port": null,
    "webapi_url": "https://mriqc.nimh.nih.gov/api/v1"
  },
  "size_t": 594,
  "size_x": 110,
  "size_y": 110,
  "size_z": 60,
  "snr": 6.906837590837411,
  "spacing_tr": 1.0,
  "spacing_x": 2.0,
  "spacing_y": 1.9999998807907104,
  "spacing_z": 2.5,
  "summary_bg_k": 23.823033434670865,
  "summary_bg_mad": 5.109237210731933,
  "summary_bg_mean": 23.17453956604004,
  "summary_bg_median": 7.069023609161377,
  "summary_bg_n": 513981.0,
  "summary_bg_p05": 2.8350167274475098,
  "summary_bg_p95": 112.38719940185547,
  "summary_bg_stdv": 44.64665222167969,
  "summary_fg_k": 4.462224597138076,
  "summary_fg_mad": 51.13728880003056,
  "summary_fg_mean": 412.1865539550781,
  "summary_fg_median": 410.644775390625,
  "summary_fg_n": 121875.0,
  "summary_fg_p05": 332.21783447265625,
  "summary_fg_p95": 505.8753967285156,
  "summary_fg_stdv": 59.45457458496094,
  "tsnr": 30.032235442078672
}