{
  "aor": 0.00023164983164983166,
  "aqi": 0.030421107407407402,
  "bids_meta": {
    "AccelFactPE": 2,
    "AcquisitionNumber": 1,
    "AcquisitionTime": "15:46:2.360000",
    "BandwidthPerPixelPhaseEncode": 26.35,
    "ConversionSoftware": "dcm2niix",
    "ConversionSoftwareVersion": "v1.0.20170624 (OpenJPEG build) MSC1900",
    "DeviceSerialNumber": "35071",
    "EchoTime": 0.03,
    "EffectiveEchoSpacing": 0.000345006,
    "FlipAngle": 60,
    "ImageType": [
      "ORIGINAL",
      "PRIMARY",
      "M",
      "MB",
      "ND",
      "NORM",
      "MOSAIC"
    ],
    "InstitutionAddress": "Gilbert_1_New_Haven-1763f8-_CT_US_06520",
    "InstitutionName": "Yale_University_School_of_Medicine",
    "MagneticFieldStrength": 3,
    "Manufacturer": "Siemens",
    "ManufacturersModelName": "TrioTim",
    "PhaseEncodingDirection": "j-",
    "PhaseEncodingLines": 110,
    "ProcedureStepDescription": "MRRC_Research_SiteProtocols",
    "ProtocolName": "mbep2d_bold_taste3(MB4iPAT2)",
    "RepetitionTime": 1,
    "ScanningSequence": "EP",
    "SequenceName": "epfid2d1_110",
    "SequenceVariant": "SK_SS",
    "SeriesDescription": "mbep2d_bold_taste3(MB4iPAT2)",
    "SliceTiming": [
      0,
      0.535,
      0.0675,
      0.6025,
      0.135,
      0.67,
      0.2,
      0.7375,
      0.2675,
      0.8025,
      0.335,
      0.87,
      0.4025,
      0.9375,
      0.4675,
      0,
      0.535,
      0.0675,
      0.6025,
      0.135,
      0.67,
      0.2,
      0.7375,
      0.2675,
      0.8025,
      0.335,
      0.87,
      0.4025,
      0.9375,
      0.4675,
      0,
      0.535,
      0.0675,
      0.6025,
      0.135,
      0.67,
      0.2,
      0.7375,
      0.2675,
      0.8025,
      0.335,
      0.87,
      0.4025,
      0.9375,
      0.4675,
      0,
      0.535,
      0.0675,
      0.6025,
      0.135,
      0.67,
      0.2,
      0.7375,
      0.2675,
      0.8025,
      0.335,
      0.87,
      0.4025,
      0.9375,
      0.4675
    ],
    "SoftwareVersions": "syngo_MR_B17",
    "TaskName": "taste",
    "TotalReadoutTime": 0.0372607,
    "TrueEchoSpacing": 0.000690012,
    "dataset": "ds003424",
    "modality": "bold",
    "run_id": 3,
    "subject_id": "23",
    "task_id": "taste"
  },
  "dummy_trs": 0,
  "dvars_nstd": 51.29049554613834,
  "dvars_std": 1.118072285059021,
  "dvars_vstd": 1.006086342006745,
  "efc": 0.49083305427449786,
  "fber": 3418.72802734375,
  "fd_mean": 0.10968233485134965,
  "fd_num": 83,
  "fd_perc": 13.973063973063972,
  "fwhm_avg": 1.8164813735012038,
  "fwhm_x": 1.764985,
  "fwhm_y": 2.0217151205036115,
  "fwhm_z": 1.662744,
  "gcor": 0.0152889,
  "gsr_x": -0.014960825443267822,
  "gsr_y": 0.02131841704249382,
  "provenance": {
    "md5sum": "e30af4358e4ac743b00f604bc0e0d111",
    "settings": {
      "fd_thres": 0.2,
      "testing": false
    },
    "software": "mriqc",
    "version": "22.0.6",
    "webapi_port": null,
    "webapi_url": "https://mriqc.nimh.nih.gov/api/v1"
  },
  "size_t": 594,
  "size_x": 110,
  "size_y": 110,
  "size_z": 60,
  "snr": 6.7119034119854035,
  "spacing_tr": 1.0,
  "spacing_x": 2.0,
  "spacing_y": 1.9999998807907104,
  "spacing_z": 2.5,
  "summary_bg_k": 27.03235537798873,
  "summary_bg_mad": 4.974455672885852,
  "summary_bg_mean": 22.38819122314453,
  "summary_bg_median": 6.962962627410889,
  "summary_bg_n": 513843.0,
  "summary_bg_p05": 2.8215487003326416,
  "summary_bg_p95": 107.67323226928706,
  "summary_bg_stdv": 43.222320556640625,
  "summary_fg_k": 4.219561656660498,
  "summary_fg_mad": 52.97058833895965,
  "summary_fg_mean": 412.4517822265625,
  "summary_fg_median": 410.7356872558594,
  "summary_fg_n": 122116.0,
  "summary_fg_p05": 330.5062942504883,
  "summary_fg_p95": 509.81563568115234,
  "summary_fg_stdv": 61.194862365722656,
  "tsnr": 32.06862280610949
}