{
  "aor": 0.0003482323232323232,
  "aqi": 0.033561456228956225,
  "bids_meta": {
    "AccelFactPE": 2,
    "AcquisitionNumber": 1,
    "AcquisitionTime": "15:11:43.692500",
    "BandwidthPerPixelPhaseEncode": 26.35,
    "ConversionSoftware": "dcm2niix",
    "ConversionSoftwareVersion": "v1.0.20170624 (OpenJPEG build) MSC1900",
    "DeviceSerialNumber": "35071",
    "EchoTime": 0.03,
    "EffectiveEchoSpacing": 0.000345006,
    "FlipAngle": 60,
    "ImageType": [
      "ORIGINAL",
      "PRIMARY",
      "M",
      "MB",
      "ND",
      "NORM",
      "MOSAIC"
    ],
    "InstitutionAddress": "Gilbert_1_New_Haven-1763f8-_CT_US_06520",
    "InstitutionName": "Yale_University_School_of_Medicine",
    "MagneticFieldStrength": 3,
    "Manufacturer": "Siemens",
    "ManufacturersModelName": "TrioTim",
    "PhaseEncodingDirection": "j-",
    "PhaseEncodingLines": 110,
    "ProcedureStepDescription": "MRRC_Research_SiteProtocols",
    "ProtocolName": "mbep2d_bold_taste1(MB4iPAT2)",
    "RepetitionTime": 1,
    "ScanningSequence": "EP",
    "SequenceName": "epfid2d1_110",
    "SequenceVariant": "SK_SS",
    "SeriesDescription": "mbep2d_bold_taste1(MB4iPAT2)",
    "SliceTiming": [
      0,
      0.535,
      0.065,
      0.6,
      0.1325,
      0.6675,
      0.2,
      0.735,
      0.2675,
      0.8025,
      0.3325,
      0.8675,
      0.4,
      0.935,
      0.4675,
      0,
      0.535,
      0.065,
      0.6,
      0.1325,
      0.6675,
      0.2,
      0.735,
      0.2675,
      0.8025,
      0.3325,
      0.8675,
      0.4,
      0.935,
      0.4675,
      0,
      0.535,
      0.065,
      0.6,
      0.1325,
      0.6675,
      0.2,
      0.735,
      0.2675,
      0.8025,
      0.3325,
      0.8675,
      0.4,
      0.935,
      0.4675,
      0,
      0.535,
      0.065,
      0.6,
      0.1325,
      0.6675,
      0.2,
      0.735,
      0.2675,
      0.8025,
      0.3325,
      0.8675,
      0.4,
      0.935,
      0.4675
    ],
    "SoftwareVersions": "syngo_MR_B17",
    "TaskName": "taste",
    "TotalReadoutTime": 0.0372607,
    "TrueEchoSpacing": 0.000690012,
    "dataset": "ds003424",
    "modality": "bold",
    "run_id": 1,
    "subject_id": "23",
    "task_id": "taste"
  },
  "dummy_trs": 0,
  "dvars_nstd": 52.76324984605394,
  "dvars_std": 1.1260196513322067,
  "dvars_vstd": 1.0065941946711643,
  "efc": 0.4878262763614739,
  "fber": 3871.031494140625,
  "fd_mean": 0.18359706302419357,
  "fd_num": 189,
  "fd_perc": 31.818181818181817,
  "fwhm_avg": 1.8340700406795765,
  "fwhm_x": 1.7766,
  "fwhm_y": 2.0474701220387295,
  "fwhm_z": 1.6781400000000002,
  "gcor": 0.00988449,
  "gsr_x": -0.014514363370835781,
  "gsr_y": 0.01983659900724888,
  "provenance": {
    "md5sum": "91153149476f663b87b64524f010ce6f",
    "settings": {
      "fd_thres": 0.2,
      "testing": false
    },
    "software": "mriqc",
    "version": "22.0.6",
    "webapi_port": null,
    "webapi_url": "https://mriqc.nimh.nih.gov/api/v1"
  },
  "size_t": 594,
  "size_x": 110,
  "size_y": 110,
  "size_z": 60,
  "snr": 6.764605602598123,
  "spacing_tr": 1.0,
  "spacing_x": 2.0,
  "spacing_y": 1.9999998807907104,
  "spacing_z": 2.5,
  "summary_bg_k": 28.918333111907945,
  "summary_bg_mad": 4.597564430372327,
  "summary_bg_mean": 21.419111251831055,
  "summary_bg_median": 6.545454502105713,
  "summary_bg_n": 513405.0,
  "summary_bg_p05": 2.6599326133728027,
  "summary_bg_p95": 101.69663085937498,
  "summary_bg_stdv": 42.18424987792969,
  "summary_fg_k": 4.585206103521954,
  "summary_fg_mad": 51.56160043348837,
  "summary_fg_mean": 412.01141357421875,
  "summary_fg_median": 410.3518371582031,
  "summary_fg_n": 122436.0,
  "summary_fg_p05": 331.3110122680664,
  "summary_fg_p95": 507.4612731933594,
  "summary_fg_stdv": 60.66135787963867,
  "tsnr": 31.24542738404125
}