{
  "aor": 0.0018634343434343436,
  "aqi": 0.03445054427609428,
  "bids_meta": {
    "AccelFactPE": 2,
    "AcquisitionNumber": 1,
    "AcquisitionTime": "13:56:38.432500",
    "BandwidthPerPixelPhaseEncode": 26.35,
    "ConversionSoftware": "dcm2niix",
    "ConversionSoftwareVersion": "v1.0.20170624 (OpenJPEG build) MSC1900",
    "DeviceSerialNumber": "35071",
    "EchoTime": 0.03,
    "EffectiveEchoSpacing": 0.000345006,
    "FlipAngle": 60,
    "ImageType": [
      "ORIGINAL",
      "PRIMARY",
      "M",
      "MB",
      "ND",
      "NORM",
      "MOSAIC"
    ],
    "InstitutionAddress": "Gilbert_1_New_Haven-1763f8-_CT_US_06520",
    "InstitutionName": "Yale_University_School_of_Medicine",
    "MagneticFieldStrength": 3,
    "Manufacturer": "Siemens",
    "ManufacturersModelName": "TrioTim",
    "PhaseEncodingDirection": "j-",
    "PhaseEncodingLines": 110,
    "ProcedureStepDescription": "MRRC_Research_SiteProtocols",
    "ProtocolName": "mbep2d_bold_taste1(MB4iPAT2)",
    "RepetitionTime": 1,
    "ScanningSequence": "EP",
    "SequenceName": "epfid2d1_110",
    "SequenceVariant": "SK_SS",
    "SeriesDescription": "mbep2d_bold_taste1(MB4iPAT2)",
    "SliceTiming": [
      0,
      0.535,
      0.0675,
      0.6025,
      0.135,
      0.67,
      0.2,
      0.7375,
      0.2675,
      0.8025,
      0.335,
      0.87,
      0.4025,
      0.9375,
      0.47,
      0,
      0.535,
      0.0675,
      0.6025,
      0.135,
      0.67,
      0.2,
      0.7375,
      0.2675,
      0.8025,
      0.335,
      0.87,
      0.4025,
      0.9375,
      0.47,
      0,
      0.535,
      0.0675,
      0.6025,
      0.135,
      0.67,
      0.2,
      0.7375,
      0.2675,
      0.8025,
      0.335,
      0.87,
      0.4025,
      0.9375,
      0.47,
      0,
      0.535,
      0.0675,
      0.6025,
      0.135,
      0.67,
      0.2,
      0.7375,
      0.2675,
      0.8025,
      0.335,
      0.87,
      0.4025,
      0.9375,
      0.47
    ],
    "SoftwareVersions": "syngo_MR_B17",
    "TaskName": "taste",
    "TotalReadoutTime": 0.0372607,
    "TrueEchoSpacing": 0.000690012,
    "dataset": "ds003424",
    "modality": "bold",
    "run_id": 1,
    "subject_id": "10",
    "task_id": "taste"
  },
  "dummy_trs": 0,
  "dvars_nstd": 48.19002628161894,
  "dvars_std": 1.149450895902194,
  "dvars_vstd": 1.034115270505902,
  "efc": 0.47700641101018126,
  "fber": 4914.4833984375,
  "fd_mean": 0.12613882878242225,
  "fd_num": 71,
  "fd_perc": 11.952861952861953,
  "fwhm_avg": 1.9380713333333335,
  "fwhm_x": 1.88654,
  "fwhm_y": 2.14845,
  "fwhm_z": 1.779224,
  "gcor": 0.0163643,
  "gsr_x": -0.0067955865524709225,
  "gsr_y": 0.0207519568502903,
  "provenance": {
    "md5sum": "2cebef4367aa8599df9874600133c84c",
    "settings": {
      "fd_thres": 0.2,
      "testing": false
    },
    "software": "mriqc",
    "version": "22.0.6",
    "webapi_port": null,
    "webapi_url": "https://mriqc.nimh.nih.gov/api/v1"
  },
  "size_t": 594,
  "size_x": 110,
  "size_y": 110,
  "size_z": 60,
  "snr": 7.019276595913534,
  "spacing_tr": 1.0,
  "spacing_x": 2.0,
  "spacing_y": 2.0,
  "spacing_z": 2.5,
  "summary_bg_k": 31.69594298891203,
  "summary_bg_mad": 4.824697191070502,
  "summary_bg_mean": 20.45180892944336,
  "summary_bg_median": 6.629629611968994,
  "summary_bg_n": 513716.0,
  "summary_bg_p05": 2.486531972885132,
  "summary_bg_p95": 88.77861976623535,
  "summary_bg_stdv": 40.1455192565918,
  "summary_fg_k": 3.443690528559477,
  "summary_fg_mad": 59.62232246531744,
  "summary_fg_mean": 469.0364074707031,
  "summary_fg_median": 469.3223876953125,
  "summary_fg_n": 121634.0,
  "summary_fg_p05": 369.89023742675784,
  "summary_fg_p95": 572.3873748779296,
  "summary_fg_stdv": 66.86165618896484,
  "tsnr": 31.13128527032677
}