{
  "aor": 0.0013139225589225588,
  "aqi": 0.0742744978114478,
  "bids_meta": {
    "AccelFactPE": 2,
    "AcquisitionNumber": 1,
    "AcquisitionTime": "14:48:40.232500",
    "BandwidthPerPixelPhaseEncode": 26.35,
    "ConversionSoftware": "dcm2niix",
    "ConversionSoftwareVersion": "v1.0.20170624 (OpenJPEG build) MSC1900",
    "DeviceSerialNumber": "35071",
    "EchoTime": 0.03,
    "EffectiveEchoSpacing": 0.000345006,
    "FlipAngle": 60,
    "ImageType": [
      "ORIGINAL",
      "PRIMARY",
      "M",
      "MB",
      "ND",
      "NORM",
      "MOSAIC"
    ],
    "InstitutionAddress": "Gilbert_1_New_Haven-1763f8-_CT_US_06520",
    "InstitutionName": "Yale_University_School_of_Medicine",
    "MagneticFieldStrength": 3,
    "Manufacturer": "Siemens",
    "ManufacturersModelName": "TrioTim",
    "PhaseEncodingDirection": "j-",
    "PhaseEncodingLines": 110,
    "ProcedureStepDescription": "MRRC_Research_SiteProtocols",
    "ProtocolName": "mbep2d_bold_taste4(MB4iPAT2)",
    "RepetitionTime": 1,
    "ScanningSequence": "EP",
    "SequenceName": "epfid2d1_110",
    "SequenceVariant": "SK_SS",
    "SeriesDescription": "mbep2d_bold_taste4(MB4iPAT2)",
    "SliceTiming": [
      0,
      0.535,
      0.0675,
      0.6025,
      0.135,
      0.67,
      0.2025,
      0.7375,
      0.2675,
      0.8025,
      0.335,
      0.87,
      0.4025,
      0.9375,
      0.47,
      0,
      0.535,
      0.0675,
      0.6025,
      0.135,
      0.67,
      0.2025,
      0.7375,
      0.2675,
      0.8025,
      0.335,
      0.87,
      0.4025,
      0.9375,
      0.47,
      0,
      0.535,
      0.0675,
      0.6025,
      0.135,
      0.67,
      0.2025,
      0.7375,
      0.2675,
      0.8025,
      0.335,
      0.87,
      0.4025,
      0.9375,
      0.47,
      0,
      0.535,
      0.0675,
      0.6025,
      0.135,
      0.67,
      0.2025,
      0.7375,
      0.2675,
      0.8025,
      0.335,
      0.87,
      0.4025,
      0.9375,
      0.47
    ],
    "SoftwareVersions": "syngo_MR_B17",
    "TaskName": "taste",
    "TotalReadoutTime": 0.0372607,
    "TrueEchoSpacing": 0.000690012,
    "dataset": "ds003424",
    "modality": "bold",
    "run_id": 4,
    "subject_id": "10",
    "task_id": "taste"
  },
  "dummy_trs": 0,
  "dvars_nstd": 55.531162641484045,
  "dvars_std": 1.0347557428667784,
  "dvars_vstd": 0.9646168128499157,
  "efc": 0.4838039762787803,
  "fber": 3977.18212890625,
  "fd_mean": 0.5142842556859542,
  "fd_num": 359,
  "fd_perc": 60.437710437710436,
  "fwhm_avg": 2.054304333333333,
  "fwhm_x": 1.986365,
  "fwhm_y": 2.31874,
  "fwhm_z": 1.857808,
  "gcor": 0.00900386,
  "gsr_x": -0.005850190296769142,
  "gsr_y": 0.023598583415150642,
  "provenance": {
    "md5sum": "a358781cb00d74c2c3bb4c6f25bc8157",
    "settings": {
      "fd_thres": 0.2,
      "testing": false
    },
    "software": "mriqc",
    "version": "22.0.6",
    "webapi_port": null,
    "webapi_url": "https://mriqc.nimh.nih.gov/api/v1"
  },
  "size_t": 594,
  "size_x": 110,
  "size_y": 110,
  "size_z": 60,
  "snr": 7.160002563017614,
  "spacing_tr": 1.0,
  "spacing_x": 2.0,
  "spacing_y": 2.0,
  "spacing_z": 2.5,
  "summary_bg_k": 25.918443587623347,
  "summary_bg_mad": 6.075174452048144,
  "summary_bg_mean": 22.224498748779297,
  "summary_bg_median": 7.459595680236816,
  "summary_bg_n": 513838.0,
  "summary_bg_p05": 2.4225587844848633,
  "summary_bg_p95": 94.57769126892084,
  "summary_bg_stdv": 40.26218032836914,
  "summary_fg_k": 3.415662250115722,
  "summary_fg_mad": 58.14969686391329,
  "summary_fg_mean": 465.26824951171875,
  "summary_fg_median": 466.4890441894531,
  "summary_fg_n": 121494.0,
  "summary_fg_p05": 368.1812255859375,
  "summary_fg_p95": 565.419189453125,
  "summary_fg_stdv": 65.15180969238281,
  "tsnr": 19.802620931179263
}