{
  "aor": 0.001193922558922559,
  "aqi": 0.03884990690235691,
  "bids_meta": {
    "AccelFactPE": 2,
    "AcquisitionNumber": 1,
    "AcquisitionTime": "14:14:11.265000",
    "BandwidthPerPixelPhaseEncode": 26.35,
    "ConversionSoftware": "dcm2niix",
    "ConversionSoftwareVersion": "v1.0.20170624 (OpenJPEG build) MSC1900",
    "DeviceSerialNumber": "35071",
    "EchoTime": 0.03,
    "EffectiveEchoSpacing": 0.000345006,
    "FlipAngle": 60,
    "ImageType": [
      "ORIGINAL",
      "PRIMARY",
      "M",
      "MB",
      "ND",
      "NORM",
      "MOSAIC"
    ],
    "InstitutionAddress": "Gilbert_1_New_Haven-1763f8-_CT_US_06520",
    "InstitutionName": "Yale_University_School_of_Medicine",
    "MagneticFieldStrength": 3,
    "Manufacturer": "Siemens",
    "ManufacturersModelName": "TrioTim",
    "PhaseEncodingDirection": "j-",
    "PhaseEncodingLines": 110,
    "ProcedureStepDescription": "MRRC_Research_SiteProtocols",
    "ProtocolName": "mbep2d_bold_taste2(MB4iPAT2)",
    "RepetitionTime": 1,
    "ScanningSequence": "EP",
    "SequenceName": "epfid2d1_110",
    "SequenceVariant": "SK_SS",
    "SeriesDescription": "mbep2d_bold_taste2(MB4iPAT2)",
    "SliceTiming": [
      0,
      0.535,
      0.0675,
      0.6025,
      0.135,
      0.67,
      0.2025,
      0.7375,
      0.2675,
      0.805,
      0.335,
      0.87,
      0.4025,
      0.9375,
      0.47,
      0,
      0.535,
      0.0675,
      0.6025,
      0.135,
      0.67,
      0.2025,
      0.7375,
      0.2675,
      0.805,
      0.335,
      0.87,
      0.4025,
      0.9375,
      0.47,
      0,
      0.535,
      0.0675,
      0.6025,
      0.135,
      0.67,
      0.2025,
      0.7375,
      0.2675,
      0.805,
      0.335,
      0.87,
      0.4025,
      0.9375,
      0.47,
      0,
      0.535,
      0.0675,
      0.6025,
      0.135,
      0.67,
      0.2025,
      0.7375,
      0.2675,
      0.805,
      0.335,
      0.87,
      0.4025,
      0.9375,
      0.47
    ],
    "SoftwareVersions": "syngo_MR_B17",
    "TaskName": "taste",
    "TotalReadoutTime": 0.0372607,
    "TrueEchoSpacing": 0.000690012,
    "dataset": "ds003424",
    "modality": "bold",
    "run_id": 2,
    "subject_id": "10",
    "task_id": "taste"
  },
  "dummy_trs": 0,
  "dvars_nstd": 47.71797339733565,
  "dvars_std": 1.1190259783305214,
  "dvars_vstd": 1.0073653096795954,
  "efc": 0.4791253554495086,
  "fber": 4687.076171875,
  "fd_mean": 0.14808356431438338,
  "fd_num": 78,
  "fd_perc": 13.131313131313131,
  "fwhm_avg": 1.9709320000000001,
  "fwhm_x": 1.922635,
  "fwhm_y": 2.192285,
  "fwhm_z": 1.797876,
  "gcor": 0.00756177,
  "gsr_x": -0.0067085986956954,
  "gsr_y": 0.021890122443437576,
  "provenance": {
    "md5sum": "bf23df2cc1648dfa7f170683733b8fda",
    "settings": {
      "fd_thres": 0.2,
      "testing": false
    },
    "software": "mriqc",
    "version": "22.0.6",
    "webapi_port": null,
    "webapi_url": "https://mriqc.nimh.nih.gov/api/v1"
  },
  "size_t": 594,
  "size_x": 110,
  "size_y": 110,
  "size_z": 60,
  "snr": 7.021455277218641,
  "spacing_tr": 1.0,
  "spacing_x": 2.0,
  "spacing_y": 2.0,
  "spacing_z": 2.5,
  "summary_bg_k": 31.78725139671134,
  "summary_bg_mad": 5.016885987879839,
  "summary_bg_mean": 21.05188751220703,
  "summary_bg_median": 6.794612407684326,
  "summary_bg_n": 513695.0,
  "summary_bg_p05": 2.510100841522217,
  "summary_bg_p95": 91.79343414306639,
  "summary_bg_stdv": 40.64592742919922,
  "summary_fg_k": 3.3161384650896,
  "summary_fg_mad": 59.39767891017583,
  "summary_fg_mean": 468.01953125,
  "summary_fg_median": 468.5968017578125,
  "summary_fg_n": 121610.0,
  "summary_fg_p05": 368.0962127685547,
  "summary_fg_p95": 570.8808013916015,
  "summary_fg_stdv": 66.7375717163086,
  "tsnr": 28.6551653163624
}