{
  "aor": 0.0004713153456998314,
  "aqi": 0.05464317740303541,
  "bids_meta": {
    "AccelFactPE": 2,
    "AcquisitionNumber": 1,
    "AcquisitionTime": "11:54:15.685000",
    "BandwidthPerPixelPhaseEncode": 26.35,
    "ConversionSoftware": "dcm2niix",
    "ConversionSoftwareVersion": "v1.0.20170624 (OpenJPEG build) MSC1900",
    "DeviceSerialNumber": "35071",
    "EchoTime": 0.03,
    "EffectiveEchoSpacing": 0.000345006,
    "FlipAngle": 60,
    "ImageType": [
      "ORIGINAL",
      "PRIMARY",
      "M",
      "MB",
      "ND",
      "NORM",
      "MOSAIC"
    ],
    "InstitutionAddress": "Gilbert_1_New_Haven-1763f8-_CT_US_06520",
    "InstitutionName": "Yale_University_School_of_Medicine",
    "MagneticFieldStrength": 3,
    "Manufacturer": "Siemens",
    "ManufacturersModelName": "TrioTim",
    "PhaseEncodingDirection": "j-",
    "PhaseEncodingLines": 110,
    "ProcedureStepDescription": "MRRC_Research_SiteProtocols",
    "ProtocolName": "mbep2d_bold_taste3(MB4iPAT2)",
    "RepetitionTime": 1,
    "ScanningSequence": "EP",
    "SequenceName": "epfid2d1_110",
    "SequenceVariant": "SK_SS",
    "SeriesDescription": "mbep2d_bold_taste3(MB4iPAT2)",
    "SliceTiming": [
      0,
      0.535,
      0.065,
      0.6,
      0.1325,
      0.6675,
      0.2,
      0.735,
      0.2675,
      0.8025,
      0.3325,
      0.87,
      0.4,
      0.935,
      0.4675,
      0,
      0.535,
      0.065,
      0.6,
      0.1325,
      0.6675,
      0.2,
      0.735,
      0.2675,
      0.8025,
      0.3325,
      0.87,
      0.4,
      0.935,
      0.4675,
      0,
      0.535,
      0.065,
      0.6,
      0.1325,
      0.6675,
      0.2,
      0.735,
      0.2675,
      0.8025,
      0.3325,
      0.87,
      0.4,
      0.935,
      0.4675,
      0,
      0.535,
      0.065,
      0.6,
      0.1325,
      0.6675,
      0.2,
      0.735,
      0.2675,
      0.8025,
      0.3325,
      0.87,
      0.4,
      0.935,
      0.4675
    ],
    "SoftwareVersions": "syngo_MR_B17",
    "TaskName": "taste",
    "TotalReadoutTime": 0.0372607,
    "TrueEchoSpacing": 0.000690012,
    "dataset": "ds003424",
    "modality": "bold",
    "run_id": 3,
    "subject_id": "26",
    "task_id": "taste"
  },
  "dummy_trs": 1,
  "dvars_nstd": 52.07927317866556,
  "dvars_std": 1.0553633534290543,
  "dvars_vstd": 0.9806075910135146,
  "efc": 0.47010056300971276,
  "fber": 3969.50537109375,
  "fd_mean": 0.2560547222865149,
  "fd_num": 227,
  "fd_perc": 38.27993254637437,
  "fwhm_avg": 1.8918136666666667,
  "fwhm_x": 1.85952,
  "fwhm_y": 2.057325,
  "fwhm_z": 1.758596,
  "gcor": 0.0152734,
  "gsr_x": -0.004758611787110567,
  "gsr_y": 0.019478976726531982,
  "provenance": {
    "md5sum": "9a0d31f37472838138977c5a11716928",
    "settings": {
      "fd_thres": 0.2,
      "testing": false
    },
    "software": "mriqc",
    "version": "22.0.6",
    "webapi_port": null,
    "webapi_url": "https://mriqc.nimh.nih.gov/api/v1"
  },
  "size_t": 593,
  "size_x": 110,
  "size_y": 110,
  "size_z": 60,
  "snr": 7.27479531083411,
  "spacing_tr": 1.0,
  "spacing_x": 2.0,
  "spacing_y": 2.0,
  "spacing_z": 2.5,
  "summary_bg_k": 30.508669256155535,
  "summary_bg_mad": 5.0878506154764995,
  "summary_bg_mean": 20.202547073364258,
  "summary_bg_median": 7.269814491271973,
  "summary_bg_n": 521093.0,
  "summary_bg_p05": 3.091062545776367,
  "summary_bg_p95": 81.16930694580073,
  "summary_bg_stdv": 39.779483795166016,
  "summary_fg_k": 2.878161220328635,
  "summary_fg_mad": 54.797530895109816,
  "summary_fg_mean": 454.825439453125,
  "summary_fg_median": 454.51519775390625,
  "summary_fg_n": 116724.0,
  "summary_fg_p05": 360.05421142578126,
  "summary_fg_p95": 553.2257049560546,
  "summary_fg_stdv": 62.477806091308594,
  "tsnr": 24.05734810314607
}