{
  "aor": 0.0003005723905723906,
  "aqi": 0.03780600404040404,
  "bids_meta": {
    "AccelFactPE": 2,
    "AcquisitionNumber": 1,
    "AcquisitionTime": "11:34:58.095000",
    "BandwidthPerPixelPhaseEncode": 26.35,
    "ConversionSoftware": "dcm2niix",
    "ConversionSoftwareVersion": "v1.0.20170624 (OpenJPEG build) MSC1900",
    "DeviceSerialNumber": "35071",
    "EchoTime": 0.03,
    "EffectiveEchoSpacing": 0.000345006,
    "FlipAngle": 60,
    "ImageType": [
      "ORIGINAL",
      "PRIMARY",
      "M",
      "MB",
      "ND",
      "NORM",
      "MOSAIC"
    ],
    "InstitutionAddress": "Gilbert_1_New_Haven-1763f8-_CT_US_06520",
    "InstitutionName": "Yale_University_School_of_Medicine",
    "MagneticFieldStrength": 3,
    "Manufacturer": "Siemens",
    "ManufacturersModelName": "TrioTim",
    "PhaseEncodingDirection": "j-",
    "PhaseEncodingLines": 110,
    "ProcedureStepDescription": "MRRC_Research_SiteProtocols",
    "ProtocolName": "mbep2d_bold_taste2(MB4iPAT2)",
    "RepetitionTime": 1,
    "ScanningSequence": "EP",
    "SequenceName": "epfid2d1_110",
    "SequenceVariant": "SK_SS",
    "SeriesDescription": "mbep2d_bold_taste2(MB4iPAT2)",
    "SliceTiming": [
      0,
      0.535,
      0.0675,
      0.6025,
      0.135,
      0.67,
      0.2025,
      0.7375,
      0.2675,
      0.8025,
      0.335,
      0.87,
      0.4025,
      0.9375,
      0.47,
      0,
      0.535,
      0.0675,
      0.6025,
      0.135,
      0.67,
      0.2025,
      0.7375,
      0.2675,
      0.8025,
      0.335,
      0.87,
      0.4025,
      0.9375,
      0.47,
      0,
      0.535,
      0.0675,
      0.6025,
      0.135,
      0.67,
      0.2025,
      0.7375,
      0.2675,
      0.8025,
      0.335,
      0.87,
      0.4025,
      0.9375,
      0.47,
      0,
      0.535,
      0.0675,
      0.6025,
      0.135,
      0.67,
      0.2025,
      0.7375,
      0.2675,
      0.8025,
      0.335,
      0.87,
      0.4025,
      0.9375,
      0.47
    ],
    "SoftwareVersions": "syngo_MR_B17",
    "TaskName": "taste",
    "TotalReadoutTime": 0.0372607,
    "TrueEchoSpacing": 0.000690012,
    "dataset": "ds003424",
    "modality": "bold",
    "run_id": 2,
    "subject_id": "26",
    "task_id": "taste"
  },
  "dummy_trs": 0,
  "dvars_nstd": 50.80986763365939,
  "dvars_std": 1.1014964333052266,
  "dvars_vstd": 1.0012932659696456,
  "efc": 0.46778764385698157,
  "fber": 4485.6044921875,
  "fd_mean": 0.19529810544546958,
  "fd_num": 193,
  "fd_perc": 32.49158249158249,
  "fwhm_avg": 1.8313163333333335,
  "fwhm_x": 1.81104,
  "fwhm_y": 1.999365,
  "fwhm_z": 1.683544,
  "gcor": 0.00618308,
  "gsr_x": -0.004572234582155943,
  "gsr_y": 0.016914937645196915,
  "provenance": {
    "md5sum": "eeba291e1b93b6c51fc0547a2a133219",
    "settings": {
      "fd_thres": 0.2,
      "testing": false
    },
    "software": "mriqc",
    "version": "22.0.6",
    "webapi_port": null,
    "webapi_url": "https://mriqc.nimh.nih.gov/api/v1"
  },
  "size_t": 594,
  "size_x": 110,
  "size_y": 110,
  "size_z": 60,
  "snr": 7.154163286327625,
  "spacing_tr": 1.0,
  "spacing_x": 2.0,
  "spacing_y": 2.0,
  "spacing_z": 2.5,
  "summary_bg_k": 31.686259673824814,
  "summary_bg_mad": 4.492733599145557,
  "summary_bg_mean": 19.116662979125977,
  "summary_bg_median": 6.749157905578613,
  "summary_bg_n": 520687.0,
  "summary_bg_p05": 2.988215446472168,
  "summary_bg_p95": 77.02306137084953,
  "summary_bg_stdv": 38.691856384277344,
  "summary_fg_k": 3.3331973876658223,
  "summary_fg_mad": 54.80388787788875,
  "summary_fg_mean": 453.591064453125,
  "summary_fg_median": 453.3484802246094,
  "summary_fg_n": 117291.0,
  "summary_fg_p05": 358.757568359375,
  "summary_fg_p95": 553.2996520996094,
  "summary_fg_stdv": 63.36821365356445,
  "tsnr": 29.807948128902353
}