{
  "aor": 0.0022208249158249156,
  "aqi": 0.04242761464646464,
  "bids_meta": {
    "AccelFactPE": 2,
    "AcquisitionNumber": 1,
    "AcquisitionTime": "11:18:1.002500",
    "BandwidthPerPixelPhaseEncode": 26.35,
    "ConversionSoftware": "dcm2niix",
    "ConversionSoftwareVersion": "v1.0.20170624 (OpenJPEG build) MSC1900",
    "DeviceSerialNumber": "35071",
    "EchoTime": 0.03,
    "EffectiveEchoSpacing": 0.000345006,
    "FlipAngle": 60,
    "ImageType": [
      "ORIGINAL",
      "PRIMARY",
      "M",
      "MB",
      "ND",
      "NORM",
      "MOSAIC"
    ],
    "InstitutionAddress": "Gilbert_1_New_Haven-1763f8-_CT_US_06520",
    "InstitutionName": "Yale_University_School_of_Medicine",
    "MagneticFieldStrength": 3,
    "Manufacturer": "Siemens",
    "ManufacturersModelName": "TrioTim",
    "PhaseEncodingDirection": "j-",
    "PhaseEncodingLines": 110,
    "ProcedureStepDescription": "MRRC_Research_SiteProtocols",
    "ProtocolName": "mbep2d_bold_taste1(MB4iPAT2)",
    "RepetitionTime": 1,
    "ScanningSequence": "EP",
    "SequenceName": "epfid2d1_110",
    "SequenceVariant": "SK_SS",
    "SeriesDescription": "mbep2d_bold_taste1(MB4iPAT2)",
    "SliceTiming": [
      0,
      0.535,
      0.0675,
      0.6025,
      0.1325,
      0.67,
      0.2,
      0.735,
      0.2675,
      0.8025,
      0.335,
      0.87,
      0.4025,
      0.9375,
      0.4675,
      0,
      0.535,
      0.0675,
      0.6025,
      0.1325,
      0.67,
      0.2,
      0.735,
      0.2675,
      0.8025,
      0.335,
      0.87,
      0.4025,
      0.9375,
      0.4675,
      0,
      0.535,
      0.0675,
      0.6025,
      0.1325,
      0.67,
      0.2,
      0.735,
      0.2675,
      0.8025,
      0.335,
      0.87,
      0.4025,
      0.9375,
      0.4675,
      0,
      0.535,
      0.0675,
      0.6025,
      0.1325,
      0.67,
      0.2,
      0.735,
      0.2675,
      0.8025,
      0.335,
      0.87,
      0.4025,
      0.9375,
      0.4675
    ],
    "SoftwareVersions": "syngo_MR_B17",
    "TaskName": "taste",
    "TotalReadoutTime": 0.0372607,
    "TrueEchoSpacing": 0.000690012,
    "dataset": "ds003424",
    "modality": "bold",
    "run_id": 1,
    "subject_id": "26",
    "task_id": "taste"
  },
  "dummy_trs": 0,
  "dvars_nstd": 50.46534721269815,
  "dvars_std": 1.1253832086677913,
  "dvars_vstd": 1.0370420643676221,
  "efc": 0.4664224321590983,
  "fber": 4528.8681640625,
  "fd_mean": 0.18037860289122135,
  "fd_num": 144,
  "fd_perc": 24.242424242424242,
  "fwhm_avg": 1.8390416666666667,
  "fwhm_x": 1.799325,
  "fwhm_y": 2.00836,
  "fwhm_z": 1.70944,
  "gcor": 0.00447484,
  "gsr_x": -0.004486053250730038,
  "gsr_y": 0.01665542460978031,
  "provenance": {
    "md5sum": "fa601351480b9860bbbbbe4b8b43948c",
    "settings": {
      "fd_thres": 0.2,
      "testing": false
    },
    "software": "mriqc",
    "version": "22.0.6",
    "webapi_port": null,
    "webapi_url": "https://mriqc.nimh.nih.gov/api/v1"
  },
  "size_t": 594,
  "size_x": 110,
  "size_y": 110,
  "size_z": 60,
  "snr": 7.212913476015374,
  "spacing_tr": 1.0,
  "spacing_x": 2.0,
  "spacing_y": 2.0,
  "spacing_z": 2.5,
  "summary_bg_k": 32.137191535147686,
  "summary_bg_mad": 4.415358613302903,
  "summary_bg_mean": 18.7089900970459,
  "summary_bg_median": 6.695285797119141,
  "summary_bg_n": 520757.0,
  "summary_bg_p05": 2.968013286590576,
  "summary_bg_p95": 73.95623016357422,
  "summary_bg_stdv": 38.247188568115234,
  "summary_fg_k": 3.3503537370239167,
  "summary_fg_mad": 54.09502774125156,
  "summary_fg_mean": 453.0077209472656,
  "summary_fg_median": 452.7264404296875,
  "summary_fg_n": 117152.0,
  "summary_fg_p05": 359.2859283447266,
  "summary_fg_p95": 551.7422332763672,
  "summary_fg_stdv": 62.765830993652344,
  "tsnr": 28.208986967802048
}