{
  "bids_meta": {
    "AccelFactPE": 2,
    "AcquisitionNumber": 1,
    "AcquisitionTime": "13:33:16.490000",
    "ConversionSoftware": "dcm2niix",
    "ConversionSoftwareVersion": "v1.0.20170624 (OpenJPEG build) MSC1900",
    "DeviceSerialNumber": "35071",
    "EchoTime": 0.00252,
    "FlipAngle": 9,
    "ImageType": [
      "ORIGINAL",
      "PRIMARY",
      "M",
      "ND",
      "NORM"
    ],
    "InstitutionAddress": "Gilbert_1_New_Haven-1763f8-_CT_US_06520",
    "InstitutionName": "Yale_University_School_of_Medicine",
    "InversionTime": 0.9,
    "MagneticFieldStrength": 3,
    "Manufacturer": "Siemens",
    "ManufacturersModelName": "TrioTim",
    "PhaseEncodingDirection": "i-",
    "PhaseEncodingLines": 246,
    "ProcedureStepDescription": "MRRC_Research_SiteProtocols",
    "ProtocolName": "t1_Sag_3D_MPRAGE",
    "RepetitionTime": 1.9,
    "ScanningSequence": "GR_IR",
    "SequenceName": "_tfl3d1_ns",
    "SequenceVariant": "SP_MP_OSP",
    "SeriesDescription": "t1_Sag_3D_MPRAGE",
    "SoftwareVersions": "syngo_MR_B17",
    "dataset": "ds003424",
    "modality": "T1w",
    "subject_id": "21"
  },
  "cjv": 0.3779042228433432,
  "cnr": 3.585641655171873,
  "efc": 0.5486961558689971,
  "fber": -1.0,
  "fwhm_avg": 4.3759353333333335,
  "fwhm_x": 4.22259,
  "fwhm_y": 4.42761216,
  "fwhm_z": 4.47760384,
  "icvs_csf": 0.22365723577176622,
  "icvs_gm": 0.41732525327054426,
  "icvs_wm": 0.3590175109576895,
  "inu_med": 0.37752872705459595,
  "inu_range": 0.11115448176860798,
  "provenance": {
    "md5sum": "06b0181c51ff84e8b0e965400fbd50b5",
    "settings": {
      "testing": false
    },
    "software": "mriqc",
    "version": "22.0.6",
    "warnings": {
      "large_rot_frame": true,
      "small_air_mask": false
    },
    "webapi_port": null,
    "webapi_url": "https://mriqc.nimh.nih.gov/api/v1"
  },
  "qi_1": 0.0,
  "qi_2": 0.02916840648852169,
  "rpve_csf": 20.57082702549147,
  "rpve_gm": 11.176330913579955,
  "rpve_wm": 15.276106145079892,
  "size_x": 176,
  "size_y": 256,
  "size_z": 256,
  "snr_csf": 3.1111597956671235,
  "snr_gm": 13.910048836345595,
  "snr_total": 15.925737690740883,
  "snr_wm": 30.75600444020993,
  "snrd_csf": 53.19396868909741,
  "snrd_gm": 133.66887170045558,
  "snrd_total": 120.18895617728577,
  "snrd_wm": 173.70402814230434,
  "spacing_x": 1.0,
  "spacing_y": 0.9765625,
  "spacing_z": 0.9765625,
  "summary_bg_k": 14.499961180686626,
  "summary_bg_mad": 0.0,
  "summary_bg_mean": 1.9534826707135875,
  "summary_bg_median": 0.0,
  "summary_bg_n": 2558864.0,
  "summary_bg_p05": 0.0,
  "summary_bg_p95": 10.05656772851944,
  "summary_bg_stdv": 3.77170638292845,
  "summary_csf_k": 7.195886913506911,
  "summary_csf_mad": 55.418744157088845,
  "summary_csf_mean": 315.65947544866873,
  "summary_csf_median": 306.24467093870044,
  "summary_csf_n": 64519.0,
  "summary_csf_p05": 143.04728140309453,
  "summary_csf_p95": 497.101318995282,
  "summary_csf_stdv": 98.43348389414649,
  "summary_gm_k": -0.1482325231444679,
  "summary_gm_mad": 56.73432265339956,
  "summary_gm_mean": 767.5042211079806,
  "summary_gm_median": 769.5492672845721,
  "summary_gm_n": 28092.0,
  "summary_gm_p05": 674.2910175634548,
  "summary_gm_p95": 855.1410110034049,
  "summary_gm_stdv": 55.32227666987107,
  "summary_wm_k": 0.8040852469184938,
  "summary_wm_mad": 30.36793695650566,
  "summary_wm_mean": 1000.5433453069479,
  "summary_wm_median": 1000.0369261801243,
  "summary_wm_n": 225042.0,
  "summary_wm_p05": 948.9406886771321,
  "summary_wm_p95": 1054.0540050454438,
  "summary_wm_stdv": 32.51510469223037,
  "tpm_overlap_csf": 0.1592084373540543,
  "tpm_overlap_gm": 0.4376185061474663,
  "tpm_overlap_wm": 0.4795340929871928,
  "wm2max": 0.5216284496557576
}