{
  "bids_meta": {
    "AccelFactPE": 2,
    "AcquisitionNumber": 1,
    "AcquisitionTime": "14:07:6.462500",
    "ConversionSoftware": "dcm2niix",
    "ConversionSoftwareVersion": "v1.0.20170624 (OpenJPEG build) MSC1900",
    "DeviceSerialNumber": "35071",
    "EchoTime": 0.00252,
    "FlipAngle": 9,
    "ImageType": [
      "ORIGINAL",
      "PRIMARY",
      "M",
      "ND",
      "NORM"
    ],
    "InstitutionAddress": "Gilbert_1_New_Haven-1763f8-_CT_US_06520",
    "InstitutionName": "Yale_University_School_of_Medicine",
    "InversionTime": 0.9,
    "MagneticFieldStrength": 3,
    "Manufacturer": "Siemens",
    "ManufacturersModelName": "TrioTim",
    "PhaseEncodingDirection": "i-",
    "PhaseEncodingLines": 246,
    "ProcedureStepDescription": "MRRC_Research_SiteProtocols",
    "ProtocolName": "t1_Sag_3D_MPRAGE",
    "RepetitionTime": 1.9,
    "ScanningSequence": "GR_IR",
    "SequenceName": "_tfl3d1_ns",
    "SequenceVariant": "SP_MP_OSP",
    "SeriesDescription": "t1_Sag_3D_MPRAGE",
    "SoftwareVersions": "syngo_MR_B17",
    "dataset": "ds003424",
    "modality": "T1w",
    "subject_id": "10"
  },
  "cjv": 0.3893143119010579,
  "cnr": 3.4816825959532505,
  "efc": 0.5531118118763785,
  "fber": -1.0,
  "fwhm_avg": 4.485547226666666,
  "fwhm_x": 4.48121,
  "fwhm_y": 4.49708032,
  "fwhm_z": 4.47835136,
  "icvs_csf": 0.21576661470156858,
  "icvs_gm": 0.4195990384717898,
  "icvs_wm": 0.36463434682664164,
  "inu_med": 0.41897228360176086,
  "inu_range": 0.1579989612102508,
  "provenance": {
    "md5sum": "d596f306c3d089adb53997df9e44ec6a",
    "settings": {
      "testing": false
    },
    "software": "mriqc",
    "version": "22.0.6",
    "warnings": {
      "large_rot_frame": true,
      "small_air_mask": false
    },
    "webapi_port": null,
    "webapi_url": "https://mriqc.nimh.nih.gov/api/v1"
  },
  "qi_1": 0.0,
  "qi_2": 0.00952164905991513,
  "rpve_csf": 22.85339843017386,
  "rpve_gm": 11.99002337759886,
  "rpve_wm": 15.805711460485465,
  "size_x": 176,
  "size_y": 256,
  "size_z": 256,
  "snr_csf": 2.904192799055714,
  "snr_gm": 15.556421250580227,
  "snr_total": 14.62881055475467,
  "snr_wm": 25.42581761462807,
  "snrd_csf": 48.627596615824814,
  "snrd_gm": 114.68450856286944,
  "snrd_total": 103.57683444678419,
  "snrd_wm": 147.41839816165836,
  "spacing_x": 1.0,
  "spacing_y": 0.9765625,
  "spacing_z": 0.9765625,
  "summary_bg_k": 21.727599710489795,
  "summary_bg_mad": 0.0,
  "summary_bg_mean": 2.1127882850772526,
  "summary_bg_median": 0.0,
  "summary_bg_n": 2590539.0,
  "summary_bg_p05": 0.0,
  "summary_bg_p95": 9.172308146953583,
  "summary_bg_stdv": 4.444255313254878,
  "summary_csf_k": 1.2902411970775853,
  "summary_csf_mad": 84.34546162264871,
  "summary_csf_mean": 342.1908912223326,
  "summary_csf_median": 329.8755108565092,
  "summary_csf_n": 49238.0,
  "summary_csf_p05": 138.93207794874908,
  "summary_csf_p95": 542.919838632643,
  "summary_csf_stdv": 113.58480096108046,
  "summary_gm_k": 0.09439603523630158,
  "summary_gm_mad": 49.15025364421526,
  "summary_gm_mean": 777.1545918700969,
  "summary_gm_median": 777.9864414930344,
  "summary_gm_n": 32900.0,
  "summary_gm_p05": 693.3369567111134,
  "summary_gm_p95": 857.8728776872158,
  "summary_gm_stdv": 50.00987086744141,
  "summary_wm_k": 0.5203817373851836,
  "summary_wm_mad": 37.299797231973635,
  "summary_wm_mean": 1000.151986367231,
  "summary_wm_median": 1000.0436539649963,
  "summary_wm_n": 215970.0,
  "summary_wm_p05": 936.1869181990623,
  "summary_wm_p95": 1064.4922219946975,
  "summary_wm_stdv": 39.33172784774255,
  "tpm_overlap_csf": 0.15977472791447472,
  "tpm_overlap_gm": 0.46610507338139473,
  "tpm_overlap_wm": 0.5168403523459212,
  "wm2max": 0.4417533087724984
}