{
  "aor": 0.0001785016835016835,
  "aqi": 0.026155305723905724,
  "bids_meta": {
    "AccelFactPE": 2,
    "AcquisitionNumber": 1,
    "AcquisitionTime": "13:38:28.392500",
    "BandwidthPerPixelPhaseEncode": 26.35,
    "ConversionSoftware": "dcm2niix",
    "ConversionSoftwareVersion": "v1.0.20170624 (OpenJPEG build) MSC1900",
    "DeviceSerialNumber": "35071",
    "EchoTime": 0.03,
    "EffectiveEchoSpacing": 0.000345006,
    "FlipAngle": 60,
    "ImageType": [
      "ORIGINAL",
      "PRIMARY",
      "M",
      "MB",
      "ND",
      "NORM",
      "MOSAIC"
    ],
    "InstitutionAddress": "Gilbert_1_New_Haven-1763f8-_CT_US_06520",
    "InstitutionName": "Yale_University_School_of_Medicine",
    "MagneticFieldStrength": 3,
    "Manufacturer": "Siemens",
    "ManufacturersModelName": "TrioTim",
    "PhaseEncodingDirection": "j-",
    "PhaseEncodingLines": 110,
    "ProcedureStepDescription": "MRRC_Research_SiteProtocols",
    "ProtocolName": "mbep2d_bold_taste2(MB4iPAT2)",
    "RepetitionTime": 1,
    "ScanningSequence": "EP",
    "SequenceName": "epfid2d1_110",
    "SequenceVariant": "SK_SS",
    "SeriesDescription": "mbep2d_bold_taste2(MB4iPAT2)",
    "SliceTiming": [
      0,
      0.535,
      0.065,
      0.6025,
      0.1325,
      0.6675,
      0.2,
      0.735,
      0.2675,
      0.8025,
      0.3325,
      0.87,
      0.4,
      0.935,
      0.4675,
      0,
      0.535,
      0.065,
      0.6025,
      0.1325,
      0.6675,
      0.2,
      0.735,
      0.2675,
      0.8025,
      0.3325,
      0.87,
      0.4,
      0.935,
      0.4675,
      0,
      0.535,
      0.065,
      0.6025,
      0.1325,
      0.6675,
      0.2,
      0.735,
      0.2675,
      0.8025,
      0.3325,
      0.87,
      0.4,
      0.935,
      0.4675,
      0,
      0.535,
      0.065,
      0.6025,
      0.1325,
      0.6675,
      0.2,
      0.735,
      0.2675,
      0.8025,
      0.3325,
      0.87,
      0.4,
      0.935,
      0.4675
    ],
    "SoftwareVersions": "syngo_MR_B17",
    "TaskName": "taste",
    "TotalReadoutTime": 0.0372607,
    "TrueEchoSpacing": 0.000690012,
    "dataset": "ds003424",
    "modality": "bold",
    "run_id": 2,
    "subject_id": "21",
    "task_id": "taste"
  },
  "dummy_trs": 0,
  "dvars_nstd": 49.43168111340642,
  "dvars_std": 1.1523543248735248,
  "dvars_vstd": 1.0026339513659368,
  "efc": 0.48950784349168164,
  "fber": 4520.32666015625,
  "fd_mean": 0.08000670511902809,
  "fd_num": 0,
  "fd_perc": 0.0,
  "fwhm_avg": 1.8235893333333333,
  "fwhm_x": 1.74503,
  "fwhm_y": 2.01511,
  "fwhm_z": 1.7106280000000003,
  "gcor": 0.00980681,
  "gsr_x": -0.01395236887037754,
  "gsr_y": 0.01622471585869789,
  "provenance": {
    "md5sum": "7b9cc78148bab65343f0df21a6a656a3",
    "settings": {
      "fd_thres": 0.2,
      "testing": false
    },
    "software": "mriqc",
    "version": "22.0.6",
    "webapi_port": null,
    "webapi_url": "https://mriqc.nimh.nih.gov/api/v1"
  },
  "size_t": 594,
  "size_x": 110,
  "size_y": 110,
  "size_z": 60,
  "snr": 6.6096550782337955,
  "spacing_tr": 1.0,
  "spacing_x": 2.0,
  "spacing_y": 2.0,
  "spacing_z": 2.5,
  "summary_bg_k": 26.88843262191463,
  "summary_bg_mad": 4.283073350611672,
  "summary_bg_mean": 20.998430252075195,
  "summary_bg_median": 6.855218887329102,
  "summary_bg_n": 502126.0,
  "summary_bg_p05": 3.163299560546875,
  "summary_bg_p95": 96.06397247314453,
  "summary_bg_stdv": 44.56779861450195,
  "summary_fg_k": 2.708059523747191,
  "summary_fg_mad": 63.01559390639606,
  "summary_fg_mean": 468.1639099121094,
  "summary_fg_median": 465.3686828613281,
  "summary_fg_n": 132586.0,
  "summary_fg_p05": 370.18182373046875,
  "summary_fg_p95": 583.9149780273438,
  "summary_fg_stdv": 70.40714263916016,
  "tsnr": 34.81037280173041
}