{
  "aor": 0.00036170391061452514,
  "aqi": 0.02140986927374302,
  "bids_meta": {
    "AccelFactPE": 2,
    "AcquisitionNumber": 1,
    "AcquisitionTime": "10:01:45.687500",
    "BandwidthPerPixelPhaseEncode": 26.35,
    "ConversionSoftware": "dcm2niix",
    "ConversionSoftwareVersion": "v1.0.20170624 (OpenJPEG build) MSC1900",
    "DeviceSerialNumber": "35071",
    "EchoTime": 0.03,
    "EffectiveEchoSpacing": 0.000345006,
    "FlipAngle": 60,
    "ImageType": [
      "ORIGINAL",
      "PRIMARY",
      "M",
      "MB",
      "ND",
      "NORM",
      "MOSAIC"
    ],
    "InstitutionAddress": "Gilbert_1_New_Haven-1763f8-_CT_US_06520",
    "InstitutionName": "Yale_University_School_of_Medicine",
    "MagneticFieldStrength": 3,
    "Manufacturer": "Siemens",
    "ManufacturersModelName": "TrioTim",
    "PhaseEncodingDirection": "j-",
    "PhaseEncodingLines": 110,
    "ProcedureStepDescription": "MRRC_Research_SiteProtocols",
    "ProtocolName": "mbep2d_bold_resting(MB4iPAT2)",
    "RepetitionTime": 1,
    "ScanningSequence": "EP",
    "SequenceName": "epfid2d1_110",
    "SequenceVariant": "SK_SS",
    "SeriesDescription": "mbep2d_bold_resting(MB4iPAT2)",
    "SliceTiming": [
      0,
      0.535,
      0.0675,
      0.6025,
      0.1325,
      0.6675,
      0.2,
      0.735,
      0.2675,
      0.8025,
      0.335,
      0.87,
      0.4,
      0.9375,
      0.4675,
      0,
      0.535,
      0.0675,
      0.6025,
      0.1325,
      0.6675,
      0.2,
      0.735,
      0.2675,
      0.8025,
      0.335,
      0.87,
      0.4,
      0.9375,
      0.4675,
      0,
      0.535,
      0.0675,
      0.6025,
      0.1325,
      0.6675,
      0.2,
      0.735,
      0.2675,
      0.8025,
      0.335,
      0.87,
      0.4,
      0.9375,
      0.4675,
      0,
      0.535,
      0.0675,
      0.6025,
      0.1325,
      0.6675,
      0.2,
      0.735,
      0.2675,
      0.8025,
      0.335,
      0.87,
      0.4,
      0.9375,
      0.4675
    ],
    "SoftwareVersions": "syngo_MR_B17",
    "TaskName": "rest",
    "TotalReadoutTime": 0.0372607,
    "TrueEchoSpacing": 0.000690012,
    "dataset": "ds003424",
    "modality": "bold",
    "subject_id": "27",
    "task_id": "resting"
  },
  "dummy_trs": 2,
  "dvars_nstd": 49.77206794899164,
  "dvars_std": 1.1267064614005597,
  "dvars_vstd": 1.0087605450140056,
  "efc": 0.5046397395450973,
  "fber": 3182.75146484375,
  "fd_mean": 0.09809078951764384,
  "fd_num": 7,
  "fd_perc": 1.9553072625698324,
  "fwhm_avg": 1.792925,
  "fwhm_x": 1.764275,
  "fwhm_y": 2.0304,
  "fwhm_z": 1.5840999999999998,
  "gcor": 0.0034523,
  "gsr_x": -0.00515741715207696,
  "gsr_y": 0.026510724797844887,
  "provenance": {
    "md5sum": "00094b0d2aecc27cee690e199f55f820",
    "settings": {
      "fd_thres": 0.2,
      "testing": false
    },
    "software": "mriqc",
    "version": "22.0.6",
    "webapi_port": null,
    "webapi_url": "https://mriqc.nimh.nih.gov/api/v1"
  },
  "size_t": 358,
  "size_x": 110,
  "size_y": 110,
  "size_z": 60,
  "snr": 6.028539511692528,
  "spacing_tr": 1.0,
  "spacing_x": 2.0,
  "spacing_y": 2.0,
  "spacing_z": 2.5,
  "summary_bg_k": 11.551816723663231,
  "summary_bg_mad": 6.539187535561476,
  "summary_bg_mean": 30.572444915771484,
  "summary_bg_median": 8.265362739562988,
  "summary_bg_n": 511477.0,
  "summary_bg_p05": 2.6452512741088867,
  "summary_bg_p95": 169.32792968749973,
  "summary_bg_stdv": 57.569549560546875,
  "summary_fg_k": 2.6650295940567315,
  "summary_fg_mad": 68.68419010532745,
  "summary_fg_mean": 472.4614562988281,
  "summary_fg_median": 470.86871337890625,
  "summary_fg_n": 124729.0,
  "summary_fg_p05": 360.3681396484375,
  "summary_fg_p95": 597.4022216796875,
  "summary_fg_stdv": 78.10628509521484,
  "tsnr": 32.19054075423628
}