{
  "aor": 0.00028144781144781144,
  "aqi": 0.022458178956228956,
  "bids_meta": {
    "AccelFactPE": 2,
    "AcquisitionNumber": 1,
    "AcquisitionTime": "09:50:20.655000",
    "BandwidthPerPixelPhaseEncode": 26.35,
    "ConversionSoftware": "dcm2niix",
    "ConversionSoftwareVersion": "v1.0.20170624 (OpenJPEG build) MSC1900",
    "DeviceSerialNumber": "35071",
    "EchoTime": 0.03,
    "EffectiveEchoSpacing": 0.000345006,
    "FlipAngle": 60,
    "ImageType": [
      "ORIGINAL",
      "PRIMARY",
      "M",
      "MB",
      "ND",
      "NORM",
      "MOSAIC"
    ],
    "InstitutionAddress": "Gilbert_1_New_Haven-1763f8-_CT_US_06520",
    "InstitutionName": "Yale_University_School_of_Medicine",
    "MagneticFieldStrength": 3,
    "Manufacturer": "Siemens",
    "ManufacturersModelName": "TrioTim",
    "PhaseEncodingDirection": "j-",
    "PhaseEncodingLines": 110,
    "ProcedureStepDescription": "MRRC_Research_SiteProtocols",
    "ProtocolName": "mbep2d_bold_taste2(MB4iPAT2)",
    "RepetitionTime": 1,
    "ScanningSequence": "EP",
    "SequenceName": "epfid2d1_110",
    "SequenceVariant": "SK_SS",
    "SeriesDescription": "mbep2d_bold_taste2(MB4iPAT2)",
    "SliceTiming": [
      0,
      0.535,
      0.065,
      0.6025,
      0.1325,
      0.6675,
      0.2,
      0.735,
      0.2675,
      0.8025,
      0.3325,
      0.87,
      0.4,
      0.935,
      0.4675,
      0,
      0.535,
      0.065,
      0.6025,
      0.1325,
      0.6675,
      0.2,
      0.735,
      0.2675,
      0.8025,
      0.3325,
      0.87,
      0.4,
      0.935,
      0.4675,
      0,
      0.535,
      0.065,
      0.6025,
      0.1325,
      0.6675,
      0.2,
      0.735,
      0.2675,
      0.8025,
      0.3325,
      0.87,
      0.4,
      0.935,
      0.4675,
      0,
      0.535,
      0.065,
      0.6025,
      0.1325,
      0.6675,
      0.2,
      0.735,
      0.2675,
      0.8025,
      0.3325,
      0.87,
      0.4,
      0.935,
      0.4675
    ],
    "SoftwareVersions": "syngo_MR_B17",
    "TaskName": "taste",
    "TotalReadoutTime": 0.0372607,
    "TrueEchoSpacing": 0.000690012,
    "dataset": "ds003424",
    "modality": "bold",
    "run_id": 2,
    "subject_id": "27",
    "task_id": "taste"
  },
  "dummy_trs": 0,
  "dvars_nstd": 50.83378770905564,
  "dvars_std": 1.1338818034064087,
  "dvars_vstd": 1.0057813839291727,
  "efc": 0.5036651949582724,
  "fber": 3393.0078125,
  "fd_mean": 0.11648171791080668,
  "fd_num": 51,
  "fd_perc": 8.585858585858587,
  "fwhm_avg": 1.7959179999999997,
  "fwhm_x": 1.771845,
  "fwhm_y": 2.029845,
  "fwhm_z": 1.586064,
  "gcor": 0.00687404,
  "gsr_x": -0.0047796922735869884,
  "gsr_y": 0.024640602990984917,
  "provenance": {
    "md5sum": "548be7a232380b57068b305297740743",
    "settings": {
      "fd_thres": 0.2,
      "testing": false
    },
    "software": "mriqc",
    "version": "22.0.6",
    "webapi_port": null,
    "webapi_url": "https://mriqc.nimh.nih.gov/api/v1"
  },
  "size_t": 594,
  "size_x": 110,
  "size_y": 110,
  "size_z": 60,
  "snr": 6.057777663235692,
  "spacing_tr": 1.0,
  "spacing_x": 2.0,
  "spacing_y": 2.0,
  "spacing_z": 2.5,
  "summary_bg_k": 11.248027584877054,
  "summary_bg_mad": 6.35222599972494,
  "summary_bg_mean": 30.293922424316406,
  "summary_bg_median": 8.02188491821289,
  "summary_bg_n": 511315.0,
  "summary_bg_p05": 2.5387203693389893,
  "summary_bg_p95": 168.4739013671874,
  "summary_bg_stdv": 57.33717727661133,
  "summary_fg_k": 2.6566899130904424,
  "summary_fg_mad": 68.47925093452908,
  "summary_fg_mean": 473.0929870605469,
  "summary_fg_median": 471.67340087890625,
  "summary_fg_n": 124946.0,
  "summary_fg_p05": 361.1064758300781,
  "summary_fg_p95": 597.6094055175781,
  "summary_fg_stdv": 77.86213684082031,
  "tsnr": 31.491089618299156
}