{
  "aor": 0.00024643097643097645,
  "aqi": 0.023039216666666668,
  "bids_meta": {
    "AccelFactPE": 2,
    "AcquisitionNumber": 1,
    "AcquisitionTime": "10:08:49.987500",
    "BandwidthPerPixelPhaseEncode": 26.35,
    "ConversionSoftware": "dcm2niix",
    "ConversionSoftwareVersion": "v1.0.20170624 (OpenJPEG build) MSC1900",
    "DeviceSerialNumber": "35071",
    "EchoTime": 0.03,
    "EffectiveEchoSpacing": 0.000345006,
    "FlipAngle": 60,
    "ImageType": [
      "ORIGINAL",
      "PRIMARY",
      "M",
      "MB",
      "ND",
      "NORM",
      "MOSAIC"
    ],
    "InstitutionAddress": "Gilbert_1_New_Haven-1763f8-_CT_US_06520",
    "InstitutionName": "Yale_University_School_of_Medicine",
    "MagneticFieldStrength": 3,
    "Manufacturer": "Siemens",
    "ManufacturersModelName": "TrioTim",
    "PhaseEncodingDirection": "j-",
    "PhaseEncodingLines": 110,
    "ProcedureStepDescription": "MRRC_Research_SiteProtocols",
    "ProtocolName": "mbep2d_bold_taste3(MB4iPAT2)",
    "RepetitionTime": 1,
    "ScanningSequence": "EP",
    "SequenceName": "epfid2d1_110",
    "SequenceVariant": "SK_SS",
    "SeriesDescription": "mbep2d_bold_taste3(MB4iPAT2)",
    "SliceTiming": [
      0,
      0.535,
      0.065,
      0.6,
      0.1325,
      0.6675,
      0.2,
      0.735,
      0.2675,
      0.8025,
      0.3325,
      0.8675,
      0.4,
      0.935,
      0.4675,
      0,
      0.535,
      0.065,
      0.6,
      0.1325,
      0.6675,
      0.2,
      0.735,
      0.2675,
      0.8025,
      0.3325,
      0.8675,
      0.4,
      0.935,
      0.4675,
      0,
      0.535,
      0.065,
      0.6,
      0.1325,
      0.6675,
      0.2,
      0.735,
      0.2675,
      0.8025,
      0.3325,
      0.8675,
      0.4,
      0.935,
      0.4675,
      0,
      0.535,
      0.065,
      0.6,
      0.1325,
      0.6675,
      0.2,
      0.735,
      0.2675,
      0.8025,
      0.3325,
      0.8675,
      0.4,
      0.935,
      0.4675
    ],
    "SoftwareVersions": "syngo_MR_B17",
    "TaskName": "taste",
    "TotalReadoutTime": 0.0372607,
    "TrueEchoSpacing": 0.000690012,
    "dataset": "ds003424",
    "modality": "bold",
    "run_id": 3,
    "subject_id": "27",
    "task_id": "taste"
  },
  "dummy_trs": 0,
  "dvars_nstd": 51.894884312107926,
  "dvars_std": 1.1298724905396282,
  "dvars_vstd": 1.0057961959865098,
  "efc": 0.5063144700008616,
  "fber": 3057.07177734375,
  "fd_mean": 0.12770136110581884,
  "fd_num": 72,
  "fd_perc": 12.121212121212121,
  "fwhm_avg": 1.793655,
  "fwhm_x": 1.76787,
  "fwhm_y": 2.035955,
  "fwhm_z": 1.57714,
  "gcor": 0.00707334,
  "gsr_x": -0.0053724427707493305,
  "gsr_y": 0.025701848790049553,
  "provenance": {
    "md5sum": "b8b76394b8cdca43e411b7bc023c3d0a",
    "settings": {
      "fd_thres": 0.2,
      "testing": false
    },
    "software": "mriqc",
    "version": "22.0.6",
    "webapi_port": null,
    "webapi_url": "https://mriqc.nimh.nih.gov/api/v1"
  },
  "size_t": 594,
  "size_x": 110,
  "size_y": 110,
  "size_z": 60,
  "snr": 6.036201744226772,
  "spacing_tr": 1.0,
  "spacing_x": 2.0,
  "spacing_y": 2.0,
  "spacing_z": 2.5,
  "summary_bg_k": 11.218576029575297,
  "summary_bg_mad": 6.766557127802238,
  "summary_bg_mean": 31.05901336669922,
  "summary_bg_median": 8.42424201965332,
  "summary_bg_n": 511374.0,
  "summary_bg_p05": 2.6582491397857666,
  "summary_bg_p95": 170.87095413208004,
  "summary_bg_stdv": 58.14828109741211,
  "summary_fg_k": 2.604286345733776,
  "summary_fg_mad": 68.61279281831568,
  "summary_fg_mean": 472.1661682128906,
  "summary_fg_median": 470.45452880859375,
  "summary_fg_n": 124834.0,
  "summary_fg_p05": 360.16271209716797,
  "summary_fg_p95": 597.9608337402343,
  "summary_fg_stdv": 77.93852233886719,
  "tsnr": 30.587590428767726
}