{
  "aor": 0.0004026981450252951,
  "aqi": 0.022731771332209105,
  "bids_meta": {
    "AccelFactPE": 2,
    "AcquisitionNumber": 1,
    "AcquisitionTime": "10:25:56.057500",
    "BandwidthPerPixelPhaseEncode": 26.35,
    "ConversionSoftware": "dcm2niix",
    "ConversionSoftwareVersion": "v1.0.20170624 (OpenJPEG build) MSC1900",
    "DeviceSerialNumber": "35071",
    "EchoTime": 0.03,
    "EffectiveEchoSpacing": 0.000345006,
    "FlipAngle": 60,
    "ImageType": [
      "ORIGINAL",
      "PRIMARY",
      "M",
      "MB",
      "ND",
      "NORM",
      "MOSAIC"
    ],
    "InstitutionAddress": "Gilbert_1_New_Haven-1763f8-_CT_US_06520",
    "InstitutionName": "Yale_University_School_of_Medicine",
    "MagneticFieldStrength": 3,
    "Manufacturer": "Siemens",
    "ManufacturersModelName": "TrioTim",
    "PhaseEncodingDirection": "j-",
    "PhaseEncodingLines": 110,
    "ProcedureStepDescription": "MRRC_Research_SiteProtocols",
    "ProtocolName": "mbep2d_bold_taste4(MB4iPAT2)",
    "RepetitionTime": 1,
    "ScanningSequence": "EP",
    "SequenceName": "epfid2d1_110",
    "SequenceVariant": "SK_SS",
    "SeriesDescription": "mbep2d_bold_taste4(MB4iPAT2)",
    "SliceTiming": [
      0,
      0.535,
      0.0675,
      0.6025,
      0.1325,
      0.6675,
      0.2,
      0.735,
      0.2675,
      0.8025,
      0.335,
      0.87,
      0.4,
      0.9375,
      0.4675,
      0,
      0.535,
      0.0675,
      0.6025,
      0.1325,
      0.6675,
      0.2,
      0.735,
      0.2675,
      0.8025,
      0.335,
      0.87,
      0.4,
      0.9375,
      0.4675,
      0,
      0.535,
      0.0675,
      0.6025,
      0.1325,
      0.6675,
      0.2,
      0.735,
      0.2675,
      0.8025,
      0.335,
      0.87,
      0.4,
      0.9375,
      0.4675,
      0,
      0.535,
      0.0675,
      0.6025,
      0.1325,
      0.6675,
      0.2,
      0.735,
      0.2675,
      0.8025,
      0.335,
      0.87,
      0.4,
      0.9375,
      0.4675
    ],
    "SoftwareVersions": "syngo_MR_B17",
    "TaskName": "taste",
    "TotalReadoutTime": 0.0372607,
    "TrueEchoSpacing": 0.000690012,
    "dataset": "ds003424",
    "modality": "bold",
    "run_id": 4,
    "subject_id": "27",
    "task_id": "taste"
  },
  "dummy_trs": 1,
  "dvars_nstd": 51.63829171331086,
  "dvars_std": 1.1287643710135133,
  "dvars_vstd": 1.0074566413513508,
  "efc": 0.5066439467524596,
  "fber": 3026.38037109375,
  "fd_mean": 0.12223827603864747,
  "fd_num": 66,
  "fd_perc": 11.129848229342327,
  "fwhm_avg": 1.785734,
  "fwhm_x": 1.763915,
  "fwhm_y": 2.028235,
  "fwhm_z": 1.565052,
  "gcor": 0.00843025,
  "gsr_x": -0.005360138136893511,
  "gsr_y": 0.025937357917428017,
  "provenance": {
    "md5sum": "e3abdd89204c4bfb5b6f273e19a12620",
    "settings": {
      "fd_thres": 0.2,
      "testing": false
    },
    "software": "mriqc",
    "version": "22.0.6",
    "webapi_port": null,
    "webapi_url": "https://mriqc.nimh.nih.gov/api/v1"
  },
  "size_t": 593,
  "size_x": 110,
  "size_y": 110,
  "size_z": 60,
  "snr": 6.03944804832105,
  "spacing_tr": 1.0,
  "spacing_x": 2.0,
  "spacing_y": 2.0,
  "spacing_z": 2.5,
  "summary_bg_k": 11.091814347065162,
  "summary_bg_mad": 6.780467622870037,
  "summary_bg_mean": 31.161285400390625,
  "summary_bg_median": 8.453625679016113,
  "summary_bg_n": 511465.0,
  "summary_bg_p05": 2.7015178203582764,
  "summary_bg_p95": 171.28971557617186,
  "summary_bg_stdv": 58.27647399902344,
  "summary_fg_k": 2.5946402824062043,
  "summary_fg_mad": 68.50972373098182,
  "summary_fg_mean": 471.4458923339844,
  "summary_fg_median": 470.1062316894531,
  "summary_fg_n": 124747.0,
  "summary_fg_p05": 359.08127746582034,
  "summary_fg_p95": 595.9794311523438,
  "summary_fg_stdv": 77.83895874023438,
  "tsnr": 30.665757209062576
}