{
  "aor": 0.0002265824915824916,
  "aqi": 0.022954423905723904,
  "bids_meta": {
    "AccelFactPE": 2,
    "AcquisitionNumber": 1,
    "AcquisitionTime": "09:34:10.365000",
    "BandwidthPerPixelPhaseEncode": 26.35,
    "ConversionSoftware": "dcm2niix",
    "ConversionSoftwareVersion": "v1.0.20170624 (OpenJPEG build) MSC1900",
    "DeviceSerialNumber": "35071",
    "EchoTime": 0.03,
    "EffectiveEchoSpacing": 0.000345006,
    "FlipAngle": 60,
    "ImageType": [
      "ORIGINAL",
      "PRIMARY",
      "M",
      "MB",
      "ND",
      "NORM",
      "MOSAIC"
    ],
    "InstitutionAddress": "Gilbert_1_New_Haven-1763f8-_CT_US_06520",
    "InstitutionName": "Yale_University_School_of_Medicine",
    "MagneticFieldStrength": 3,
    "Manufacturer": "Siemens",
    "ManufacturersModelName": "TrioTim",
    "PhaseEncodingDirection": "j-",
    "PhaseEncodingLines": 110,
    "ProcedureStepDescription": "MRRC_Research_SiteProtocols",
    "ProtocolName": "mbep2d_bold_taste1(MB4iPAT2)",
    "RepetitionTime": 1,
    "ScanningSequence": "EP",
    "SequenceName": "epfid2d1_110",
    "SequenceVariant": "SK_SS",
    "SeriesDescription": "mbep2d_bold_taste1(MB4iPAT2)",
    "SliceTiming": [
      0,
      0.535,
      0.065,
      0.6025,
      0.1325,
      0.6675,
      0.2,
      0.735,
      0.2675,
      0.8025,
      0.3325,
      0.87,
      0.4,
      0.935,
      0.4675,
      0,
      0.535,
      0.065,
      0.6025,
      0.1325,
      0.6675,
      0.2,
      0.735,
      0.2675,
      0.8025,
      0.3325,
      0.87,
      0.4,
      0.935,
      0.4675,
      0,
      0.535,
      0.065,
      0.6025,
      0.1325,
      0.6675,
      0.2,
      0.735,
      0.2675,
      0.8025,
      0.3325,
      0.87,
      0.4,
      0.935,
      0.4675,
      0,
      0.535,
      0.065,
      0.6025,
      0.1325,
      0.6675,
      0.2,
      0.735,
      0.2675,
      0.8025,
      0.3325,
      0.87,
      0.4,
      0.935,
      0.4675
    ],
    "SoftwareVersions": "syngo_MR_B17",
    "TaskName": "taste",
    "TotalReadoutTime": 0.0372607,
    "TrueEchoSpacing": 0.000690012,
    "dataset": "ds003424",
    "modality": "bold",
    "run_id": 1,
    "subject_id": "27",
    "task_id": "taste"
  },
  "dummy_trs": 0,
  "dvars_nstd": 50.57833346408091,
  "dvars_std": 1.1285497842833045,
  "dvars_vstd": 1.0026910052613842,
  "efc": 0.5013831045362618,
  "fber": 3521.93701171875,
  "fd_mean": 0.12372393145037422,
  "fd_num": 55,
  "fd_perc": 9.25925925925926,
  "fwhm_avg": 1.7972466666666664,
  "fwhm_x": 1.77029,
  "fwhm_y": 2.02197,
  "fwhm_z": 1.59948,
  "gcor": 0.00609342,
  "gsr_x": -0.004833464045077562,
  "gsr_y": 0.02415272779762745,
  "provenance": {
    "md5sum": "68d20a69d938306eb5356dcdeb757915",
    "settings": {
      "fd_thres": 0.2,
      "testing": false
    },
    "software": "mriqc",
    "version": "22.0.6",
    "webapi_port": null,
    "webapi_url": "https://mriqc.nimh.nih.gov/api/v1"
  },
  "size_t": 594,
  "size_x": 110,
  "size_y": 110,
  "size_z": 60,
  "snr": 6.0685022078221165,
  "spacing_tr": 1.0,
  "spacing_x": 2.0,
  "spacing_y": 2.0,
  "spacing_z": 2.5,
  "summary_bg_k": 11.709532168427668,
  "summary_bg_mad": 6.194980813324527,
  "summary_bg_mean": 29.612754821777344,
  "summary_bg_median": 7.9141411781311035,
  "summary_bg_n": 511371.0,
  "summary_bg_p05": 2.5505049228668213,
  "summary_bg_p95": 164.02272033691406,
  "summary_bg_stdv": 56.4757194519043,
  "summary_fg_k": 2.6146093823805625,
  "summary_fg_mad": 69.05334756079581,
  "summary_fg_mean": 476.6192321777344,
  "summary_fg_median": 474.6363525390625,
  "summary_fg_n": 124820.0,
  "summary_fg_p05": 365.07188262939457,
  "summary_fg_p95": 602.5355072021484,
  "summary_fg_stdv": 78.21278381347656,
  "tsnr": 31.38490554993041
}