{
  "bids_meta": {
    "AccelFactPE": 2,
    "AcquisitionNumber": 1,
    "AcquisitionTime": "09:36:8.375000",
    "ConversionSoftware": "dcm2niix",
    "ConversionSoftwareVersion": "v1.0.20170624 (OpenJPEG build) MSC1900",
    "DeviceSerialNumber": "35071",
    "EchoTime": 0.00252,
    "FlipAngle": 9,
    "ImageType": [
      "ORIGINAL",
      "PRIMARY",
      "M",
      "ND",
      "NORM"
    ],
    "InstitutionAddress": "Gilbert_1_New_Haven-1763f8-_CT_US_06520",
    "InstitutionName": "Yale_University_School_of_Medicine",
    "InversionTime": 0.9,
    "MagneticFieldStrength": 3,
    "Manufacturer": "Siemens",
    "ManufacturersModelName": "TrioTim",
    "PhaseEncodingDirection": "i-",
    "PhaseEncodingLines": 246,
    "ProcedureStepDescription": "MRRC_Research_SiteProtocols",
    "ProtocolName": "t1_Sag_3D_MPRAGE",
    "RepetitionTime": 1.9,
    "ScanningSequence": "GR_IR",
    "SequenceName": "_tfl3d1_ns",
    "SequenceVariant": "SP_MP_OSP",
    "SeriesDescription": "t1_Sag_3D_MPRAGE",
    "SoftwareVersions": "syngo_MR_B17",
    "dataset": "ds003424",
    "modality": "T1w",
    "subject_id": "03"
  },
  "cjv": 0.3593448664761523,
  "cnr": 3.893060623623294,
  "efc": 0.5507872096157157,
  "fber": -1.0,
  "fwhm_avg": 4.425053226666666,
  "fwhm_x": 4.35912,
  "fwhm_y": 4.54347776,
  "fwhm_z": 4.37256192,
  "icvs_csf": 0.17296812403893877,
  "icvs_gm": 0.4656628997401781,
  "icvs_wm": 0.36136897622088315,
  "inu_med": 0.4011436998844147,
  "inu_range": 0.1461100578308105,
  "provenance": {
    "md5sum": "f3c48b890701a76b2b7b1c1cbf876d73",
    "settings": {
      "testing": false
    },
    "software": "mriqc",
    "version": "22.0.6",
    "warnings": {
      "large_rot_frame": true,
      "small_air_mask": false
    },
    "webapi_port": null,
    "webapi_url": "https://mriqc.nimh.nih.gov/api/v1"
  },
  "qi_1": 0.0,
  "qi_2": 0.02631942313818563,
  "rpve_csf": 27.45158161224573,
  "rpve_gm": 11.235889446530797,
  "rpve_wm": 15.867468826598344,
  "size_x": 176,
  "size_y": 256,
  "size_z": 256,
  "snr_csf": 2.6687565184784505,
  "snr_gm": 15.541381522636046,
  "snr_total": 14.936925068770421,
  "snr_wm": 26.600637165196765,
  "snrd_csf": 45.20992266467286,
  "snrd_gm": 107.56972508396129,
  "snrd_total": 98.14787756445025,
  "snrd_wm": 141.66398494471665,
  "spacing_x": 1.0,
  "spacing_y": 0.9765625,
  "spacing_z": 0.9765625,
  "summary_bg_k": 13.715012738133556,
  "summary_bg_mad": 0.0,
  "summary_bg_mean": 2.324928930688792,
  "summary_bg_median": 0.0,
  "summary_bg_n": 2363339.0,
  "summary_bg_p05": 0.0,
  "summary_bg_p95": 9.80305952578783,
  "summary_bg_stdv": 4.624783034220811,
  "summary_csf_k": 0.8791592082728683,
  "summary_csf_mad": 84.2713492232764,
  "summary_csf_mean": 327.10524692073557,
  "summary_csf_median": 319.14893344044685,
  "summary_csf_n": 31188.0,
  "summary_csf_p05": 100.41981626786293,
  "summary_csf_p95": 541.6432167492806,
  "summary_csf_stdv": 119.5852130591698,
  "summary_gm_k": -0.14846377108402953,
  "summary_gm_mad": 51.09724500467803,
  "summary_gm_mean": 758.7960968173778,
  "summary_gm_median": 759.363454028964,
  "summary_gm_n": 58299.0,
  "summary_gm_p05": 678.8289022296667,
  "summary_gm_p95": 837.7439703270793,
  "summary_gm_stdv": 48.860324304648096,
  "summary_wm_k": 0.6008151465994729,
  "summary_wm_mad": 35.39005617033185,
  "summary_wm_mean": 1001.7367727252449,
  "summary_wm_median": 1000.0439513549209,
  "summary_wm_n": 206846.0,
  "summary_wm_p05": 943.1158702522516,
  "summary_wm_p95": 1066.412422740832,
  "summary_wm_stdv": 37.594645864231005,
  "tpm_overlap_csf": 0.17080329142937542,
  "tpm_overlap_gm": 0.488775515208452,
  "tpm_overlap_wm": 0.5160358374036758,
  "wm2max": 0.430570954138405
}