{
  "aor": 0.00032072390572390573,
  "aqi": 0.029377705555555553,
  "bids_meta": {
    "AccelFactPE": 2,
    "AcquisitionNumber": 1,
    "AcquisitionTime": "14:59:6.137500",
    "BandwidthPerPixelPhaseEncode": 26.35,
    "ConversionSoftware": "dcm2niix",
    "ConversionSoftwareVersion": "v1.0.20170624 (OpenJPEG build) MSC1900",
    "DeviceSerialNumber": "35071",
    "EchoTime": 0.03,
    "EffectiveEchoSpacing": 0.000345006,
    "FlipAngle": 60,
    "ImageType": [
      "ORIGINAL",
      "PRIMARY",
      "M",
      "MB",
      "ND",
      "NORM",
      "MOSAIC"
    ],
    "InstitutionAddress": "Gilbert_1_New_Haven-1763f8-_CT_US_06520",
    "InstitutionName": "Yale_University_School_of_Medicine",
    "MagneticFieldStrength": 3,
    "Manufacturer": "Siemens",
    "ManufacturersModelName": "TrioTim",
    "PhaseEncodingDirection": "j-",
    "PhaseEncodingLines": 110,
    "ProcedureStepDescription": "MRRC_Research_SiteProtocols",
    "ProtocolName": "mbep2d_bold_taste3(MB4iPAT2)",
    "RepetitionTime": 1,
    "ScanningSequence": "EP",
    "SequenceName": "epfid2d1_110",
    "SequenceVariant": "SK_SS",
    "SeriesDescription": "mbep2d_bold_taste3(MB4iPAT2)",
    "SliceTiming": [
      0,
      0.535,
      0.0675,
      0.6025,
      0.135,
      0.67,
      0.2025,
      0.7375,
      0.2675,
      0.8025,
      0.335,
      0.87,
      0.4025,
      0.9375,
      0.47,
      0,
      0.535,
      0.0675,
      0.6025,
      0.135,
      0.67,
      0.2025,
      0.7375,
      0.2675,
      0.8025,
      0.335,
      0.87,
      0.4025,
      0.9375,
      0.47,
      0,
      0.535,
      0.0675,
      0.6025,
      0.135,
      0.67,
      0.2025,
      0.7375,
      0.2675,
      0.8025,
      0.335,
      0.87,
      0.4025,
      0.9375,
      0.47,
      0,
      0.535,
      0.0675,
      0.6025,
      0.135,
      0.67,
      0.2025,
      0.7375,
      0.2675,
      0.8025,
      0.335,
      0.87,
      0.4025,
      0.9375,
      0.47
    ],
    "SoftwareVersions": "syngo_MR_B17",
    "TaskName": "taste",
    "TotalReadoutTime": 0.0372607,
    "TrueEchoSpacing": 0.000690012,
    "dataset": "ds003424",
    "modality": "bold",
    "run_id": 3,
    "subject_id": "11",
    "task_id": "taste"
  },
  "dummy_trs": 0,
  "dvars_nstd": 48.14404530404718,
  "dvars_std": 1.152637998701518,
  "dvars_vstd": 1.0030811908431698,
  "efc": 0.4769557941410093,
  "fber": 4111.71484375,
  "fd_mean": 0.10147432772653842,
  "fd_num": 35,
  "fd_perc": 5.892255892255892,
  "fwhm_avg": 1.8406380000000002,
  "fwhm_x": 1.780585,
  "fwhm_y": 2.083225,
  "fwhm_z": 1.6581040000000002,
  "gcor": 0.0115634,
  "gsr_x": -0.019877269864082336,
  "gsr_y": 0.03130360320210457,
  "provenance": {
    "md5sum": "90d5904ee465b376bfe260bc3e82a0dc",
    "settings": {
      "fd_thres": 0.2,
      "testing": false
    },
    "software": "mriqc",
    "version": "22.0.6",
    "webapi_port": null,
    "webapi_url": "https://mriqc.nimh.nih.gov/api/v1"
  },
  "size_t": 594,
  "size_x": 110,
  "size_y": 110,
  "size_z": 60,
  "snr": 7.1422061439023,
  "spacing_tr": 1.0,
  "spacing_x": 2.0,
  "spacing_y": 2.0,
  "spacing_z": 2.5,
  "summary_bg_k": 24.505441585356078,
  "summary_bg_mad": 5.416239818507953,
  "summary_bg_mean": 23.659561157226562,
  "summary_bg_median": 7.803030014038086,
  "summary_bg_n": 516859.0,
  "summary_bg_p05": 3.2121212482452393,
  "summary_bg_p95": 105.17019729614253,
  "summary_bg_stdv": 47.614288330078125,
  "summary_fg_k": 3.745282810588402,
  "summary_fg_mad": 61.12367891415661,
  "summary_fg_mean": 504.3191833496094,
  "summary_fg_median": 504.56396484375,
  "summary_fg_n": 118587.0,
  "summary_fg_p05": 400.2870330810547,
  "summary_fg_p95": 612.7543579101563,
  "summary_fg_stdv": 70.64509582519531,
  "tsnr": 33.40621983096935
}