{
  "aor": 0.0006313973063973064,
  "aqi": 0.032146874410774406,
  "bids_meta": {
    "AccelFactPE": 2,
    "AcquisitionNumber": 1,
    "AcquisitionTime": "15:15:55.127500",
    "BandwidthPerPixelPhaseEncode": 26.35,
    "ConversionSoftware": "dcm2niix",
    "ConversionSoftwareVersion": "v1.0.20170624 (OpenJPEG build) MSC1900",
    "DeviceSerialNumber": "35071",
    "EchoTime": 0.03,
    "EffectiveEchoSpacing": 0.000345006,
    "FlipAngle": 60,
    "ImageType": [
      "ORIGINAL",
      "PRIMARY",
      "M",
      "MB",
      "ND",
      "NORM",
      "MOSAIC"
    ],
    "InstitutionAddress": "Gilbert_1_New_Haven-1763f8-_CT_US_06520",
    "InstitutionName": "Yale_University_School_of_Medicine",
    "MagneticFieldStrength": 3,
    "Manufacturer": "Siemens",
    "ManufacturersModelName": "TrioTim",
    "PhaseEncodingDirection": "j-",
    "PhaseEncodingLines": 110,
    "ProcedureStepDescription": "MRRC_Research_SiteProtocols",
    "ProtocolName": "mbep2d_bold_taste4(MB4iPAT2)",
    "RepetitionTime": 1,
    "ScanningSequence": "EP",
    "SequenceName": "epfid2d1_110",
    "SequenceVariant": "SK_SS",
    "SeriesDescription": "mbep2d_bold_taste4(MB4iPAT2)",
    "SliceTiming": [
      0,
      0.535,
      0.0675,
      0.6025,
      0.1325,
      0.67,
      0.2,
      0.735,
      0.2675,
      0.8025,
      0.335,
      0.87,
      0.4025,
      0.9375,
      0.4675,
      0,
      0.535,
      0.0675,
      0.6025,
      0.1325,
      0.67,
      0.2,
      0.735,
      0.2675,
      0.8025,
      0.335,
      0.87,
      0.4025,
      0.9375,
      0.4675,
      0,
      0.535,
      0.0675,
      0.6025,
      0.1325,
      0.67,
      0.2,
      0.735,
      0.2675,
      0.8025,
      0.335,
      0.87,
      0.4025,
      0.9375,
      0.4675,
      0,
      0.535,
      0.0675,
      0.6025,
      0.1325,
      0.67,
      0.2,
      0.735,
      0.2675,
      0.8025,
      0.335,
      0.87,
      0.4025,
      0.9375,
      0.4675
    ],
    "SoftwareVersions": "syngo_MR_B17",
    "TaskName": "taste",
    "TotalReadoutTime": 0.0372607,
    "TrueEchoSpacing": 0.000690012,
    "dataset": "ds003424",
    "modality": "bold",
    "run_id": 4,
    "subject_id": "11",
    "task_id": "taste"
  },
  "dummy_trs": 0,
  "dvars_nstd": 48.91474789738616,
  "dvars_std": 1.1428356726812816,
  "dvars_vstd": 1.0138326025295108,
  "efc": 0.4767986355564412,
  "fber": 4080.726806640625,
  "fd_mean": 0.14586717105553107,
  "fd_num": 128,
  "fd_perc": 21.54882154882155,
  "fwhm_avg": 1.871427333333333,
  "fwhm_x": 1.816525,
  "fwhm_y": 2.110025,
  "fwhm_z": 1.687732,
  "gcor": 0.0160235,
  "gsr_x": -0.019499989226460457,
  "gsr_y": 0.03217655047774315,
  "provenance": {
    "md5sum": "2d267887f47abf08ae8f0275f70dccae",
    "settings": {
      "fd_thres": 0.2,
      "testing": false
    },
    "software": "mriqc",
    "version": "22.0.6",
    "webapi_port": null,
    "webapi_url": "https://mriqc.nimh.nih.gov/api/v1"
  },
  "size_t": 594,
  "size_x": 110,
  "size_y": 110,
  "size_z": 60,
  "snr": 7.07851686591871,
  "spacing_tr": 1.0,
  "spacing_x": 2.0,
  "spacing_y": 2.0,
  "spacing_z": 2.5,
  "summary_bg_k": 24.77091550135881,
  "summary_bg_mad": 5.5160788063848525,
  "summary_bg_mean": 23.564189910888672,
  "summary_bg_median": 7.846801280975342,
  "summary_bg_n": 516955.0,
  "summary_bg_p05": 3.2154881954193115,
  "summary_bg_p95": 104.01060485839842,
  "summary_bg_stdv": 46.828861236572266,
  "summary_fg_k": 3.8233678955119776,
  "summary_fg_mad": 61.51050470966179,
  "summary_fg_mean": 503.9273681640625,
  "summary_fg_median": 504.43853759765625,
  "summary_fg_n": 118262.0,
  "summary_fg_p05": 398.56614837646487,
  "summary_fg_p95": 612.693603515625,
  "summary_fg_stdv": 71.26300811767578,
  "tsnr": 31.312110943137668
}