{
  "aor": 0.0005651666666666667,
  "aqi": 0.030211931111111114,
  "bids_meta": {
    "AccelFactPE": 2,
    "AcquisitionNumber": 1,
    "AcquisitionTime": "14:52:7.055000",
    "BandwidthPerPixelPhaseEncode": 26.35,
    "ConversionSoftware": "dcm2niix",
    "ConversionSoftwareVersion": "v1.0.20170624 (OpenJPEG build) MSC1900",
    "DeviceSerialNumber": "35071",
    "EchoTime": 0.03,
    "EffectiveEchoSpacing": 0.000345006,
    "FlipAngle": 60,
    "ImageType": [
      "ORIGINAL",
      "PRIMARY",
      "M",
      "MB",
      "ND",
      "NORM",
      "MOSAIC"
    ],
    "InstitutionAddress": "Gilbert_1_New_Haven-1763f8-_CT_US_06520",
    "InstitutionName": "Yale_University_School_of_Medicine",
    "MagneticFieldStrength": 3,
    "Manufacturer": "Siemens",
    "ManufacturersModelName": "TrioTim",
    "PhaseEncodingDirection": "j-",
    "PhaseEncodingLines": 110,
    "ProcedureStepDescription": "MRRC_Research_SiteProtocols",
    "ProtocolName": "mbep2d_bold_resting(MB4iPAT2)",
    "RepetitionTime": 1,
    "ScanningSequence": "EP",
    "SequenceName": "epfid2d1_110",
    "SequenceVariant": "SK_SS",
    "SeriesDescription": "mbep2d_bold_resting(MB4iPAT2)",
    "SliceTiming": [
      0,
      0.535,
      0.065,
      0.6025,
      0.1325,
      0.6675,
      0.2,
      0.735,
      0.2675,
      0.8025,
      0.335,
      0.87,
      0.4,
      0.935,
      0.4675,
      0,
      0.535,
      0.065,
      0.6025,
      0.1325,
      0.6675,
      0.2,
      0.735,
      0.2675,
      0.8025,
      0.335,
      0.87,
      0.4,
      0.935,
      0.4675,
      0,
      0.535,
      0.065,
      0.6025,
      0.1325,
      0.6675,
      0.2,
      0.735,
      0.2675,
      0.8025,
      0.335,
      0.87,
      0.4,
      0.935,
      0.4675,
      0,
      0.535,
      0.065,
      0.6025,
      0.1325,
      0.6675,
      0.2,
      0.735,
      0.2675,
      0.8025,
      0.335,
      0.87,
      0.4,
      0.935,
      0.4675
    ],
    "SoftwareVersions": "syngo_MR_B17",
    "TaskName": "rest",
    "TotalReadoutTime": 0.0372607,
    "TrueEchoSpacing": 0.000690012,
    "dataset": "ds003424",
    "modality": "bold",
    "subject_id": "11",
    "task_id": "resting"
  },
  "dummy_trs": 0,
  "dvars_nstd": 47.618403219442904,
  "dvars_std": 1.1577658640389972,
  "dvars_vstd": 0.9973514944568246,
  "efc": 0.4765170155259478,
  "fber": 4185.6240234375,
  "fd_mean": 0.07539259459486865,
  "fd_num": 8,
  "fd_perc": 2.2222222222222223,
  "fwhm_avg": 1.8394353333333333,
  "fwhm_x": 1.7755,
  "fwhm_y": 2.08423,
  "fwhm_z": 1.658576,
  "gcor": 0.00939101,
  "gsr_x": -0.01947636902332306,
  "gsr_y": 0.02790031209588051,
  "provenance": {
    "md5sum": "cd567c0fb95df95ef53f0692dfd93488",
    "settings": {
      "fd_thres": 0.2,
      "testing": false
    },
    "software": "mriqc",
    "version": "22.0.6",
    "webapi_port": null,
    "webapi_url": "https://mriqc.nimh.nih.gov/api/v1"
  },
  "size_t": 360,
  "size_x": 110,
  "size_y": 110,
  "size_z": 60,
  "snr": 7.151933231373178,
  "spacing_tr": 1.0,
  "spacing_x": 2.0,
  "spacing_y": 2.0,
  "spacing_z": 2.5,
  "summary_bg_k": 22.65701380288986,
  "summary_bg_mad": 5.349722675193127,
  "summary_bg_mean": 23.243410110473633,
  "summary_bg_median": 7.730555534362793,
  "summary_bg_n": 516702.0,
  "summary_bg_p05": 3.194444417953491,
  "summary_bg_p95": 103.78027801513646,
  "summary_bg_stdv": 45.88283920288086,
  "summary_fg_k": 3.668141432755596,
  "summary_fg_mad": 61.36329870630767,
  "summary_fg_mean": 503.3721008300781,
  "summary_fg_median": 503.40557861328125,
  "summary_fg_n": 118759.0,
  "summary_fg_p05": 399.6330535888672,
  "summary_fg_p95": 611.5086364746094,
  "summary_fg_stdv": 70.38704681396484,
  "tsnr": 33.3327189021511
}