{
  "bids_meta": {
    "AccelFactPE": 2,
    "AcquisitionNumber": 1,
    "AcquisitionTime": "17:44:5.597500",
    "ConversionSoftware": "dcm2niix",
    "ConversionSoftwareVersion": "v1.0.20170624 (OpenJPEG build) MSC1900",
    "DeviceSerialNumber": "35071",
    "EchoTime": 0.00252,
    "FlipAngle": 9,
    "ImageType": [
      "ORIGINAL",
      "PRIMARY",
      "M",
      "ND",
      "NORM"
    ],
    "InstitutionAddress": "Gilbert_1_New_Haven-1763f8-_CT_US_06520",
    "InstitutionName": "Yale_University_School_of_Medicine",
    "InversionTime": 0.9,
    "MagneticFieldStrength": 3,
    "Manufacturer": "Siemens",
    "ManufacturersModelName": "TrioTim",
    "PhaseEncodingDirection": "i-",
    "PhaseEncodingLines": 246,
    "ProcedureStepDescription": "MRRC_Research_SiteProtocols",
    "ProtocolName": "t1_Sag_3D_MPRAGE",
    "RepetitionTime": 1.9,
    "ScanningSequence": "GR_IR",
    "SequenceName": "_tfl3d1_ns",
    "SequenceVariant": "SP_MP_OSP",
    "SeriesDescription": "t1_Sag_3D_MPRAGE",
    "SoftwareVersions": "syngo_MR_B17",
    "dataset": "ds003424",
    "modality": "T1w",
    "subject_id": "04"
  },
  "cjv": 0.38517867173854325,
  "cnr": 3.4645462037377555,
  "efc": 0.5165573636269525,
  "fber": -1.0,
  "fwhm_avg": 4.319037226666667,
  "fwhm_x": 4.29784,
  "fwhm_y": 4.2152755200000005,
  "fwhm_z": 4.443996159999999,
  "icvs_csf": 0.22471303539813367,
  "icvs_gm": 0.41041955042147893,
  "icvs_wm": 0.3648674141803874,
  "inu_med": 0.32509978115558624,
  "inu_range": 0.09189910888671876,
  "provenance": {
    "md5sum": "95bbb857e2dd866c01806f23b67546cd",
    "settings": {
      "testing": false
    },
    "software": "mriqc",
    "version": "22.0.6",
    "warnings": {
      "large_rot_frame": true,
      "small_air_mask": false
    },
    "webapi_port": null,
    "webapi_url": "https://mriqc.nimh.nih.gov/api/v1"
  },
  "qi_1": 0.0,
  "qi_2": 0.04855260037414908,
  "rpve_csf": 23.91484235710677,
  "rpve_gm": 13.318729356906935,
  "rpve_wm": 17.72448106720951,
  "size_x": 176,
  "size_y": 256,
  "size_z": 256,
  "snr_csf": 3.028110648068951,
  "snr_gm": 14.757271951666635,
  "snr_total": 15.624444279186326,
  "snr_wm": 29.087950237823385,
  "snrd_csf": 64.83695009718954,
  "snrd_gm": 157.461164521746,
  "snrd_total": 141.2992904696482,
  "snrd_wm": 201.59975679000905,
  "spacing_x": 1.0,
  "spacing_y": 0.9765625,
  "spacing_z": 0.9765625,
  "summary_bg_k": 17.9525084937569,
  "summary_bg_mad": 0.0,
  "summary_bg_mean": 1.6265735317772165,
  "summary_bg_median": 0.0,
  "summary_bg_n": 3052032.0,
  "summary_bg_p05": 0.0,
  "summary_bg_p95": 7.993308138102293,
  "summary_bg_stdv": 3.24978921079144,
  "summary_csf_k": 2.0233056820395623,
  "summary_csf_mad": 62.01050430740935,
  "summary_csf_mean": 322.9283772282631,
  "summary_csf_median": 321.6222162079066,
  "summary_csf_n": 43653.0,
  "summary_csf_p05": 93.81293427199125,
  "summary_csf_p95": 505.46830338425934,
  "summary_csf_stdv": 106.2109578267276,
  "summary_gm_k": 0.0918048703708223,
  "summary_gm_mad": 52.180691032012604,
  "summary_gm_mean": 778.1103204973114,
  "summary_gm_median": 781.0825250763446,
  "summary_gm_n": 26075.0,
  "summary_gm_p05": 686.8668272159994,
  "summary_gm_p95": 861.2634609732777,
  "summary_gm_stdv": 52.927637972504314,
  "summary_wm_k": 0.8832361016139005,
  "summary_wm_mad": 32.15359482606411,
  "summary_wm_mean": 1001.6846887195355,
  "summary_wm_median": 1000.0310080684721,
  "summary_wm_n": 207751.0,
  "summary_wm_p05": 948.3843233156949,
  "summary_wm_p95": 1059.7019827738404,
  "summary_wm_stdv": 34.379479925103674,
  "tpm_overlap_csf": 0.16274668874399362,
  "tpm_overlap_gm": 0.46408990505313064,
  "tpm_overlap_wm": 0.5231537735697186,
  "wm2max": 0.5477531903339669
}