{
  "bids_meta": {
    "AccelFactPE": 2,
    "AcquisitionNumber": 1,
    "AcquisitionTime": "16:31:5.302500",
    "ConversionSoftware": "dcm2niix",
    "ConversionSoftwareVersion": "v1.0.20170624 (OpenJPEG build) MSC1900",
    "DeviceSerialNumber": "35071",
    "EchoTime": 0.00252,
    "FlipAngle": 9,
    "ImageType": [
      "ORIGINAL",
      "PRIMARY",
      "M",
      "ND",
      "NORM"
    ],
    "InstitutionAddress": "Gilbert_1_New_Haven-1763f8-_CT_US_06520",
    "InstitutionName": "Yale_University_School_of_Medicine",
    "InversionTime": 0.9,
    "MagneticFieldStrength": 3,
    "Manufacturer": "Siemens",
    "ManufacturersModelName": "TrioTim",
    "PhaseEncodingDirection": "i-",
    "PhaseEncodingLines": 246,
    "ProcedureStepDescription": "MRRC_Research_SiteProtocols",
    "ProtocolName": "t1_Sag_3D_MPRAGE",
    "RepetitionTime": 1.9,
    "ScanningSequence": "GR_IR",
    "SequenceName": "_tfl3d1_ns",
    "SequenceVariant": "SP_MP_OSP",
    "SeriesDescription": "t1_Sag_3D_MPRAGE",
    "SoftwareVersions": "syngo_MR_B17",
    "dataset": "ds003424",
    "modality": "T1w",
    "subject_id": "22"
  },
  "cjv": 0.3682713544119148,
  "cnr": 3.70503206403506,
  "efc": 0.5741304167139821,
  "fber": -1.0,
  "fwhm_avg": 4.406083466666666,
  "fwhm_x": 4.31754,
  "fwhm_y": 4.47383552,
  "fwhm_z": 4.426874880000001,
  "icvs_csf": 0.25425549030170075,
  "icvs_gm": 0.4085797105993396,
  "icvs_wm": 0.33716479909895963,
  "inu_med": 0.43895223736763,
  "inu_range": 0.14558062106370917,
  "provenance": {
    "md5sum": "49bf509d556ed750241339b9a1c63fa8",
    "settings": {
      "testing": false
    },
    "software": "mriqc",
    "version": "22.0.6",
    "warnings": {
      "large_rot_frame": true,
      "small_air_mask": false
    },
    "webapi_port": null,
    "webapi_url": "https://mriqc.nimh.nih.gov/api/v1"
  },
  "qi_1": 0.0,
  "qi_2": 0.009064343852910044,
  "rpve_csf": 20.615654808925964,
  "rpve_gm": 12.55490738135046,
  "rpve_wm": 17.273397420909966,
  "size_x": 176,
  "size_y": 256,
  "size_z": 256,
  "snr_csf": 3.672314078111636,
  "snr_gm": 15.216587565026991,
  "snr_total": 15.319689826869242,
  "snr_wm": 27.0701678374691,
  "snrd_csf": 40.07841666081337,
  "snrd_gm": 99.78467960419518,
  "snrd_total": 89.95312666086075,
  "snrd_wm": 129.9962837175737,
  "spacing_x": 1.0,
  "spacing_y": 0.9765625,
  "spacing_z": 0.9765625,
  "summary_bg_k": 14.70178092002865,
  "summary_bg_mad": 0.0,
  "summary_bg_mean": 2.4444161321624733,
  "summary_bg_median": 0.0,
  "summary_bg_n": 2416636.0,
  "summary_bg_p05": 0.0,
  "summary_bg_p95": 13.155514888465405,
  "summary_bg_stdv": 5.039882484525536,
  "summary_csf_k": 3.0505251264753115,
  "summary_csf_mad": 50.000959062473626,
  "summary_csf_mean": 317.2872433263283,
  "summary_csf_median": 308.3182527124882,
  "summary_csf_n": 87934.0,
  "summary_csf_p05": 206.7653631258756,
  "summary_csf_p95": 475.12204406633896,
  "summary_csf_stdv": 83.95700722388892,
  "summary_gm_k": 0.0529381118840222,
  "summary_gm_mad": 50.000959062473626,
  "summary_gm_mean": 765.8086092619365,
  "summary_gm_median": 767.6310749351978,
  "summary_gm_n": 28411.0,
  "summary_gm_p05": 679.9502463229,
  "summary_gm_p95": 846.2025006264448,
  "summary_gm_stdv": 50.446104432868104,
  "summary_wm_k": 0.33155240122320295,
  "summary_wm_mad": 35.590494989508706,
  "summary_wm_mean": 1000.9770112193764,
  "summary_wm_median": 1000.0451712980866,
  "summary_wm_n": 191385.0,
  "summary_wm_p05": 942.0885730609298,
  "summary_wm_p95": 1063.0198525339365,
  "summary_wm_stdv": 36.94260651230664,
  "tpm_overlap_csf": 0.16561247387819686,
  "tpm_overlap_gm": 0.4678773341303521,
  "tpm_overlap_wm": 0.5170925969613819,
  "wm2max": 0.43773046223887146
}