{
  "aor": 0.0002403030303030303,
  "aqi": 0.029404454040404045,
  "bids_meta": {
    "AccelFactPE": 2,
    "AcquisitionNumber": 1,
    "AcquisitionTime": "14:25:21.680000",
    "BandwidthPerPixelPhaseEncode": 26.35,
    "ConversionSoftware": "dcm2niix",
    "ConversionSoftwareVersion": "v1.0.20170624 (OpenJPEG build) MSC1900",
    "DeviceSerialNumber": "35071",
    "EchoTime": 0.03,
    "EffectiveEchoSpacing": 0.000345006,
    "FlipAngle": 60,
    "ImageType": [
      "ORIGINAL",
      "PRIMARY",
      "M",
      "MB",
      "ND",
      "NORM",
      "MOSAIC"
    ],
    "InstitutionAddress": "Gilbert_1_New_Haven-1763f8-_CT_US_06520",
    "InstitutionName": "Yale_University_School_of_Medicine",
    "MagneticFieldStrength": 3,
    "Manufacturer": "Siemens",
    "ManufacturersModelName": "TrioTim",
    "PhaseEncodingDirection": "j-",
    "PhaseEncodingLines": 110,
    "ProcedureStepDescription": "MRRC_Research_SiteProtocols",
    "ProtocolName": "mbep2d_bold_taste1(MB4iPAT2)",
    "RepetitionTime": 1,
    "ScanningSequence": "EP",
    "SequenceName": "epfid2d1_110",
    "SequenceVariant": "SK_SS",
    "SeriesDescription": "mbep2d_bold_taste1(MB4iPAT2)",
    "SliceTiming": [
      0,
      0.535,
      0.0675,
      0.6025,
      0.1325,
      0.67,
      0.2,
      0.735,
      0.2675,
      0.8025,
      0.335,
      0.87,
      0.4025,
      0.9375,
      0.4675,
      0,
      0.535,
      0.0675,
      0.6025,
      0.1325,
      0.67,
      0.2,
      0.735,
      0.2675,
      0.8025,
      0.335,
      0.87,
      0.4025,
      0.9375,
      0.4675,
      0,
      0.535,
      0.0675,
      0.6025,
      0.1325,
      0.67,
      0.2,
      0.735,
      0.2675,
      0.8025,
      0.335,
      0.87,
      0.4025,
      0.9375,
      0.4675,
      0,
      0.535,
      0.0675,
      0.6025,
      0.1325,
      0.67,
      0.2,
      0.735,
      0.2675,
      0.8025,
      0.335,
      0.87,
      0.4025,
      0.9375,
      0.4675
    ],
    "SoftwareVersions": "syngo_MR_B17",
    "TaskName": "taste",
    "TotalReadoutTime": 0.0372607,
    "TrueEchoSpacing": 0.000690012,
    "dataset": "ds003424",
    "modality": "bold",
    "run_id": 1,
    "subject_id": "11",
    "task_id": "taste"
  },
  "dummy_trs": 0,
  "dvars_nstd": 47.17259928433387,
  "dvars_std": 1.1668304121416528,
  "dvars_vstd": 0.9996805971500845,
  "efc": 0.4741389144150129,
  "fber": 4437.44580078125,
  "fd_mean": 0.0807759021192268,
  "fd_num": 14,
  "fd_perc": 2.356902356902357,
  "fwhm_avg": 1.841888,
  "fwhm_x": 1.77683,
  "fwhm_y": 2.07639,
  "fwhm_z": 1.672444,
  "gcor": 0.00817182,
  "gsr_x": -0.019338322803378105,
  "gsr_y": 0.028017235919833183,
  "provenance": {
    "md5sum": "8798d52aaece81403a23a78723320286",
    "settings": {
      "fd_thres": 0.2,
      "testing": false
    },
    "software": "mriqc",
    "version": "22.0.6",
    "webapi_port": null,
    "webapi_url": "https://mriqc.nimh.nih.gov/api/v1"
  },
  "size_t": 594,
  "size_x": 110,
  "size_y": 110,
  "size_z": 60,
  "snr": 7.212537273519086,
  "spacing_tr": 1.0,
  "spacing_x": 2.0,
  "spacing_y": 2.0,
  "spacing_z": 2.5,
  "summary_bg_k": 27.160123032014088,
  "summary_bg_mad": 5.146676035855963,
  "summary_bg_mean": 22.72385025024414,
  "summary_bg_median": 7.567339897155762,
  "summary_bg_n": 516244.0,
  "summary_bg_p05": 3.1481480598449707,
  "summary_bg_p95": 100.3575721740721,
  "summary_bg_stdv": 46.424678802490234,
  "summary_fg_k": 3.936594298781248,
  "summary_fg_mad": 60.57453514200078,
  "summary_fg_mean": 508.7421569824219,
  "summary_fg_median": 508.5538635253906,
  "summary_fg_n": 118983.0,
  "summary_fg_p05": 405.34898376464844,
  "summary_fg_p95": 617.1979370117188,
  "summary_fg_stdv": 70.50940704345703,
  "tsnr": 34.73333132674452
}