{
  "aor": 0.0003041750841750842,
  "aqi": 0.028644532491582494,
  "bids_meta": {
    "AccelFactPE": 2,
    "AcquisitionNumber": 1,
    "AcquisitionTime": "14:41:13.115000",
    "BandwidthPerPixelPhaseEncode": 26.35,
    "ConversionSoftware": "dcm2niix",
    "ConversionSoftwareVersion": "v1.0.20170624 (OpenJPEG build) MSC1900",
    "DeviceSerialNumber": "35071",
    "EchoTime": 0.03,
    "EffectiveEchoSpacing": 0.000345006,
    "FlipAngle": 60,
    "ImageType": [
      "ORIGINAL",
      "PRIMARY",
      "M",
      "MB",
      "ND",
      "NORM",
      "MOSAIC"
    ],
    "InstitutionAddress": "Gilbert_1_New_Haven-1763f8-_CT_US_06520",
    "InstitutionName": "Yale_University_School_of_Medicine",
    "MagneticFieldStrength": 3,
    "Manufacturer": "Siemens",
    "ManufacturersModelName": "TrioTim",
    "PhaseEncodingDirection": "j-",
    "PhaseEncodingLines": 110,
    "ProcedureStepDescription": "MRRC_Research_SiteProtocols",
    "ProtocolName": "mbep2d_bold_taste2(MB4iPAT2)",
    "RepetitionTime": 1,
    "ScanningSequence": "EP",
    "SequenceName": "epfid2d1_110",
    "SequenceVariant": "SK_SS",
    "SeriesDescription": "mbep2d_bold_taste2(MB4iPAT2)",
    "SliceTiming": [
      0,
      0.535,
      0.0675,
      0.6025,
      0.135,
      0.67,
      0.2025,
      0.7375,
      0.2675,
      0.805,
      0.335,
      0.87,
      0.4025,
      0.9375,
      0.47,
      0,
      0.535,
      0.0675,
      0.6025,
      0.135,
      0.67,
      0.2025,
      0.7375,
      0.2675,
      0.805,
      0.335,
      0.87,
      0.4025,
      0.9375,
      0.47,
      0,
      0.535,
      0.0675,
      0.6025,
      0.135,
      0.67,
      0.2025,
      0.7375,
      0.2675,
      0.805,
      0.335,
      0.87,
      0.4025,
      0.9375,
      0.47,
      0,
      0.535,
      0.0675,
      0.6025,
      0.135,
      0.67,
      0.2025,
      0.7375,
      0.2675,
      0.805,
      0.335,
      0.87,
      0.4025,
      0.9375,
      0.47
    ],
    "SoftwareVersions": "syngo_MR_B17",
    "TaskName": "taste",
    "TotalReadoutTime": 0.0372607,
    "TrueEchoSpacing": 0.000690012,
    "dataset": "ds003424",
    "modality": "bold",
    "run_id": 2,
    "subject_id": "11",
    "task_id": "taste"
  },
  "dummy_trs": 0,
  "dvars_nstd": 47.30843501225969,
  "dvars_std": 1.1621050369983146,
  "dvars_vstd": 1.0029311563575036,
  "efc": 0.47551359554395767,
  "fber": 4379.892578125,
  "fd_mean": 0.08490974017279956,
  "fd_num": 4,
  "fd_perc": 0.6734006734006734,
  "fwhm_avg": 1.8513396666666668,
  "fwhm_x": 1.7916,
  "fwhm_y": 2.092155,
  "fwhm_z": 1.670264,
  "gcor": 0.00771591,
  "gsr_x": -0.01994456723332405,
  "gsr_y": 0.029552916064858437,
  "provenance": {
    "md5sum": "61641378ac3cf5148efe9f8e65269964",
    "settings": {
      "fd_thres": 0.2,
      "testing": false
    },
    "software": "mriqc",
    "version": "22.0.6",
    "webapi_port": null,
    "webapi_url": "https://mriqc.nimh.nih.gov/api/v1"
  },
  "size_t": 594,
  "size_x": 110,
  "size_y": 110,
  "size_z": 60,
  "snr": 7.1234830921224,
  "spacing_tr": 1.0,
  "spacing_x": 2.0,
  "spacing_y": 2.0,
  "spacing_z": 2.5,
  "summary_bg_k": 27.38372470531709,
  "summary_bg_mad": 5.226546943373552,
  "summary_bg_mean": 23.184410095214844,
  "summary_bg_median": 7.5892252922058105,
  "summary_bg_n": 516240.0,
  "summary_bg_p05": 3.1245789527893066,
  "summary_bg_p95": 102.55387115478516,
  "summary_bg_stdv": 47.24129104614258,
  "summary_fg_k": 3.823630026574407,
  "summary_fg_mad": 61.448133885741804,
  "summary_fg_mean": 505.52850341796875,
  "summary_fg_median": 505.5083923339844,
  "summary_fg_n": 118911.0,
  "summary_fg_p05": 401.28955078125,
  "summary_fg_p95": 614.5025024414062,
  "summary_fg_stdv": 70.9633560180664,
  "tsnr": 33.95122083113529
}