{
  "aor": 0.00024368715083798883,
  "aqi": 0.0321227187150838,
  "bids_meta": {
    "AccelFactPE": 2,
    "AcquisitionNumber": 1,
    "AcquisitionTime": "10:19:47.365000",
    "BandwidthPerPixelPhaseEncode": 26.35,
    "ConversionSoftware": "dcm2niix",
    "ConversionSoftwareVersion": "v1.0.20170624 (OpenJPEG build) MSC1900",
    "DeviceSerialNumber": "35071",
    "EchoTime": 0.03,
    "EffectiveEchoSpacing": 0.000345006,
    "FlipAngle": 60,
    "ImageType": [
      "ORIGINAL",
      "PRIMARY",
      "M",
      "MB",
      "ND",
      "NORM",
      "MOSAIC"
    ],
    "InstitutionAddress": "Gilbert_1_New_Haven-1763f8-_CT_US_06520",
    "InstitutionName": "Yale_University_School_of_Medicine",
    "MagneticFieldStrength": 3,
    "Manufacturer": "Siemens",
    "ManufacturersModelName": "TrioTim",
    "PhaseEncodingDirection": "j-",
    "PhaseEncodingLines": 110,
    "ProcedureStepDescription": "MRRC_Research_SiteProtocols",
    "ProtocolName": "mbep2d_bold_resting(MB4iPAT2)",
    "RepetitionTime": 1,
    "ScanningSequence": "EP",
    "SequenceName": "epfid2d1_110",
    "SequenceVariant": "SK_SS",
    "SeriesDescription": "mbep2d_bold_resting(MB4iPAT2)",
    "SliceTiming": [
      0,
      0.535,
      0.065,
      0.6,
      0.1325,
      0.6675,
      0.2,
      0.735,
      0.2675,
      0.8025,
      0.3325,
      0.8675,
      0.4,
      0.935,
      0.4675,
      0,
      0.535,
      0.065,
      0.6,
      0.1325,
      0.6675,
      0.2,
      0.735,
      0.2675,
      0.8025,
      0.3325,
      0.8675,
      0.4,
      0.935,
      0.4675,
      0,
      0.535,
      0.065,
      0.6,
      0.1325,
      0.6675,
      0.2,
      0.735,
      0.2675,
      0.8025,
      0.3325,
      0.8675,
      0.4,
      0.935,
      0.4675,
      0,
      0.535,
      0.065,
      0.6,
      0.1325,
      0.6675,
      0.2,
      0.735,
      0.2675,
      0.8025,
      0.3325,
      0.8675,
      0.4,
      0.935,
      0.4675
    ],
    "SoftwareVersions": "syngo_MR_B17",
    "TaskName": "rest",
    "TotalReadoutTime": 0.0372607,
    "TrueEchoSpacing": 0.000690012,
    "dataset": "ds003424",
    "modality": "bold",
    "subject_id": "07",
    "task_id": "resting"
  },
  "dummy_trs": 2,
  "dvars_nstd": 45.03319239694679,
  "dvars_std": 1.1074099060784313,
  "dvars_vstd": 0.9991965026330535,
  "efc": 0.4736168642559529,
  "fber": 4230.015625,
  "fd_mean": 0.07153628251254654,
  "fd_num": 0,
  "fd_perc": 0.0,
  "fwhm_avg": 1.8752106666666666,
  "fwhm_x": 1.84247,
  "fwhm_y": 2.08023,
  "fwhm_z": 1.702932,
  "gcor": 0.00697383,
  "gsr_x": -0.01820385456085205,
  "gsr_y": 0.025876272469758987,
  "provenance": {
    "md5sum": "471f81068e57ac66391170cb9ec4ae67",
    "settings": {
      "fd_thres": 0.2,
      "testing": false
    },
    "software": "mriqc",
    "version": "22.0.6",
    "webapi_port": null,
    "webapi_url": "https://mriqc.nimh.nih.gov/api/v1"
  },
  "size_t": 358,
  "size_x": 110,
  "size_y": 110,
  "size_z": 60,
  "snr": 7.051875726502653,
  "spacing_tr": 1.0,
  "spacing_x": 2.0,
  "spacing_y": 2.0,
  "spacing_z": 2.5,
  "summary_bg_k": 23.520564208407123,
  "summary_bg_mad": 4.567905344682322,
  "summary_bg_mean": 20.352596282958984,
  "summary_bg_median": 6.9553070068359375,
  "summary_bg_n": 518322.0,
  "summary_bg_p05": 3.0391061305999756,
  "summary_bg_p95": 90.67024765014635,
  "summary_bg_stdv": 39.21867370605469,
  "summary_fg_k": 3.967896062636693,
  "summary_fg_mad": 53.33639763267968,
  "summary_fg_mean": 457.468017578125,
  "summary_fg_median": 456.17315673828125,
  "summary_fg_n": 118009.0,
  "summary_fg_p05": 368.0200988769531,
  "summary_fg_p95": 560.7882690429685,
  "summary_fg_stdv": 64.68792724609375,
  "tsnr": 33.82645843492355
}