{
  "bids_meta": {
    "AccelFactPE": 2,
    "AcquisitionNumber": 1,
    "AcquisitionTime": "10:36:19.685000",
    "ConversionSoftware": "dcm2niix",
    "ConversionSoftwareVersion": "v1.0.20170624 (OpenJPEG build) MSC1900",
    "DeviceSerialNumber": "35071",
    "EchoTime": 0.00252,
    "FlipAngle": 9,
    "ImageType": [
      "ORIGINAL",
      "PRIMARY",
      "M",
      "ND",
      "NORM"
    ],
    "InstitutionAddress": "Gilbert_1_New_Haven-1763f8-_CT_US_06520",
    "InstitutionName": "Yale_University_School_of_Medicine",
    "InversionTime": 0.9,
    "MagneticFieldStrength": 3,
    "Manufacturer": "Siemens",
    "ManufacturersModelName": "TrioTim",
    "PhaseEncodingDirection": "i-",
    "PhaseEncodingLines": 246,
    "ProcedureStepDescription": "MRRC_Research_SiteProtocols",
    "ProtocolName": "t1_Sag_3D_MPRAGE",
    "RepetitionTime": 1.9,
    "ScanningSequence": "GR_IR",
    "SequenceName": "_tfl3d1_ns",
    "SequenceVariant": "SP_MP_OSP",
    "SeriesDescription": "t1_Sag_3D_MPRAGE",
    "SoftwareVersions": "syngo_MR_B17",
    "dataset": "ds003424",
    "modality": "T1w",
    "subject_id": "01"
  },
  "cjv": 0.3345463818717197,
  "cnr": 4.0143189942666915,
  "efc": 0.5317603632950172,
  "fber": -1.0,
  "fwhm_avg": 4.2757864266666665,
  "fwhm_x": 4.18483,
  "fwhm_y": 4.36616192,
  "fwhm_z": 4.27636736,
  "icvs_csf": 0.22137772838038056,
  "icvs_gm": 0.42785471707950967,
  "icvs_wm": 0.35076755454010977,
  "inu_med": 0.3384413719177246,
  "inu_range": 0.0855618834495544,
  "provenance": {
    "md5sum": "8cc4edf2fe3e36ad02d0d0848097959a",
    "settings": {
      "testing": false
    },
    "software": "mriqc",
    "version": "22.0.6",
    "warnings": {
      "large_rot_frame": true,
      "small_air_mask": false
    },
    "webapi_port": null,
    "webapi_url": "https://mriqc.nimh.nih.gov/api/v1"
  },
  "qi_1": 0.0,
  "qi_2": 0.021972652626999947,
  "rpve_csf": 24.69664863466885,
  "rpve_gm": 13.148553813031738,
  "rpve_wm": 18.451177036081603,
  "size_x": 176,
  "size_y": 256,
  "size_z": 256,
  "snr_csf": 3.2341344027836136,
  "snr_gm": 15.189778147145628,
  "snr_total": 16.474587507372377,
  "snr_wm": 30.99984997218788,
  "snrd_csf": 57.29867122849323,
  "snrd_gm": 136.35858323745248,
  "snrd_total": 124.32171163408843,
  "snrd_wm": 179.3078804363196,
  "spacing_x": 1.0,
  "spacing_y": 0.9765625,
  "spacing_z": 0.9765625,
  "summary_bg_k": 14.60861166227583,
  "summary_bg_mad": 0.0,
  "summary_bg_mean": 1.8509550491417472,
  "summary_bg_median": 0.0,
  "summary_bg_n": 2518962.0,
  "summary_bg_p05": 0.0,
  "summary_bg_p95": 9.700532644987106,
  "summary_bg_stdv": 3.653829719783297,
  "summary_csf_k": 1.8903244599875277,
  "summary_csf_mad": 65.20943700951608,
  "summary_csf_mean": 326.16737223338777,
  "summary_csf_median": 319.5664106570184,
  "summary_csf_n": 41902.0,
  "summary_csf_p05": 147.85963395237923,
  "summary_csf_p95": 504.3174642138183,
  "summary_csf_stdv": 98.80931265552312,
  "summary_gm_k": 0.09443688450751031,
  "summary_gm_mad": 49.846812751635106,
  "summary_gm_mean": 759.4302797841517,
  "summary_gm_median": 760.4997127018869,
  "summary_gm_n": 28848.0,
  "summary_gm_p05": 676.9685730736703,
  "summary_gm_p95": 840.3821292556822,
  "summary_gm_stdv": 50.065677330457596,
  "summary_wm_k": 0.552029530276982,
  "summary_wm_mad": 30.289429387878815,
  "summary_wm_mean": 1001.0913792699886,
  "summary_wm_median": 1000.0367290377617,
  "summary_wm_n": 189030.0,
  "summary_wm_p05": 949.9907992556691,
  "summary_wm_p95": 1055.8515361882746,
  "summary_wm_stdv": 32.25932011772705,
  "tpm_overlap_csf": 0.16764852917393488,
  "tpm_overlap_gm": 0.468839536715337,
  "tpm_overlap_wm": 0.5210244507411794,
  "wm2max": 0.5037481259370314
}