{
  "bids_meta": {
    "AccelFactPE": 2,
    "AcquisitionNumber": 1,
    "AcquisitionTime": "08:37:41.922500",
    "ConversionSoftware": "dcm2niix",
    "ConversionSoftwareVersion": "v1.0.20170624 (OpenJPEG build) MSC1900",
    "DeviceSerialNumber": "35071",
    "EchoTime": 0.00252,
    "FlipAngle": 9,
    "ImageType": [
      "ORIGINAL",
      "PRIMARY",
      "M",
      "ND",
      "NORM"
    ],
    "InstitutionAddress": "Gilbert_1_New_Haven-1763f8-_CT_US_06520",
    "InstitutionName": "Yale_University_School_of_Medicine",
    "InversionTime": 0.9,
    "MagneticFieldStrength": 3,
    "Manufacturer": "Siemens",
    "ManufacturersModelName": "TrioTim",
    "PhaseEncodingDirection": "i-",
    "PhaseEncodingLines": 246,
    "ProcedureStepDescription": "MRRC_Research_SiteProtocols",
    "ProtocolName": "t1_Sag_3D_MPRAGE",
    "RepetitionTime": 1.9,
    "ScanningSequence": "GR_IR",
    "SequenceName": "_tfl3d1_ns",
    "SequenceVariant": "SP_MP_OSP",
    "SeriesDescription": "t1_Sag_3D_MPRAGE",
    "SoftwareVersions": "syngo_MR_B17",
    "dataset": "ds003424",
    "modality": "T1w",
    "subject_id": "20"
  },
  "cjv": 0.3385022922353351,
  "cnr": 3.9373755873676513,
  "efc": 0.5839559864385407,
  "fber": -1.0,
  "fwhm_avg": 4.500363466666667,
  "fwhm_x": 4.24326,
  "fwhm_y": 4.74843136,
  "fwhm_z": 4.50939904,
  "icvs_csf": 0.1943695243163224,
  "icvs_gm": 0.452553915352956,
  "icvs_wm": 0.3530765603307216,
  "inu_med": 0.3986255079507828,
  "inu_range": 0.12966324388980865,
  "provenance": {
    "md5sum": "8d2a48078bbe14a7e39142c0c75cdb20",
    "settings": {
      "testing": false
    },
    "software": "mriqc",
    "version": "22.0.6",
    "warnings": {
      "large_rot_frame": true,
      "small_air_mask": false
    },
    "webapi_port": null,
    "webapi_url": "https://mriqc.nimh.nih.gov/api/v1"
  },
  "qi_1": 0.0,
  "qi_2": 0.011382011702538133,
  "rpve_csf": 24.50694740084845,
  "rpve_gm": 11.302619276859176,
  "rpve_wm": 16.14682896953858,
  "size_x": 176,
  "size_y": 256,
  "size_z": 256,
  "snr_csf": 2.365592983444557,
  "snr_gm": 15.333748478967905,
  "snr_total": 14.587226158810504,
  "snr_wm": 26.06233701401905,
  "snrd_csf": 22.450542875915566,
  "snrd_gm": 56.368941386603346,
  "snrd_total": 51.24771945385424,
  "snrd_wm": 74.9236740990438,
  "spacing_x": 1.0,
  "spacing_y": 0.9765625,
  "spacing_z": 0.9765625,
  "summary_bg_k": 1816.998484197057,
  "summary_bg_mad": 0.0,
  "summary_bg_mean": 1.5275634149788826,
  "summary_bg_median": 0.0,
  "summary_bg_n": 2506363.0,
  "summary_bg_p05": 0.0,
  "summary_bg_p95": 6.563476029783487,
  "summary_bg_stdv": 8.744357332206876,
  "summary_csf_k": 2.8535604393471594,
  "summary_csf_mad": 91.19582767551607,
  "summary_csf_mean": 303.29110669648526,
  "summary_csf_median": 299.6560246217996,
  "summary_csf_n": 34264.0,
  "summary_csf_p05": 63.66922736912966,
  "summary_csf_p95": 516.3735794126987,
  "summary_csf_stdv": 126.6708406449814,
  "summary_gm_k": 0.09838077848306348,
  "summary_gm_mad": 49.17549623587029,
  "summary_gm_mean": 749.30686818212,
  "summary_gm_median": 752.3779260665178,
  "summary_gm_n": 55874.0,
  "summary_gm_p05": 664.6186357399449,
  "summary_gm_p95": 824.5410635918379,
  "summary_gm_stdv": 49.06635805716304,
  "summary_wm_k": 0.9710277254045834,
  "summary_wm_mad": 34.657016394803826,
  "summary_wm_mean": 999.734408035343,
  "summary_wm_median": 1000.035075083375,
  "summary_wm_n": 206583.0,
  "summary_wm_p05": 936.6817369349301,
  "summary_wm_p95": 1061.2473862916231,
  "summary_wm_stdv": 38.37079745085586,
  "tpm_overlap_csf": 0.15624785463406887,
  "tpm_overlap_gm": 0.47592934024055,
  "tpm_overlap_wm": 0.5039819162583169,
  "wm2max": 0.5577389335670077
}