{
  "bids_meta": {
    "AccelFactPE": 2,
    "AcquisitionNumber": 1,
    "AcquisitionTime": "09:44:42.765000",
    "ConversionSoftware": "dcm2niix",
    "ConversionSoftwareVersion": "v1.0.20170624 (OpenJPEG build) MSC1900",
    "DeviceSerialNumber": "35071",
    "EchoTime": 0.00252,
    "FlipAngle": 9,
    "ImageType": [
      "ORIGINAL",
      "PRIMARY",
      "M",
      "ND",
      "NORM"
    ],
    "InstitutionAddress": "Gilbert_1_New_Haven-1763f8-_CT_US_06520",
    "InstitutionName": "Yale_University_School_of_Medicine",
    "InversionTime": 0.9,
    "MagneticFieldStrength": 3,
    "Manufacturer": "Siemens",
    "ManufacturersModelName": "TrioTim",
    "PhaseEncodingDirection": "i-",
    "PhaseEncodingLines": 246,
    "ProcedureStepDescription": "MRRC_Research_SiteProtocols",
    "ProtocolName": "t1_Sag_3D_MPRAGE",
    "RepetitionTime": 1.9,
    "ScanningSequence": "GR_IR",
    "SequenceName": "_tfl3d1_ns",
    "SequenceVariant": "SP_MP_OSP",
    "SeriesDescription": "t1_Sag_3D_MPRAGE",
    "SoftwareVersions": "syngo_MR_B17",
    "dataset": "ds003424",
    "modality": "T1w",
    "subject_id": "27"
  },
  "cjv": 0.2992569813903148,
  "cnr": 4.524801777293366,
  "efc": 0.573718603540439,
  "fber": -1.0,
  "fwhm_avg": 4.715875546666667,
  "fwhm_x": 4.68857,
  "fwhm_y": 4.74361856,
  "fwhm_z": 4.71543808,
  "icvs_csf": 0.20987306028355046,
  "icvs_gm": 0.47018535561255614,
  "icvs_wm": 0.3199415841038934,
  "inu_med": 0.4787982702255249,
  "inu_range": 0.20390810966491701,
  "provenance": {
    "md5sum": "43b6fc9a61823fc4bea50bcca07b43db",
    "settings": {
      "testing": false
    },
    "software": "mriqc",
    "version": "22.0.6",
    "warnings": {
      "large_rot_frame": true,
      "small_air_mask": false
    },
    "webapi_port": null,
    "webapi_url": "https://mriqc.nimh.nih.gov/api/v1"
  },
  "qi_1": 0.0,
  "qi_2": 0.006075314405062122,
  "rpve_csf": 23.19004636659985,
  "rpve_gm": 11.199804812907953,
  "rpve_wm": 17.983377139681014,
  "size_x": 176,
  "size_y": 256,
  "size_z": 256,
  "snr_csf": 2.9603475152287255,
  "snr_gm": 15.821956125583897,
  "snr_total": 15.310492521462992,
  "snr_wm": 27.149173923576353,
  "snrd_csf": 39.48940802323684,
  "snrd_gm": 101.08241209571489,
  "snrd_total": 92.91010407672722,
  "snrd_wm": 138.15849211122995,
  "spacing_x": 1.0,
  "spacing_y": 0.9765625,
  "spacing_z": 0.9765625,
  "summary_bg_k": 26.147966188296984,
  "summary_bg_mad": 0.0,
  "summary_bg_mean": 2.0789761813448338,
  "summary_bg_median": 0.0,
  "summary_bg_n": 2882710.0,
  "summary_bg_p05": 0.0,
  "summary_bg_p95": 10.88220950216055,
  "summary_bg_stdv": 4.741919170511642,
  "summary_csf_k": 1.3530223900048322,
  "summary_csf_mad": 68.20782492027229,
  "summary_csf_mean": 293.2664741514841,
  "summary_csf_median": 285.82686130329967,
  "summary_csf_n": 49411.0,
  "summary_csf_p05": 122.23723259754479,
  "summary_csf_p95": 467.4096605479717,
  "summary_csf_stdv": 96.55081623962619,
  "summary_gm_k": 0.08392618774972194,
  "summary_gm_mad": 46.14876898153822,
  "summary_gm_mean": 729.7779082618127,
  "summary_gm_median": 731.6409647185355,
  "summary_gm_n": 74042.0,
  "summary_gm_p05": 651.0563271120191,
  "summary_gm_p95": 802.6942877955735,
  "summary_gm_stdv": 46.2418185323473,
  "summary_wm_k": 0.6957380292242616,
  "summary_wm_mad": 34.15954690134354,
  "summary_wm_mean": 999.5182417012682,
  "summary_wm_median": 1000.0000035278499,
  "summary_wm_n": 194516.0,
  "summary_wm_p05": 937.6712104827166,
  "summary_wm_p95": 1058.6888851188123,
  "summary_wm_stdv": 36.833438684243184,
  "tpm_overlap_csf": 0.15614480022756289,
  "tpm_overlap_gm": 0.4701661810687717,
  "tpm_overlap_wm": 0.4862121994476754,
  "wm2max": 0.5363068994044051
}