{
  "bids_meta": {
    "AccelFactPE": 2,
    "AcquisitionNumber": 1,
    "AcquisitionTime": "10:04:1.000000",
    "ConversionSoftware": "dcm2niix",
    "ConversionSoftwareVersion": "v1.0.20170624 (OpenJPEG build) MSC1900",
    "DeviceSerialNumber": "35071",
    "EchoTime": 0.00252,
    "FlipAngle": 9,
    "ImageType": [
      "ORIGINAL",
      "PRIMARY",
      "M",
      "ND",
      "NORM"
    ],
    "InstitutionAddress": "Gilbert_1_New_Haven-1763f8-_CT_US_06520",
    "InstitutionName": "Yale_University_School_of_Medicine",
    "InversionTime": 0.9,
    "MagneticFieldStrength": 3,
    "Manufacturer": "Siemens",
    "ManufacturersModelName": "TrioTim",
    "PhaseEncodingDirection": "i-",
    "PhaseEncodingLines": 246,
    "ProcedureStepDescription": "MRRC_Research_SiteProtocols",
    "ProtocolName": "t1_Sag_3D_MPRAGE",
    "RepetitionTime": 1.9,
    "ScanningSequence": "GR_IR",
    "SequenceName": "_tfl3d1_ns",
    "SequenceVariant": "SP_MP_OSP",
    "SeriesDescription": "t1_Sag_3D_MPRAGE",
    "SoftwareVersions": "syngo_MR_B17",
    "dataset": "ds003424",
    "modality": "T1w",
    "subject_id": "07"
  },
  "cjv": 0.3775732108995784,
  "cnr": 3.621889461468517,
  "efc": 0.5385378519777727,
  "fber": -1.0,
  "fwhm_avg": 4.455467733333333,
  "fwhm_x": 4.3892,
  "fwhm_y": 4.5842944,
  "fwhm_z": 4.3929088,
  "icvs_csf": 0.19024185927090623,
  "icvs_gm": 0.445473334921069,
  "icvs_wm": 0.36428480580802475,
  "inu_med": 0.3810189962387085,
  "inu_range": 0.13616320490837097,
  "provenance": {
    "md5sum": "d22edb46f2df8c34f07329543f0eaffb",
    "settings": {
      "testing": false
    },
    "software": "mriqc",
    "version": "22.0.6",
    "warnings": {
      "large_rot_frame": true,
      "small_air_mask": false
    },
    "webapi_port": null,
    "webapi_url": "https://mriqc.nimh.nih.gov/api/v1"
  },
  "qi_1": 0.0,
  "qi_2": 0.021061115733647644,
  "rpve_csf": 26.016657849986263,
  "rpve_gm": 12.09207863544377,
  "rpve_wm": 16.678364463863097,
  "size_x": 176,
  "size_y": 256,
  "size_z": 256,
  "snr_csf": 3.121185150567193,
  "snr_gm": 16.604187669377417,
  "snr_total": 16.01799907398123,
  "snr_wm": 28.328624401999075,
  "snrd_csf": 49.90401439729646,
  "snrd_gm": 127.10750787892097,
  "snrd_total": 112.93048657699457,
  "snrd_wm": 161.77993745476627,
  "spacing_x": 1.0,
  "spacing_y": 0.9765625,
  "spacing_z": 0.9765625,
  "summary_bg_k": 10.271457703915639,
  "summary_bg_mad": 0.0,
  "summary_bg_mean": 1.904735894848166,
  "summary_bg_median": 0.0,
  "summary_bg_n": 2481387.0,
  "summary_bg_p05": 0.0,
  "summary_bg_p95": 9.423734828829765,
  "summary_bg_stdv": 4.049721821291903,
  "summary_csf_k": 1.8954705268521002,
  "summary_csf_mad": 60.585031683871186,
  "summary_csf_mean": 326.903922474736,
  "summary_csf_median": 308.4813728481531,
  "summary_csf_n": 37541.0,
  "summary_csf_p05": 199.524651132524,
  "summary_csf_p95": 532.8162993043661,
  "summary_csf_stdv": 98.8333755758849,
  "summary_gm_k": 0.018686904414389804,
  "summary_gm_mad": 47.293417589960676,
  "summary_gm_mean": 784.5949759934848,
  "summary_gm_median": 785.7143158391118,
  "summary_gm_n": 50919.0,
  "summary_gm_p05": 705.3206842020154,
  "summary_gm_p95": 860.8123088777065,
  "summary_gm_stdv": 47.31978559330485,
  "summary_wm_k": 0.5110880004210969,
  "summary_wm_mad": 33.6308747306387,
  "summary_wm_mean": 1002.3681405152549,
  "summary_wm_median": 1000.0417362824082,
  "summary_wm_n": 220626.0,
  "summary_wm_p05": 948.6281741410494,
  "summary_wm_p95": 1064.1314727067947,
  "summary_wm_stdv": 35.30137770600694,
  "tpm_overlap_csf": 0.14864576925362044,
  "tpm_overlap_gm": 0.46469824968669127,
  "tpm_overlap_wm": 0.49078737011965223,
  "wm2max": 0.45808569820177253
}