{
  "bids_meta": {
    "AccelFactPE": 2,
    "AcquisitionNumber": 1,
    "AcquisitionTime": "12:41:57.587500",
    "ConversionSoftware": "dcm2niix",
    "ConversionSoftwareVersion": "v1.0.20170624 (OpenJPEG build) MSC1900",
    "DeviceSerialNumber": "35071",
    "EchoTime": 0.00252,
    "FlipAngle": 9,
    "ImageType": [
      "ORIGINAL",
      "PRIMARY",
      "M",
      "ND",
      "NORM"
    ],
    "InstitutionAddress": "Gilbert_1_New_Haven-1763f8-_CT_US_06520",
    "InstitutionName": "Yale_University_School_of_Medicine",
    "InversionTime": 0.9,
    "MagneticFieldStrength": 3,
    "Manufacturer": "Siemens",
    "ManufacturersModelName": "TrioTim",
    "PhaseEncodingDirection": "i-",
    "PhaseEncodingLines": 246,
    "ProcedureStepDescription": "MRRC_Research_SiteProtocols",
    "ProtocolName": "t1_Sag_3D_MPRAGE",
    "RepetitionTime": 1.9,
    "ScanningSequence": "GR_IR",
    "SequenceName": "_tfl3d1_ns",
    "SequenceVariant": "SP_MP_OSP",
    "SeriesDescription": "t1_Sag_3D_MPRAGE",
    "SoftwareVersions": "syngo_MR_B17",
    "dataset": "ds003424",
    "modality": "T1w",
    "subject_id": "02"
  },
  "cjv": 0.33506011848070066,
  "cnr": 4.018785047005326,
  "efc": 0.5411565855521305,
  "fber": -1.0,
  "fwhm_avg": 4.447745866666666,
  "fwhm_x": 4.4499,
  "fwhm_y": 4.38616064,
  "fwhm_z": 4.50717696,
  "icvs_csf": 0.23243444421715476,
  "icvs_gm": 0.4220568916658335,
  "icvs_wm": 0.34550866411701175,
  "inu_med": 0.3642476052045822,
  "inu_range": 0.0951702117919922,
  "provenance": {
    "md5sum": "629a83a38dcfa4bee5d3ff60415cc583",
    "settings": {
      "testing": false
    },
    "software": "mriqc",
    "version": "22.0.6",
    "warnings": {
      "large_rot_frame": true,
      "small_air_mask": false
    },
    "webapi_port": null,
    "webapi_url": "https://mriqc.nimh.nih.gov/api/v1"
  },
  "qi_1": 0.0,
  "qi_2": 0.0070282187301733655,
  "rpve_csf": 26.130497397708524,
  "rpve_gm": 14.57469057364999,
  "rpve_wm": 20.391403310358562,
  "size_x": 176,
  "size_y": 256,
  "size_z": 256,
  "snr_csf": 3.1741780147074,
  "snr_gm": 14.389997331960933,
  "snr_total": 16.097870788597326,
  "snr_wm": 30.729437019123647,
  "snrd_csf": 37.47921362870834,
  "snrd_gm": 95.55005362978017,
  "snrd_total": 86.70911780339343,
  "snrd_wm": 127.09808615169179,
  "spacing_x": 1.0,
  "spacing_y": 0.9765625,
  "spacing_z": 0.9765625,
  "summary_bg_k": 23.24828716196525,
  "summary_bg_mad": 0.0,
  "summary_bg_mean": 2.450924087958819,
  "summary_bg_median": 0.0,
  "summary_bg_n": 2435298.0,
  "summary_bg_p05": 0.0,
  "summary_bg_p95": 12.58585450798273,
  "summary_bg_stdv": 5.154764525910982,
  "summary_csf_k": 2.2072195122075433,
  "summary_csf_mad": 56.529884490671606,
  "summary_csf_mean": 298.5556742772659,
  "summary_csf_median": 294.8951101973653,
  "summary_csf_n": 50223.0,
  "summary_csf_p05": 103.84629393592478,
  "summary_csf_p95": 458.09911560043673,
  "summary_csf_stdv": 92.9034770448297,
  "summary_gm_k": -0.04795571908399632,
  "summary_gm_mad": 52.51169406436291,
  "summary_gm_mean": 750.1088482148256,
  "summary_gm_median": 751.8098931759596,
  "summary_gm_n": 36221.0,
  "summary_gm_p05": 661.9639701396227,
  "summary_gm_p95": 834.3047861456871,
  "summary_gm_stdv": 52.244590298876375,
  "summary_wm_k": 0.48699792402812436,
  "summary_wm_mad": 30.659343389780023,
  "summary_wm_mean": 1001.0603870487573,
  "summary_wm_median": 1000.0371003746986,
  "summary_wm_n": 177382.0,
  "summary_wm_p05": 949.0996597111225,
  "summary_wm_p95": 1055.9123541638255,
  "summary_wm_stdv": 32.54320217023517,
  "tpm_overlap_csf": 0.16456381375771792,
  "tpm_overlap_gm": 0.4744078809491292,
  "tpm_overlap_wm": 0.518816463805666,
  "wm2max": 0.4829923434165935
}