{
  "aor": 0.0002284511784511785,
  "aqi": 0.03160560959595959,
  "bids_meta": {
    "AccelFactPE": 2,
    "AcquisitionNumber": 1,
    "AcquisitionTime": "10:43:14.162500",
    "BandwidthPerPixelPhaseEncode": 26.35,
    "ConversionSoftware": "dcm2niix",
    "ConversionSoftwareVersion": "v1.0.20170624 (OpenJPEG build) MSC1900",
    "DeviceSerialNumber": "35071",
    "EchoTime": 0.03,
    "EffectiveEchoSpacing": 0.000345006,
    "FlipAngle": 60,
    "ImageType": [
      "ORIGINAL",
      "PRIMARY",
      "M",
      "MB",
      "ND",
      "NORM",
      "MOSAIC"
    ],
    "InstitutionAddress": "Gilbert_1_New_Haven-1763f8-_CT_US_06520",
    "InstitutionName": "Yale_University_School_of_Medicine",
    "MagneticFieldStrength": 3,
    "Manufacturer": "Siemens",
    "ManufacturersModelName": "TrioTim",
    "PhaseEncodingDirection": "j-",
    "PhaseEncodingLines": 110,
    "ProcedureStepDescription": "MRRC_Research_SiteProtocols",
    "ProtocolName": "mbep2d_bold_taste4(MB4iPAT2)",
    "RepetitionTime": 1,
    "ScanningSequence": "EP",
    "SequenceName": "epfid2d1_110",
    "SequenceVariant": "SK_SS",
    "SeriesDescription": "mbep2d_bold_taste4(MB4iPAT2)",
    "SliceTiming": [
      0,
      0.5375,
      0.0675,
      0.6025,
      0.135,
      0.67,
      0.2025,
      0.7375,
      0.2675,
      0.805,
      0.335,
      0.87,
      0.4025,
      0.9375,
      0.47,
      0,
      0.5375,
      0.0675,
      0.6025,
      0.135,
      0.67,
      0.2025,
      0.7375,
      0.2675,
      0.805,
      0.335,
      0.87,
      0.4025,
      0.9375,
      0.47,
      0,
      0.5375,
      0.0675,
      0.6025,
      0.135,
      0.67,
      0.2025,
      0.7375,
      0.2675,
      0.805,
      0.335,
      0.87,
      0.4025,
      0.9375,
      0.47,
      0,
      0.5375,
      0.0675,
      0.6025,
      0.135,
      0.67,
      0.2025,
      0.7375,
      0.2675,
      0.805,
      0.335,
      0.87,
      0.4025,
      0.9375,
      0.47
    ],
    "SoftwareVersions": "syngo_MR_B17",
    "TaskName": "taste",
    "TotalReadoutTime": 0.0372607,
    "TrueEchoSpacing": 0.000690012,
    "dataset": "ds003424",
    "modality": "bold",
    "run_id": 4,
    "subject_id": "07",
    "task_id": "taste"
  },
  "dummy_trs": 0,
  "dvars_nstd": 46.38488741839797,
  "dvars_std": 1.1166102002360885,
  "dvars_vstd": 1.0041799881956162,
  "efc": 0.47416061342520316,
  "fber": 4144.3408203125,
  "fd_mean": 0.09247316574999503,
  "fd_num": 13,
  "fd_perc": 2.1885521885521886,
  "fwhm_avg": 1.8878076666666666,
  "fwhm_x": 1.848785,
  "fwhm_y": 2.09453,
  "fwhm_z": 1.7201080000000002,
  "gcor": 0.0109636,
  "gsr_x": -0.01866600476205349,
  "gsr_y": 0.02745305560529232,
  "provenance": {
    "md5sum": "cb4eaff5f5960a89678cf2d4cc7a2411",
    "settings": {
      "fd_thres": 0.2,
      "testing": false
    },
    "software": "mriqc",
    "version": "22.0.6",
    "webapi_port": null,
    "webapi_url": "https://mriqc.nimh.nih.gov/api/v1"
  },
  "size_t": 594,
  "size_x": 110,
  "size_y": 110,
  "size_z": 60,
  "snr": 7.0105150138190435,
  "spacing_tr": 1.0,
  "spacing_x": 2.0,
  "spacing_y": 2.0,
  "spacing_z": 2.5,
  "summary_bg_k": 24.161039875948195,
  "summary_bg_mad": 4.654971335855669,
  "summary_bg_mean": 20.684772491455078,
  "summary_bg_median": 7.043770790100098,
  "summary_bg_n": 518323.0,
  "summary_bg_p05": 3.0639729499816895,
  "summary_bg_p95": 91.7673400878905,
  "summary_bg_stdv": 40.315643310546875,
  "summary_fg_k": 3.8750604073419277,
  "summary_fg_mad": 54.00517031919492,
  "summary_fg_mean": 458.090576171875,
  "summary_fg_median": 457.1986389160156,
  "summary_fg_n": 117985.0,
  "summary_fg_p05": 367.238037109375,
  "summary_fg_p95": 561.5653198242185,
  "summary_fg_stdv": 65.21585083007812,
  "tsnr": 33.63515158952214
}