{
  "aor": 0.0001678787878787879,
  "aqi": 0.03223852356902357,
  "bids_meta": {
    "AccelFactPE": 2,
    "AcquisitionNumber": 1,
    "AcquisitionTime": "10:09:6.615000",
    "BandwidthPerPixelPhaseEncode": 26.35,
    "ConversionSoftware": "dcm2niix",
    "ConversionSoftwareVersion": "v1.0.20170624 (OpenJPEG build) MSC1900",
    "DeviceSerialNumber": "35071",
    "EchoTime": 0.03,
    "EffectiveEchoSpacing": 0.000345006,
    "FlipAngle": 60,
    "ImageType": [
      "ORIGINAL",
      "PRIMARY",
      "M",
      "MB",
      "ND",
      "NORM",
      "MOSAIC"
    ],
    "InstitutionAddress": "Gilbert_1_New_Haven-1763f8-_CT_US_06520",
    "InstitutionName": "Yale_University_School_of_Medicine",
    "MagneticFieldStrength": 3,
    "Manufacturer": "Siemens",
    "ManufacturersModelName": "TrioTim",
    "PhaseEncodingDirection": "j-",
    "PhaseEncodingLines": 110,
    "ProcedureStepDescription": "MRRC_Research_SiteProtocols",
    "ProtocolName": "mbep2d_bold_taste2(MB4iPAT2)",
    "RepetitionTime": 1,
    "ScanningSequence": "EP",
    "SequenceName": "epfid2d1_110",
    "SequenceVariant": "SK_SS",
    "SeriesDescription": "mbep2d_bold_taste2(MB4iPAT2)",
    "SliceTiming": [
      0,
      0.535,
      0.065,
      0.6025,
      0.1325,
      0.6675,
      0.2,
      0.735,
      0.2675,
      0.8025,
      0.3325,
      0.87,
      0.4,
      0.935,
      0.4675,
      0,
      0.535,
      0.065,
      0.6025,
      0.1325,
      0.6675,
      0.2,
      0.735,
      0.2675,
      0.8025,
      0.3325,
      0.87,
      0.4,
      0.935,
      0.4675,
      0,
      0.535,
      0.065,
      0.6025,
      0.1325,
      0.6675,
      0.2,
      0.735,
      0.2675,
      0.8025,
      0.3325,
      0.87,
      0.4,
      0.935,
      0.4675,
      0,
      0.535,
      0.065,
      0.6025,
      0.1325,
      0.6675,
      0.2,
      0.735,
      0.2675,
      0.8025,
      0.3325,
      0.87,
      0.4,
      0.935,
      0.4675
    ],
    "SoftwareVersions": "syngo_MR_B17",
    "TaskName": "taste",
    "TotalReadoutTime": 0.0372607,
    "TrueEchoSpacing": 0.000690012,
    "dataset": "ds003424",
    "modality": "bold",
    "run_id": 2,
    "subject_id": "07",
    "task_id": "taste"
  },
  "dummy_trs": 0,
  "dvars_nstd": 46.17155013944345,
  "dvars_std": 1.1183554081281617,
  "dvars_vstd": 0.9979266813828012,
  "efc": 0.47229598478241147,
  "fber": 4533.64306640625,
  "fd_mean": 0.08999092361078835,
  "fd_num": 7,
  "fd_perc": 1.1784511784511784,
  "fwhm_avg": 1.8707926666666668,
  "fwhm_x": 1.82385,
  "fwhm_y": 2.08354,
  "fwhm_z": 1.7049880000000002,
  "gcor": 0.00860375,
  "gsr_x": -0.01812197081744671,
  "gsr_y": 0.02606629766523838,
  "provenance": {
    "md5sum": "cdcda8fd307dfb337e3acb2f4daa5514",
    "settings": {
      "fd_thres": 0.2,
      "testing": false
    },
    "software": "mriqc",
    "version": "22.0.6",
    "webapi_port": null,
    "webapi_url": "https://mriqc.nimh.nih.gov/api/v1"
  },
  "size_t": 594,
  "size_x": 110,
  "size_y": 110,
  "size_z": 60,
  "snr": 7.103413617864521,
  "spacing_tr": 1.0,
  "spacing_x": 2.0,
  "spacing_y": 2.0,
  "spacing_z": 2.5,
  "summary_bg_k": 25.05117896993088,
  "summary_bg_mad": 4.360447629494497,
  "summary_bg_mean": 20.006107330322266,
  "summary_bg_median": 6.705387115478516,
  "summary_bg_n": 517875.0,
  "summary_bg_p05": 2.9494948387145996,
  "summary_bg_p95": 88.77575836181629,
  "summary_bg_stdv": 39.61186218261719,
  "summary_fg_k": 3.8858057100798247,
  "summary_fg_mad": 53.32377415797988,
  "summary_fg_mean": 457.1378479003906,
  "summary_fg_median": 455.7104187011719,
  "summary_fg_n": 118167.0,
  "summary_fg_p05": 367.95892333984375,
  "summary_fg_p95": 560.3373718261719,
  "summary_fg_stdv": 64.15345001220703,
  "tsnr": 33.81174446619116
}