{
  "aor": 0.00021828282828282827,
  "aqi": 0.030314038215488216,
  "bids_meta": {
    "AccelFactPE": 2,
    "AcquisitionNumber": 1,
    "AcquisitionTime": "10:26:46.357500",
    "BandwidthPerPixelPhaseEncode": 26.35,
    "ConversionSoftware": "dcm2niix",
    "ConversionSoftwareVersion": "v1.0.20170624 (OpenJPEG build) MSC1900",
    "DeviceSerialNumber": "35071",
    "EchoTime": 0.03,
    "EffectiveEchoSpacing": 0.000345006,
    "FlipAngle": 60,
    "ImageType": [
      "ORIGINAL",
      "PRIMARY",
      "M",
      "MB",
      "ND",
      "NORM",
      "MOSAIC"
    ],
    "InstitutionAddress": "Gilbert_1_New_Haven-1763f8-_CT_US_06520",
    "InstitutionName": "Yale_University_School_of_Medicine",
    "MagneticFieldStrength": 3,
    "Manufacturer": "Siemens",
    "ManufacturersModelName": "TrioTim",
    "PhaseEncodingDirection": "j-",
    "PhaseEncodingLines": 110,
    "ProcedureStepDescription": "MRRC_Research_SiteProtocols",
    "ProtocolName": "mbep2d_bold_taste3(MB4iPAT2)",
    "RepetitionTime": 1,
    "ScanningSequence": "EP",
    "SequenceName": "epfid2d1_110",
    "SequenceVariant": "SK_SS",
    "SeriesDescription": "mbep2d_bold_taste3(MB4iPAT2)",
    "SliceTiming": [
      0,
      0.535,
      0.0675,
      0.6025,
      0.1325,
      0.6675,
      0.2,
      0.735,
      0.2675,
      0.8025,
      0.335,
      0.87,
      0.4,
      0.9375,
      0.4675,
      0,
      0.535,
      0.0675,
      0.6025,
      0.1325,
      0.6675,
      0.2,
      0.735,
      0.2675,
      0.8025,
      0.335,
      0.87,
      0.4,
      0.9375,
      0.4675,
      0,
      0.535,
      0.0675,
      0.6025,
      0.1325,
      0.6675,
      0.2,
      0.735,
      0.2675,
      0.8025,
      0.335,
      0.87,
      0.4,
      0.9375,
      0.4675,
      0,
      0.535,
      0.0675,
      0.6025,
      0.1325,
      0.6675,
      0.2,
      0.735,
      0.2675,
      0.8025,
      0.335,
      0.87,
      0.4,
      0.9375,
      0.4675
    ],
    "SoftwareVersions": "syngo_MR_B17",
    "TaskName": "taste",
    "TotalReadoutTime": 0.0372607,
    "TrueEchoSpacing": 0.000690012,
    "dataset": "ds003424",
    "modality": "bold",
    "run_id": 3,
    "subject_id": "07",
    "task_id": "taste"
  },
  "dummy_trs": 0,
  "dvars_nstd": 46.30839926477235,
  "dvars_std": 1.121059706795954,
  "dvars_vstd": 1.0040924663575037,
  "efc": 0.4741570889284404,
  "fber": 4188.33349609375,
  "fd_mean": 0.08392956410129877,
  "fd_num": 5,
  "fd_perc": 0.8417508417508418,
  "fwhm_avg": 1.876102333333333,
  "fwhm_x": 1.836595,
  "fwhm_y": 2.08574,
  "fwhm_z": 1.7059719999999998,
  "gcor": 0.00931005,
  "gsr_x": -0.01870443858206272,
  "gsr_y": 0.026833396404981613,
  "provenance": {
    "md5sum": "04ea2c991a5e3581c16182d1bfcbabf4",
    "settings": {
      "fd_thres": 0.2,
      "testing": false
    },
    "software": "mriqc",
    "version": "22.0.6",
    "webapi_port": null,
    "webapi_url": "https://mriqc.nimh.nih.gov/api/v1"
  },
  "size_t": 594,
  "size_x": 110,
  "size_y": 110,
  "size_z": 60,
  "snr": 7.022296404730562,
  "spacing_tr": 1.0,
  "spacing_x": 2.0,
  "spacing_y": 2.0,
  "spacing_z": 2.5,
  "summary_bg_k": 24.36227904225352,
  "summary_bg_mad": 4.607547763592154,
  "summary_bg_mean": 20.581087112426758,
  "summary_bg_median": 6.993265628814697,
  "summary_bg_n": 518262.0,
  "summary_bg_p05": 3.037036895751953,
  "summary_bg_p95": 91.7996597290039,
  "summary_bg_stdv": 40.114723205566406,
  "summary_fg_k": 3.99473916926049,
  "summary_fg_mad": 53.48100202386449,
  "summary_fg_mean": 456.9056396484375,
  "summary_fg_median": 455.86700439453125,
  "summary_fg_n": 118139.0,
  "summary_fg_p05": 366.88214111328125,
  "summary_fg_p95": 560.0154724121094,
  "summary_fg_stdv": 64.91680908203125,
  "tsnr": 34.69643988087773
}