{
  "aor": 0.00018897306397306396,
  "aqi": 0.030799742760942758,
  "bids_meta": {
    "AccelFactPE": 2,
    "AcquisitionNumber": 1,
    "AcquisitionTime": "09:53:46.037500",
    "BandwidthPerPixelPhaseEncode": 26.35,
    "ConversionSoftware": "dcm2niix",
    "ConversionSoftwareVersion": "v1.0.20170624 (OpenJPEG build) MSC1900",
    "DeviceSerialNumber": "35071",
    "EchoTime": 0.03,
    "EffectiveEchoSpacing": 0.000345006,
    "FlipAngle": 60,
    "ImageType": [
      "ORIGINAL",
      "PRIMARY",
      "M",
      "MB",
      "ND",
      "NORM",
      "MOSAIC"
    ],
    "InstitutionAddress": "Gilbert_1_New_Haven-1763f8-_CT_US_06520",
    "InstitutionName": "Yale_University_School_of_Medicine",
    "MagneticFieldStrength": 3,
    "Manufacturer": "Siemens",
    "ManufacturersModelName": "TrioTim",
    "PhaseEncodingDirection": "j-",
    "PhaseEncodingLines": 110,
    "ProcedureStepDescription": "MRRC_Research_SiteProtocols",
    "ProtocolName": "mbep2d_bold_taste1(MB4iPAT2)",
    "RepetitionTime": 1,
    "ScanningSequence": "EP",
    "SequenceName": "epfid2d1_110",
    "SequenceVariant": "SK_SS",
    "SeriesDescription": "mbep2d_bold_taste1(MB4iPAT2)",
    "SliceTiming": [
      0,
      0.535,
      0.0675,
      0.6025,
      0.1325,
      0.6675,
      0.2,
      0.735,
      0.2675,
      0.8025,
      0.335,
      0.87,
      0.4,
      0.9375,
      0.4675,
      0,
      0.535,
      0.0675,
      0.6025,
      0.1325,
      0.6675,
      0.2,
      0.735,
      0.2675,
      0.8025,
      0.335,
      0.87,
      0.4,
      0.9375,
      0.4675,
      0,
      0.535,
      0.0675,
      0.6025,
      0.1325,
      0.6675,
      0.2,
      0.735,
      0.2675,
      0.8025,
      0.335,
      0.87,
      0.4,
      0.9375,
      0.4675,
      0,
      0.535,
      0.0675,
      0.6025,
      0.1325,
      0.6675,
      0.2,
      0.735,
      0.2675,
      0.8025,
      0.335,
      0.87,
      0.4,
      0.9375,
      0.4675
    ],
    "SoftwareVersions": "syngo_MR_B17",
    "TaskName": "taste",
    "TotalReadoutTime": 0.0372607,
    "TrueEchoSpacing": 0.000690012,
    "dataset": "ds003424",
    "modality": "bold",
    "run_id": 1,
    "subject_id": "07",
    "task_id": "taste"
  },
  "dummy_trs": 0,
  "dvars_nstd": 46.01101743757174,
  "dvars_std": 1.1250437747217534,
  "dvars_vstd": 1.0022263763406403,
  "efc": 0.4712799955107612,
  "fber": 4685.3603515625,
  "fd_mean": 0.08778488941283197,
  "fd_num": 3,
  "fd_perc": 0.5050505050505051,
  "fwhm_avg": 1.9032426666666666,
  "fwhm_x": 1.849275,
  "fwhm_y": 2.119545,
  "fwhm_z": 1.740908,
  "gcor": 0.0118145,
  "gsr_x": -0.017639581114053726,
  "gsr_y": 0.026027977466583252,
  "provenance": {
    "md5sum": "bfce86e62a7e0d8aa12a57dd7e8211dd",
    "settings": {
      "fd_thres": 0.2,
      "testing": false
    },
    "software": "mriqc",
    "version": "22.0.6",
    "webapi_port": null,
    "webapi_url": "https://mriqc.nimh.nih.gov/api/v1"
  },
  "size_t": 594,
  "size_x": 110,
  "size_y": 110,
  "size_z": 60,
  "snr": 6.934507334535229,
  "spacing_tr": 1.0,
  "spacing_x": 2.0,
  "spacing_y": 2.0,
  "spacing_z": 2.5,
  "summary_bg_k": 25.782602048087494,
  "summary_bg_mad": 4.25561715174764,
  "summary_bg_mean": 19.400421142578125,
  "summary_bg_median": 6.570706844329834,
  "summary_bg_n": 517022.0,
  "summary_bg_p05": 2.882154703140259,
  "summary_bg_p95": 85.92255401611328,
  "summary_bg_stdv": 38.41291046142578,
  "summary_fg_k": 4.911388628685391,
  "summary_fg_mad": 52.404002453912156,
  "summary_fg_mean": 454.6943359375,
  "summary_fg_median": 454.1582336425781,
  "summary_fg_n": 118608.0,
  "summary_fg_p05": 365.3559600830078,
  "summary_fg_p95": 556.7356567382812,
  "summary_fg_stdv": 65.49222564697266,
  "tsnr": 34.955772114917636
}