{
  "bids_meta": {
    "AccelFactPE": 2,
    "AcquisitionNumber": 1,
    "AcquisitionTime": "14:14:30.422500",
    "ConversionSoftware": "dcm2niix",
    "ConversionSoftwareVersion": "v1.0.20170624 (OpenJPEG build) MSC1900",
    "DeviceSerialNumber": "35071",
    "EchoTime": 0.00252,
    "FlipAngle": 9,
    "ImageType": [
      "ORIGINAL",
      "PRIMARY",
      "M",
      "ND",
      "NORM"
    ],
    "InstitutionAddress": "Gilbert_1_New_Haven-1763f8-_CT_US_06520",
    "InstitutionName": "Yale_University_School_of_Medicine",
    "InversionTime": 0.9,
    "MagneticFieldStrength": 3,
    "Manufacturer": "Siemens",
    "ManufacturersModelName": "TrioTim",
    "PhaseEncodingDirection": "i-",
    "PhaseEncodingLines": 246,
    "ProcedureStepDescription": "MRRC_Research_SiteProtocols",
    "ProtocolName": "t1_Sag_3D_MPRAGE",
    "RepetitionTime": 1.9,
    "ScanningSequence": "GR_IR",
    "SequenceName": "_tfl3d1_ns",
    "SequenceVariant": "SP_MP_OSP",
    "SeriesDescription": "t1_Sag_3D_MPRAGE",
    "SoftwareVersions": "syngo_MR_B17",
    "dataset": "ds003424",
    "modality": "T1w",
    "subject_id": "17"
  },
  "cjv": 0.36839004563694183,
  "cnr": 3.712328723025648,
  "efc": 0.5460541899272029,
  "fber": -1.0,
  "fwhm_avg": 4.39097624,
  "fwhm_x": 4.33117,
  "fwhm_y": 4.33513472,
  "fwhm_z": 4.5066239999999995,
  "icvs_csf": 0.1907431367763303,
  "icvs_gm": 0.4464532743603963,
  "icvs_wm": 0.3628035888632734,
  "inu_med": 0.4097501188516617,
  "inu_range": 0.14142718464136123,
  "provenance": {
    "md5sum": "6e391cb67c4c2a005b79dbe9f6318bab",
    "settings": {
      "testing": false
    },
    "software": "mriqc",
    "version": "22.0.6",
    "warnings": {
      "large_rot_frame": true,
      "small_air_mask": false
    },
    "webapi_port": null,
    "webapi_url": "https://mriqc.nimh.nih.gov/api/v1"
  },
  "qi_1": 0.0,
  "qi_2": 0.014600416913616084,
  "rpve_csf": 25.097458184016613,
  "rpve_gm": 11.5118240796544,
  "rpve_wm": 15.79942195653765,
  "size_x": 176,
  "size_y": 256,
  "size_z": 256,
  "snr_csf": 2.9272065632858344,
  "snr_gm": 16.480813017849293,
  "snr_total": 15.274991594927167,
  "snr_wm": 26.41695520364637,
  "snrd_csf": 40.438619224605944,
  "snrd_gm": 101.39461431170339,
  "snrd_total": 90.88223245230365,
  "snrd_wm": 130.81346382060164,
  "spacing_x": 1.0,
  "spacing_y": 0.9765625,
  "spacing_z": 0.9765625,
  "summary_bg_k": 18.383947439902894,
  "summary_bg_mad": 0.0,
  "summary_bg_mean": 2.552984890699606,
  "summary_bg_median": 0.0,
  "summary_bg_n": 2588282.0,
  "summary_bg_p05": 0.0,
  "summary_bg_p95": 9.557099640369415,
  "summary_bg_stdv": 5.0083943588999675,
  "summary_csf_k": 1.8376997312809253,
  "summary_csf_mad": 61.00704041777977,
  "summary_csf_mean": 315.87277348738724,
  "summary_csf_median": 309.14562586694956,
  "summary_csf_n": 40614.0,
  "summary_csf_p05": 107.95982927083969,
  "summary_csf_p95": 516.0988666210322,
  "summary_csf_stdv": 105.60984107549402,
  "summary_gm_k": 0.05661826557746252,
  "summary_gm_mad": 46.83766328848898,
  "summary_gm_mean": 774.1294633309944,
  "summary_gm_median": 775.1427249982953,
  "summary_gm_n": 42287.0,
  "summary_gm_p05": 696.1196696385741,
  "summary_gm_p95": 850.6703596562147,
  "summary_gm_stdv": 47.03248309681741,
  "summary_wm_k": 0.6098381162834343,
  "summary_wm_mad": 36.013833536947416,
  "summary_wm_mean": 1002.3328968535269,
  "summary_wm_median": 1000.0442873686552,
  "summary_wm_n": 210697.0,
  "summary_wm_p05": 944.2502936348319,
  "summary_wm_p95": 1067.8289014846087,
  "summary_wm_stdv": 37.856062762550174,
  "tpm_overlap_csf": 0.17335393340503483,
  "tpm_overlap_gm": 0.4793523597932423,
  "tpm_overlap_wm": 0.5134412551067786,
  "wm2max": 0.4187274470496644
}