{
  "bids_meta": {
    "AccelFactPE": 2,
    "AcquisitionNumber": 1,
    "AcquisitionTime": "16:34:43.702500",
    "ConversionSoftware": "dcm2niix",
    "ConversionSoftwareVersion": "v1.0.20170624 (OpenJPEG build) MSC1900",
    "DeviceSerialNumber": "35071",
    "EchoTime": 0.00252,
    "FlipAngle": 9,
    "ImageType": [
      "ORIGINAL",
      "PRIMARY",
      "M",
      "ND",
      "NORM"
    ],
    "InstitutionAddress": "Gilbert_1_New_Haven-1763f8-_CT_US_06520",
    "InstitutionName": "Yale_University_School_of_Medicine",
    "InversionTime": 0.9,
    "MagneticFieldStrength": 3,
    "Manufacturer": "Siemens",
    "ManufacturersModelName": "TrioTim",
    "PhaseEncodingDirection": "i-",
    "PhaseEncodingLines": 246,
    "ProcedureStepDescription": "MRRC_Research_SiteProtocols",
    "ProtocolName": "t1_Sag_3D_MPRAGE",
    "RepetitionTime": 1.9,
    "ScanningSequence": "GR_IR",
    "SequenceName": "_tfl3d1_ns",
    "SequenceVariant": "SP_MP_OSP",
    "SeriesDescription": "t1_Sag_3D_MPRAGE",
    "SoftwareVersions": "syngo_MR_B17",
    "dataset": "ds003424",
    "modality": "T1w",
    "subject_id": "09"
  },
  "cjv": 0.3688871070537286,
  "cnr": 3.612348281464601,
  "efc": 0.5491674965785988,
  "fber": -1.0,
  "fwhm_avg": 4.4337882933333335,
  "fwhm_x": 4.38041,
  "fwhm_y": 4.543365120000001,
  "fwhm_z": 4.37758976,
  "icvs_csf": 0.2244543302366843,
  "icvs_gm": 0.4291744728757918,
  "icvs_wm": 0.34637119688752394,
  "inu_med": 0.4018438458442688,
  "inu_range": 0.12814782857894896,
  "provenance": {
    "md5sum": "b95eb41768570e192153d5a4b85f9204",
    "settings": {
      "testing": false
    },
    "software": "mriqc",
    "version": "22.0.6",
    "warnings": {
      "large_rot_frame": true,
      "small_air_mask": false
    },
    "webapi_port": null,
    "webapi_url": "https://mriqc.nimh.nih.gov/api/v1"
  },
  "qi_1": 0.0,
  "qi_2": 0.019088544112201424,
  "rpve_csf": 23.007123314088734,
  "rpve_gm": 12.379495519856652,
  "rpve_wm": 17.61523968599658,
  "size_x": 176,
  "size_y": 256,
  "size_z": 256,
  "snr_csf": 3.498850150478264,
  "snr_gm": 15.804130533532282,
  "snr_total": 15.556643707393775,
  "snr_wm": 27.366950438170775,
  "snrd_csf": 65.85874226649227,
  "snrd_gm": 167.41268745148417,
  "snrd_total": 149.46420458973273,
  "snrd_wm": 215.1211840512217,
  "spacing_x": 1.0,
  "spacing_y": 0.9765625,
  "spacing_z": 0.9765625,
  "summary_bg_k": 18.168895599253283,
  "summary_bg_mad": 0.0,
  "summary_bg_mean": 1.2310230185103956,
  "summary_bg_median": 0.0,
  "summary_bg_n": 1893964.0,
  "summary_bg_p05": 0.0,
  "summary_bg_p95": 6.956386134028435,
  "summary_bg_stdv": 3.0455486616315115,
  "summary_csf_k": 2.3691919490156153,
  "summary_csf_mad": 54.291009233940215,
  "summary_csf_mean": 321.7581504221539,
  "summary_csf_median": 306.1591515392065,
  "summary_csf_n": 48388.0,
  "summary_csf_p05": 218.16282098479567,
  "summary_csf_p95": 505.34041777513926,
  "summary_csf_stdv": 87.50188626840739,
  "summary_gm_k": 0.1289802290867308,
  "summary_gm_mad": 48.380995421921114,
  "summary_gm_mean": 775.3469917753712,
  "summary_gm_median": 778.2554689496756,
  "summary_gm_n": 39357.0,
  "summary_gm_p05": 689.6905124500394,
  "summary_gm_p95": 852.0791397765279,
  "summary_gm_stdv": 49.243176023298126,
  "summary_wm_k": 0.9372580593543676,
  "summary_wm_mad": 33.432136956225726,
  "summary_wm_mean": 1002.6755776179275,
  "summary_wm_median": 1000.039127998054,
  "summary_wm_n": 200219.0,
  "summary_wm_p05": 947.592666245997,
  "summary_wm_p95": 1067.0627359747887,
  "summary_wm_stdv": 36.54176350014144,
  "tpm_overlap_csf": 0.1499493216364731,
  "tpm_overlap_gm": 0.44779505504341827,
  "tpm_overlap_wm": 0.48637466685110237,
  "wm2max": 0.5185960899184145
}