{
  "aor": 0.0020654545454545452,
  "aqi": 0.04237630353535353,
  "bids_meta": {
    "AccelFactPE": 2,
    "AcquisitionNumber": 1,
    "AcquisitionTime": "12:46:30.965000",
    "BandwidthPerPixelPhaseEncode": 26.35,
    "ConversionSoftware": "dcm2niix",
    "ConversionSoftwareVersion": "v1.0.20170624 (OpenJPEG build) MSC1900",
    "DeviceSerialNumber": "35071",
    "EchoTime": 0.03,
    "EffectiveEchoSpacing": 0.000345006,
    "FlipAngle": 60,
    "ImageType": [
      "ORIGINAL",
      "PRIMARY",
      "M",
      "MB",
      "ND",
      "NORM",
      "MOSAIC"
    ],
    "InstitutionAddress": "Gilbert_1_New_Haven-1763f8-_CT_US_06520",
    "InstitutionName": "Yale_University_School_of_Medicine",
    "MagneticFieldStrength": 3,
    "Manufacturer": "Siemens",
    "ManufacturersModelName": "TrioTim",
    "PhaseEncodingDirection": "j-",
    "PhaseEncodingLines": 110,
    "ProcedureStepDescription": "MRRC_Research_SiteProtocols",
    "ProtocolName": "mbep2d_bold_taste1(MB4iPAT2)",
    "RepetitionTime": 1,
    "ScanningSequence": "EP",
    "SequenceName": "epfid2d1_110",
    "SequenceVariant": "SK_SS",
    "SeriesDescription": "mbep2d_bold_taste1(MB4iPAT2)",
    "SliceTiming": [
      0,
      0.535,
      0.065,
      0.6,
      0.1325,
      0.6675,
      0.2,
      0.735,
      0.2675,
      0.8025,
      0.3325,
      0.8675,
      0.4,
      0.935,
      0.4675,
      0,
      0.535,
      0.065,
      0.6,
      0.1325,
      0.6675,
      0.2,
      0.735,
      0.2675,
      0.8025,
      0.3325,
      0.8675,
      0.4,
      0.935,
      0.4675,
      0,
      0.535,
      0.065,
      0.6,
      0.1325,
      0.6675,
      0.2,
      0.735,
      0.2675,
      0.8025,
      0.3325,
      0.8675,
      0.4,
      0.935,
      0.4675,
      0,
      0.535,
      0.065,
      0.6,
      0.1325,
      0.6675,
      0.2,
      0.735,
      0.2675,
      0.8025,
      0.3325,
      0.8675,
      0.4,
      0.935,
      0.4675
    ],
    "SoftwareVersions": "syngo_MR_B17",
    "TaskName": "taste",
    "TotalReadoutTime": 0.0372607,
    "TrueEchoSpacing": 0.000690012,
    "dataset": "ds003424",
    "modality": "bold",
    "run_id": 1,
    "subject_id": "12",
    "task_id": "taste"
  },
  "dummy_trs": 0,
  "dvars_nstd": 59.05293228271497,
  "dvars_std": 1.1272649270489037,
  "dvars_vstd": 1.0049773701517706,
  "efc": 0.49206157494732716,
  "fber": 4113.90185546875,
  "fd_mean": 0.3342161927218583,
  "fd_num": 234,
  "fd_perc": 39.39393939393939,
  "fwhm_avg": 1.870667,
  "fwhm_x": 1.811185,
  "fwhm_y": 2.04496,
  "fwhm_z": 1.755856,
  "gcor": 0.0153178,
  "gsr_x": -0.0007087371195666492,
  "gsr_y": 0.022555001080036163,
  "provenance": {
    "md5sum": "b002a2d312004a3bc891d620df38e13a",
    "settings": {
      "fd_thres": 0.2,
      "testing": false
    },
    "software": "mriqc",
    "version": "22.0.6",
    "webapi_port": null,
    "webapi_url": "https://mriqc.nimh.nih.gov/api/v1"
  },
  "size_t": 594,
  "size_x": 110,
  "size_y": 110,
  "size_z": 60,
  "snr": 6.471992181268989,
  "spacing_tr": 1.0,
  "spacing_x": 2.0,
  "spacing_y": 2.0,
  "spacing_z": 2.5,
  "summary_bg_k": 30.200933514387785,
  "summary_bg_mad": 4.7672899321072455,
  "summary_bg_mean": 21.475461959838867,
  "summary_bg_median": 6.350168228149414,
  "summary_bg_n": 507810.0,
  "summary_bg_p05": 2.4696969985961914,
  "summary_bg_p95": 98.46910171508783,
  "summary_bg_stdv": 44.82734298706055,
  "summary_fg_k": 3.171859976245851,
  "summary_fg_mad": 51.611506141710166,
  "summary_fg_mean": 411.75555419921875,
  "summary_fg_median": 408.98651123046875,
  "summary_fg_n": 127179.0,
  "summary_fg_p05": 321.80267333984375,
  "summary_fg_p95": 515.3989868164062,
  "summary_fg_stdv": 63.19304656982422,
  "tsnr": 26.16667168913409
}