{
  "aor": 0.0026262225969645872,
  "aqi": 0.042219579426644185,
  "bids_meta": {
    "AccelFactPE": 2,
    "AcquisitionNumber": 1,
    "AcquisitionTime": "13:36:55.647500",
    "BandwidthPerPixelPhaseEncode": 26.35,
    "ConversionSoftware": "dcm2niix",
    "ConversionSoftwareVersion": "v1.0.20170624 (OpenJPEG build) MSC1900",
    "DeviceSerialNumber": "35071",
    "EchoTime": 0.03,
    "EffectiveEchoSpacing": 0.000345006,
    "FlipAngle": 60,
    "ImageType": [
      "ORIGINAL",
      "PRIMARY",
      "M",
      "MB",
      "ND",
      "NORM",
      "MOSAIC"
    ],
    "InstitutionAddress": "Gilbert_1_New_Haven-1763f8-_CT_US_06520",
    "InstitutionName": "Yale_University_School_of_Medicine",
    "MagneticFieldStrength": 3,
    "Manufacturer": "Siemens",
    "ManufacturersModelName": "TrioTim",
    "PhaseEncodingDirection": "j-",
    "PhaseEncodingLines": 110,
    "ProcedureStepDescription": "MRRC_Research_SiteProtocols",
    "ProtocolName": "mbep2d_bold_taste4(MB4iPAT2)",
    "RepetitionTime": 1,
    "ScanningSequence": "EP",
    "SequenceName": "epfid2d1_110",
    "SequenceVariant": "SK_SS",
    "SeriesDescription": "mbep2d_bold_taste4(MB4iPAT2)",
    "SliceTiming": [
      0,
      0.535,
      0.0675,
      0.6025,
      0.135,
      0.67,
      0.2,
      0.7375,
      0.2675,
      0.8025,
      0.335,
      0.87,
      0.4025,
      0.9375,
      0.47,
      0,
      0.535,
      0.0675,
      0.6025,
      0.135,
      0.67,
      0.2,
      0.7375,
      0.2675,
      0.8025,
      0.335,
      0.87,
      0.4025,
      0.9375,
      0.47,
      0,
      0.535,
      0.0675,
      0.6025,
      0.135,
      0.67,
      0.2,
      0.7375,
      0.2675,
      0.8025,
      0.335,
      0.87,
      0.4025,
      0.9375,
      0.47,
      0,
      0.535,
      0.0675,
      0.6025,
      0.135,
      0.67,
      0.2,
      0.7375,
      0.2675,
      0.8025,
      0.335,
      0.87,
      0.4025,
      0.9375,
      0.47
    ],
    "SoftwareVersions": "syngo_MR_B17",
    "TaskName": "taste",
    "TotalReadoutTime": 0.0372607,
    "TrueEchoSpacing": 0.000690012,
    "dataset": "ds003424",
    "modality": "bold",
    "run_id": 4,
    "subject_id": "12",
    "task_id": "taste"
  },
  "dummy_trs": 1,
  "dvars_nstd": 64.21429953701006,
  "dvars_std": 1.1643320384797282,
  "dvars_vstd": 1.0272189169256758,
  "efc": 0.4983987899821236,
  "fber": 3283.718505859375,
  "fd_mean": 0.46294025714895465,
  "fd_num": 317,
  "fd_perc": 53.45699831365936,
  "fwhm_avg": 1.8742316666666667,
  "fwhm_x": 1.81697,
  "fwhm_y": 2.061445,
  "fwhm_z": 1.7442799999999998,
  "gcor": 0.012029,
  "gsr_x": -0.002134229987859726,
  "gsr_y": 0.02476106397807598,
  "provenance": {
    "md5sum": "812bfe2c0984713dbf4dbd6237c9a99b",
    "settings": {
      "fd_thres": 0.2,
      "testing": false
    },
    "software": "mriqc",
    "version": "22.0.6",
    "webapi_port": null,
    "webapi_url": "https://mriqc.nimh.nih.gov/api/v1"
  },
  "size_t": 593,
  "size_x": 110,
  "size_y": 110,
  "size_z": 60,
  "snr": 6.4352616106069425,
  "spacing_tr": 1.0,
  "spacing_x": 2.0,
  "spacing_y": 2.0,
  "spacing_z": 2.5,
  "summary_bg_k": 27.75334266141581,
  "summary_bg_mad": 5.567884115666141,
  "summary_bg_mean": 23.08052635192871,
  "summary_bg_median": 7.129848480224609,
  "summary_bg_n": 507678.0,
  "summary_bg_p05": 2.662731885910034,
  "summary_bg_p95": 106.1349105834961,
  "summary_bg_stdv": 45.68083190917969,
  "summary_fg_k": 2.892720699687472,
  "summary_fg_mad": 52.701129186362294,
  "summary_fg_mean": 411.75244140625,
  "summary_fg_median": 409.18719482421875,
  "summary_fg_n": 127336.0,
  "summary_fg_p05": 320.4317169189453,
  "summary_fg_p95": 516.8536987304688,
  "summary_fg_stdv": 63.58491897583008,
  "tsnr": 25.746797235682607
}