{
  "aor": 0.0031638448566610458,
  "aqi": 0.04451959595278246,
  "bids_meta": {
    "AccelFactPE": 2,
    "AcquisitionNumber": 1,
    "AcquisitionTime": "13:20:7.722500",
    "BandwidthPerPixelPhaseEncode": 26.35,
    "ConversionSoftware": "dcm2niix",
    "ConversionSoftwareVersion": "v1.0.20170624 (OpenJPEG build) MSC1900",
    "DeviceSerialNumber": "35071",
    "EchoTime": 0.03,
    "EffectiveEchoSpacing": 0.000345006,
    "FlipAngle": 60,
    "ImageType": [
      "ORIGINAL",
      "PRIMARY",
      "M",
      "MB",
      "ND",
      "NORM",
      "MOSAIC"
    ],
    "InstitutionAddress": "Gilbert_1_New_Haven-1763f8-_CT_US_06520",
    "InstitutionName": "Yale_University_School_of_Medicine",
    "MagneticFieldStrength": 3,
    "Manufacturer": "Siemens",
    "ManufacturersModelName": "TrioTim",
    "PhaseEncodingDirection": "j-",
    "PhaseEncodingLines": 110,
    "ProcedureStepDescription": "MRRC_Research_SiteProtocols",
    "ProtocolName": "mbep2d_bold_taste3(MB4iPAT2)",
    "RepetitionTime": 1,
    "ScanningSequence": "EP",
    "SequenceName": "epfid2d1_110",
    "SequenceVariant": "SK_SS",
    "SeriesDescription": "mbep2d_bold_taste3(MB4iPAT2)",
    "SliceTiming": [
      0,
      0.535,
      0.0675,
      0.6025,
      0.1325,
      0.6675,
      0.2,
      0.735,
      0.2675,
      0.8025,
      0.335,
      0.87,
      0.4,
      0.935,
      0.4675,
      0,
      0.535,
      0.0675,
      0.6025,
      0.1325,
      0.6675,
      0.2,
      0.735,
      0.2675,
      0.8025,
      0.335,
      0.87,
      0.4,
      0.935,
      0.4675,
      0,
      0.535,
      0.0675,
      0.6025,
      0.1325,
      0.6675,
      0.2,
      0.735,
      0.2675,
      0.8025,
      0.335,
      0.87,
      0.4,
      0.935,
      0.4675,
      0,
      0.535,
      0.0675,
      0.6025,
      0.1325,
      0.6675,
      0.2,
      0.735,
      0.2675,
      0.8025,
      0.335,
      0.87,
      0.4,
      0.935,
      0.4675
    ],
    "SoftwareVersions": "syngo_MR_B17",
    "TaskName": "taste",
    "TotalReadoutTime": 0.0372607,
    "TrueEchoSpacing": 0.000690012,
    "dataset": "ds003424",
    "modality": "bold",
    "run_id": 3,
    "subject_id": "12",
    "task_id": "taste"
  },
  "dummy_trs": 1,
  "dvars_nstd": 65.41943973440887,
  "dvars_std": 1.1659213722804065,
  "dvars_vstd": 1.0325537076858113,
  "efc": 0.496746395493796,
  "fber": 3409.298095703125,
  "fd_mean": 0.4534265631876485,
  "fd_num": 314,
  "fd_perc": 52.951096121416526,
  "fwhm_avg": 1.8822926666666664,
  "fwhm_x": 1.82142,
  "fwhm_y": 2.07231,
  "fwhm_z": 1.753148,
  "gcor": 0.0146704,
  "gsr_x": -0.0017882678657770157,
  "gsr_y": 0.024337507784366608,
  "provenance": {
    "md5sum": "2b0ef6ff373f66dcb9536b61995043f1",
    "settings": {
      "fd_thres": 0.2,
      "testing": false
    },
    "software": "mriqc",
    "version": "22.0.6",
    "webapi_port": null,
    "webapi_url": "https://mriqc.nimh.nih.gov/api/v1"
  },
  "size_t": 593,
  "size_x": 110,
  "size_y": 110,
  "size_z": 60,
  "snr": 6.428860378841937,
  "spacing_tr": 1.0,
  "spacing_x": 2.0,
  "spacing_y": 2.0,
  "spacing_z": 2.5,
  "summary_bg_k": 28.23221108560076,
  "summary_bg_mad": 5.38787128798509,
  "summary_bg_mean": 22.564895629882812,
  "summary_bg_median": 6.967959403991699,
  "summary_bg_n": 507735.0,
  "summary_bg_p05": 2.6357505321502686,
  "summary_bg_p95": 103.06576538085938,
  "summary_bg_stdv": 45.06137466430664,
  "summary_fg_k": 3.050798214548153,
  "summary_fg_mad": 52.41361710758136,
  "summary_fg_mean": 410.3572692871094,
  "summary_fg_median": 408.0978088378906,
  "summary_fg_n": 127319.0,
  "summary_fg_p05": 319.2190673828125,
  "summary_fg_p95": 514.5988037109374,
  "summary_fg_stdv": 63.47877883911133,
  "tsnr": 24.868882537004538
}