{
  "bids_meta": {
    "AccelFactPE": 2,
    "AcquisitionNumber": 1,
    "AcquisitionTime": "12:10:54.600000",
    "ConversionSoftware": "dcm2niix",
    "ConversionSoftwareVersion": "v1.0.20170624 (OpenJPEG build) MSC1900",
    "DeviceSerialNumber": "35071",
    "EchoTime": 0.00252,
    "FlipAngle": 9,
    "ImageType": [
      "ORIGINAL",
      "PRIMARY",
      "M",
      "ND",
      "NORM"
    ],
    "InstitutionAddress": "Gilbert_1_New_Haven-1763f8-_CT_US_06520",
    "InstitutionName": "Yale_University_School_of_Medicine",
    "InversionTime": 0.9,
    "MagneticFieldStrength": 3,
    "Manufacturer": "Siemens",
    "ManufacturersModelName": "TrioTim",
    "PhaseEncodingDirection": "i-",
    "PhaseEncodingLines": 246,
    "ProcedureStepDescription": "MRRC_Research_SiteProtocols",
    "ProtocolName": "t1_Sag_3D_MPRAGE",
    "RepetitionTime": 1.9,
    "ScanningSequence": "GR_IR",
    "SequenceName": "_tfl3d1_ns",
    "SequenceVariant": "SP_MP_OSP",
    "SeriesDescription": "t1_Sag_3D_MPRAGE",
    "SoftwareVersions": "syngo_MR_B17",
    "dataset": "ds003424",
    "modality": "T1w",
    "subject_id": "18"
  },
  "cjv": 0.35792050137501635,
  "cnr": 3.821330115935429,
  "efc": 0.5595041279360797,
  "fber": 42807.262269613726,
  "fwhm_avg": 4.078258373333333,
  "fwhm_x": 4.09589,
  "fwhm_y": 4.12266496,
  "fwhm_z": 4.01622016,
  "icvs_csf": 0.1672263758789314,
  "icvs_gm": 0.45803069364516646,
  "icvs_wm": 0.3747429304759021,
  "inu_med": 0.3322221338748932,
  "inu_range": 0.10328572988510132,
  "provenance": {
    "md5sum": "fe359157d4a7a9a1c199c1b5d1ffa914",
    "settings": {
      "testing": false
    },
    "software": "mriqc",
    "version": "22.0.6",
    "warnings": {
      "large_rot_frame": true,
      "small_air_mask": false
    },
    "webapi_port": null,
    "webapi_url": "https://mriqc.nimh.nih.gov/api/v1"
  },
  "qi_1": 0.0,
  "qi_2": 0.016229126069074364,
  "rpve_csf": 29.10391661081663,
  "rpve_gm": 11.89892845376244,
  "rpve_wm": 16.176817452633514,
  "size_x": 176,
  "size_y": 256,
  "size_z": 256,
  "snr_csf": 2.54279187703996,
  "snr_gm": 17.216254734798166,
  "snr_total": 15.905781052275335,
  "snr_wm": 27.95829654498788,
  "snrd_csf": 56.82534869767674,
  "snrd_gm": 132.3785092931758,
  "snrd_total": 119.70607673506636,
  "snrd_wm": 169.9143722143466,
  "spacing_x": 1.0,
  "spacing_y": 0.9765625,
  "spacing_z": 0.9765625,
  "summary_bg_k": 21.410630121612968,
  "summary_bg_mad": 0.0,
  "summary_bg_mean": 2.4699797334327953,
  "summary_bg_median": 0.0,
  "summary_bg_n": 2697966.0,
  "summary_bg_p05": 0.0,
  "summary_bg_p95": 9.917199611663818,
  "summary_bg_stdv": 3.8558071378204937,
  "summary_csf_k": 3.1945396229068512,
  "summary_csf_mad": 91.83704213174232,
  "summary_csf_mean": 336.7649258943921,
  "summary_csf_median": 334.4457507133484,
  "summary_csf_n": 27080.0,
  "summary_csf_p05": 90.95488786697388,
  "summary_csf_p95": 554.7665721178055,
  "summary_csf_stdv": 131.5245571346363,
  "summary_gm_k": 0.05859779084707961,
  "summary_gm_mad": 45.27671200395937,
  "summary_gm_mean": 778.4720878238445,
  "summary_gm_median": 779.1140913963318,
  "summary_gm_n": 42854.0,
  "summary_gm_p05": 704.0157037973404,
  "summary_gm_p95": 851.6198396682739,
  "summary_gm_stdv": 45.25403538770363,
  "summary_wm_k": 0.5594841560887311,
  "summary_wm_mad": 33.7941644235738,
  "summary_wm_mean": 1001.1662895665881,
  "summary_wm_median": 1000.0315189361572,
  "summary_wm_n": 209615.0,
  "summary_wm_p05": 944.684100151062,
  "summary_wm_p95": 1061.8959546089172,
  "summary_wm_stdv": 35.76860027661192,
  "tpm_overlap_csf": 0.16028136514726452,
  "tpm_overlap_gm": 0.46966786263990556,
  "tpm_overlap_wm": 0.5049028159287897,
  "wm2max": 0.5448853463984004
}