{
  "bids_meta": {
    "AccelFactPE": 2,
    "AcquisitionNumber": 1,
    "AcquisitionTime": "11:28:26.920000",
    "ConversionSoftware": "dcm2niix",
    "ConversionSoftwareVersion": "v1.0.20170624 (OpenJPEG build) MSC1900",
    "DeviceSerialNumber": "35071",
    "EchoTime": 0.00252,
    "FlipAngle": 9,
    "ImageType": [
      "ORIGINAL",
      "PRIMARY",
      "M",
      "ND",
      "NORM"
    ],
    "InstitutionAddress": "Gilbert_1_New_Haven-1763f8-_CT_US_06520",
    "InstitutionName": "Yale_University_School_of_Medicine",
    "InversionTime": 0.9,
    "MagneticFieldStrength": 3,
    "Manufacturer": "Siemens",
    "ManufacturersModelName": "TrioTim",
    "PhaseEncodingDirection": "i-",
    "PhaseEncodingLines": 246,
    "ProcedureStepDescription": "MRRC_Research_SiteProtocols",
    "ProtocolName": "t1_Sag_3D_MPRAGE",
    "RepetitionTime": 1.9,
    "ScanningSequence": "GR_IR",
    "SequenceName": "_tfl3d1_ns",
    "SequenceVariant": "SP_MP_OSP",
    "SeriesDescription": "t1_Sag_3D_MPRAGE",
    "SoftwareVersions": "syngo_MR_B17",
    "dataset": "ds003424",
    "modality": "T1w",
    "subject_id": "26"
  },
  "cjv": 0.3616970697842014,
  "cnr": 3.7759281838337713,
  "efc": 0.5473300328415682,
  "fber": -1.0,
  "fwhm_avg": 4.366805093333333,
  "fwhm_x": 4.38979,
  "fwhm_y": 4.26928128,
  "fwhm_z": 4.441344,
  "icvs_csf": 0.2113691130413211,
  "icvs_gm": 0.4219831833173941,
  "icvs_wm": 0.3666477036412848,
  "inu_med": 0.3625528812408447,
  "inu_range": 0.10961259156465525,
  "provenance": {
    "md5sum": "d4d10cd16e37f89e4af19e54eee9f260",
    "settings": {
      "testing": false
    },
    "software": "mriqc",
    "version": "22.0.6",
    "warnings": {
      "large_rot_frame": true,
      "small_air_mask": false
    },
    "webapi_port": null,
    "webapi_url": "https://mriqc.nimh.nih.gov/api/v1"
  },
  "qi_1": 0.0,
  "qi_2": 0.014836693734413063,
  "rpve_csf": 23.91249694720385,
  "rpve_gm": 12.307390174502107,
  "rpve_wm": 16.47250432688365,
  "size_x": 176,
  "size_y": 256,
  "size_z": 256,
  "snr_csf": 2.8959810282344898,
  "snr_gm": 14.482410622362838,
  "snr_total": 15.537327436702796,
  "snr_wm": 29.233590659511062,
  "snrd_csf": 45.430747350687696,
  "snrd_gm": 112.72108968397045,
  "snrd_total": 102.00301193494028,
  "snrd_wm": 147.8571987701627,
  "spacing_x": 1.0,
  "spacing_y": 0.9765625,
  "spacing_z": 0.9765625,
  "summary_bg_k": 11.56788143089128,
  "summary_bg_mad": 0.0,
  "summary_bg_mean": 2.4357643598315373,
  "summary_bg_median": 0.0,
  "summary_bg_n": 2501908.0,
  "summary_bg_p05": 0.0,
  "summary_bg_p95": 11.975364703685045,
  "summary_bg_stdv": 4.431040879823648,
  "summary_csf_k": 1.23400094746287,
  "summary_csf_mad": 74.03429028878438,
  "summary_csf_mean": 313.88472746419836,
  "summary_csf_median": 307.2726514842361,
  "summary_csf_n": 44806.0,
  "summary_csf_p05": 117.13997616898268,
  "summary_csf_p95": 504.1343412520364,
  "summary_csf_stdv": 106.10194595417902,
  "summary_gm_k": -0.03804822498883009,
  "summary_gm_mad": 53.3768350997174,
  "summary_gm_mean": 761.5492687387475,
  "summary_gm_median": 762.3935357704759,
  "summary_gm_n": 34682.0,
  "summary_gm_p05": 672.8634282238781,
  "summary_gm_p95": 845.4227310493588,
  "summary_gm_stdv": 52.64196440576698,
  "summary_wm_k": 0.45159530726794284,
  "summary_wm_mad": 32.57846957511791,
  "summary_wm_mean": 1000.7684695042141,
  "summary_wm_median": 1000.0379953347147,
  "summary_wm_n": 214438.0,
  "summary_wm_p05": 946.1298456527293,
  "summary_wm_p95": 1058.0519843436778,
  "summary_wm_stdv": 34.20844449847819,
  "tpm_overlap_csf": 0.1578729773480065,
  "tpm_overlap_gm": 0.46622619776036167,
  "tpm_overlap_wm": 0.5141068300784795,
  "wm2max": 0.48990576228256416
}