{
  "aor": 0.0008070194986072423,
  "aqi": 0.02144748467966574,
  "bids_meta": {
    "AccelFactPE": 2,
    "AcquisitionNumber": 1,
    "AcquisitionTime": "12:51:24.862500",
    "BandwidthPerPixelPhaseEncode": 26.35,
    "ConversionSoftware": "dcm2niix",
    "ConversionSoftwareVersion": "v1.0.20170624 (OpenJPEG build) MSC1900",
    "DeviceSerialNumber": "35071",
    "EchoTime": 0.03,
    "EffectiveEchoSpacing": 0.000345006,
    "FlipAngle": 60,
    "ImageType": [
      "ORIGINAL",
      "PRIMARY",
      "M",
      "MB",
      "ND",
      "NORM",
      "MOSAIC"
    ],
    "InstitutionAddress": "Gilbert_1_New_Haven-1763f8-_CT_US_06520",
    "InstitutionName": "Yale_University_School_of_Medicine",
    "MagneticFieldStrength": 3,
    "Manufacturer": "Siemens",
    "ManufacturersModelName": "TrioTim",
    "PhaseEncodingDirection": "j-",
    "PhaseEncodingLines": 110,
    "ProcedureStepDescription": "MRRC_Research_SiteProtocols",
    "ProtocolName": "mbep2d_bold_resting(MB4iPAT2)",
    "RepetitionTime": 1,
    "ScanningSequence": "EP",
    "SequenceName": "epfid2d1_110",
    "SequenceVariant": "SK_SS",
    "SeriesDescription": "mbep2d_bold_resting(MB4iPAT2)",
    "SliceTiming": [
      0,
      0.535,
      0.0675,
      0.6025,
      0.1325,
      0.6675,
      0.2,
      0.735,
      0.2675,
      0.8025,
      0.335,
      0.87,
      0.4,
      0.935,
      0.4675,
      0,
      0.535,
      0.0675,
      0.6025,
      0.1325,
      0.6675,
      0.2,
      0.735,
      0.2675,
      0.8025,
      0.335,
      0.87,
      0.4,
      0.935,
      0.4675,
      0,
      0.535,
      0.0675,
      0.6025,
      0.1325,
      0.6675,
      0.2,
      0.735,
      0.2675,
      0.8025,
      0.335,
      0.87,
      0.4,
      0.935,
      0.4675,
      0,
      0.535,
      0.0675,
      0.6025,
      0.1325,
      0.6675,
      0.2,
      0.735,
      0.2675,
      0.8025,
      0.335,
      0.87,
      0.4,
      0.935,
      0.4675
    ],
    "SoftwareVersions": "syngo_MR_B17",
    "TaskName": "rest",
    "TotalReadoutTime": 0.0372607,
    "TrueEchoSpacing": 0.000690012,
    "dataset": "ds003424",
    "modality": "bold",
    "subject_id": "05",
    "task_id": "resting"
  },
  "dummy_trs": 1,
  "dvars_nstd": 41.41258560474863,
  "dvars_std": 1.0962402726815643,
  "dvars_vstd": 1.0035587255586589,
  "efc": 0.44509833500395823,
  "fber": 4385.5009765625,
  "fd_mean": 0.0894971563107632,
  "fd_num": 23,
  "fd_perc": 6.406685236768802,
  "fwhm_avg": 2.1066826666666665,
  "fwhm_x": 2.0428,
  "fwhm_y": 2.40484,
  "fwhm_z": 1.872408,
  "gcor": 0.00602078,
  "gsr_x": -0.018028132617473602,
  "gsr_y": 0.02163592539727688,
  "provenance": {
    "md5sum": "a258ea519edfa56f65e924be0b8f8cf0",
    "settings": {
      "fd_thres": 0.2,
      "testing": false
    },
    "software": "mriqc",
    "version": "22.0.6",
    "webapi_port": null,
    "webapi_url": "https://mriqc.nimh.nih.gov/api/v1"
  },
  "size_t": 359,
  "size_x": 110,
  "size_y": 110,
  "size_z": 60,
  "snr": 6.3672659477771845,
  "spacing_tr": 1.0,
  "spacing_x": 2.0,
  "spacing_y": 2.0,
  "spacing_z": 2.5,
  "summary_bg_k": 31.56823691035867,
  "summary_bg_mad": 5.438960800439903,
  "summary_bg_mean": 22.277156829833984,
  "summary_bg_median": 8.470751762390137,
  "summary_bg_n": 536000.0,
  "summary_bg_p05": 3.7743732929229736,
  "summary_bg_p95": 85.0838432312011,
  "summary_bg_stdv": 44.72294235229492,
  "summary_fg_k": 1.7560990454057466,
  "summary_fg_mad": 80.97732792776866,
  "summary_fg_mean": 560.2236328125,
  "summary_fg_median": 561.9581909179688,
  "summary_fg_n": 103449.0,
  "summary_fg_p05": 411.095263671875,
  "summary_fg_p95": 694.816162109375,
  "summary_fg_stdv": 88.25695037841797,
  "tsnr": 32.58738670684397
}