{
  "aor": 0.000531010101010101,
  "aqi": 0.025180898989898993,
  "bids_meta": {
    "AccelFactPE": 2,
    "AcquisitionNumber": 1,
    "AcquisitionTime": "12:58:41.222500",
    "BandwidthPerPixelPhaseEncode": 26.35,
    "ConversionSoftware": "dcm2niix",
    "ConversionSoftwareVersion": "v1.0.20170624 (OpenJPEG build) MSC1900",
    "DeviceSerialNumber": "35071",
    "EchoTime": 0.03,
    "EffectiveEchoSpacing": 0.000345006,
    "FlipAngle": 60,
    "ImageType": [
      "ORIGINAL",
      "PRIMARY",
      "M",
      "MB",
      "ND",
      "NORM",
      "MOSAIC"
    ],
    "InstitutionAddress": "Gilbert_1_New_Haven-1763f8-_CT_US_06520",
    "InstitutionName": "Yale_University_School_of_Medicine",
    "MagneticFieldStrength": 3,
    "Manufacturer": "Siemens",
    "ManufacturersModelName": "TrioTim",
    "PhaseEncodingDirection": "j-",
    "PhaseEncodingLines": 110,
    "ProcedureStepDescription": "MRRC_Research_SiteProtocols",
    "ProtocolName": "mbep2d_bold_taste3(MB4iPAT2)",
    "RepetitionTime": 1,
    "ScanningSequence": "EP",
    "SequenceName": "epfid2d1_110",
    "SequenceVariant": "SK_SS",
    "SeriesDescription": "mbep2d_bold_taste3(MB4iPAT2)",
    "SliceTiming": [
      0,
      0.535,
      0.0675,
      0.6025,
      0.135,
      0.67,
      0.2,
      0.7375,
      0.2675,
      0.8025,
      0.335,
      0.87,
      0.4025,
      0.9375,
      0.47,
      0,
      0.535,
      0.0675,
      0.6025,
      0.135,
      0.67,
      0.2,
      0.7375,
      0.2675,
      0.8025,
      0.335,
      0.87,
      0.4025,
      0.9375,
      0.47,
      0,
      0.535,
      0.0675,
      0.6025,
      0.135,
      0.67,
      0.2,
      0.7375,
      0.2675,
      0.8025,
      0.335,
      0.87,
      0.4025,
      0.9375,
      0.47,
      0,
      0.535,
      0.0675,
      0.6025,
      0.135,
      0.67,
      0.2,
      0.7375,
      0.2675,
      0.8025,
      0.335,
      0.87,
      0.4025,
      0.9375,
      0.47
    ],
    "SoftwareVersions": "syngo_MR_B17",
    "TaskName": "taste",
    "TotalReadoutTime": 0.0372607,
    "TrueEchoSpacing": 0.000690012,
    "dataset": "ds003424",
    "modality": "bold",
    "run_id": 3,
    "subject_id": "05",
    "task_id": "taste"
  },
  "dummy_trs": 0,
  "dvars_nstd": 45.623011950674574,
  "dvars_std": 1.0920850311973012,
  "dvars_vstd": 1.0038111022765606,
  "efc": 0.44463942853991395,
  "fber": 4377.212890625,
  "fd_mean": 0.18791622441030859,
  "fd_num": 192,
  "fd_perc": 32.323232323232325,
  "fwhm_avg": 2.130174,
  "fwhm_x": 2.06913,
  "fwhm_y": 2.4362,
  "fwhm_z": 1.885192,
  "gcor": 0.007104,
  "gsr_x": -0.017193691805005074,
  "gsr_y": 0.023415733128786087,
  "provenance": {
    "md5sum": "20d55794a2677a6655a6da70bb168fc3",
    "settings": {
      "fd_thres": 0.2,
      "testing": false
    },
    "software": "mriqc",
    "version": "22.0.6",
    "webapi_port": null,
    "webapi_url": "https://mriqc.nimh.nih.gov/api/v1"
  },
  "size_t": 594,
  "size_x": 110,
  "size_y": 110,
  "size_z": 60,
  "snr": 6.372118740318234,
  "spacing_tr": 1.0,
  "spacing_x": 2.0,
  "spacing_y": 2.0,
  "spacing_z": 2.5,
  "summary_bg_k": 33.18552219201158,
  "summary_bg_mad": 5.41374495727276,
  "summary_bg_mean": 22.051612854003906,
  "summary_bg_median": 8.451178550720215,
  "summary_bg_n": 535891.0,
  "summary_bg_p05": 3.7845118045806885,
  "summary_bg_p95": 82.20454406738281,
  "summary_bg_stdv": 44.69248580932617,
  "summary_fg_k": 1.665397375482578,
  "summary_fg_mad": 81.08881266490238,
  "summary_fg_mean": 559.345703125,
  "summary_fg_median": 561.1632690429688,
  "summary_fg_n": 103389.0,
  "summary_fg_p05": 409.98822021484375,
  "summary_fg_p95": 692.7545166015625,
  "summary_fg_stdv": 88.06498718261719,
  "tsnr": 29.725629720836878
}