{
  "aor": 0.00026483979763912316,
  "aqi": 0.03147102158516021,
  "bids_meta": {
    "AccelFactPE": 2,
    "AcquisitionNumber": 1,
    "AcquisitionTime": "12:24:7.047500",
    "BandwidthPerPixelPhaseEncode": 26.35,
    "ConversionSoftware": "dcm2niix",
    "ConversionSoftwareVersion": "v1.0.20170624 (OpenJPEG build) MSC1900",
    "DeviceSerialNumber": "35071",
    "EchoTime": 0.03,
    "EffectiveEchoSpacing": 0.000345006,
    "FlipAngle": 60,
    "ImageType": [
      "ORIGINAL",
      "PRIMARY",
      "M",
      "MB",
      "ND",
      "NORM",
      "MOSAIC"
    ],
    "InstitutionAddress": "Gilbert_1_New_Haven-1763f8-_CT_US_06520",
    "InstitutionName": "Yale_University_School_of_Medicine",
    "MagneticFieldStrength": 3,
    "Manufacturer": "Siemens",
    "ManufacturersModelName": "TrioTim",
    "PhaseEncodingDirection": "j-",
    "PhaseEncodingLines": 110,
    "ProcedureStepDescription": "MRRC_Research_SiteProtocols",
    "ProtocolName": "mbep2d_bold_taste1(MB4iPAT2)",
    "RepetitionTime": 1,
    "ScanningSequence": "EP",
    "SequenceName": "epfid2d1_110",
    "SequenceVariant": "SK_SS",
    "SeriesDescription": "mbep2d_bold_taste1(MB4iPAT2)",
    "SliceTiming": [
      0,
      0.535,
      0.065,
      0.6,
      0.1325,
      0.6675,
      0.2,
      0.735,
      0.2675,
      0.8025,
      0.3325,
      0.8675,
      0.4,
      0.935,
      0.4675,
      0,
      0.535,
      0.065,
      0.6,
      0.1325,
      0.6675,
      0.2,
      0.735,
      0.2675,
      0.8025,
      0.3325,
      0.8675,
      0.4,
      0.935,
      0.4675,
      0,
      0.535,
      0.065,
      0.6,
      0.1325,
      0.6675,
      0.2,
      0.735,
      0.2675,
      0.8025,
      0.3325,
      0.8675,
      0.4,
      0.935,
      0.4675,
      0,
      0.535,
      0.065,
      0.6,
      0.1325,
      0.6675,
      0.2,
      0.735,
      0.2675,
      0.8025,
      0.3325,
      0.8675,
      0.4,
      0.935,
      0.4675
    ],
    "SoftwareVersions": "syngo_MR_B17",
    "TaskName": "taste",
    "TotalReadoutTime": 0.0372607,
    "TrueEchoSpacing": 0.000690012,
    "dataset": "ds003424",
    "modality": "bold",
    "run_id": 1,
    "subject_id": "05",
    "task_id": "taste"
  },
  "dummy_trs": 1,
  "dvars_nstd": 43.535429019999974,
  "dvars_std": 1.0641397134121635,
  "dvars_vstd": 0.9607053607094589,
  "efc": 0.44390399770334654,
  "fber": 4587.134765625,
  "fd_mean": 0.141641305152746,
  "fd_num": 111,
  "fd_perc": 18.718381112984822,
  "fwhm_avg": 2.131585333333333,
  "fwhm_x": 2.067015,
  "fwhm_y": 2.442065,
  "fwhm_z": 1.8856760000000001,
  "gcor": 0.00206643,
  "gsr_x": -0.017772631719708443,
  "gsr_y": 0.019318055361509323,
  "provenance": {
    "md5sum": "45389d029bfdc889e7c386b49dc5cd8b",
    "settings": {
      "fd_thres": 0.2,
      "testing": false
    },
    "software": "mriqc",
    "version": "22.0.6",
    "webapi_port": null,
    "webapi_url": "https://mriqc.nimh.nih.gov/api/v1"
  },
  "size_t": 593,
  "size_x": 110,
  "size_y": 110,
  "size_z": 60,
  "snr": 6.53169504494356,
  "spacing_tr": 1.0,
  "spacing_x": 2.0,
  "spacing_y": 2.0,
  "spacing_z": 2.5,
  "summary_bg_k": 32.209582157282384,
  "summary_bg_mad": 5.275363933459272,
  "summary_bg_mean": 21.914243698120117,
  "summary_bg_median": 8.352445602416992,
  "summary_bg_n": 535482.0,
  "summary_bg_p05": 3.7740304470062256,
  "summary_bg_p95": 81.93086242675781,
  "summary_bg_stdv": 44.801883697509766,
  "summary_fg_k": 1.767994366834695,
  "summary_fg_mad": 79.33297330047529,
  "summary_fg_mean": 563.9181518554688,
  "summary_fg_median": 565.3963012695312,
  "summary_fg_n": 103633.0,
  "summary_fg_p05": 418.1001770019531,
  "summary_fg_p95": 695.3187255859375,
  "summary_fg_stdv": 86.56153869628906,
  "tsnr": 27.97376560047269
}