{
  "aor": 0.0004027487352445194,
  "aqi": 0.03472609612141652,
  "bids_meta": {
    "AccelFactPE": 2,
    "AcquisitionNumber": 1,
    "AcquisitionTime": "13:15:20.332500",
    "BandwidthPerPixelPhaseEncode": 26.35,
    "ConversionSoftware": "dcm2niix",
    "ConversionSoftwareVersion": "v1.0.20170624 (OpenJPEG build) MSC1900",
    "DeviceSerialNumber": "35071",
    "EchoTime": 0.03,
    "EffectiveEchoSpacing": 0.000345006,
    "FlipAngle": 60,
    "ImageType": [
      "ORIGINAL",
      "PRIMARY",
      "M",
      "MB",
      "ND",
      "NORM",
      "MOSAIC"
    ],
    "InstitutionAddress": "Gilbert_1_New_Haven-1763f8-_CT_US_06520",
    "InstitutionName": "Yale_University_School_of_Medicine",
    "MagneticFieldStrength": 3,
    "Manufacturer": "Siemens",
    "ManufacturersModelName": "TrioTim",
    "PhaseEncodingDirection": "j-",
    "PhaseEncodingLines": 110,
    "ProcedureStepDescription": "MRRC_Research_SiteProtocols",
    "ProtocolName": "mbep2d_bold_taste4(MB4iPAT2)",
    "RepetitionTime": 1,
    "ScanningSequence": "EP",
    "SequenceName": "epfid2d1_110",
    "SequenceVariant": "SK_SS",
    "SeriesDescription": "mbep2d_bold_taste4(MB4iPAT2)",
    "SliceTiming": [
      0,
      0.535,
      0.0675,
      0.6025,
      0.135,
      0.67,
      0.2,
      0.735,
      0.2675,
      0.8025,
      0.335,
      0.87,
      0.4025,
      0.9375,
      0.4675,
      0,
      0.535,
      0.0675,
      0.6025,
      0.135,
      0.67,
      0.2,
      0.735,
      0.2675,
      0.8025,
      0.335,
      0.87,
      0.4025,
      0.9375,
      0.4675,
      0,
      0.535,
      0.0675,
      0.6025,
      0.135,
      0.67,
      0.2,
      0.735,
      0.2675,
      0.8025,
      0.335,
      0.87,
      0.4025,
      0.9375,
      0.4675,
      0,
      0.535,
      0.0675,
      0.6025,
      0.135,
      0.67,
      0.2,
      0.735,
      0.2675,
      0.8025,
      0.335,
      0.87,
      0.4025,
      0.9375,
      0.4675
    ],
    "SoftwareVersions": "syngo_MR_B17",
    "TaskName": "taste",
    "TotalReadoutTime": 0.0372607,
    "TrueEchoSpacing": 0.000690012,
    "dataset": "ds003424",
    "modality": "bold",
    "run_id": 4,
    "subject_id": "05",
    "task_id": "taste"
  },
  "dummy_trs": 1,
  "dvars_nstd": 45.93403508202704,
  "dvars_std": 1.0480879631925675,
  "dvars_vstd": 0.9751460689358108,
  "efc": 0.4459154237595001,
  "fber": 4193.25341796875,
  "fd_mean": 0.20906069054761156,
  "fd_num": 254,
  "fd_perc": 42.83305227655986,
  "fwhm_avg": 2.1841226666666667,
  "fwhm_x": 2.109505,
  "fwhm_y": 2.497135,
  "fwhm_z": 1.9457280000000001,
  "gcor": 0.0041036,
  "gsr_x": -0.017307855188846588,
  "gsr_y": 0.024151520803570747,
  "provenance": {
    "md5sum": "2b1634b0a7cbd516198d84ddd2821646",
    "settings": {
      "fd_thres": 0.2,
      "testing": false
    },
    "software": "mriqc",
    "version": "22.0.6",
    "webapi_port": null,
    "webapi_url": "https://mriqc.nimh.nih.gov/api/v1"
  },
  "size_t": 593,
  "size_x": 110,
  "size_y": 110,
  "size_z": 60,
  "snr": 6.341891241002387,
  "spacing_tr": 1.0,
  "spacing_x": 2.0,
  "spacing_y": 2.0,
  "spacing_z": 2.5,
  "summary_bg_k": 31.476594403901466,
  "summary_bg_mad": 5.67789201371788,
  "summary_bg_mean": 22.827594757080078,
  "summary_bg_median": 8.688027381896973,
  "summary_bg_n": 536225.0,
  "summary_bg_p05": 3.833052396774292,
  "summary_bg_p95": 85.98313903808594,
  "summary_bg_stdv": 45.7664680480957,
  "summary_fg_k": 1.443930407898466,
  "summary_fg_mad": 81.51561279695693,
  "summary_fg_mean": 557.69189453125,
  "summary_fg_median": 559.637451171875,
  "summary_fg_n": 103305.0,
  "summary_fg_p05": 407.73728027343753,
  "summary_fg_p95": 692.0320678710937,
  "summary_fg_stdv": 88.244140625,
  "tsnr": 25.170015848823823
}