{
  "aor": 0.0008083838383838385,
  "aqi": 0.03242805622895623,
  "bids_meta": {
    "AccelFactPE": 2,
    "AcquisitionNumber": 1,
    "AcquisitionTime": "12:40:4.072500",
    "BandwidthPerPixelPhaseEncode": 26.35,
    "ConversionSoftware": "dcm2niix",
    "ConversionSoftwareVersion": "v1.0.20170624 (OpenJPEG build) MSC1900",
    "DeviceSerialNumber": "35071",
    "EchoTime": 0.03,
    "EffectiveEchoSpacing": 0.000345006,
    "FlipAngle": 60,
    "ImageType": [
      "ORIGINAL",
      "PRIMARY",
      "M",
      "MB",
      "ND",
      "NORM",
      "MOSAIC"
    ],
    "InstitutionAddress": "Gilbert_1_New_Haven-1763f8-_CT_US_06520",
    "InstitutionName": "Yale_University_School_of_Medicine",
    "MagneticFieldStrength": 3,
    "Manufacturer": "Siemens",
    "ManufacturersModelName": "TrioTim",
    "PhaseEncodingDirection": "j-",
    "PhaseEncodingLines": 110,
    "ProcedureStepDescription": "MRRC_Research_SiteProtocols",
    "ProtocolName": "mbep2d_bold_taste2(MB4iPAT2)",
    "RepetitionTime": 1,
    "ScanningSequence": "EP",
    "SequenceName": "epfid2d1_110",
    "SequenceVariant": "SK_SS",
    "SeriesDescription": "mbep2d_bold_taste2(MB4iPAT2)",
    "SliceTiming": [
      0,
      0.535,
      0.0675,
      0.6025,
      0.135,
      0.67,
      0.2,
      0.735,
      0.2675,
      0.8025,
      0.335,
      0.87,
      0.4025,
      0.9375,
      0.4675,
      0,
      0.535,
      0.0675,
      0.6025,
      0.135,
      0.67,
      0.2,
      0.735,
      0.2675,
      0.8025,
      0.335,
      0.87,
      0.4025,
      0.9375,
      0.4675,
      0,
      0.535,
      0.0675,
      0.6025,
      0.135,
      0.67,
      0.2,
      0.735,
      0.2675,
      0.8025,
      0.335,
      0.87,
      0.4025,
      0.9375,
      0.4675,
      0,
      0.535,
      0.0675,
      0.6025,
      0.135,
      0.67,
      0.2,
      0.735,
      0.2675,
      0.8025,
      0.335,
      0.87,
      0.4025,
      0.9375,
      0.4675
    ],
    "SoftwareVersions": "syngo_MR_B17",
    "TaskName": "taste",
    "TotalReadoutTime": 0.0372607,
    "TrueEchoSpacing": 0.000690012,
    "dataset": "ds003424",
    "modality": "bold",
    "run_id": 2,
    "subject_id": "05",
    "task_id": "taste"
  },
  "dummy_trs": 0,
  "dvars_nstd": 44.05678780274875,
  "dvars_std": 1.0857796990387871,
  "dvars_vstd": 0.9818860752613834,
  "efc": 0.44391079191397365,
  "fber": 4539.2568359375,
  "fd_mean": 0.14748222741906458,
  "fd_num": 123,
  "fd_perc": 20.707070707070706,
  "fwhm_avg": 2.118354666666667,
  "fwhm_x": 2.04794,
  "fwhm_y": 2.42234,
  "fwhm_z": 1.8847840000000002,
  "gcor": 0.00236597,
  "gsr_x": -0.01808791421353817,
  "gsr_y": 0.020925775170326233,
  "provenance": {
    "md5sum": "8f5a0927b4fe0eec43574156e03e021b",
    "settings": {
      "fd_thres": 0.2,
      "testing": false
    },
    "software": "mriqc",
    "version": "22.0.6",
    "webapi_port": null,
    "webapi_url": "https://mriqc.nimh.nih.gov/api/v1"
  },
  "size_t": 594,
  "size_x": 110,
  "size_y": 110,
  "size_z": 60,
  "snr": 6.533002904388696,
  "spacing_tr": 1.0,
  "spacing_x": 2.0,
  "spacing_y": 2.0,
  "spacing_z": 2.5,
  "summary_bg_k": 32.648354619677164,
  "summary_bg_mad": 5.373809503513966,
  "summary_bg_mean": 22.396244049072266,
  "summary_bg_median": 8.40235710144043,
  "summary_bg_n": 536493.0,
  "summary_bg_p05": 3.742424249649048,
  "summary_bg_p95": 85.3457901000976,
  "summary_bg_stdv": 46.32719802856445,
  "summary_fg_k": 1.7173757159891254,
  "summary_fg_mad": 79.7609950591137,
  "summary_fg_mean": 563.55029296875,
  "summary_fg_median": 565.031982421875,
  "summary_fg_n": 102991.0,
  "summary_fg_p05": 418.65992736816406,
  "summary_fg_p95": 695.3913879394531,
  "summary_fg_stdv": 86.48844146728516,
  "tsnr": 27.378388619516045
}