{
  "aor": 0.0002893097643097643,
  "aqi": 0.03552787643097643,
  "bids_meta": {
    "AccelFactPE": 2,
    "AcquisitionNumber": 1,
    "AcquisitionTime": "09:25:52.030000",
    "BandwidthPerPixelPhaseEncode": 26.35,
    "ConversionSoftware": "dcm2niix",
    "ConversionSoftwareVersion": "v1.0.20170624 (OpenJPEG build) MSC1900",
    "DeviceSerialNumber": "35071",
    "EchoTime": 0.03,
    "EffectiveEchoSpacing": 0.000345006,
    "FlipAngle": 60,
    "ImageType": [
      "ORIGINAL",
      "PRIMARY",
      "M",
      "MB",
      "ND",
      "NORM",
      "MOSAIC"
    ],
    "InstitutionAddress": "Gilbert_1_New_Haven-1763f8-_CT_US_06520",
    "InstitutionName": "Yale_University_School_of_Medicine",
    "MagneticFieldStrength": 3,
    "Manufacturer": "Siemens",
    "ManufacturersModelName": "TrioTim",
    "PhaseEncodingDirection": "j-",
    "PhaseEncodingLines": 110,
    "ProcedureStepDescription": "MRRC_Research_SiteProtocols",
    "ProtocolName": "mbep2d_bold_taste1(MB4iPAT2)",
    "RepetitionTime": 1,
    "ScanningSequence": "EP",
    "SequenceName": "epfid2d1_110",
    "SequenceVariant": "SK_SS",
    "SeriesDescription": "mbep2d_bold_taste1(MB4iPAT2)",
    "SliceTiming": [
      0,
      0.535,
      0.0675,
      0.6025,
      0.1325,
      0.67,
      0.2,
      0.735,
      0.2675,
      0.8025,
      0.335,
      0.87,
      0.4025,
      0.9375,
      0.4675,
      0,
      0.535,
      0.0675,
      0.6025,
      0.1325,
      0.67,
      0.2,
      0.735,
      0.2675,
      0.8025,
      0.335,
      0.87,
      0.4025,
      0.9375,
      0.4675,
      0,
      0.535,
      0.0675,
      0.6025,
      0.1325,
      0.67,
      0.2,
      0.735,
      0.2675,
      0.8025,
      0.335,
      0.87,
      0.4025,
      0.9375,
      0.4675,
      0,
      0.535,
      0.0675,
      0.6025,
      0.1325,
      0.67,
      0.2,
      0.735,
      0.2675,
      0.8025,
      0.335,
      0.87,
      0.4025,
      0.9375,
      0.4675
    ],
    "SoftwareVersions": "syngo_MR_B17",
    "TaskName": "taste",
    "TotalReadoutTime": 0.0372607,
    "TrueEchoSpacing": 0.000690012,
    "dataset": "ds003424",
    "modality": "bold",
    "run_id": 1,
    "subject_id": "03",
    "task_id": "taste"
  },
  "dummy_trs": 0,
  "dvars_nstd": 51.3397078939629,
  "dvars_std": 1.1233643937942672,
  "dvars_vstd": 0.990166428246205,
  "efc": 0.481095549139919,
  "fber": 3671.991943359375,
  "fd_mean": 0.1812544742928181,
  "fd_num": 204,
  "fd_perc": 34.343434343434346,
  "fwhm_avg": 1.9360120434475168,
  "fwhm_x": 1.897075,
  "fwhm_y": 2.186785130342551,
  "fwhm_z": 1.724176,
  "gcor": 0.00502126,
  "gsr_x": -0.011595098301768303,
  "gsr_y": 0.018192443996667862,
  "provenance": {
    "md5sum": "979e2d10d0dbb5abc8a5d41538e7ae67",
    "settings": {
      "fd_thres": 0.2,
      "testing": false
    },
    "software": "mriqc",
    "version": "22.0.6",
    "webapi_port": null,
    "webapi_url": "https://mriqc.nimh.nih.gov/api/v1"
  },
  "size_t": 594,
  "size_x": 110,
  "size_y": 110,
  "size_z": 60,
  "snr": 6.666989122783289,
  "spacing_tr": 1.0,
  "spacing_x": 2.0,
  "spacing_y": 1.9999998807907104,
  "spacing_z": 2.5,
  "summary_bg_k": 23.12302892780265,
  "summary_bg_mad": 5.645868854360977,
  "summary_bg_mean": 22.810483932495117,
  "summary_bg_median": 7.462962627410889,
  "summary_bg_n": 517688.0,
  "summary_bg_p05": 2.8686869144439697,
  "summary_bg_p95": 100.98408699035603,
  "summary_bg_stdv": 44.36631393432617,
  "summary_fg_k": 3.2201138913099356,
  "summary_fg_mad": 58.56278763097128,
  "summary_fg_mean": 456.9606018066406,
  "summary_fg_median": 455.6346740722656,
  "summary_fg_n": 118083.0,
  "summary_fg_p05": 357.4664794921875,
  "summary_fg_p95": 565.6126220703125,
  "summary_fg_stdv": 68.34160614013672,
  "tsnr": 28.546705777174793
}