{
  "aor": 0.0002910555555555556,
  "aqi": 0.028486066944444447,
  "bids_meta": {
    "AccelFactPE": 2,
    "AcquisitionNumber": 1,
    "AcquisitionTime": "09:52:3.350000",
    "BandwidthPerPixelPhaseEncode": 26.35,
    "ConversionSoftware": "dcm2niix",
    "ConversionSoftwareVersion": "v1.0.20170624 (OpenJPEG build) MSC1900",
    "DeviceSerialNumber": "35071",
    "EchoTime": 0.03,
    "EffectiveEchoSpacing": 0.000345006,
    "FlipAngle": 60,
    "ImageType": [
      "ORIGINAL",
      "PRIMARY",
      "M",
      "MB",
      "ND",
      "NORM",
      "MOSAIC"
    ],
    "InstitutionAddress": "Gilbert_1_New_Haven-1763f8-_CT_US_06520",
    "InstitutionName": "Yale_University_School_of_Medicine",
    "MagneticFieldStrength": 3,
    "Manufacturer": "Siemens",
    "ManufacturersModelName": "TrioTim",
    "PhaseEncodingDirection": "j-",
    "PhaseEncodingLines": 110,
    "ProcedureStepDescription": "MRRC_Research_SiteProtocols",
    "ProtocolName": "mbep2d_bold_resting(MB4iPAT2)",
    "RepetitionTime": 1,
    "ScanningSequence": "EP",
    "SequenceName": "epfid2d1_110",
    "SequenceVariant": "SK_SS",
    "SeriesDescription": "mbep2d_bold_resting(MB4iPAT2)",
    "SliceTiming": [
      0,
      0.535,
      0.0675,
      0.6025,
      0.135,
      0.67,
      0.2025,
      0.7375,
      0.2675,
      0.805,
      0.335,
      0.87,
      0.4025,
      0.9375,
      0.47,
      0,
      0.535,
      0.0675,
      0.6025,
      0.135,
      0.67,
      0.2025,
      0.7375,
      0.2675,
      0.805,
      0.335,
      0.87,
      0.4025,
      0.9375,
      0.47,
      0,
      0.535,
      0.0675,
      0.6025,
      0.135,
      0.67,
      0.2025,
      0.7375,
      0.2675,
      0.805,
      0.335,
      0.87,
      0.4025,
      0.9375,
      0.47,
      0,
      0.535,
      0.0675,
      0.6025,
      0.135,
      0.67,
      0.2025,
      0.7375,
      0.2675,
      0.805,
      0.335,
      0.87,
      0.4025,
      0.9375,
      0.47
    ],
    "SoftwareVersions": "syngo_MR_B17",
    "TaskName": "rest",
    "TotalReadoutTime": 0.0372607,
    "TrueEchoSpacing": 0.000690012,
    "dataset": "ds003424",
    "modality": "bold",
    "subject_id": "03",
    "task_id": "resting"
  },
  "dummy_trs": 0,
  "dvars_nstd": 49.21642089910861,
  "dvars_std": 1.1284423488579387,
  "dvars_vstd": 0.9933195874373254,
  "efc": 0.4825428009311245,
  "fber": 3367.083984375,
  "fd_mean": 0.08295131801208737,
  "fd_num": 13,
  "fd_perc": 3.611111111111111,
  "fwhm_avg": 1.9212537096033717,
  "fwhm_x": 1.88861,
  "fwhm_y": 2.1610751288101153,
  "fwhm_z": 1.714076,
  "gcor": 0.00455957,
  "gsr_x": -0.010431238450109959,
  "gsr_y": 0.016862476244568825,
  "provenance": {
    "md5sum": "45c6aebf9762330eeb5aaa5e63825b61",
    "settings": {
      "fd_thres": 0.2,
      "testing": false
    },
    "software": "mriqc",
    "version": "22.0.6",
    "webapi_port": null,
    "webapi_url": "https://mriqc.nimh.nih.gov/api/v1"
  },
  "size_t": 360,
  "size_x": 110,
  "size_y": 110,
  "size_z": 60,
  "snr": 6.586550162781289,
  "spacing_tr": 1.0,
  "spacing_x": 2.0,
  "spacing_y": 1.9999998807907104,
  "spacing_z": 2.5,
  "summary_bg_k": 21.974129103371954,
  "summary_bg_mad": 5.889226343125932,
  "summary_bg_mean": 23.14443016052246,
  "summary_bg_median": 7.708333492279053,
  "summary_bg_n": 517998.0,
  "summary_bg_p05": 2.924999952316284,
  "summary_bg_p95": 102.58611297607422,
  "summary_bg_stdv": 44.3925895690918,
  "summary_fg_k": 3.1751888772862076,
  "summary_fg_mad": 58.995198196225736,
  "summary_fg_mean": 454.9749755859375,
  "summary_fg_median": 453.9083557128906,
  "summary_fg_n": 117983.0,
  "summary_fg_p05": 353.78502197265624,
  "summary_fg_p95": 564.0469604492188,
  "summary_fg_stdv": 68.91413879394531,
  "tsnr": 31.729681061580777
}