{
  "aor": 0.0003872390572390572,
  "aqi": 0.03326503636363636,
  "bids_meta": {
    "AccelFactPE": 2,
    "AcquisitionNumber": 1,
    "AcquisitionTime": "09:41:17.972500",
    "BandwidthPerPixelPhaseEncode": 26.35,
    "ConversionSoftware": "dcm2niix",
    "ConversionSoftwareVersion": "v1.0.20170624 (OpenJPEG build) MSC1900",
    "DeviceSerialNumber": "35071",
    "EchoTime": 0.03,
    "EffectiveEchoSpacing": 0.000345006,
    "FlipAngle": 60,
    "ImageType": [
      "ORIGINAL",
      "PRIMARY",
      "M",
      "MB",
      "ND",
      "NORM",
      "MOSAIC"
    ],
    "InstitutionAddress": "Gilbert_1_New_Haven-1763f8-_CT_US_06520",
    "InstitutionName": "Yale_University_School_of_Medicine",
    "MagneticFieldStrength": 3,
    "Manufacturer": "Siemens",
    "ManufacturersModelName": "TrioTim",
    "PhaseEncodingDirection": "j-",
    "PhaseEncodingLines": 110,
    "ProcedureStepDescription": "MRRC_Research_SiteProtocols",
    "ProtocolName": "mbep2d_bold_taste2(MB4iPAT2)",
    "RepetitionTime": 1,
    "ScanningSequence": "EP",
    "SequenceName": "epfid2d1_110",
    "SequenceVariant": "SK_SS",
    "SeriesDescription": "mbep2d_bold_taste2(MB4iPAT2)",
    "SliceTiming": [
      0,
      0.535,
      0.0675,
      0.6025,
      0.1325,
      0.6675,
      0.2,
      0.735,
      0.2675,
      0.8025,
      0.335,
      0.87,
      0.4,
      0.935,
      0.4675,
      0,
      0.535,
      0.0675,
      0.6025,
      0.1325,
      0.6675,
      0.2,
      0.735,
      0.2675,
      0.8025,
      0.335,
      0.87,
      0.4,
      0.935,
      0.4675,
      0,
      0.535,
      0.0675,
      0.6025,
      0.1325,
      0.6675,
      0.2,
      0.735,
      0.2675,
      0.8025,
      0.335,
      0.87,
      0.4,
      0.935,
      0.4675,
      0,
      0.535,
      0.0675,
      0.6025,
      0.1325,
      0.6675,
      0.2,
      0.735,
      0.2675,
      0.8025,
      0.335,
      0.87,
      0.4,
      0.935,
      0.4675
    ],
    "SoftwareVersions": "syngo_MR_B17",
    "TaskName": "taste",
    "TotalReadoutTime": 0.0372607,
    "TrueEchoSpacing": 0.000690012,
    "dataset": "ds003424",
    "modality": "bold",
    "run_id": 2,
    "subject_id": "03",
    "task_id": "taste"
  },
  "dummy_trs": 0,
  "dvars_nstd": 51.05779248350759,
  "dvars_std": 1.129097739392918,
  "dvars_vstd": 0.9955207632040466,
  "efc": 0.481899091938023,
  "fber": 3584.67236328125,
  "fd_mean": 0.1679950889782383,
  "fd_num": 166,
  "fd_perc": 27.946127946127945,
  "fwhm_avg": 1.9319847099308,
  "fwhm_x": 1.900915,
  "fwhm_y": 2.1775551297924,
  "fwhm_z": 1.717484,
  "gcor": 0.00728316,
  "gsr_x": -0.011522152461111546,
  "gsr_y": 0.018318118527531624,
  "provenance": {
    "md5sum": "01c18310045d94eb4b7fac2a50af3157",
    "settings": {
      "fd_thres": 0.2,
      "testing": false
    },
    "software": "mriqc",
    "version": "22.0.6",
    "webapi_port": null,
    "webapi_url": "https://mriqc.nimh.nih.gov/api/v1"
  },
  "size_t": 594,
  "size_x": 110,
  "size_y": 110,
  "size_z": 60,
  "snr": 6.62363343125691,
  "spacing_tr": 1.0,
  "spacing_x": 2.0,
  "spacing_y": 1.9999998807907104,
  "spacing_z": 2.5,
  "summary_bg_k": 22.77234472953918,
  "summary_bg_mad": 5.703275759844319,
  "summary_bg_mean": 23.0458984375,
  "summary_bg_median": 7.516834735870361,
  "summary_bg_n": 517946.0,
  "summary_bg_p05": 2.8825756311416626,
  "summary_bg_p95": 102.41540336608887,
  "summary_bg_stdv": 44.61173629760742,
  "summary_fg_k": 3.0192107110928,
  "summary_fg_mad": 59.049492711063586,
  "summary_fg_mean": 455.2651062011719,
  "summary_fg_median": 453.94781494140625,
  "summary_fg_n": 117923.0,
  "summary_fg_p05": 354.4252410888672,
  "summary_fg_p95": 564.6135986328125,
  "summary_fg_stdv": 68.53427124023438,
  "tsnr": 29.363111060927622
}