{
  "aor": 0.00025683501683501685,
  "aqi": 0.0313871664983165,
  "bids_meta": {
    "AccelFactPE": 2,
    "AcquisitionNumber": 1,
    "AcquisitionTime": "09:59:3.532500",
    "BandwidthPerPixelPhaseEncode": 26.35,
    "ConversionSoftware": "dcm2niix",
    "ConversionSoftwareVersion": "v1.0.20170624 (OpenJPEG build) MSC1900",
    "DeviceSerialNumber": "35071",
    "EchoTime": 0.03,
    "EffectiveEchoSpacing": 0.000345006,
    "FlipAngle": 60,
    "ImageType": [
      "ORIGINAL",
      "PRIMARY",
      "M",
      "MB",
      "ND",
      "NORM",
      "MOSAIC"
    ],
    "InstitutionAddress": "Gilbert_1_New_Haven-1763f8-_CT_US_06520",
    "InstitutionName": "Yale_University_School_of_Medicine",
    "MagneticFieldStrength": 3,
    "Manufacturer": "Siemens",
    "ManufacturersModelName": "TrioTim",
    "PhaseEncodingDirection": "j-",
    "PhaseEncodingLines": 110,
    "ProcedureStepDescription": "MRRC_Research_SiteProtocols",
    "ProtocolName": "mbep2d_bold_taste3(MB4iPAT2)",
    "RepetitionTime": 1,
    "ScanningSequence": "EP",
    "SequenceName": "epfid2d1_110",
    "SequenceVariant": "SK_SS",
    "SeriesDescription": "mbep2d_bold_taste3(MB4iPAT2)",
    "SliceTiming": [
      0,
      0.535,
      0.0675,
      0.6025,
      0.135,
      0.67,
      0.2,
      0.7375,
      0.2675,
      0.8025,
      0.335,
      0.87,
      0.4025,
      0.9375,
      0.4675,
      0,
      0.535,
      0.0675,
      0.6025,
      0.135,
      0.67,
      0.2,
      0.7375,
      0.2675,
      0.8025,
      0.335,
      0.87,
      0.4025,
      0.9375,
      0.4675,
      0,
      0.535,
      0.0675,
      0.6025,
      0.135,
      0.67,
      0.2,
      0.7375,
      0.2675,
      0.8025,
      0.335,
      0.87,
      0.4025,
      0.9375,
      0.4675,
      0,
      0.535,
      0.0675,
      0.6025,
      0.135,
      0.67,
      0.2,
      0.7375,
      0.2675,
      0.8025,
      0.335,
      0.87,
      0.4025,
      0.9375,
      0.4675
    ],
    "SoftwareVersions": "syngo_MR_B17",
    "TaskName": "taste",
    "TotalReadoutTime": 0.0372607,
    "TrueEchoSpacing": 0.000690012,
    "dataset": "ds003424",
    "modality": "bold",
    "run_id": 3,
    "subject_id": "03",
    "task_id": "taste"
  },
  "dummy_trs": 0,
  "dvars_nstd": 51.428894068735204,
  "dvars_std": 1.1285758194435083,
  "dvars_vstd": 0.9961119710118043,
  "efc": 0.4828781376893884,
  "fber": 3320.3818359375,
  "fd_mean": 0.15256968569790136,
  "fd_num": 135,
  "fd_perc": 22.727272727272727,
  "fwhm_avg": 1.9318143764780586,
  "fwhm_x": 1.89975,
  "fwhm_y": 2.1715451294341763,
  "fwhm_z": 1.724148,
  "gcor": 0.00959129,
  "gsr_x": -0.011141887865960598,
  "gsr_y": 0.0188983716070652,
  "provenance": {
    "md5sum": "404eabb60f0a6e6ee7937f9e0be23453",
    "settings": {
      "fd_thres": 0.2,
      "testing": false
    },
    "software": "mriqc",
    "version": "22.0.6",
    "webapi_port": null,
    "webapi_url": "https://mriqc.nimh.nih.gov/api/v1"
  },
  "size_t": 594,
  "size_x": 110,
  "size_y": 110,
  "size_z": 60,
  "snr": 6.5560801487426055,
  "spacing_tr": 1.0,
  "spacing_x": 2.0,
  "spacing_y": 1.9999998807907104,
  "spacing_z": 2.5,
  "summary_bg_k": 22.96877517316785,
  "summary_bg_mad": 5.94288812891717,
  "summary_bg_mean": 23.284133911132812,
  "summary_bg_median": 7.76767635345459,
  "summary_bg_n": 518039.0,
  "summary_bg_p05": 2.9377102851867676,
  "summary_bg_p95": 102.71514587402312,
  "summary_bg_stdv": 44.71876907348633,
  "summary_fg_k": 3.0772817720873684,
  "summary_fg_mad": 59.259160029195755,
  "summary_fg_mean": 454.43414306640625,
  "summary_fg_median": 453.2996520996094,
  "summary_fg_n": 118004.0,
  "summary_fg_p05": 353.0774230957031,
  "summary_fg_p95": 563.6916473388671,
  "summary_fg_stdv": 69.1415786743164,
  "tsnr": 29.802566091530025
}