{
  "aor": 0.0003609427609427609,
  "aqi": 0.03537368181818182,
  "bids_meta": {
    "AccelFactPE": 2,
    "AcquisitionNumber": 1,
    "AcquisitionTime": "10:15:52.595000",
    "BandwidthPerPixelPhaseEncode": 26.35,
    "ConversionSoftware": "dcm2niix",
    "ConversionSoftwareVersion": "v1.0.20170624 (OpenJPEG build) MSC1900",
    "DeviceSerialNumber": "35071",
    "EchoTime": 0.03,
    "EffectiveEchoSpacing": 0.000345006,
    "FlipAngle": 60,
    "ImageType": [
      "ORIGINAL",
      "PRIMARY",
      "M",
      "MB",
      "ND",
      "NORM",
      "MOSAIC"
    ],
    "InstitutionAddress": "Gilbert_1_New_Haven-1763f8-_CT_US_06520",
    "InstitutionName": "Yale_University_School_of_Medicine",
    "MagneticFieldStrength": 3,
    "Manufacturer": "Siemens",
    "ManufacturersModelName": "TrioTim",
    "PhaseEncodingDirection": "j-",
    "PhaseEncodingLines": 110,
    "ProcedureStepDescription": "MRRC_Research_SiteProtocols",
    "ProtocolName": "mbep2d_bold_taste4(MB4iPAT2)",
    "RepetitionTime": 1,
    "ScanningSequence": "EP",
    "SequenceName": "epfid2d1_110",
    "SequenceVariant": "SK_SS",
    "SeriesDescription": "mbep2d_bold_taste4(MB4iPAT2)",
    "SliceTiming": [
      0,
      0.535,
      0.065,
      0.6,
      0.1325,
      0.6675,
      0.2,
      0.735,
      0.2675,
      0.8025,
      0.3325,
      0.8675,
      0.4,
      0.935,
      0.4675,
      0,
      0.535,
      0.065,
      0.6,
      0.1325,
      0.6675,
      0.2,
      0.735,
      0.2675,
      0.8025,
      0.3325,
      0.8675,
      0.4,
      0.935,
      0.4675,
      0,
      0.535,
      0.065,
      0.6,
      0.1325,
      0.6675,
      0.2,
      0.735,
      0.2675,
      0.8025,
      0.3325,
      0.8675,
      0.4,
      0.935,
      0.4675,
      0,
      0.535,
      0.065,
      0.6,
      0.1325,
      0.6675,
      0.2,
      0.735,
      0.2675,
      0.8025,
      0.3325,
      0.8675,
      0.4,
      0.935,
      0.4675
    ],
    "SoftwareVersions": "syngo_MR_B17",
    "TaskName": "taste",
    "TotalReadoutTime": 0.0372607,
    "TrueEchoSpacing": 0.000690012,
    "dataset": "ds003424",
    "modality": "bold",
    "run_id": 4,
    "subject_id": "03",
    "task_id": "taste"
  },
  "dummy_trs": 0,
  "dvars_nstd": 50.901621183254676,
  "dvars_std": 1.119991355075885,
  "dvars_vstd": 0.9872799121753794,
  "efc": 0.48355505338692983,
  "fber": 3346.287109375,
  "fd_mean": 0.14070208621092245,
  "fd_num": 114,
  "fd_perc": 19.19191919191919,
  "fwhm_avg": 1.9393270433508583,
  "fwhm_x": 1.912545,
  "fwhm_y": 2.1819201300525743,
  "fwhm_z": 1.723516,
  "gcor": 0.00530138,
  "gsr_x": -0.010940908454358578,
  "gsr_y": 0.018808670341968536,
  "provenance": {
    "md5sum": "89131392a12e1a48619fe90c19008358",
    "settings": {
      "fd_thres": 0.2,
      "testing": false
    },
    "software": "mriqc",
    "version": "22.0.6",
    "webapi_port": null,
    "webapi_url": "https://mriqc.nimh.nih.gov/api/v1"
  },
  "size_t": 594,
  "size_x": 110,
  "size_y": 110,
  "size_z": 60,
  "snr": 6.614398726904718,
  "spacing_tr": 1.0,
  "spacing_x": 2.0,
  "spacing_y": 1.9999998807907104,
  "spacing_z": 2.5,
  "summary_bg_k": 22.509651064440373,
  "summary_bg_mad": 5.967848406106267,
  "summary_bg_mean": 23.60108757019043,
  "summary_bg_median": 7.782828330993652,
  "summary_bg_n": 518249.0,
  "summary_bg_p05": 2.941077470779419,
  "summary_bg_p95": 103.92760772705059,
  "summary_bg_stdv": 45.2385139465332,
  "summary_fg_k": 2.866151188070666,
  "summary_fg_mad": 59.290356752513006,
  "summary_fg_mean": 454.92889404296875,
  "summary_fg_median": 453.52606201171875,
  "summary_fg_n": 117812.0,
  "summary_fg_p05": 354.8706970214844,
  "summary_fg_p95": 565.1614227294922,
  "summary_fg_stdv": 68.56619262695312,
  "tsnr": 28.398255397565663
}