{
  "aor": 0.0007309259259259259,
  "aqi": 0.02727647272727272,
  "bids_meta": {
    "AccelFactPE": 2,
    "AcquisitionNumber": 1,
    "AcquisitionTime": "12:53:14.047500",
    "BandwidthPerPixelPhaseEncode": 26.35,
    "ConversionSoftware": "dcm2niix",
    "ConversionSoftwareVersion": "v1.0.20170624 (OpenJPEG build) MSC1900",
    "DeviceSerialNumber": "35071",
    "EchoTime": 0.03,
    "EffectiveEchoSpacing": 0.000345006,
    "FlipAngle": 60,
    "ImageType": [
      "ORIGINAL",
      "PRIMARY",
      "M",
      "MB",
      "ND",
      "NORM",
      "MOSAIC"
    ],
    "InstitutionAddress": "Gilbert_1_New_Haven-1763f8-_CT_US_06520",
    "InstitutionName": "Yale_University_School_of_Medicine",
    "MagneticFieldStrength": 3,
    "Manufacturer": "Siemens",
    "ManufacturersModelName": "TrioTim",
    "PhaseEncodingDirection": "j-",
    "PhaseEncodingLines": 110,
    "ProcedureStepDescription": "MRRC_Research_SiteProtocols",
    "ProtocolName": "mbep2d_bold_taste3(MB4iPAT2)",
    "RepetitionTime": 1,
    "ScanningSequence": "EP",
    "SequenceName": "epfid2d1_110",
    "SequenceVariant": "SK_SS",
    "SeriesDescription": "mbep2d_bold_taste3(MB4iPAT2)",
    "SliceTiming": [
      0,
      0.535,
      0.0675,
      0.6025,
      0.1325,
      0.6675,
      0.2,
      0.735,
      0.2675,
      0.8025,
      0.335,
      0.87,
      0.4,
      0.935,
      0.4675,
      0,
      0.535,
      0.0675,
      0.6025,
      0.1325,
      0.6675,
      0.2,
      0.735,
      0.2675,
      0.8025,
      0.335,
      0.87,
      0.4,
      0.935,
      0.4675,
      0,
      0.535,
      0.0675,
      0.6025,
      0.1325,
      0.6675,
      0.2,
      0.735,
      0.2675,
      0.8025,
      0.335,
      0.87,
      0.4,
      0.935,
      0.4675,
      0,
      0.535,
      0.0675,
      0.6025,
      0.1325,
      0.6675,
      0.2,
      0.735,
      0.2675,
      0.8025,
      0.335,
      0.87,
      0.4,
      0.935,
      0.4675
    ],
    "SoftwareVersions": "syngo_MR_B17",
    "TaskName": "taste",
    "TotalReadoutTime": 0.0372607,
    "TrueEchoSpacing": 0.000690012,
    "dataset": "ds003424",
    "modality": "bold",
    "run_id": 3,
    "subject_id": "24",
    "task_id": "taste"
  },
  "dummy_trs": 0,
  "dvars_nstd": 54.49718342173693,
  "dvars_std": 1.162152991973019,
  "dvars_vstd": 1.0039007630185495,
  "efc": 0.5175082292557269,
  "fber": 2946.71484375,
  "fd_mean": 0.09530334433104859,
  "fd_num": 31,
  "fd_perc": 5.218855218855219,
  "fwhm_avg": 2.0457856666666667,
  "fwhm_x": 2.004185,
  "fwhm_y": 2.23224,
  "fwhm_z": 1.9009319999999998,
  "gcor": 0.0114895,
  "gsr_x": -0.011568899266421795,
  "gsr_y": 0.029177483171224594,
  "provenance": {
    "md5sum": "b5ebca9aa75faf88bca224c89e44aa61",
    "settings": {
      "fd_thres": 0.2,
      "testing": false
    },
    "software": "mriqc",
    "version": "22.0.6",
    "webapi_port": null,
    "webapi_url": "https://mriqc.nimh.nih.gov/api/v1"
  },
  "size_t": 594,
  "size_x": 110,
  "size_y": 110,
  "size_z": 60,
  "snr": 5.649773545706161,
  "spacing_tr": 1.0,
  "spacing_x": 2.0,
  "spacing_y": 2.0,
  "spacing_z": 2.5,
  "summary_bg_k": 24.664040441147158,
  "summary_bg_mad": 5.8879771451087635,
  "summary_bg_mean": 23.505126953125,
  "summary_bg_median": 7.791245460510254,
  "summary_bg_n": 487669.0,
  "summary_bg_p05": 2.8316497802734375,
  "summary_bg_p95": 103.57575225830078,
  "summary_bg_stdv": 44.95380401611328,
  "summary_fg_k": 3.346009857775292,
  "summary_fg_mad": 65.40672433985506,
  "summary_fg_mean": 429.7320251464844,
  "summary_fg_median": 428.4696960449219,
  "summary_fg_n": 143330.0,
  "summary_fg_p05": 325.18314971923826,
  "summary_fg_p95": 550.5944366455078,
  "summary_fg_stdv": 75.83811950683594,
  "tsnr": 29.63640550535638
}