{
  "aor": 0.0004594444444444445,
  "aqi": 0.026158791414141413,
  "bids_meta": {
    "AccelFactPE": 2,
    "AcquisitionNumber": 1,
    "AcquisitionTime": "13:10:56.607500",
    "BandwidthPerPixelPhaseEncode": 26.35,
    "ConversionSoftware": "dcm2niix",
    "ConversionSoftwareVersion": "v1.0.20170624 (OpenJPEG build) MSC1900",
    "DeviceSerialNumber": "35071",
    "EchoTime": 0.03,
    "EffectiveEchoSpacing": 0.000345006,
    "FlipAngle": 60,
    "ImageType": [
      "ORIGINAL",
      "PRIMARY",
      "M",
      "MB",
      "ND",
      "NORM",
      "MOSAIC"
    ],
    "InstitutionAddress": "Gilbert_1_New_Haven-1763f8-_CT_US_06520",
    "InstitutionName": "Yale_University_School_of_Medicine",
    "MagneticFieldStrength": 3,
    "Manufacturer": "Siemens",
    "ManufacturersModelName": "TrioTim",
    "PhaseEncodingDirection": "j-",
    "PhaseEncodingLines": 110,
    "ProcedureStepDescription": "MRRC_Research_SiteProtocols",
    "ProtocolName": "mbep2d_bold_taste4(MB4iPAT2)",
    "RepetitionTime": 1,
    "ScanningSequence": "EP",
    "SequenceName": "epfid2d1_110",
    "SequenceVariant": "SK_SS",
    "SeriesDescription": "mbep2d_bold_taste4(MB4iPAT2)",
    "SliceTiming": [
      0,
      0.535,
      0.0675,
      0.6025,
      0.135,
      0.67,
      0.2,
      0.7375,
      0.2675,
      0.8025,
      0.335,
      0.87,
      0.4025,
      0.9375,
      0.47,
      0,
      0.535,
      0.0675,
      0.6025,
      0.135,
      0.67,
      0.2,
      0.7375,
      0.2675,
      0.8025,
      0.335,
      0.87,
      0.4025,
      0.9375,
      0.47,
      0,
      0.535,
      0.0675,
      0.6025,
      0.135,
      0.67,
      0.2,
      0.7375,
      0.2675,
      0.8025,
      0.335,
      0.87,
      0.4025,
      0.9375,
      0.47,
      0,
      0.535,
      0.0675,
      0.6025,
      0.135,
      0.67,
      0.2,
      0.7375,
      0.2675,
      0.8025,
      0.335,
      0.87,
      0.4025,
      0.9375,
      0.47
    ],
    "SoftwareVersions": "syngo_MR_B17",
    "TaskName": "taste",
    "TotalReadoutTime": 0.0372607,
    "TrueEchoSpacing": 0.000690012,
    "dataset": "ds003424",
    "modality": "bold",
    "run_id": 4,
    "subject_id": "24",
    "task_id": "taste"
  },
  "dummy_trs": 0,
  "dvars_nstd": 55.04368678129847,
  "dvars_std": 1.161713836441821,
  "dvars_vstd": 1.0095184958853305,
  "efc": 0.5181470973737566,
  "fber": 2850.1240234375,
  "fd_mean": 0.11530013708147978,
  "fd_num": 68,
  "fd_perc": 11.447811447811448,
  "fwhm_avg": 1.991922,
  "fwhm_x": 1.958725,
  "fwhm_y": 2.191385,
  "fwhm_z": 1.825656,
  "gcor": 0.0160533,
  "gsr_x": -0.009385740384459496,
  "gsr_y": 0.028461914509534836,
  "provenance": {
    "md5sum": "79e4679bb9032d893b7bb038c65a4e7e",
    "settings": {
      "fd_thres": 0.2,
      "testing": false
    },
    "software": "mriqc",
    "version": "22.0.6",
    "webapi_port": null,
    "webapi_url": "https://mriqc.nimh.nih.gov/api/v1"
  },
  "size_t": 594,
  "size_x": 110,
  "size_y": 110,
  "size_z": 60,
  "snr": 5.713738511817962,
  "spacing_tr": 1.0,
  "spacing_x": 2.0,
  "spacing_y": 2.0,
  "spacing_z": 2.5,
  "summary_bg_k": 24.437992710408352,
  "summary_bg_mad": 5.8904730667836995,
  "summary_bg_mean": 23.84437370300293,
  "summary_bg_median": 7.8097639083862305,
  "summary_bg_n": 488318.0,
  "summary_bg_p05": 2.8636362552642822,
  "summary_bg_p95": 105.3545413970945,
  "summary_bg_stdv": 45.82295608520508,
  "summary_fg_k": 3.232053128020395,
  "summary_fg_mad": 63.17035589639846,
  "summary_fg_mean": 424.15118408203125,
  "summary_fg_median": 423.14141845703125,
  "summary_fg_n": 142223.0,
  "summary_fg_p05": 320.28281250000003,
  "summary_fg_p95": 541.7794189453125,
  "summary_fg_stdv": 74.05657958984375,
  "tsnr": 30.477131866151467
}