{
  "aor": 0.00019537037037037035,
  "aqi": 0.02426664191919192,
  "bids_meta": {
    "AccelFactPE": 2,
    "AcquisitionNumber": 1,
    "AcquisitionTime": "12:19:23.805000",
    "BandwidthPerPixelPhaseEncode": 26.35,
    "ConversionSoftware": "dcm2niix",
    "ConversionSoftwareVersion": "v1.0.20170624 (OpenJPEG build) MSC1900",
    "DeviceSerialNumber": "35071",
    "EchoTime": 0.03,
    "EffectiveEchoSpacing": 0.000345006,
    "FlipAngle": 60,
    "ImageType": [
      "ORIGINAL",
      "PRIMARY",
      "M",
      "MB",
      "ND",
      "NORM",
      "MOSAIC"
    ],
    "InstitutionAddress": "Gilbert_1_New_Haven-1763f8-_CT_US_06520",
    "InstitutionName": "Yale_University_School_of_Medicine",
    "MagneticFieldStrength": 3,
    "Manufacturer": "Siemens",
    "ManufacturersModelName": "TrioTim",
    "PhaseEncodingDirection": "j-",
    "PhaseEncodingLines": 110,
    "ProcedureStepDescription": "MRRC_Research_SiteProtocols",
    "ProtocolName": "mbep2d_bold_taste1(MB4iPAT2)",
    "RepetitionTime": 1,
    "ScanningSequence": "EP",
    "SequenceName": "epfid2d1_110",
    "SequenceVariant": "SK_SS",
    "SeriesDescription": "mbep2d_bold_taste1(MB4iPAT2)",
    "SliceTiming": [
      0,
      0.535,
      0.0675,
      0.6025,
      0.135,
      0.67,
      0.2,
      0.7375,
      0.2675,
      0.8025,
      0.335,
      0.87,
      0.4025,
      0.9375,
      0.4675,
      0,
      0.535,
      0.0675,
      0.6025,
      0.135,
      0.67,
      0.2,
      0.7375,
      0.2675,
      0.8025,
      0.335,
      0.87,
      0.4025,
      0.9375,
      0.4675,
      0,
      0.535,
      0.0675,
      0.6025,
      0.135,
      0.67,
      0.2,
      0.7375,
      0.2675,
      0.8025,
      0.335,
      0.87,
      0.4025,
      0.9375,
      0.4675,
      0,
      0.535,
      0.0675,
      0.6025,
      0.135,
      0.67,
      0.2,
      0.7375,
      0.2675,
      0.8025,
      0.335,
      0.87,
      0.4025,
      0.9375,
      0.4675
    ],
    "SoftwareVersions": "syngo_MR_B17",
    "TaskName": "taste",
    "TotalReadoutTime": 0.0372607,
    "TrueEchoSpacing": 0.000690012,
    "dataset": "ds003424",
    "modality": "bold",
    "run_id": 1,
    "subject_id": "24",
    "task_id": "taste"
  },
  "dummy_trs": 0,
  "dvars_nstd": 54.76167636397978,
  "dvars_std": 1.1937894675379435,
  "dvars_vstd": 1.002999744266442,
  "efc": 0.5132169633598329,
  "fber": 3439.451904296875,
  "fd_mean": 0.07024027860555006,
  "fd_num": 0,
  "fd_perc": 0.0,
  "fwhm_avg": 1.8942709999999998,
  "fwhm_x": 1.87512,
  "fwhm_y": 2.054245,
  "fwhm_z": 1.753448,
  "gcor": 0.0116392,
  "gsr_x": -0.009902277030050755,
  "gsr_y": 0.0244146715849638,
  "provenance": {
    "md5sum": "68a743b721eb35c3ff14900936dcb2f2",
    "settings": {
      "fd_thres": 0.2,
      "testing": false
    },
    "software": "mriqc",
    "version": "22.0.6",
    "webapi_port": null,
    "webapi_url": "https://mriqc.nimh.nih.gov/api/v1"
  },
  "size_t": 594,
  "size_x": 110,
  "size_y": 110,
  "size_z": 60,
  "snr": 6.159891246911033,
  "spacing_tr": 1.0,
  "spacing_x": 2.0,
  "spacing_y": 2.0,
  "spacing_z": 2.5,
  "summary_bg_k": 22.296894420024397,
  "summary_bg_mad": 5.393776523433535,
  "summary_bg_mean": 23.582801818847656,
  "summary_bg_median": 7.2508416175842285,
  "summary_bg_n": 491035.0,
  "summary_bg_p05": 2.6195285320281982,
  "summary_bg_p95": 108.60151138305662,
  "summary_bg_stdv": 47.00218200683594,
  "summary_fg_k": 2.183223799805752,
  "summary_fg_mad": 63.37751209321938,
  "summary_fg_mean": 433.45843505859375,
  "summary_fg_median": 429.9570617675781,
  "summary_fg_n": 141290.0,
  "summary_fg_p05": 335.946875,
  "summary_fg_p95": 551.06826171875,
  "summary_fg_stdv": 69.79920959472656,
  "tsnr": 33.455521473661065
}